{
  "aor": 0.002228370165745856,
  "aqi": 0.009336681671270717,
  "bids_meta": {
    "AcquisitionMatrixPE": 59,
    "BandwidthPerPixelPhaseEncode": 49.18,
    "BaseResolution": 66,
    "BodyPartExamined": "HEAD",
    "ConsistencyInfo": "N4_VD13A_LATEST_20120616",
    "ConversionSoftware": "dcm2niix",
    "ConversionSoftwareVersion": "v1.0.20180518 GCC4.8.5",
    "DerivedVendorReportedEchoSpacing": 0.000616166,
    "DwellTime": 4e-06,
    "EchoTime": 0.03,
    "EchoTrainLength": 29,
    "EffectiveEchoSpacing": 0.000308083,
    "FlipAngle": 87,
    "ImageOrientationPatientDICOM": [
      1,
      0,
      0,
      0,
      0.930418,
      -0.366501
    ],
    "ImageType": [
      "ORIGINAL",
      "PRIMARY",
      "M",
      "ND",
      "NORM",
      "MOSAIC"
    ],
    "InPlanePhaseEncodingDirectionDICOM": "COL",
    "MRAcquisitionType": "2D",
    "MagneticFieldStrength": 3,
    "Manufacturer": "Siemens",
    "ManufacturersModelName": "Skyra",
    "Modality": "MR",
    "ParallelReductionFactorInPlane": 2,
    "PartialFourier": 1,
    "PatientPosition": "HFS",
    "PercentPhaseFOV": 100,
    "PhaseEncodingDirection": "j-",
    "PhaseEncodingSteps": 59,
    "PhaseResolution": 0.9,
    "PixelBandwidth": 1895,
    "PulseSequenceDetails": "%SiemensSeq%_ep2d_pace",
    "ReceiveCoilActiveElements": "HE1-4",
    "ReceiveCoilName": "HeadNeck_20",
    "ReconMatrixPE": 66,
    "RepetitionTime": 3,
    "SAR": 0.125089,
    "ScanOptions": "FS",
    "ScanningSequence": "EP",
    "SequenceName": "_epfid2d1_59",
    "SequenceVariant": "SK_OSP",
    "ShimSetting": [
      3383,
      8698,
      9417,
      480,
      106,
      174,
      267,
      189
    ],
    "SliceThickness": 3,
    "SliceTiming": [
      1.49,
      0,
      1.545,
      0.055,
      1.6,
      0.11,
      1.655,
      0.165,
      1.71,
      0.22,
      1.765,
      0.275,
      1.82,
      0.33,
      1.875,
      0.385,
      1.93,
      0.44,
      1.985,
      0.495,
      2.04,
      0.55,
      2.095,
      0.605,
      2.15,
      0.66,
      2.205,
      0.7175,
      2.2625,
      0.7725,
      2.3175,
      0.8275,
      2.3725,
      0.8825,
      2.4275,
      0.9375,
      2.4825,
      0.9925,
      2.5375,
      1.0475,
      2.5925,
      1.1025,
      2.6475,
      1.1575,
      2.7025,
      1.2125,
      2.7575,
      1.2675,
      2.8125,
      1.3225,
      2.8675,
      1.3775,
      2.9225,
      1.4325
    ],
    "SoftwareVersions": "syngo_MR_D13",
    "SpacingBetweenSlices": 3,
    "TaskName": "Foraging task",
    "TotalReadoutTime": 0.0200254,
    "TxRefAmp": 326.379,
    "dataset": "ds001762",
    "modality": "bold",
    "run_id": 3,
    "subject_id": "19",
    "task_id": "forage"
  },
  "dummy_trs": 0,
  "dvars_nstd": 33.39482184774548,
  "dvars_std": 1.1532383830152149,
  "dvars_vstd": 1.020356510373445,
  "efc": 0.5249537202078254,
  "fber": 1131.67236328125,
  "fd_mean": 0.11244033947966933,
  "fd_num": 76,
  "fd_perc": 10.497237569060774,
  "fwhm_avg": 1.7014471202673187,
  "fwhm_x": 1.632371922890294,
  "fwhm_y": 1.8363961045783286,
  "fwhm_z": 1.6355733333333333,
  "gcor": 0.0319299,
  "gsr_x": -0.014211595989763737,
  "gsr_y": 0.05745268985629082,
  "provenance": {
    "md5sum": "ab7925f607579b4eb8170e34604a02c0",
    "settings": {
      "fd_thres": 0.2,
      "testing": false
    },
    "software": "mriqc",
    "version": "22.0.6",
    "webapi_port": null,
    "webapi_url": "https://mriqc.nimh.nih.gov/api/v1"
  },
  "size_t": 724,
  "size_x": 66,
  "size_y": 66,
  "size_z": 54,
  "snr": 5.4184069606308976,
  "spacing_tr": 3.0,
  "spacing_x": 2.9696969985961914,
  "spacing_y": 2.9696969985961914,
  "spacing_z": 3.0,
  "summary_bg_k": 26.390188539027235,
  "summary_bg_mad": 21.471110889024793,
  "summary_bg_mean": 55.38451385498047,
  "summary_bg_median": 24.881216049194336,
  "summary_bg_n": 152343.0,
  "summary_bg_p05": 8.10221004486084,
  "summary_bg_p95": 191.67445526123032,
  "summary_bg_stdv": 82.70640563964844,
  "summary_fg_k": 1.5694544877436396,
  "summary_fg_mad": 153.53945850996064,
  "summary_fg_mean": 861.6029052734375,
  "summary_fg_median": 846.6229858398438,
  "summary_fg_n": 40162.0,
  "summary_fg_p05": 645.643310546875,
  "summary_fg_p95": 1126.0193725585937,
  "summary_fg_stdv": 156.2474822998047,
  "tsnr": 45.73397133615799
}