{
  "aor": 0.0006963202247191011,
  "aqi": 0.006270910926966292,
  "bids_meta": {
    "AcquisitionMatrixPE": 59,
    "BandwidthPerPixelPhaseEncode": 49.18,
    "BaseResolution": 66,
    "BodyPartExamined": "HEAD",
    "ConsistencyInfo": "N4_VD13A_LATEST_20120616",
    "ConversionSoftware": "dcm2niix",
    "ConversionSoftwareVersion": "v1.0.20180518 GCC4.8.5",
    "DerivedVendorReportedEchoSpacing": 0.000616166,
    "DwellTime": 4e-06,
    "EchoTime": 0.03,
    "EchoTrainLength": 29,
    "EffectiveEchoSpacing": 0.000308083,
    "FlipAngle": 87,
    "ImageOrientationPatientDICOM": [
      1,
      0,
      0,
      0,
      0.930418,
      -0.366501
    ],
    "ImageType": [
      "ORIGINAL",
      "PRIMARY",
      "M",
      "ND",
      "NORM",
      "MOSAIC"
    ],
    "InPlanePhaseEncodingDirectionDICOM": "COL",
    "MRAcquisitionType": "2D",
    "MagneticFieldStrength": 3,
    "Manufacturer": "Siemens",
    "ManufacturersModelName": "Skyra",
    "Modality": "MR",
    "ParallelReductionFactorInPlane": 2,
    "PartialFourier": 1,
    "PatientPosition": "HFS",
    "PercentPhaseFOV": 100,
    "PhaseEncodingDirection": "j-",
    "PhaseEncodingSteps": 59,
    "PhaseResolution": 0.9,
    "PixelBandwidth": 1895,
    "PulseSequenceDetails": "%SiemensSeq%_ep2d_pace",
    "ReceiveCoilActiveElements": "HE1-4",
    "ReceiveCoilName": "HeadNeck_20",
    "ReconMatrixPE": 66,
    "RepetitionTime": 3,
    "SAR": 0.125089,
    "ScanOptions": "FS",
    "ScanningSequence": "EP",
    "SequenceName": "_epfid2d1_59",
    "SequenceVariant": "SK_OSP",
    "ShimSetting": [
      3383,
      8698,
      9417,
      480,
      106,
      174,
      267,
      189
    ],
    "SliceThickness": 3,
    "SliceTiming": [
      1.49,
      0,
      1.545,
      0.055,
      1.6,
      0.11,
      1.655,
      0.165,
      1.71,
      0.22,
      1.765,
      0.275,
      1.82,
      0.33,
      1.875,
      0.385,
      1.93,
      0.44,
      1.985,
      0.495,
      2.04,
      0.55,
      2.095,
      0.605,
      2.15,
      0.66,
      2.205,
      0.7175,
      2.2625,
      0.7725,
      2.3175,
      0.8275,
      2.3725,
      0.8825,
      2.4275,
      0.9375,
      2.4825,
      0.9925,
      2.5375,
      1.0475,
      2.5925,
      1.1025,
      2.6475,
      1.1575,
      2.7025,
      1.2125,
      2.7575,
      1.2675,
      2.8125,
      1.3225,
      2.8675,
      1.3775,
      2.9225,
      1.4325
    ],
    "SoftwareVersions": "syngo_MR_D13",
    "SpacingBetweenSlices": 3,
    "TaskName": "Foraging task",
    "TotalReadoutTime": 0.0200254,
    "TxRefAmp": 326.379,
    "dataset": "ds001762",
    "modality": "bold",
    "run_id": 1,
    "subject_id": "19",
    "task_id": "forage"
  },
  "dummy_trs": 0,
  "dvars_nstd": 26.443712564613254,
  "dvars_std": 1.226598153333333,
  "dvars_vstd": 0.9670954961040789,
  "efc": 0.4959216426285489,
  "fber": 2452.14892578125,
  "fd_mean": 0.06790121081835816,
  "fd_num": 39,
  "fd_perc": 5.477528089887641,
  "fwhm_avg": 1.6115028353428726,
  "fwhm_x": 1.5109891689694739,
  "fwhm_y": 1.714286003725811,
  "fwhm_z": 1.6092333333333333,
  "gcor": 0.367607,
  "gsr_x": -0.0032160021364688873,
  "gsr_y": 0.013533266261219978,
  "provenance": {
    "md5sum": "3a7e49b852dc7ff824e5a4543fa6a29b",
    "settings": {
      "fd_thres": 0.2,
      "testing": false
    },
    "software": "mriqc",
    "version": "22.0.6",
    "webapi_port": null,
    "webapi_url": "https://mriqc.nimh.nih.gov/api/v1"
  },
  "size_t": 712,
  "size_x": 66,
  "size_y": 66,
  "size_z": 54,
  "snr": 5.84656368269304,
  "spacing_tr": 3.0,
  "spacing_x": 2.9696969985961914,
  "spacing_y": 2.9696969985961914,
  "spacing_z": 3.0,
  "summary_bg_k": 28.60773474134698,
  "summary_bg_mad": 10.648914689675964,
  "summary_bg_mean": 39.71337127685547,
  "summary_bg_median": 16.95786476135254,
  "summary_bg_n": 152557.0,
  "summary_bg_p05": 7.688202381134033,
  "summary_bg_p95": 151.8134826660156,
  "summary_bg_stdv": 71.0780029296875,
  "summary_fg_k": 2.0915410593779526,
  "summary_fg_mad": 145.8551558249595,
  "summary_fg_mean": 852.5955200195312,
  "summary_fg_median": 843.1846923828125,
  "summary_fg_n": 39856.0,
  "summary_fg_p05": 655.4947357177734,
  "summary_fg_p95": 1076.5200500488281,
  "summary_fg_stdv": 144.217041015625,
  "tsnr": 49.382103191455826
}