{
  "aor": 0.0021100919842312747,
  "aqi": 0.01688591931668857,
  "bids_meta": {
    "AcquisitionMatrixPE": 59,
    "BandwidthPerPixelPhaseEncode": 49.18,
    "BaseResolution": 66,
    "BodyPartExamined": "HEAD",
    "ConsistencyInfo": "N4_VD13A_LATEST_20120616",
    "ConversionSoftware": "dcm2niix",
    "ConversionSoftwareVersion": "v1.0.20180518 GCC4.8.5",
    "DerivedVendorReportedEchoSpacing": 0.000616166,
    "DwellTime": 4e-06,
    "EchoTime": 0.03,
    "EchoTrainLength": 29,
    "EffectiveEchoSpacing": 0.000308083,
    "FlipAngle": 87,
    "ImageOrientationPatientDICOM": [
      1,
      0,
      0,
      0,
      0.930418,
      -0.366501
    ],
    "ImageType": [
      "ORIGINAL",
      "PRIMARY",
      "M",
      "ND",
      "NORM",
      "MOSAIC"
    ],
    "InPlanePhaseEncodingDirectionDICOM": "COL",
    "MRAcquisitionType": "2D",
    "MagneticFieldStrength": 3,
    "Manufacturer": "Siemens",
    "ManufacturersModelName": "Skyra",
    "Modality": "MR",
    "ParallelReductionFactorInPlane": 2,
    "PartialFourier": 1,
    "PatientPosition": "HFS",
    "PercentPhaseFOV": 100,
    "PhaseEncodingDirection": "j-",
    "PhaseEncodingSteps": 59,
    "PhaseResolution": 0.9,
    "PixelBandwidth": 1895,
    "PulseSequenceDetails": "%SiemensSeq%_ep2d_pace",
    "ReceiveCoilActiveElements": "HE1-4",
    "ReceiveCoilName": "HeadNeck_20",
    "ReconMatrixPE": 66,
    "RepetitionTime": 3,
    "SAR": 0.125089,
    "ScanOptions": "FS",
    "ScanningSequence": "EP",
    "SequenceName": "_epfid2d1_59",
    "SequenceVariant": "SK_OSP",
    "ShimSetting": [
      3383,
      8698,
      9417,
      480,
      106,
      174,
      267,
      189
    ],
    "SliceThickness": 3,
    "SliceTiming": [
      1.49,
      0,
      1.545,
      0.055,
      1.6,
      0.11,
      1.655,
      0.165,
      1.71,
      0.22,
      1.765,
      0.275,
      1.82,
      0.33,
      1.875,
      0.385,
      1.93,
      0.44,
      1.985,
      0.495,
      2.04,
      0.55,
      2.095,
      0.605,
      2.15,
      0.66,
      2.205,
      0.7175,
      2.2625,
      0.7725,
      2.3175,
      0.8275,
      2.3725,
      0.8825,
      2.4275,
      0.9375,
      2.4825,
      0.9925,
      2.5375,
      1.0475,
      2.5925,
      1.1025,
      2.6475,
      1.1575,
      2.7025,
      1.2125,
      2.7575,
      1.2675,
      2.8125,
      1.3225,
      2.8675,
      1.3775,
      2.9225,
      1.4325
    ],
    "SoftwareVersions": "syngo_MR_D13",
    "SpacingBetweenSlices": 3,
    "TaskName": "Foraging task",
    "TotalReadoutTime": 0.0200254,
    "TxRefAmp": 326.379,
    "dataset": "ds001762",
    "modality": "bold",
    "run_id": 1,
    "subject_id": "04",
    "task_id": "forage"
  },
  "dummy_trs": 0,
  "dvars_nstd": 35.81864985164474,
  "dvars_std": 1.1563010182894737,
  "dvars_vstd": 0.9854526230131587,
  "efc": 0.5238330991966093,
  "fber": 1525.5457763671875,
  "fd_mean": 0.4123316527758771,
  "fd_num": 466,
  "fd_perc": 61.23521681997372,
  "fwhm_avg": 1.6809409073761443,
  "fwhm_x": 1.6119893720682361,
  "fwhm_y": 1.776393350060197,
  "fwhm_z": 1.6544400000000001,
  "gcor": 0.162422,
  "gsr_x": 0.004115485120564699,
  "gsr_y": 0.012043590657413006,
  "provenance": {
    "md5sum": "c5ce713816fd6d35a9f9ec16ef9620b7",
    "settings": {
      "fd_thres": 0.2,
      "testing": false
    },
    "software": "mriqc",
    "version": "22.0.6",
    "webapi_port": null,
    "webapi_url": "https://mriqc.nimh.nih.gov/api/v1"
  },
  "size_t": 761,
  "size_x": 66,
  "size_y": 66,
  "size_z": 54,
  "snr": 6.232229003750247,
  "spacing_tr": 3.0,
  "spacing_x": 2.9696969985961914,
  "spacing_y": 2.9696969985961914,
  "spacing_z": 3.0,
  "summary_bg_k": 32.91622494258412,
  "summary_bg_mad": 18.65039348786685,
  "summary_bg_mean": 54.14778518676758,
  "summary_bg_median": 24.47174644470215,
  "summary_bg_n": 147875.0,
  "summary_bg_p05": 8.888304710388184,
  "summary_bg_p95": 220.4379684448239,
  "summary_bg_stdv": 91.93516540527344,
  "summary_fg_k": 2.4832213423798386,
  "summary_fg_mad": 152.48207283349348,
  "summary_fg_mean": 970.3963623046875,
  "summary_fg_median": 959.7844848632812,
  "summary_fg_n": 43457.0,
  "summary_fg_p05": 758.8096923828125,
  "summary_fg_p95": 1209.3583984375,
  "summary_fg_stdv": 154.0016326904297,
  "tsnr": 37.99625217332505
}