{
  "aor": 0.0012401928374655648,
  "aqi": 0.01582005515151515,
  "bids_meta": {
    "AcquisitionMatrixPE": 59,
    "BandwidthPerPixelPhaseEncode": 49.18,
    "BaseResolution": 66,
    "BodyPartExamined": "HEAD",
    "ConsistencyInfo": "N4_VD13A_LATEST_20120616",
    "ConversionSoftware": "dcm2niix",
    "ConversionSoftwareVersion": "v1.0.20180518 GCC4.8.5",
    "DerivedVendorReportedEchoSpacing": 0.000616166,
    "DwellTime": 4e-06,
    "EchoTime": 0.03,
    "EchoTrainLength": 29,
    "EffectiveEchoSpacing": 0.000308083,
    "FlipAngle": 87,
    "ImageOrientationPatientDICOM": [
      1,
      0,
      0,
      0,
      0.930418,
      -0.366501
    ],
    "ImageType": [
      "ORIGINAL",
      "PRIMARY",
      "M",
      "ND",
      "NORM",
      "MOSAIC"
    ],
    "InPlanePhaseEncodingDirectionDICOM": "COL",
    "MRAcquisitionType": "2D",
    "MagneticFieldStrength": 3,
    "Manufacturer": "Siemens",
    "ManufacturersModelName": "Skyra",
    "Modality": "MR",
    "ParallelReductionFactorInPlane": 2,
    "PartialFourier": 1,
    "PatientPosition": "HFS",
    "PercentPhaseFOV": 100,
    "PhaseEncodingDirection": "j-",
    "PhaseEncodingSteps": 59,
    "PhaseResolution": 0.9,
    "PixelBandwidth": 1895,
    "PulseSequenceDetails": "%SiemensSeq%_ep2d_pace",
    "ReceiveCoilActiveElements": "HE1-4",
    "ReceiveCoilName": "HeadNeck_20",
    "ReconMatrixPE": 66,
    "RepetitionTime": 3,
    "SAR": 0.125089,
    "ScanOptions": "FS",
    "ScanningSequence": "EP",
    "SequenceName": "_epfid2d1_59",
    "SequenceVariant": "SK_OSP",
    "ShimSetting": [
      3383,
      8698,
      9417,
      480,
      106,
      174,
      267,
      189
    ],
    "SliceThickness": 3,
    "SliceTiming": [
      1.49,
      0,
      1.545,
      0.055,
      1.6,
      0.11,
      1.655,
      0.165,
      1.71,
      0.22,
      1.765,
      0.275,
      1.82,
      0.33,
      1.875,
      0.385,
      1.93,
      0.44,
      1.985,
      0.495,
      2.04,
      0.55,
      2.095,
      0.605,
      2.15,
      0.66,
      2.205,
      0.7175,
      2.2625,
      0.7725,
      2.3175,
      0.8275,
      2.3725,
      0.8825,
      2.4275,
      0.9375,
      2.4825,
      0.9925,
      2.5375,
      1.0475,
      2.5925,
      1.1025,
      2.6475,
      1.1575,
      2.7025,
      1.2125,
      2.7575,
      1.2675,
      2.8125,
      1.3225,
      2.8675,
      1.3775,
      2.9225,
      1.4325
    ],
    "SoftwareVersions": "syngo_MR_D13",
    "SpacingBetweenSlices": 3,
    "TaskName": "Foraging task",
    "TotalReadoutTime": 0.0200254,
    "TxRefAmp": 326.379,
    "dataset": "ds001762",
    "modality": "bold",
    "run_id": 2,
    "subject_id": "04",
    "task_id": "forage"
  },
  "dummy_trs": 0,
  "dvars_nstd": 37.02716461684138,
  "dvars_std": 1.1655734899862087,
  "dvars_vstd": 1.0092247663310343,
  "efc": 0.5362917154160254,
  "fber": 922.8876342773438,
  "fd_mean": 0.29865498766897647,
  "fd_num": 361,
  "fd_perc": 49.72451790633609,
  "fwhm_avg": 1.7229664286173305,
  "fwhm_x": 1.6607485552672117,
  "fwhm_y": 1.820354063918113,
  "fwhm_z": 1.6877966666666666,
  "gcor": 0.0430602,
  "gsr_x": 0.0042917197570204735,
  "gsr_y": 0.028445187956094742,
  "provenance": {
    "md5sum": "be823c277e9c231bed2bcc007dc69124",
    "settings": {
      "fd_thres": 0.2,
      "testing": false
    },
    "software": "mriqc",
    "version": "22.0.6",
    "webapi_port": null,
    "webapi_url": "https://mriqc.nimh.nih.gov/api/v1"
  },
  "size_t": 726,
  "size_x": 66,
  "size_y": 66,
  "size_z": 54,
  "snr": 5.885142749048512,
  "spacing_tr": 3.0,
  "spacing_x": 2.9696969985961914,
  "spacing_y": 2.9696969985961914,
  "spacing_z": 3.0,
  "summary_bg_k": 34.930321246205075,
  "summary_bg_mad": 27.763054777643404,
  "summary_bg_mean": 64.48625183105469,
  "summary_bg_median": 32.11845779418945,
  "summary_bg_n": 147687.0,
  "summary_bg_p05": 9.162534713745117,
  "summary_bg_p95": 245.39132385253876,
  "summary_bg_stdv": 102.31391906738281,
  "summary_fg_k": 2.517245873912879,
  "summary_fg_mad": 159.89947273263755,
  "summary_fg_mean": 1007.3341064453125,
  "summary_fg_median": 991.81884765625,
  "summary_fg_n": 43606.0,
  "summary_fg_p05": 778.7110900878906,
  "summary_fg_p95": 1287.1907958984375,
  "summary_fg_stdv": 168.52734375,
  "tsnr": 41.726370027055964
}