{
  "aor": 0.0013204122137404582,
  "aqi": 0.010119491511450382,
  "bids_meta": {
    "AcquisitionMatrixPE": 59,
    "BandwidthPerPixelPhaseEncode": 49.18,
    "BaseResolution": 66,
    "BodyPartExamined": "HEAD",
    "ConsistencyInfo": "N4_VD13A_LATEST_20120616",
    "ConversionSoftware": "dcm2niix",
    "ConversionSoftwareVersion": "v1.0.20180518 GCC4.8.5",
    "DerivedVendorReportedEchoSpacing": 0.000616166,
    "DwellTime": 4e-06,
    "EchoTime": 0.03,
    "EchoTrainLength": 29,
    "EffectiveEchoSpacing": 0.000308083,
    "FlipAngle": 87,
    "ImageOrientationPatientDICOM": [
      1,
      0,
      0,
      0,
      0.930418,
      -0.366501
    ],
    "ImageType": [
      "ORIGINAL",
      "PRIMARY",
      "M",
      "ND",
      "NORM",
      "MOSAIC"
    ],
    "InPlanePhaseEncodingDirectionDICOM": "COL",
    "MRAcquisitionType": "2D",
    "MagneticFieldStrength": 3,
    "Manufacturer": "Siemens",
    "ManufacturersModelName": "Skyra",
    "Modality": "MR",
    "ParallelReductionFactorInPlane": 2,
    "PartialFourier": 1,
    "PatientPosition": "HFS",
    "PercentPhaseFOV": 100,
    "PhaseEncodingDirection": "j-",
    "PhaseEncodingSteps": 59,
    "PhaseResolution": 0.9,
    "PixelBandwidth": 1895,
    "PulseSequenceDetails": "%SiemensSeq%_ep2d_pace",
    "ReceiveCoilActiveElements": "HE1-4",
    "ReceiveCoilName": "HeadNeck_20",
    "ReconMatrixPE": 66,
    "RepetitionTime": 3,
    "SAR": 0.125089,
    "ScanOptions": "FS",
    "ScanningSequence": "EP",
    "SequenceName": "_epfid2d1_59",
    "SequenceVariant": "SK_OSP",
    "ShimSetting": [
      3383,
      8698,
      9417,
      480,
      106,
      174,
      267,
      189
    ],
    "SliceThickness": 3,
    "SliceTiming": [
      1.49,
      0,
      1.545,
      0.055,
      1.6,
      0.11,
      1.655,
      0.165,
      1.71,
      0.22,
      1.765,
      0.275,
      1.82,
      0.33,
      1.875,
      0.385,
      1.93,
      0.44,
      1.985,
      0.495,
      2.04,
      0.55,
      2.095,
      0.605,
      2.15,
      0.66,
      2.205,
      0.7175,
      2.2625,
      0.7725,
      2.3175,
      0.8275,
      2.3725,
      0.8825,
      2.4275,
      0.9375,
      2.4825,
      0.9925,
      2.5375,
      1.0475,
      2.5925,
      1.1025,
      2.6475,
      1.1575,
      2.7025,
      1.2125,
      2.7575,
      1.2675,
      2.8125,
      1.3225,
      2.8675,
      1.3775,
      2.9225,
      1.4325
    ],
    "SoftwareVersions": "syngo_MR_D13",
    "SpacingBetweenSlices": 3,
    "TaskName": "Foraging task",
    "TotalReadoutTime": 0.0200254,
    "TxRefAmp": 326.379,
    "dataset": "ds001762",
    "modality": "bold",
    "run_id": 3,
    "subject_id": "16",
    "task_id": "forage"
  },
  "dummy_trs": 0,
  "dvars_nstd": 32.04831514140672,
  "dvars_std": 1.140986804159021,
  "dvars_vstd": 1.013971097691132,
  "efc": 0.472515258347571,
  "fber": 1619.3463134765625,
  "fd_mean": 0.12618877285280083,
  "fd_num": 83,
  "fd_perc": 12.67175572519084,
  "fwhm_avg": 1.7789867229370513,
  "fwhm_x": 1.7103832486617492,
  "fwhm_y": 1.914026920149405,
  "fwhm_z": 1.71255,
  "gcor": 0.0169833,
  "gsr_x": -0.0016385907074436545,
  "gsr_y": 0.04498962312936783,
  "provenance": {
    "md5sum": "02d8808d0cdee2521878a3cbc048c7ec",
    "settings": {
      "fd_thres": 0.2,
      "testing": false
    },
    "software": "mriqc",
    "version": "22.0.6",
    "webapi_port": null,
    "webapi_url": "https://mriqc.nimh.nih.gov/api/v1"
  },
  "size_t": 655,
  "size_x": 66,
  "size_y": 66,
  "size_z": 54,
  "snr": 5.415474505986781,
  "spacing_tr": 3.0,
  "spacing_x": 2.9696969985961914,
  "spacing_y": 2.9696969985961914,
  "spacing_z": 3.0,
  "summary_bg_k": 68.46768241944227,
  "summary_bg_mad": 15.007102875558198,
  "summary_bg_mean": 40.221046447753906,
  "summary_bg_median": 19.596946716308594,
  "summary_bg_n": 162666.0,
  "summary_bg_p05": 7.558778762817383,
  "summary_bg_p95": 127.06793785095215,
  "summary_bg_stdv": 66.80252838134766,
  "summary_fg_k": 1.3155644432671867,
  "summary_fg_mad": 140.83128436701307,
  "summary_fg_mean": 810.1732177734375,
  "summary_fg_median": 793.7160034179688,
  "summary_fg_n": 31949.0,
  "summary_fg_p05": 607.1926879882812,
  "summary_fg_p95": 1065.873315429687,
  "summary_fg_stdv": 146.56214904785156,
  "tsnr": 45.24855126684997
}