{
  "aor": 0.0030987019867549665,
  "aqi": 0.016293271642384106,
  "bids_meta": {
    "AcquisitionMatrixPE": 59,
    "BandwidthPerPixelPhaseEncode": 49.18,
    "BaseResolution": 66,
    "BodyPartExamined": "HEAD",
    "ConsistencyInfo": "N4_VD13A_LATEST_20120616",
    "ConversionSoftware": "dcm2niix",
    "ConversionSoftwareVersion": "v1.0.20180518 GCC4.8.5",
    "DerivedVendorReportedEchoSpacing": 0.000616166,
    "DwellTime": 4e-06,
    "EchoTime": 0.03,
    "EchoTrainLength": 29,
    "EffectiveEchoSpacing": 0.000308083,
    "FlipAngle": 87,
    "ImageOrientationPatientDICOM": [
      1,
      0,
      0,
      0,
      0.930418,
      -0.366501
    ],
    "ImageType": [
      "ORIGINAL",
      "PRIMARY",
      "M",
      "ND",
      "NORM",
      "MOSAIC"
    ],
    "InPlanePhaseEncodingDirectionDICOM": "COL",
    "MRAcquisitionType": "2D",
    "MagneticFieldStrength": 3,
    "Manufacturer": "Siemens",
    "ManufacturersModelName": "Skyra",
    "Modality": "MR",
    "ParallelReductionFactorInPlane": 2,
    "PartialFourier": 1,
    "PatientPosition": "HFS",
    "PercentPhaseFOV": 100,
    "PhaseEncodingDirection": "j-",
    "PhaseEncodingSteps": 59,
    "PhaseResolution": 0.9,
    "PixelBandwidth": 1895,
    "PulseSequenceDetails": "%SiemensSeq%_ep2d_pace",
    "ReceiveCoilActiveElements": "HE1-4",
    "ReceiveCoilName": "HeadNeck_20",
    "ReconMatrixPE": 66,
    "RepetitionTime": 3,
    "SAR": 0.125089,
    "ScanOptions": "FS",
    "ScanningSequence": "EP",
    "SequenceName": "_epfid2d1_59",
    "SequenceVariant": "SK_OSP",
    "ShimSetting": [
      3383,
      8698,
      9417,
      480,
      106,
      174,
      267,
      189
    ],
    "SliceThickness": 3,
    "SliceTiming": [
      1.49,
      0,
      1.545,
      0.055,
      1.6,
      0.11,
      1.655,
      0.165,
      1.71,
      0.22,
      1.765,
      0.275,
      1.82,
      0.33,
      1.875,
      0.385,
      1.93,
      0.44,
      1.985,
      0.495,
      2.04,
      0.55,
      2.095,
      0.605,
      2.15,
      0.66,
      2.205,
      0.7175,
      2.2625,
      0.7725,
      2.3175,
      0.8275,
      2.3725,
      0.8825,
      2.4275,
      0.9375,
      2.4825,
      0.9925,
      2.5375,
      1.0475,
      2.5925,
      1.1025,
      2.6475,
      1.1575,
      2.7025,
      1.2125,
      2.7575,
      1.2675,
      2.8125,
      1.3225,
      2.8675,
      1.3775,
      2.9225,
      1.4325
    ],
    "SoftwareVersions": "syngo_MR_D13",
    "SpacingBetweenSlices": 3,
    "TaskName": "Foraging task",
    "TotalReadoutTime": 0.0200254,
    "TxRefAmp": 326.379,
    "dataset": "ds001762",
    "modality": "bold",
    "run_id": 1,
    "subject_id": "16",
    "task_id": "forage"
  },
  "dummy_trs": 0,
  "dvars_nstd": 35.23747373058354,
  "dvars_std": 1.1345139887931033,
  "dvars_vstd": 0.9796043990318288,
  "efc": 0.452170740823868,
  "fber": 2682.2978515625,
  "fd_mean": 0.5168679964751844,
  "fd_num": 469,
  "fd_perc": 62.11920529801324,
  "fwhm_avg": 1.691375476423554,
  "fwhm_x": 1.6156395761143472,
  "fwhm_y": 1.8077601864896484,
  "fwhm_z": 1.6507266666666667,
  "gcor": 0.217705,
  "gsr_x": 0.002249490236863494,
  "gsr_y": 0.026341348886489868,
  "provenance": {
    "md5sum": "a8f56373a0f0c25b6f1d31fa2f0a3b3e",
    "settings": {
      "fd_thres": 0.2,
      "testing": false
    },
    "software": "mriqc",
    "version": "22.0.6",
    "webapi_port": null,
    "webapi_url": "https://mriqc.nimh.nih.gov/api/v1"
  },
  "size_t": 755,
  "size_x": 66,
  "size_y": 66,
  "size_z": 54,
  "snr": 6.021633248780313,
  "spacing_tr": 3.0,
  "spacing_x": 2.9696969985961914,
  "spacing_y": 2.9696969985961914,
  "spacing_z": 3.0,
  "summary_bg_k": 74.96904896675868,
  "summary_bg_mad": 9.578983304090151,
  "summary_bg_mean": 31.810754776000977,
  "summary_bg_median": 15.407947540283203,
  "summary_bg_n": 163193.0,
  "summary_bg_p05": 7.119205474853516,
  "summary_bg_p95": 105.22781372070293,
  "summary_bg_stdv": 59.11924743652344,
  "summary_fg_k": 1.6699375342300353,
  "summary_fg_mad": 135.15732658474144,
  "summary_fg_mean": 809.0343627929688,
  "summary_fg_median": 799.31591796875,
  "summary_fg_n": 31828.0,
  "summary_fg_p05": 627.6693542480468,
  "summary_fg_p95": 1020.7020324707031,
  "summary_fg_stdv": 132.73863220214844,
  "tsnr": 35.000586388166994
}