{
  "aor": 0.001051629297458894,
  "aqi": 0.011086949730941703,
  "bids_meta": {
    "AcquisitionMatrixPE": 59,
    "BandwidthPerPixelPhaseEncode": 49.18,
    "BaseResolution": 66,
    "BodyPartExamined": "HEAD",
    "ConsistencyInfo": "N4_VD13A_LATEST_20120616",
    "ConversionSoftware": "dcm2niix",
    "ConversionSoftwareVersion": "v1.0.20180518 GCC4.8.5",
    "DerivedVendorReportedEchoSpacing": 0.000616166,
    "DwellTime": 4e-06,
    "EchoTime": 0.03,
    "EchoTrainLength": 29,
    "EffectiveEchoSpacing": 0.000308083,
    "FlipAngle": 87,
    "ImageOrientationPatientDICOM": [
      1,
      0,
      0,
      0,
      0.930418,
      -0.366501
    ],
    "ImageType": [
      "ORIGINAL",
      "PRIMARY",
      "M",
      "ND",
      "NORM",
      "MOSAIC"
    ],
    "InPlanePhaseEncodingDirectionDICOM": "COL",
    "MRAcquisitionType": "2D",
    "MagneticFieldStrength": 3,
    "Manufacturer": "Siemens",
    "ManufacturersModelName": "Skyra",
    "Modality": "MR",
    "ParallelReductionFactorInPlane": 2,
    "PartialFourier": 1,
    "PatientPosition": "HFS",
    "PercentPhaseFOV": 100,
    "PhaseEncodingDirection": "j-",
    "PhaseEncodingSteps": 59,
    "PhaseResolution": 0.9,
    "PixelBandwidth": 1895,
    "PulseSequenceDetails": "%SiemensSeq%_ep2d_pace",
    "ReceiveCoilActiveElements": "HE1-4",
    "ReceiveCoilName": "HeadNeck_20",
    "ReconMatrixPE": 66,
    "RepetitionTime": 3,
    "SAR": 0.125089,
    "ScanOptions": "FS",
    "ScanningSequence": "EP",
    "SequenceName": "_epfid2d1_59",
    "SequenceVariant": "SK_OSP",
    "ShimSetting": [
      3383,
      8698,
      9417,
      480,
      106,
      174,
      267,
      189
    ],
    "SliceThickness": 3,
    "SliceTiming": [
      1.49,
      0,
      1.545,
      0.055,
      1.6,
      0.11,
      1.655,
      0.165,
      1.71,
      0.22,
      1.765,
      0.275,
      1.82,
      0.33,
      1.875,
      0.385,
      1.93,
      0.44,
      1.985,
      0.495,
      2.04,
      0.55,
      2.095,
      0.605,
      2.15,
      0.66,
      2.205,
      0.7175,
      2.2625,
      0.7725,
      2.3175,
      0.8275,
      2.3725,
      0.8825,
      2.4275,
      0.9375,
      2.4825,
      0.9925,
      2.5375,
      1.0475,
      2.5925,
      1.1025,
      2.6475,
      1.1575,
      2.7025,
      1.2125,
      2.7575,
      1.2675,
      2.8125,
      1.3225,
      2.8675,
      1.3775,
      2.9225,
      1.4325
    ],
    "SoftwareVersions": "syngo_MR_D13",
    "SpacingBetweenSlices": 3,
    "TaskName": "Foraging task",
    "TotalReadoutTime": 0.0200254,
    "TxRefAmp": 326.379,
    "dataset": "ds001762",
    "modality": "bold",
    "run_id": 2,
    "subject_id": "16",
    "task_id": "forage"
  },
  "dummy_trs": 0,
  "dvars_nstd": 28.991650715434115,
  "dvars_std": 1.136474396586826,
  "dvars_vstd": 1.003914061646707,
  "efc": 0.4631701158964786,
  "fber": 2062.307373046875,
  "fd_mean": 0.149253576831122,
  "fd_num": 127,
  "fd_perc": 18.98355754857997,
  "fwhm_avg": 1.7145460544583973,
  "fwhm_x": 1.6461140656137072,
  "fwhm_y": 1.8378474310948174,
  "fwhm_z": 1.6596766666666667,
  "gcor": 0.0192049,
  "gsr_x": 0.0003867813793476671,
  "gsr_y": 0.037177231162786484,
  "provenance": {
    "md5sum": "2b8d8b9bb4c20cb8e704bea5facad55c",
    "settings": {
      "fd_thres": 0.2,
      "testing": false
    },
    "software": "mriqc",
    "version": "22.0.6",
    "webapi_port": null,
    "webapi_url": "https://mriqc.nimh.nih.gov/api/v1"
  },
  "size_t": 669,
  "size_x": 66,
  "size_y": 66,
  "size_z": 54,
  "snr": 5.7589658292449695,
  "spacing_tr": 3.0,
  "spacing_x": 2.9696969985961914,
  "spacing_y": 2.9696969985961914,
  "spacing_z": 3.0,
  "summary_bg_k": 69.13407582869839,
  "summary_bg_mad": 12.676358122820435,
  "summary_bg_mean": 36.78112030029297,
  "summary_bg_median": 17.59790802001953,
  "summary_bg_n": 162829.0,
  "summary_bg_p05": 7.304932594299316,
  "summary_bg_p95": 118.08161468505878,
  "summary_bg_stdv": 65.48760986328125,
  "summary_fg_k": 1.3505839070828545,
  "summary_fg_mad": 136.7118690354072,
  "summary_fg_mean": 816.8790283203125,
  "summary_fg_median": 803.2847900390625,
  "summary_fg_n": 31944.0,
  "summary_fg_p05": 624.7934020996094,
  "summary_fg_p95": 1054.281805419922,
  "summary_fg_stdv": 139.48202514648438,
  "tsnr": 48.205235922243446
}