{
  "aor": 0.00032155228758169935,
  "aqi": 0.008223767173202615,
  "bids_meta": {
    "AcquisitionMatrixPE": 59,
    "BandwidthPerPixelPhaseEncode": 49.18,
    "BaseResolution": 66,
    "BodyPartExamined": "HEAD",
    "ConsistencyInfo": "N4_VD13A_LATEST_20120616",
    "ConversionSoftware": "dcm2niix",
    "ConversionSoftwareVersion": "v1.0.20180518 GCC4.8.5",
    "DerivedVendorReportedEchoSpacing": 0.000616166,
    "DwellTime": 4e-06,
    "EchoTime": 0.03,
    "EchoTrainLength": 29,
    "EffectiveEchoSpacing": 0.000308083,
    "FlipAngle": 87,
    "ImageOrientationPatientDICOM": [
      1,
      0,
      0,
      0,
      0.930418,
      -0.366501
    ],
    "ImageType": [
      "ORIGINAL",
      "PRIMARY",
      "M",
      "ND",
      "NORM",
      "MOSAIC"
    ],
    "InPlanePhaseEncodingDirectionDICOM": "COL",
    "MRAcquisitionType": "2D",
    "MagneticFieldStrength": 3,
    "Manufacturer": "Siemens",
    "ManufacturersModelName": "Skyra",
    "Modality": "MR",
    "ParallelReductionFactorInPlane": 2,
    "PartialFourier": 1,
    "PatientPosition": "HFS",
    "PercentPhaseFOV": 100,
    "PhaseEncodingDirection": "j-",
    "PhaseEncodingSteps": 59,
    "PhaseResolution": 0.9,
    "PixelBandwidth": 1895,
    "PulseSequenceDetails": "%SiemensSeq%_ep2d_pace",
    "ReceiveCoilActiveElements": "HE1-4",
    "ReceiveCoilName": "HeadNeck_20",
    "ReconMatrixPE": 66,
    "RepetitionTime": 3,
    "SAR": 0.125089,
    "ScanOptions": "FS",
    "ScanningSequence": "EP",
    "SequenceName": "_epfid2d1_59",
    "SequenceVariant": "SK_OSP",
    "ShimSetting": [
      3383,
      8698,
      9417,
      480,
      106,
      174,
      267,
      189
    ],
    "SliceThickness": 3,
    "SliceTiming": [
      1.49,
      0,
      1.545,
      0.055,
      1.6,
      0.11,
      1.655,
      0.165,
      1.71,
      0.22,
      1.765,
      0.275,
      1.82,
      0.33,
      1.875,
      0.385,
      1.93,
      0.44,
      1.985,
      0.495,
      2.04,
      0.55,
      2.095,
      0.605,
      2.15,
      0.66,
      2.205,
      0.7175,
      2.2625,
      0.7725,
      2.3175,
      0.8275,
      2.3725,
      0.8825,
      2.4275,
      0.9375,
      2.4825,
      0.9925,
      2.5375,
      1.0475,
      2.5925,
      1.1025,
      2.6475,
      1.1575,
      2.7025,
      1.2125,
      2.7575,
      1.2675,
      2.8125,
      1.3225,
      2.8675,
      1.3775,
      2.9225,
      1.4325
    ],
    "SoftwareVersions": "syngo_MR_D13",
    "SpacingBetweenSlices": 3,
    "TaskName": "Foraging task",
    "TotalReadoutTime": 0.0200254,
    "TxRefAmp": 326.379,
    "dataset": "ds001762",
    "modality": "bold",
    "run_id": 3,
    "subject_id": "28",
    "task_id": "forage"
  },
  "dummy_trs": 0,
  "dvars_nstd": 28.868616341309288,
  "dvars_std": 1.2133643389198034,
  "dvars_vstd": 0.9959421123731581,
  "efc": 0.5173582100895278,
  "fber": 1890.4619140625,
  "fd_mean": 0.10781093132841253,
  "fd_num": 64,
  "fd_perc": 10.457516339869281,
  "fwhm_avg": 1.705860431053391,
  "fwhm_x": 1.6066453925284037,
  "fwhm_y": 1.8225159006317695,
  "fwhm_z": 1.68842,
  "gcor": 0.0560084,
  "gsr_x": 0.011136606335639954,
  "gsr_y": 0.02451362833380699,
  "provenance": {
    "md5sum": "c33b804de1a3739fa7c1e74197f10736",
    "settings": {
      "fd_thres": 0.2,
      "testing": false
    },
    "software": "mriqc",
    "version": "22.0.6",
    "webapi_port": null,
    "webapi_url": "https://mriqc.nimh.nih.gov/api/v1"
  },
  "size_t": 612,
  "size_x": 66,
  "size_y": 66,
  "size_z": 54,
  "snr": 6.060745481275931,
  "spacing_tr": 3.0,
  "spacing_x": 2.9696969985961914,
  "spacing_y": 2.9696969985961914,
  "spacing_z": 3.0,
  "summary_bg_k": 29.722968739170774,
  "summary_bg_mad": 18.31691912278815,
  "summary_bg_mean": 51.87606430053711,
  "summary_bg_median": 22.49346351623535,
  "summary_bg_n": 148442.0,
  "summary_bg_p05": 7.504901885986328,
  "summary_bg_p95": 202.38513031005843,
  "summary_bg_stdv": 90.36783599853516,
  "summary_fg_k": 2.775601569804918,
  "summary_fg_mad": 154.77447774080565,
  "summary_fg_mean": 999.94873046875,
  "summary_fg_median": 988.4681396484375,
  "summary_fg_n": 43086.0,
  "summary_fg_p05": 779.7700347900391,
  "summary_fg_p95": 1263.428955078125,
  "summary_fg_stdv": 163.0915985107422,
  "tsnr": 59.614341106731445
}