{
  "aor": 0.00019012519561815338,
  "aqi": 0.006724948998435055,
  "bids_meta": {
    "AcquisitionMatrixPE": 59,
    "BandwidthPerPixelPhaseEncode": 49.18,
    "BaseResolution": 66,
    "BodyPartExamined": "HEAD",
    "ConsistencyInfo": "N4_VD13A_LATEST_20120616",
    "ConversionSoftware": "dcm2niix",
    "ConversionSoftwareVersion": "v1.0.20180518 GCC4.8.5",
    "DerivedVendorReportedEchoSpacing": 0.000616166,
    "DwellTime": 4e-06,
    "EchoTime": 0.03,
    "EchoTrainLength": 29,
    "EffectiveEchoSpacing": 0.000308083,
    "FlipAngle": 87,
    "ImageOrientationPatientDICOM": [
      1,
      0,
      0,
      0,
      0.930418,
      -0.366501
    ],
    "ImageType": [
      "ORIGINAL",
      "PRIMARY",
      "M",
      "ND",
      "NORM",
      "MOSAIC"
    ],
    "InPlanePhaseEncodingDirectionDICOM": "COL",
    "MRAcquisitionType": "2D",
    "MagneticFieldStrength": 3,
    "Manufacturer": "Siemens",
    "ManufacturersModelName": "Skyra",
    "Modality": "MR",
    "ParallelReductionFactorInPlane": 2,
    "PartialFourier": 1,
    "PatientPosition": "HFS",
    "PercentPhaseFOV": 100,
    "PhaseEncodingDirection": "j-",
    "PhaseEncodingSteps": 59,
    "PhaseResolution": 0.9,
    "PixelBandwidth": 1895,
    "PulseSequenceDetails": "%SiemensSeq%_ep2d_pace",
    "ReceiveCoilActiveElements": "HE1-4",
    "ReceiveCoilName": "HeadNeck_20",
    "ReconMatrixPE": 66,
    "RepetitionTime": 3,
    "SAR": 0.125089,
    "ScanOptions": "FS",
    "ScanningSequence": "EP",
    "SequenceName": "_epfid2d1_59",
    "SequenceVariant": "SK_OSP",
    "ShimSetting": [
      3383,
      8698,
      9417,
      480,
      106,
      174,
      267,
      189
    ],
    "SliceThickness": 3,
    "SliceTiming": [
      1.49,
      0,
      1.545,
      0.055,
      1.6,
      0.11,
      1.655,
      0.165,
      1.71,
      0.22,
      1.765,
      0.275,
      1.82,
      0.33,
      1.875,
      0.385,
      1.93,
      0.44,
      1.985,
      0.495,
      2.04,
      0.55,
      2.095,
      0.605,
      2.15,
      0.66,
      2.205,
      0.7175,
      2.2625,
      0.7725,
      2.3175,
      0.8275,
      2.3725,
      0.8825,
      2.4275,
      0.9375,
      2.4825,
      0.9925,
      2.5375,
      1.0475,
      2.5925,
      1.1025,
      2.6475,
      1.1575,
      2.7025,
      1.2125,
      2.7575,
      1.2675,
      2.8125,
      1.3225,
      2.8675,
      1.3775,
      2.9225,
      1.4325
    ],
    "SoftwareVersions": "syngo_MR_D13",
    "SpacingBetweenSlices": 3,
    "TaskName": "Foraging task",
    "TotalReadoutTime": 0.0200254,
    "TxRefAmp": 326.379,
    "dataset": "ds001762",
    "modality": "bold",
    "run_id": 2,
    "subject_id": "28",
    "task_id": "forage"
  },
  "dummy_trs": 0,
  "dvars_nstd": 26.489276790250788,
  "dvars_std": 1.2279698516614421,
  "dvars_vstd": 0.9953645007053283,
  "efc": 0.514117143277325,
  "fber": 2215.115234375,
  "fd_mean": 0.06743295024176689,
  "fd_num": 12,
  "fd_perc": 1.8779342723004695,
  "fwhm_avg": 1.670090193202445,
  "fwhm_x": 1.5745108010043825,
  "fwhm_y": 1.7793397786029523,
  "fwhm_z": 1.65642,
  "gcor": 0.0718425,
  "gsr_x": 0.01148711983114481,
  "gsr_y": 0.020578710362315178,
  "provenance": {
    "md5sum": "902952e96463d47738c04cb37b4bb360",
    "settings": {
      "fd_thres": 0.2,
      "testing": false
    },
    "software": "mriqc",
    "version": "22.0.6",
    "webapi_port": null,
    "webapi_url": "https://mriqc.nimh.nih.gov/api/v1"
  },
  "size_t": 639,
  "size_x": 66,
  "size_y": 66,
  "size_z": 54,
  "snr": 6.237524067790259,
  "spacing_tr": 3.0,
  "spacing_x": 2.9696969985961914,
  "spacing_y": 2.9696969985961914,
  "spacing_z": 3.0,
  "summary_bg_k": 30.403603447322133,
  "summary_bg_mad": 15.681012332188173,
  "summary_bg_mean": 48.92713928222656,
  "summary_bg_median": 20.54538345336914,
  "summary_bg_n": 148518.0,
  "summary_bg_p05": 7.43818473815918,
  "summary_bg_p95": 193.28864822387675,
  "summary_bg_stdv": 86.79862213134766,
  "summary_fg_k": 2.7620046524658175,
  "summary_fg_mad": 151.87732242905787,
  "summary_fg_mean": 985.7559814453125,
  "summary_fg_median": 976.3035888671875,
  "summary_fg_n": 43049.0,
  "summary_fg_p05": 772.7846435546875,
  "summary_fg_p95": 1233.1123291015624,
  "summary_fg_stdv": 156.51919555664062,
  "tsnr": 65.94736871519126
}