{
  "aor": 0.0026174882995319815,
  "aqi": 0.007159105397815913,
  "bids_meta": {
    "AcquisitionMatrixPE": 59,
    "BandwidthPerPixelPhaseEncode": 49.18,
    "BaseResolution": 66,
    "BodyPartExamined": "HEAD",
    "ConsistencyInfo": "N4_VD13A_LATEST_20120616",
    "ConversionSoftware": "dcm2niix",
    "ConversionSoftwareVersion": "v1.0.20180518 GCC4.8.5",
    "DerivedVendorReportedEchoSpacing": 0.000616166,
    "DwellTime": 4e-06,
    "EchoTime": 0.03,
    "EchoTrainLength": 29,
    "EffectiveEchoSpacing": 0.000308083,
    "FlipAngle": 87,
    "ImageOrientationPatientDICOM": [
      1,
      0,
      0,
      0,
      0.930418,
      -0.366501
    ],
    "ImageType": [
      "ORIGINAL",
      "PRIMARY",
      "M",
      "ND",
      "NORM",
      "MOSAIC"
    ],
    "InPlanePhaseEncodingDirectionDICOM": "COL",
    "MRAcquisitionType": "2D",
    "MagneticFieldStrength": 3,
    "Manufacturer": "Siemens",
    "ManufacturersModelName": "Skyra",
    "Modality": "MR",
    "ParallelReductionFactorInPlane": 2,
    "PartialFourier": 1,
    "PatientPosition": "HFS",
    "PercentPhaseFOV": 100,
    "PhaseEncodingDirection": "j-",
    "PhaseEncodingSteps": 59,
    "PhaseResolution": 0.9,
    "PixelBandwidth": 1895,
    "PulseSequenceDetails": "%SiemensSeq%_ep2d_pace",
    "ReceiveCoilActiveElements": "HE1-4",
    "ReceiveCoilName": "HeadNeck_20",
    "ReconMatrixPE": 66,
    "RepetitionTime": 3,
    "SAR": 0.125089,
    "ScanOptions": "FS",
    "ScanningSequence": "EP",
    "SequenceName": "_epfid2d1_59",
    "SequenceVariant": "SK_OSP",
    "ShimSetting": [
      3383,
      8698,
      9417,
      480,
      106,
      174,
      267,
      189
    ],
    "SliceThickness": 3,
    "SliceTiming": [
      1.49,
      0,
      1.545,
      0.055,
      1.6,
      0.11,
      1.655,
      0.165,
      1.71,
      0.22,
      1.765,
      0.275,
      1.82,
      0.33,
      1.875,
      0.385,
      1.93,
      0.44,
      1.985,
      0.495,
      2.04,
      0.55,
      2.095,
      0.605,
      2.15,
      0.66,
      2.205,
      0.7175,
      2.2625,
      0.7725,
      2.3175,
      0.8275,
      2.3725,
      0.8825,
      2.4275,
      0.9375,
      2.4825,
      0.9925,
      2.5375,
      1.0475,
      2.5925,
      1.1025,
      2.6475,
      1.1575,
      2.7025,
      1.2125,
      2.7575,
      1.2675,
      2.8125,
      1.3225,
      2.8675,
      1.3775,
      2.9225,
      1.4325
    ],
    "SoftwareVersions": "syngo_MR_D13",
    "SpacingBetweenSlices": 3,
    "TaskName": "Foraging task",
    "TotalReadoutTime": 0.0200254,
    "TxRefAmp": 326.379,
    "dataset": "ds001762",
    "modality": "bold",
    "run_id": 1,
    "subject_id": "02",
    "task_id": "forage"
  },
  "dummy_trs": 0,
  "dvars_nstd": 31.512675103375006,
  "dvars_std": 1.1981434342187494,
  "dvars_vstd": 0.9894433710937506,
  "efc": 0.4945957738596672,
  "fber": 2316.44873046875,
  "fd_mean": 0.17370476143410743,
  "fd_num": 121,
  "fd_perc": 18.876755070202808,
  "fwhm_avg": 1.647126873698147,
  "fwhm_x": 1.5357223319940922,
  "fwhm_y": 1.7834950846849646,
  "fwhm_z": 1.6221632044153844,
  "gcor": 0.256101,
  "gsr_x": -0.001554599730297923,
  "gsr_y": 0.013792945072054863,
  "provenance": {
    "md5sum": "b9a1c5bf8ee4bf83d2d16bff6b95ea2c",
    "settings": {
      "fd_thres": 0.2,
      "testing": false
    },
    "software": "mriqc",
    "version": "22.0.6",
    "webapi_port": null,
    "webapi_url": "https://mriqc.nimh.nih.gov/api/v1"
  },
  "size_t": 641,
  "size_x": 66,
  "size_y": 66,
  "size_z": 54,
  "snr": 5.464528426803959,
  "spacing_tr": 3.0,
  "spacing_x": 2.9696969985961914,
  "spacing_y": 2.9696969985961914,
  "spacing_z": 3.000000238418579,
  "summary_bg_k": 22.053900513996044,
  "summary_bg_mad": 8.301185934015486,
  "summary_bg_mean": 33.03154373168945,
  "summary_bg_median": 13.967238426208496,
  "summary_bg_n": 153359.0,
  "summary_bg_p05": 7.010920524597168,
  "summary_bg_p95": 129.46988677978518,
  "summary_bg_stdv": 59.670310974121094,
  "summary_fg_k": 1.1078939708215891,
  "summary_fg_mad": 127.72237145913314,
  "summary_fg_mean": 684.3366088867188,
  "summary_fg_median": 672.5491333007812,
  "summary_fg_n": 39636.0,
  "summary_fg_p05": 518.1213073730469,
  "summary_fg_p95": 887.8849639892578,
  "summary_fg_stdv": 123.07386779785156,
  "tsnr": 44.48878840764519
}