{
  "aor": 0.0009841358936484492,
  "aqi": 0.00982004669128508,
  "bids_meta": {
    "AcquisitionMatrixPE": 59,
    "BandwidthPerPixelPhaseEncode": 49.18,
    "BaseResolution": 66,
    "BodyPartExamined": "HEAD",
    "ConsistencyInfo": "N4_VD13A_LATEST_20120616",
    "ConversionSoftware": "dcm2niix",
    "ConversionSoftwareVersion": "v1.0.20180518 GCC4.8.5",
    "DerivedVendorReportedEchoSpacing": 0.000616166,
    "DwellTime": 4e-06,
    "EchoTime": 0.03,
    "EchoTrainLength": 29,
    "EffectiveEchoSpacing": 0.000308083,
    "FlipAngle": 87,
    "ImageOrientationPatientDICOM": [
      1,
      0,
      0,
      0,
      0.930418,
      -0.366501
    ],
    "ImageType": [
      "ORIGINAL",
      "PRIMARY",
      "M",
      "ND",
      "NORM",
      "MOSAIC"
    ],
    "InPlanePhaseEncodingDirectionDICOM": "COL",
    "MRAcquisitionType": "2D",
    "MagneticFieldStrength": 3,
    "Manufacturer": "Siemens",
    "ManufacturersModelName": "Skyra",
    "Modality": "MR",
    "ParallelReductionFactorInPlane": 2,
    "PartialFourier": 1,
    "PatientPosition": "HFS",
    "PercentPhaseFOV": 100,
    "PhaseEncodingDirection": "j-",
    "PhaseEncodingSteps": 59,
    "PhaseResolution": 0.9,
    "PixelBandwidth": 1895,
    "PulseSequenceDetails": "%SiemensSeq%_ep2d_pace",
    "ReceiveCoilActiveElements": "HE1-4",
    "ReceiveCoilName": "HeadNeck_20",
    "ReconMatrixPE": 66,
    "RepetitionTime": 3,
    "SAR": 0.125089,
    "ScanOptions": "FS",
    "ScanningSequence": "EP",
    "SequenceName": "_epfid2d1_59",
    "SequenceVariant": "SK_OSP",
    "ShimSetting": [
      3383,
      8698,
      9417,
      480,
      106,
      174,
      267,
      189
    ],
    "SliceThickness": 3,
    "SliceTiming": [
      1.49,
      0,
      1.545,
      0.055,
      1.6,
      0.11,
      1.655,
      0.165,
      1.71,
      0.22,
      1.765,
      0.275,
      1.82,
      0.33,
      1.875,
      0.385,
      1.93,
      0.44,
      1.985,
      0.495,
      2.04,
      0.55,
      2.095,
      0.605,
      2.15,
      0.66,
      2.205,
      0.7175,
      2.2625,
      0.7725,
      2.3175,
      0.8275,
      2.3725,
      0.8825,
      2.4275,
      0.9375,
      2.4825,
      0.9925,
      2.5375,
      1.0475,
      2.5925,
      1.1025,
      2.6475,
      1.1575,
      2.7025,
      1.2125,
      2.7575,
      1.2675,
      2.8125,
      1.3225,
      2.8675,
      1.3775,
      2.9225,
      1.4325
    ],
    "SoftwareVersions": "syngo_MR_D13",
    "SpacingBetweenSlices": 3,
    "TaskName": "Foraging task",
    "TotalReadoutTime": 0.0200254,
    "TxRefAmp": 326.379,
    "dataset": "ds001762",
    "modality": "bold",
    "run_id": 2,
    "subject_id": "02",
    "task_id": "forage"
  },
  "dummy_trs": 0,
  "dvars_nstd": 34.46640900039943,
  "dvars_std": 1.152804571464498,
  "dvars_vstd": 0.9976971898224846,
  "efc": 0.5042819784184807,
  "fber": 1701.342529296875,
  "fd_mean": 0.14394976460680006,
  "fd_num": 112,
  "fd_perc": 16.54357459379616,
  "fwhm_avg": 1.6915637092883493,
  "fwhm_x": 1.5874548825110721,
  "fwhm_y": 1.8344430433728447,
  "fwhm_z": 1.652793201981131,
  "gcor": 0.0904485,
  "gsr_x": -0.003664477728307247,
  "gsr_y": 0.028865864500403404,
  "provenance": {
    "md5sum": "ebe6cd855eca81eb2fa0e0e041abf470",
    "settings": {
      "fd_thres": 0.2,
      "testing": false
    },
    "software": "mriqc",
    "version": "22.0.6",
    "webapi_port": null,
    "webapi_url": "https://mriqc.nimh.nih.gov/api/v1"
  },
  "size_t": 677,
  "size_x": 66,
  "size_y": 66,
  "size_z": 54,
  "snr": 5.316764688910718,
  "spacing_tr": 3.0,
  "spacing_x": 2.9696969985961914,
  "spacing_y": 2.9696969985961914,
  "spacing_z": 3.000000238418579,
  "summary_bg_k": 22.725225013811578,
  "summary_bg_mad": 12.329469901953539,
  "summary_bg_mean": 38.63382339477539,
  "summary_bg_median": 16.779911041259766,
  "summary_bg_n": 153293.0,
  "summary_bg_p05": 7.057607173919678,
  "summary_bg_p95": 146.12466430664054,
  "summary_bg_stdv": 66.64907836914062,
  "summary_fg_k": 1.1433822517666172,
  "summary_fg_mad": 131.21138222804254,
  "summary_fg_mean": 712.8916625976562,
  "summary_fg_median": 698.6720581054688,
  "summary_fg_n": 39657.0,
  "summary_fg_p05": 537.6132690429688,
  "summary_fg_p95": 940.7559814453124,
  "summary_fg_stdv": 131.4075927734375,
  "tsnr": 45.82458171795588
}