{
  "aor": 0.0022595303030303027,
  "aqi": 0.011075795196969697,
  "bids_meta": {
    "AcquisitionMatrixPE": 59,
    "BandwidthPerPixelPhaseEncode": 49.18,
    "BaseResolution": 66,
    "BodyPartExamined": "HEAD",
    "ConsistencyInfo": "N4_VD13A_LATEST_20120616",
    "ConversionSoftware": "dcm2niix",
    "ConversionSoftwareVersion": "v1.0.20180518 GCC4.8.5",
    "DerivedVendorReportedEchoSpacing": 0.000616166,
    "DwellTime": 4e-06,
    "EchoTime": 0.03,
    "EchoTrainLength": 29,
    "EffectiveEchoSpacing": 0.000308083,
    "FlipAngle": 87,
    "ImageOrientationPatientDICOM": [
      1,
      0,
      0,
      0,
      0.930418,
      -0.366501
    ],
    "ImageType": [
      "ORIGINAL",
      "PRIMARY",
      "M",
      "ND",
      "NORM",
      "MOSAIC"
    ],
    "InPlanePhaseEncodingDirectionDICOM": "COL",
    "MRAcquisitionType": "2D",
    "MagneticFieldStrength": 3,
    "Manufacturer": "Siemens",
    "ManufacturersModelName": "Skyra",
    "Modality": "MR",
    "ParallelReductionFactorInPlane": 2,
    "PartialFourier": 1,
    "PatientPosition": "HFS",
    "PercentPhaseFOV": 100,
    "PhaseEncodingDirection": "j-",
    "PhaseEncodingSteps": 59,
    "PhaseResolution": 0.9,
    "PixelBandwidth": 1895,
    "PulseSequenceDetails": "%SiemensSeq%_ep2d_pace",
    "ReceiveCoilActiveElements": "HE1-4",
    "ReceiveCoilName": "HeadNeck_20",
    "ReconMatrixPE": 66,
    "RepetitionTime": 3,
    "SAR": 0.125089,
    "ScanOptions": "FS",
    "ScanningSequence": "EP",
    "SequenceName": "_epfid2d1_59",
    "SequenceVariant": "SK_OSP",
    "ShimSetting": [
      3383,
      8698,
      9417,
      480,
      106,
      174,
      267,
      189
    ],
    "SliceThickness": 3,
    "SliceTiming": [
      1.49,
      0,
      1.545,
      0.055,
      1.6,
      0.11,
      1.655,
      0.165,
      1.71,
      0.22,
      1.765,
      0.275,
      1.82,
      0.33,
      1.875,
      0.385,
      1.93,
      0.44,
      1.985,
      0.495,
      2.04,
      0.55,
      2.095,
      0.605,
      2.15,
      0.66,
      2.205,
      0.7175,
      2.2625,
      0.7725,
      2.3175,
      0.8275,
      2.3725,
      0.8825,
      2.4275,
      0.9375,
      2.4825,
      0.9925,
      2.5375,
      1.0475,
      2.5925,
      1.1025,
      2.6475,
      1.1575,
      2.7025,
      1.2125,
      2.7575,
      1.2675,
      2.8125,
      1.3225,
      2.8675,
      1.3775,
      2.9225,
      1.4325
    ],
    "SoftwareVersions": "syngo_MR_D13",
    "SpacingBetweenSlices": 3,
    "TaskName": "Foraging task",
    "TotalReadoutTime": 0.0200254,
    "TxRefAmp": 326.379,
    "dataset": "ds001762",
    "modality": "bold",
    "run_id": 3,
    "subject_id": "02",
    "task_id": "forage"
  },
  "dummy_trs": 0,
  "dvars_nstd": 40.84925150546283,
  "dvars_std": 1.1777701376176022,
  "dvars_vstd": 1.026349811562975,
  "efc": 0.5153365827608022,
  "fber": 1265.8046875,
  "fd_mean": 0.1766848809761812,
  "fd_num": 129,
  "fd_perc": 19.545454545454547,
  "fwhm_avg": 1.7828304981295375,
  "fwhm_x": 1.6811513101707058,
  "fwhm_y": 1.9434036545574067,
  "fwhm_z": 1.7239365296605007,
  "gcor": 0.0257189,
  "gsr_x": -0.006718318443745375,
  "gsr_y": 0.043949730694293976,
  "provenance": {
    "md5sum": "e33877b059869df1c9175a55098f03a6",
    "settings": {
      "fd_thres": 0.2,
      "testing": false
    },
    "software": "mriqc",
    "version": "22.0.6",
    "webapi_port": null,
    "webapi_url": "https://mriqc.nimh.nih.gov/api/v1"
  },
  "size_t": 660,
  "size_x": 66,
  "size_y": 66,
  "size_z": 54,
  "snr": 4.891602252428451,
  "spacing_tr": 3.0,
  "spacing_x": 2.9696969985961914,
  "spacing_y": 2.9696969985961914,
  "spacing_z": 3.000000238418579,
  "summary_bg_k": 19.452731663553276,
  "summary_bg_mad": 16.043551229741013,
  "summary_bg_mean": 44.40945053100586,
  "summary_bg_median": 19.631816864013672,
  "summary_bg_n": 153480.0,
  "summary_bg_p05": 7.256060600280762,
  "summary_bg_p95": 164.95394058227413,
  "summary_bg_stdv": 69.8927230834961,
  "summary_fg_k": 1.3120453941304175,
  "summary_fg_mad": 133.4184542562012,
  "summary_fg_mean": 720.4442749023438,
  "summary_fg_median": 702.4257202148438,
  "summary_fg_n": 39691.0,
  "summary_fg_p05": 524.6075744628906,
  "summary_fg_p95": 979.7719421386719,
  "summary_fg_stdv": 143.5964813232422,
  "tsnr": 40.46772543806583
}