{
  "aor": 0.0006052539912917271,
  "aqi": 0.006773583338171264,
  "bids_meta": {
    "AcquisitionMatrixPE": 59,
    "BandwidthPerPixelPhaseEncode": 49.18,
    "BaseResolution": 66,
    "BodyPartExamined": "HEAD",
    "ConsistencyInfo": "N4_VD13A_LATEST_20120616",
    "ConversionSoftware": "dcm2niix",
    "ConversionSoftwareVersion": "v1.0.20180518 GCC4.8.5",
    "DerivedVendorReportedEchoSpacing": 0.000616166,
    "DwellTime": 4e-06,
    "EchoTime": 0.03,
    "EchoTrainLength": 29,
    "EffectiveEchoSpacing": 0.000308083,
    "FlipAngle": 87,
    "ImageOrientationPatientDICOM": [
      1,
      0,
      0,
      0,
      0.930418,
      -0.366501
    ],
    "ImageType": [
      "ORIGINAL",
      "PRIMARY",
      "M",
      "ND",
      "NORM",
      "MOSAIC"
    ],
    "InPlanePhaseEncodingDirectionDICOM": "COL",
    "MRAcquisitionType": "2D",
    "MagneticFieldStrength": 3,
    "Manufacturer": "Siemens",
    "ManufacturersModelName": "Skyra",
    "Modality": "MR",
    "ParallelReductionFactorInPlane": 2,
    "PartialFourier": 1,
    "PatientPosition": "HFS",
    "PercentPhaseFOV": 100,
    "PhaseEncodingDirection": "j-",
    "PhaseEncodingSteps": 59,
    "PhaseResolution": 0.9,
    "PixelBandwidth": 1895,
    "PulseSequenceDetails": "%SiemensSeq%_ep2d_pace",
    "ReceiveCoilActiveElements": "HE1-4",
    "ReceiveCoilName": "HeadNeck_20",
    "ReconMatrixPE": 66,
    "RepetitionTime": 3,
    "SAR": 0.125089,
    "ScanOptions": "FS",
    "ScanningSequence": "EP",
    "SequenceName": "_epfid2d1_59",
    "SequenceVariant": "SK_OSP",
    "ShimSetting": [
      3383,
      8698,
      9417,
      480,
      106,
      174,
      267,
      189
    ],
    "SliceThickness": 3,
    "SliceTiming": [
      1.49,
      0,
      1.545,
      0.055,
      1.6,
      0.11,
      1.655,
      0.165,
      1.71,
      0.22,
      1.765,
      0.275,
      1.82,
      0.33,
      1.875,
      0.385,
      1.93,
      0.44,
      1.985,
      0.495,
      2.04,
      0.55,
      2.095,
      0.605,
      2.15,
      0.66,
      2.205,
      0.7175,
      2.2625,
      0.7725,
      2.3175,
      0.8275,
      2.3725,
      0.8825,
      2.4275,
      0.9375,
      2.4825,
      0.9925,
      2.5375,
      1.0475,
      2.5925,
      1.1025,
      2.6475,
      1.1575,
      2.7025,
      1.2125,
      2.7575,
      1.2675,
      2.8125,
      1.3225,
      2.8675,
      1.3775,
      2.9225,
      1.4325
    ],
    "SoftwareVersions": "syngo_MR_D13",
    "SpacingBetweenSlices": 3,
    "TaskName": "Foraging task",
    "TotalReadoutTime": 0.0200254,
    "TxRefAmp": 326.379,
    "dataset": "ds001762",
    "modality": "bold",
    "run_id": 2,
    "subject_id": "19",
    "task_id": "forage"
  },
  "dummy_trs": 3,
  "dvars_nstd": 27.57926236744185,
  "dvars_std": 1.1459833849127912,
  "dvars_vstd": 0.994436535218023,
  "efc": 0.510496024202366,
  "fber": 1610.1156005859375,
  "fd_mean": 0.05359192798438394,
  "fd_num": 21,
  "fd_perc": 3.0478955007256894,
  "fwhm_avg": 1.6416855335024858,
  "fwhm_x": 1.5392142707356211,
  "fwhm_y": 1.7640823297718367,
  "fwhm_z": 1.62176,
  "gcor": 0.0967949,
  "gsr_x": -0.007131080608814955,
  "gsr_y": 0.035690661519765854,
  "provenance": {
    "md5sum": "17c67fffb9121c2ca1a03f6d8c46a0c2",
    "settings": {
      "fd_thres": 0.2,
      "testing": false
    },
    "software": "mriqc",
    "version": "22.0.6",
    "webapi_port": null,
    "webapi_url": "https://mriqc.nimh.nih.gov/api/v1"
  },
  "size_t": 689,
  "size_x": 66,
  "size_y": 66,
  "size_z": 54,
  "snr": 5.696317355155078,
  "spacing_tr": 3.0,
  "spacing_x": 2.9696969985961914,
  "spacing_y": 2.9696969985961914,
  "spacing_z": 3.0,
  "summary_bg_k": 28.66711229607361,
  "summary_bg_mad": 16.54962700913745,
  "summary_bg_mean": 46.99858093261719,
  "summary_bg_median": 20.865020751953125,
  "summary_bg_n": 152287.0,
  "summary_bg_p05": 7.791001319885254,
  "summary_bg_p95": 168.09912414550757,
  "summary_bg_stdv": 77.18497467041016,
  "summary_fg_k": 1.74865990419815,
  "summary_fg_mad": 148.04503459008617,
  "summary_fg_mean": 858.3342895507812,
  "summary_fg_median": 846.0224609375,
  "summary_fg_n": 40244.0,
  "summary_fg_p05": 656.3448638916016,
  "summary_fg_p95": 1101.2115661621094,
  "summary_fg_stdv": 148.51910400390625,
  "tsnr": 55.13586188852787
}