{
  "aor": 0.0002511729323308271,
  "aqi": 0.009640874481203009,
  "bids_meta": {
    "AcquisitionMatrixPE": 59,
    "BandwidthPerPixelPhaseEncode": 49.18,
    "BaseResolution": 66,
    "BodyPartExamined": "HEAD",
    "ConsistencyInfo": "N4_VD13A_LATEST_20120616",
    "ConversionSoftware": "dcm2niix",
    "ConversionSoftwareVersion": "v1.0.20180518 GCC4.8.5",
    "DerivedVendorReportedEchoSpacing": 0.000616166,
    "DwellTime": 4e-06,
    "EchoTime": 0.03,
    "EchoTrainLength": 29,
    "EffectiveEchoSpacing": 0.000308083,
    "FlipAngle": 87,
    "ImageOrientationPatientDICOM": [
      1,
      0,
      0,
      0,
      0.930418,
      -0.366501
    ],
    "ImageType": [
      "ORIGINAL",
      "PRIMARY",
      "M",
      "ND",
      "NORM",
      "MOSAIC"
    ],
    "InPlanePhaseEncodingDirectionDICOM": "COL",
    "MRAcquisitionType": "2D",
    "MagneticFieldStrength": 3,
    "Manufacturer": "Siemens",
    "ManufacturersModelName": "Skyra",
    "Modality": "MR",
    "ParallelReductionFactorInPlane": 2,
    "PartialFourier": 1,
    "PatientPosition": "HFS",
    "PercentPhaseFOV": 100,
    "PhaseEncodingDirection": "j-",
    "PhaseEncodingSteps": 59,
    "PhaseResolution": 0.9,
    "PixelBandwidth": 1895,
    "PulseSequenceDetails": "%SiemensSeq%_ep2d_pace",
    "ReceiveCoilActiveElements": "HE1-4",
    "ReceiveCoilName": "HeadNeck_20",
    "ReconMatrixPE": 66,
    "RepetitionTime": 3,
    "SAR": 0.125089,
    "ScanOptions": "FS",
    "ScanningSequence": "EP",
    "SequenceName": "_epfid2d1_59",
    "SequenceVariant": "SK_OSP",
    "ShimSetting": [
      3383,
      8698,
      9417,
      480,
      106,
      174,
      267,
      189
    ],
    "SliceThickness": 3,
    "SliceTiming": [
      1.49,
      0,
      1.545,
      0.055,
      1.6,
      0.11,
      1.655,
      0.165,
      1.71,
      0.22,
      1.765,
      0.275,
      1.82,
      0.33,
      1.875,
      0.385,
      1.93,
      0.44,
      1.985,
      0.495,
      2.04,
      0.55,
      2.095,
      0.605,
      2.15,
      0.66,
      2.205,
      0.7175,
      2.2625,
      0.7725,
      2.3175,
      0.8275,
      2.3725,
      0.8825,
      2.4275,
      0.9375,
      2.4825,
      0.9925,
      2.5375,
      1.0475,
      2.5925,
      1.1025,
      2.6475,
      1.1575,
      2.7025,
      1.2125,
      2.7575,
      1.2675,
      2.8125,
      1.3225,
      2.8675,
      1.3775,
      2.9225,
      1.4325
    ],
    "SoftwareVersions": "syngo_MR_D13",
    "SpacingBetweenSlices": 3,
    "TaskName": "Foraging task",
    "TotalReadoutTime": 0.0200254,
    "TxRefAmp": 326.379,
    "dataset": "ds001762",
    "modality": "bold",
    "run_id": 2,
    "subject_id": "09",
    "task_id": "forage"
  },
  "dummy_trs": 0,
  "dvars_nstd": 33.94259280745475,
  "dvars_std": 1.1985543618674697,
  "dvars_vstd": 0.9960809140060234,
  "efc": 0.5092708053848438,
  "fber": 1262.555908203125,
  "fd_mean": 0.056289859040303925,
  "fd_num": 6,
  "fd_perc": 0.9022556390977443,
  "fwhm_avg": 1.7586978115940306,
  "fwhm_x": 1.6840876366727435,
  "fwhm_y": 1.8720057981093485,
  "fwhm_z": 1.72,
  "gcor": 0.045715,
  "gsr_x": 0.004090018570423126,
  "gsr_y": 0.034565236419439316,
  "provenance": {
    "md5sum": "05e6570a324919613c4e92ff35cd63bf",
    "settings": {
      "fd_thres": 0.2,
      "testing": false
    },
    "software": "mriqc",
    "version": "22.0.6",
    "webapi_port": null,
    "webapi_url": "https://mriqc.nimh.nih.gov/api/v1"
  },
  "size_t": 665,
  "size_x": 66,
  "size_y": 66,
  "size_z": 54,
  "snr": 5.63461869379923,
  "spacing_tr": 3.0,
  "spacing_x": 2.9696969985961914,
  "spacing_y": 2.9696969985961914,
  "spacing_z": 3.0,
  "summary_bg_k": 28.25945601697246,
  "summary_bg_mad": 18.32407355625376,
  "summary_bg_mean": 51.776119232177734,
  "summary_bg_median": 22.520301818847656,
  "summary_bg_n": 155760.0,
  "summary_bg_p05": 8.02255630493164,
  "summary_bg_p95": 216.85285644531245,
  "summary_bg_stdv": 89.96065521240234,
  "summary_fg_k": 1.6371205054685216,
  "summary_fg_mad": 137.42498224237335,
  "summary_fg_mean": 823.3513793945312,
  "summary_fg_median": 808.689453125,
  "summary_fg_n": 37580.0,
  "summary_fg_p05": 623.3188293457031,
  "summary_fg_p95": 1067.4096557617186,
  "summary_fg_stdv": 143.51968383789062,
  "tsnr": 50.90956589533016
}