{
  "aor": 0.0005035661218424963,
  "aqi": 0.0093961320653789,
  "bids_meta": {
    "AcquisitionMatrixPE": 59,
    "BandwidthPerPixelPhaseEncode": 49.18,
    "BaseResolution": 66,
    "BodyPartExamined": "HEAD",
    "ConsistencyInfo": "N4_VD13A_LATEST_20120616",
    "ConversionSoftware": "dcm2niix",
    "ConversionSoftwareVersion": "v1.0.20180518 GCC4.8.5",
    "DerivedVendorReportedEchoSpacing": 0.000616166,
    "DwellTime": 4e-06,
    "EchoTime": 0.03,
    "EchoTrainLength": 29,
    "EffectiveEchoSpacing": 0.000308083,
    "FlipAngle": 87,
    "ImageOrientationPatientDICOM": [
      1,
      0,
      0,
      0,
      0.930418,
      -0.366501
    ],
    "ImageType": [
      "ORIGINAL",
      "PRIMARY",
      "M",
      "ND",
      "NORM",
      "MOSAIC"
    ],
    "InPlanePhaseEncodingDirectionDICOM": "COL",
    "MRAcquisitionType": "2D",
    "MagneticFieldStrength": 3,
    "Manufacturer": "Siemens",
    "ManufacturersModelName": "Skyra",
    "Modality": "MR",
    "ParallelReductionFactorInPlane": 2,
    "PartialFourier": 1,
    "PatientPosition": "HFS",
    "PercentPhaseFOV": 100,
    "PhaseEncodingDirection": "j-",
    "PhaseEncodingSteps": 59,
    "PhaseResolution": 0.9,
    "PixelBandwidth": 1895,
    "PulseSequenceDetails": "%SiemensSeq%_ep2d_pace",
    "ReceiveCoilActiveElements": "HE1-4",
    "ReceiveCoilName": "HeadNeck_20",
    "ReconMatrixPE": 66,
    "RepetitionTime": 3,
    "SAR": 0.125089,
    "ScanOptions": "FS",
    "ScanningSequence": "EP",
    "SequenceName": "_epfid2d1_59",
    "SequenceVariant": "SK_OSP",
    "ShimSetting": [
      3383,
      8698,
      9417,
      480,
      106,
      174,
      267,
      189
    ],
    "SliceThickness": 3,
    "SliceTiming": [
      1.49,
      0,
      1.545,
      0.055,
      1.6,
      0.11,
      1.655,
      0.165,
      1.71,
      0.22,
      1.765,
      0.275,
      1.82,
      0.33,
      1.875,
      0.385,
      1.93,
      0.44,
      1.985,
      0.495,
      2.04,
      0.55,
      2.095,
      0.605,
      2.15,
      0.66,
      2.205,
      0.7175,
      2.2625,
      0.7725,
      2.3175,
      0.8275,
      2.3725,
      0.8825,
      2.4275,
      0.9375,
      2.4825,
      0.9925,
      2.5375,
      1.0475,
      2.5925,
      1.1025,
      2.6475,
      1.1575,
      2.7025,
      1.2125,
      2.7575,
      1.2675,
      2.8125,
      1.3225,
      2.8675,
      1.3775,
      2.9225,
      1.4325
    ],
    "SoftwareVersions": "syngo_MR_D13",
    "SpacingBetweenSlices": 3,
    "TaskName": "Foraging task",
    "TotalReadoutTime": 0.0200254,
    "TxRefAmp": 326.379,
    "dataset": "ds001762",
    "modality": "bold",
    "run_id": 3,
    "subject_id": "20",
    "task_id": "forage"
  },
  "dummy_trs": 0,
  "dvars_nstd": 29.689241009136886,
  "dvars_std": 1.2895055277083332,
  "dvars_vstd": 1.0076426536904766,
  "efc": 0.4859103708794767,
  "fber": 2355.50634765625,
  "fd_mean": 0.0954325348328939,
  "fd_num": 44,
  "fd_perc": 6.537890044576523,
  "fwhm_avg": 1.6303541842952958,
  "fwhm_x": 1.5596675358427052,
  "fwhm_y": 1.743888350376515,
  "fwhm_z": 1.5875066666666668,
  "gcor": 0.03756,
  "gsr_x": -0.0027834998909384012,
  "gsr_y": 0.024868987500667572,
  "provenance": {
    "md5sum": "5104d53d93af3516756347fe26a6e663",
    "settings": {
      "fd_thres": 0.2,
      "testing": false
    },
    "software": "mriqc",
    "version": "22.0.6",
    "webapi_port": null,
    "webapi_url": "https://mriqc.nimh.nih.gov/api/v1"
  },
  "size_t": 673,
  "size_x": 66,
  "size_y": 66,
  "size_z": 54,
  "snr": 6.770462264320449,
  "spacing_tr": 3.0,
  "spacing_x": 2.9696969985961914,
  "spacing_y": 2.9696969985961914,
  "spacing_z": 3.0,
  "summary_bg_k": 24.079691425645343,
  "summary_bg_mad": 14.141998961117837,
  "summary_bg_mean": 45.067039489746094,
  "summary_bg_median": 18.957653045654297,
  "summary_bg_n": 157120.0,
  "summary_bg_p05": 7.050519943237305,
  "summary_bg_p95": 172.8816444396968,
  "summary_bg_stdv": 78.85627746582031,
  "summary_fg_k": 3.0845316751734773,
  "summary_fg_mad": 124.99456978825046,
  "summary_fg_mean": 935.195556640625,
  "summary_fg_median": 924.260009765625,
  "summary_fg_n": 36467.0,
  "summary_fg_p05": 750.2858581542969,
  "summary_fg_p95": 1160.6636718749999,
  "summary_fg_stdv": 136.51170349121094,
  "tsnr": 60.86645714007318
}