{
  "aor": 0.0012146907993966817,
  "aqi": 0.012951032850678732,
  "bids_meta": {
    "AcquisitionMatrixPE": 59,
    "BandwidthPerPixelPhaseEncode": 49.18,
    "BaseResolution": 66,
    "BodyPartExamined": "HEAD",
    "ConsistencyInfo": "N4_VD13A_LATEST_20120616",
    "ConversionSoftware": "dcm2niix",
    "ConversionSoftwareVersion": "v1.0.20180518 GCC4.8.5",
    "DerivedVendorReportedEchoSpacing": 0.000616166,
    "DwellTime": 4e-06,
    "EchoTime": 0.03,
    "EchoTrainLength": 29,
    "EffectiveEchoSpacing": 0.000308083,
    "FlipAngle": 87,
    "ImageOrientationPatientDICOM": [
      1,
      0,
      0,
      0,
      0.930418,
      -0.366501
    ],
    "ImageType": [
      "ORIGINAL",
      "PRIMARY",
      "M",
      "ND",
      "NORM",
      "MOSAIC"
    ],
    "InPlanePhaseEncodingDirectionDICOM": "COL",
    "MRAcquisitionType": "2D",
    "MagneticFieldStrength": 3,
    "Manufacturer": "Siemens",
    "ManufacturersModelName": "Skyra",
    "Modality": "MR",
    "ParallelReductionFactorInPlane": 2,
    "PartialFourier": 1,
    "PatientPosition": "HFS",
    "PercentPhaseFOV": 100,
    "PhaseEncodingDirection": "j-",
    "PhaseEncodingSteps": 59,
    "PhaseResolution": 0.9,
    "PixelBandwidth": 1895,
    "PulseSequenceDetails": "%SiemensSeq%_ep2d_pace",
    "ReceiveCoilActiveElements": "HE1-4",
    "ReceiveCoilName": "HeadNeck_20",
    "ReconMatrixPE": 66,
    "RepetitionTime": 3,
    "SAR": 0.125089,
    "ScanOptions": "FS",
    "ScanningSequence": "EP",
    "SequenceName": "_epfid2d1_59",
    "SequenceVariant": "SK_OSP",
    "ShimSetting": [
      3383,
      8698,
      9417,
      480,
      106,
      174,
      267,
      189
    ],
    "SliceThickness": 3,
    "SliceTiming": [
      1.49,
      0,
      1.545,
      0.055,
      1.6,
      0.11,
      1.655,
      0.165,
      1.71,
      0.22,
      1.765,
      0.275,
      1.82,
      0.33,
      1.875,
      0.385,
      1.93,
      0.44,
      1.985,
      0.495,
      2.04,
      0.55,
      2.095,
      0.605,
      2.15,
      0.66,
      2.205,
      0.7175,
      2.2625,
      0.7725,
      2.3175,
      0.8275,
      2.3725,
      0.8825,
      2.4275,
      0.9375,
      2.4825,
      0.9925,
      2.5375,
      1.0475,
      2.5925,
      1.1025,
      2.6475,
      1.1575,
      2.7025,
      1.2125,
      2.7575,
      1.2675,
      2.8125,
      1.3225,
      2.8675,
      1.3775,
      2.9225,
      1.4325
    ],
    "SoftwareVersions": "syngo_MR_D13",
    "SpacingBetweenSlices": 3,
    "TaskName": "Foraging task",
    "TotalReadoutTime": 0.0200254,
    "TxRefAmp": 326.379,
    "dataset": "ds001762",
    "modality": "bold",
    "run_id": 2,
    "subject_id": "20",
    "task_id": "forage"
  },
  "dummy_trs": 0,
  "dvars_nstd": 31.091201344154108,
  "dvars_std": 1.2660324457552898,
  "dvars_vstd": 1.0049421254531714,
  "efc": 0.4829414211618113,
  "fber": 2681.498046875,
  "fd_mean": 0.23533109328246704,
  "fd_num": 228,
  "fd_perc": 34.38914027149321,
  "fwhm_avg": 1.5999556130505361,
  "fwhm_x": 1.531469372851806,
  "fwhm_y": 1.7154207996331352,
  "fwhm_z": 1.5529766666666667,
  "gcor": 0.0474348,
  "gsr_x": -0.002252244623377919,
  "gsr_y": 0.020749559625983238,
  "provenance": {
    "md5sum": "f7e1321ca3180b8e6aa3be161c83ea70",
    "settings": {
      "fd_thres": 0.2,
      "testing": false
    },
    "software": "mriqc",
    "version": "22.0.6",
    "webapi_port": null,
    "webapi_url": "https://mriqc.nimh.nih.gov/api/v1"
  },
  "size_t": 663,
  "size_x": 66,
  "size_y": 66,
  "size_z": 54,
  "snr": 6.9758406121147365,
  "spacing_tr": 3.0,
  "spacing_x": 2.9696969985961914,
  "spacing_y": 2.9696969985961914,
  "spacing_z": 3.0,
  "summary_bg_k": 25.168569354486483,
  "summary_bg_mad": 12.491427329091604,
  "summary_bg_mean": 42.86279296875,
  "summary_bg_median": 17.582202911376953,
  "summary_bg_n": 157070.0,
  "summary_bg_p05": 6.968326091766357,
  "summary_bg_p95": 166.23801345825132,
  "summary_bg_stdv": 76.59976196289062,
  "summary_fg_k": 3.336682920910974,
  "summary_fg_mad": 121.81490201762973,
  "summary_fg_mean": 923.4560546875,
  "summary_fg_median": 913.8092041015625,
  "summary_fg_n": 36524.0,
  "summary_fg_p05": 747.2363067626953,
  "summary_fg_p95": 1134.8523803710937,
  "summary_fg_stdv": 130.99449157714844,
  "tsnr": 56.022474721539766
}