{
  "aor": 0.0013276568501920615,
  "aqi": 0.012006345825864276,
  "bids_meta": {
    "AcquisitionMatrixPE": 59,
    "BandwidthPerPixelPhaseEncode": 49.18,
    "BaseResolution": 66,
    "BodyPartExamined": "HEAD",
    "ConsistencyInfo": "N4_VD13A_LATEST_20120616",
    "ConversionSoftware": "dcm2niix",
    "ConversionSoftwareVersion": "v1.0.20180518 GCC4.8.5",
    "DerivedVendorReportedEchoSpacing": 0.000616166,
    "DwellTime": 4e-06,
    "EchoTime": 0.03,
    "EchoTrainLength": 29,
    "EffectiveEchoSpacing": 0.000308083,
    "FlipAngle": 87,
    "ImageOrientationPatientDICOM": [
      1,
      0,
      0,
      0,
      0.930418,
      -0.366501
    ],
    "ImageType": [
      "ORIGINAL",
      "PRIMARY",
      "M",
      "ND",
      "NORM",
      "MOSAIC"
    ],
    "InPlanePhaseEncodingDirectionDICOM": "COL",
    "MRAcquisitionType": "2D",
    "MagneticFieldStrength": 3,
    "Manufacturer": "Siemens",
    "ManufacturersModelName": "Skyra",
    "Modality": "MR",
    "ParallelReductionFactorInPlane": 2,
    "PartialFourier": 1,
    "PatientPosition": "HFS",
    "PercentPhaseFOV": 100,
    "PhaseEncodingDirection": "j-",
    "PhaseEncodingSteps": 59,
    "PhaseResolution": 0.9,
    "PixelBandwidth": 1895,
    "PulseSequenceDetails": "%SiemensSeq%_ep2d_pace",
    "ReceiveCoilActiveElements": "HE1-4",
    "ReceiveCoilName": "HeadNeck_20",
    "ReconMatrixPE": 66,
    "RepetitionTime": 3,
    "SAR": 0.125089,
    "ScanOptions": "FS",
    "ScanningSequence": "EP",
    "SequenceName": "_epfid2d1_59",
    "SequenceVariant": "SK_OSP",
    "ShimSetting": [
      3383,
      8698,
      9417,
      480,
      106,
      174,
      267,
      189
    ],
    "SliceThickness": 3,
    "SliceTiming": [
      1.49,
      0,
      1.545,
      0.055,
      1.6,
      0.11,
      1.655,
      0.165,
      1.71,
      0.22,
      1.765,
      0.275,
      1.82,
      0.33,
      1.875,
      0.385,
      1.93,
      0.44,
      1.985,
      0.495,
      2.04,
      0.55,
      2.095,
      0.605,
      2.15,
      0.66,
      2.205,
      0.7175,
      2.2625,
      0.7725,
      2.3175,
      0.8275,
      2.3725,
      0.8825,
      2.4275,
      0.9375,
      2.4825,
      0.9925,
      2.5375,
      1.0475,
      2.5925,
      1.1025,
      2.6475,
      1.1575,
      2.7025,
      1.2125,
      2.7575,
      1.2675,
      2.8125,
      1.3225,
      2.8675,
      1.3775,
      2.9225,
      1.4325
    ],
    "SoftwareVersions": "syngo_MR_D13",
    "SpacingBetweenSlices": 3,
    "TaskName": "Foraging task",
    "TotalReadoutTime": 0.0200254,
    "TxRefAmp": 326.379,
    "dataset": "ds001762",
    "modality": "bold",
    "run_id": 1,
    "subject_id": "13",
    "task_id": "forage"
  },
  "dummy_trs": 0,
  "dvars_nstd": 32.34995095915384,
  "dvars_std": 1.225783264474358,
  "dvars_vstd": 0.9808343914871785,
  "efc": 0.5134779570718645,
  "fber": 1785.038330078125,
  "fd_mean": 0.2161337874192782,
  "fd_num": 226,
  "fd_perc": 28.937259923175414,
  "fwhm_avg": 1.6394636936884586,
  "fwhm_x": 1.5473834543295932,
  "fwhm_y": 1.7731741664180545,
  "fwhm_z": 1.5978334603177278,
  "gcor": 0.214306,
  "gsr_x": 0.012354486621916294,
  "gsr_y": 0.01602616347372532,
  "provenance": {
    "md5sum": "f1b9de6a0e583b986e9048145e0f233a",
    "settings": {
      "fd_thres": 0.2,
      "testing": false
    },
    "software": "mriqc",
    "version": "22.0.6",
    "webapi_port": null,
    "webapi_url": "https://mriqc.nimh.nih.gov/api/v1"
  },
  "size_t": 781,
  "size_x": 66,
  "size_y": 66,
  "size_z": 54,
  "snr": 6.608225728206984,
  "spacing_tr": 3.0,
  "spacing_x": 2.9696969985961914,
  "spacing_y": 2.9696969985961914,
  "spacing_z": 2.999999761581421,
  "summary_bg_k": 22.649921228910486,
  "summary_bg_mad": 11.885496301742208,
  "summary_bg_mean": 46.27210235595703,
  "summary_bg_median": 17.508323669433594,
  "summary_bg_n": 153297.0,
  "summary_bg_p05": 7.6594109535217285,
  "summary_bg_p95": 233.57260742187464,
  "summary_bg_stdv": 83.60236358642578,
  "summary_fg_k": 2.6403517003408172,
  "summary_fg_mad": 106.72654683504884,
  "summary_fg_mean": 750.1787109375,
  "summary_fg_median": 741.2791137695312,
  "summary_fg_n": 39477.0,
  "summary_fg_p05": 597.3318725585938,
  "summary_fg_p95": 927.6271728515622,
  "summary_fg_stdv": 112.17378997802734,
  "tsnr": 45.620213782647625
}