{
  "aor": 0.0002798716119828816,
  "aqi": 0.009836923780313837,
  "bids_meta": {
    "AcquisitionMatrixPE": 59,
    "BandwidthPerPixelPhaseEncode": 49.18,
    "BaseResolution": 66,
    "BodyPartExamined": "HEAD",
    "ConsistencyInfo": "N4_VD13A_LATEST_20120616",
    "ConversionSoftware": "dcm2niix",
    "ConversionSoftwareVersion": "v1.0.20180518 GCC4.8.5",
    "DerivedVendorReportedEchoSpacing": 0.000616166,
    "DwellTime": 4e-06,
    "EchoTime": 0.03,
    "EchoTrainLength": 29,
    "EffectiveEchoSpacing": 0.000308083,
    "FlipAngle": 87,
    "ImageOrientationPatientDICOM": [
      1,
      0,
      0,
      0,
      0.930418,
      -0.366501
    ],
    "ImageType": [
      "ORIGINAL",
      "PRIMARY",
      "M",
      "ND",
      "NORM",
      "MOSAIC"
    ],
    "InPlanePhaseEncodingDirectionDICOM": "COL",
    "MRAcquisitionType": "2D",
    "MagneticFieldStrength": 3,
    "Manufacturer": "Siemens",
    "ManufacturersModelName": "Skyra",
    "Modality": "MR",
    "ParallelReductionFactorInPlane": 2,
    "PartialFourier": 1,
    "PatientPosition": "HFS",
    "PercentPhaseFOV": 100,
    "PhaseEncodingDirection": "j-",
    "PhaseEncodingSteps": 59,
    "PhaseResolution": 0.9,
    "PixelBandwidth": 1895,
    "PulseSequenceDetails": "%SiemensSeq%_ep2d_pace",
    "ReceiveCoilActiveElements": "HE1-4",
    "ReceiveCoilName": "HeadNeck_20",
    "ReconMatrixPE": 66,
    "RepetitionTime": 3,
    "SAR": 0.125089,
    "ScanOptions": "FS",
    "ScanningSequence": "EP",
    "SequenceName": "_epfid2d1_59",
    "SequenceVariant": "SK_OSP",
    "ShimSetting": [
      3383,
      8698,
      9417,
      480,
      106,
      174,
      267,
      189
    ],
    "SliceThickness": 3,
    "SliceTiming": [
      1.49,
      0,
      1.545,
      0.055,
      1.6,
      0.11,
      1.655,
      0.165,
      1.71,
      0.22,
      1.765,
      0.275,
      1.82,
      0.33,
      1.875,
      0.385,
      1.93,
      0.44,
      1.985,
      0.495,
      2.04,
      0.55,
      2.095,
      0.605,
      2.15,
      0.66,
      2.205,
      0.7175,
      2.2625,
      0.7725,
      2.3175,
      0.8275,
      2.3725,
      0.8825,
      2.4275,
      0.9375,
      2.4825,
      0.9925,
      2.5375,
      1.0475,
      2.5925,
      1.1025,
      2.6475,
      1.1575,
      2.7025,
      1.2125,
      2.7575,
      1.2675,
      2.8125,
      1.3225,
      2.8675,
      1.3775,
      2.9225,
      1.4325
    ],
    "SoftwareVersions": "syngo_MR_D13",
    "SpacingBetweenSlices": 3,
    "TaskName": "Foraging task",
    "TotalReadoutTime": 0.0200254,
    "TxRefAmp": 326.379,
    "dataset": "ds001762",
    "modality": "bold",
    "run_id": 3,
    "subject_id": "13",
    "task_id": "forage"
  },
  "dummy_trs": 0,
  "dvars_nstd": 30.376002892185696,
  "dvars_std": 1.2570814480142851,
  "dvars_vstd": 1.0014490934000004,
  "efc": 0.5139951260698133,
  "fber": 1825.3463134765625,
  "fd_mean": 0.17646930519194798,
  "fd_num": 182,
  "fd_perc": 25.962910128388017,
  "fwhm_avg": 1.638593115599147,
  "fwhm_x": 1.5332136585491176,
  "fwhm_y": 1.7802422275737624,
  "fwhm_z": 1.6023234606745609,
  "gcor": 0.0536478,
  "gsr_x": 0.01878329925239086,
  "gsr_y": 0.02057020366191864,
  "provenance": {
    "md5sum": "9810da7543c635e5e645c1608fe7e205",
    "settings": {
      "fd_thres": 0.2,
      "testing": false
    },
    "software": "mriqc",
    "version": "22.0.6",
    "webapi_port": null,
    "webapi_url": "https://mriqc.nimh.nih.gov/api/v1"
  },
  "size_t": 701,
  "size_x": 66,
  "size_y": 66,
  "size_z": 54,
  "snr": 6.629715138392665,
  "spacing_tr": 3.0,
  "spacing_x": 2.9696969985961914,
  "spacing_y": 2.9696969985961914,
  "spacing_z": 2.999999761581421,
  "summary_bg_k": 21.810759244928743,
  "summary_bg_mad": 12.33457415191616,
  "summary_bg_mean": 48.271812438964844,
  "summary_bg_median": 17.673324584960938,
  "summary_bg_n": 153206.0,
  "summary_bg_p05": 7.462197303771973,
  "summary_bg_p95": 243.32276153564453,
  "summary_bg_stdv": 89.67296600341797,
  "summary_fg_k": 2.7689029385341835,
  "summary_fg_mad": 108.22362759084453,
  "summary_fg_mean": 768.14111328125,
  "summary_fg_median": 757.7489624023438,
  "summary_fg_n": 39559.0,
  "summary_fg_p05": 616.106298828125,
  "summary_fg_p95": 951.4024475097656,
  "summary_fg_stdv": 114.2944107055664,
  "tsnr": 58.76745739899343
}