{
  "aor": 0.0019510144927536233,
  "aqi": 0.011873353570487485,
  "bids_meta": {
    "AcquisitionMatrixPE": 59,
    "BandwidthPerPixelPhaseEncode": 49.18,
    "BaseResolution": 66,
    "BodyPartExamined": "HEAD",
    "ConsistencyInfo": "N4_VD13A_LATEST_20120616",
    "ConversionSoftware": "dcm2niix",
    "ConversionSoftwareVersion": "v1.0.20180518 GCC4.8.5",
    "DerivedVendorReportedEchoSpacing": 0.000616166,
    "DwellTime": 4e-06,
    "EchoTime": 0.03,
    "EchoTrainLength": 29,
    "EffectiveEchoSpacing": 0.000308083,
    "FlipAngle": 87,
    "ImageOrientationPatientDICOM": [
      1,
      0,
      0,
      0,
      0.930418,
      -0.366501
    ],
    "ImageType": [
      "ORIGINAL",
      "PRIMARY",
      "M",
      "ND",
      "NORM",
      "MOSAIC"
    ],
    "InPlanePhaseEncodingDirectionDICOM": "COL",
    "MRAcquisitionType": "2D",
    "MagneticFieldStrength": 3,
    "Manufacturer": "Siemens",
    "ManufacturersModelName": "Skyra",
    "Modality": "MR",
    "ParallelReductionFactorInPlane": 2,
    "PartialFourier": 1,
    "PatientPosition": "HFS",
    "PercentPhaseFOV": 100,
    "PhaseEncodingDirection": "j-",
    "PhaseEncodingSteps": 59,
    "PhaseResolution": 0.9,
    "PixelBandwidth": 1895,
    "PulseSequenceDetails": "%SiemensSeq%_ep2d_pace",
    "ReceiveCoilActiveElements": "HE1-4",
    "ReceiveCoilName": "HeadNeck_20",
    "ReconMatrixPE": 66,
    "RepetitionTime": 3,
    "SAR": 0.125089,
    "ScanOptions": "FS",
    "ScanningSequence": "EP",
    "SequenceName": "_epfid2d1_59",
    "SequenceVariant": "SK_OSP",
    "ShimSetting": [
      3383,
      8698,
      9417,
      480,
      106,
      174,
      267,
      189
    ],
    "SliceThickness": 3,
    "SliceTiming": [
      1.49,
      0,
      1.545,
      0.055,
      1.6,
      0.11,
      1.655,
      0.165,
      1.71,
      0.22,
      1.765,
      0.275,
      1.82,
      0.33,
      1.875,
      0.385,
      1.93,
      0.44,
      1.985,
      0.495,
      2.04,
      0.55,
      2.095,
      0.605,
      2.15,
      0.66,
      2.205,
      0.7175,
      2.2625,
      0.7725,
      2.3175,
      0.8275,
      2.3725,
      0.8825,
      2.4275,
      0.9375,
      2.4825,
      0.9925,
      2.5375,
      1.0475,
      2.5925,
      1.1025,
      2.6475,
      1.1575,
      2.7025,
      1.2125,
      2.7575,
      1.2675,
      2.8125,
      1.3225,
      2.8675,
      1.3775,
      2.9225,
      1.4325
    ],
    "SoftwareVersions": "syngo_MR_D13",
    "SpacingBetweenSlices": 3,
    "TaskName": "Foraging task",
    "TotalReadoutTime": 0.0200254,
    "TxRefAmp": 326.379,
    "dataset": "ds001762",
    "modality": "bold",
    "run_id": 1,
    "subject_id": "17",
    "task_id": "forage"
  },
  "dummy_trs": 1,
  "dvars_nstd": 29.691338996952496,
  "dvars_std": 1.189371032889182,
  "dvars_vstd": 0.9749987810554087,
  "efc": 0.5074908925976166,
  "fber": 2383.60595703125,
  "fd_mean": 0.13692049662219186,
  "fd_num": 93,
  "fd_perc": 12.25296442687747,
  "fwhm_avg": 1.6151492752010066,
  "fwhm_x": 1.4902362099877553,
  "fwhm_y": 1.7508116156152644,
  "fwhm_z": 1.6044,
  "gcor": 0.263749,
  "gsr_x": -0.005058632232248783,
  "gsr_y": 0.02811344526708126,
  "provenance": {
    "md5sum": "28582dec5b0f1ffcce4716f4bbe9f2c6",
    "settings": {
      "fd_thres": 0.2,
      "testing": false
    },
    "software": "mriqc",
    "version": "22.0.6",
    "webapi_port": null,
    "webapi_url": "https://mriqc.nimh.nih.gov/api/v1"
  },
  "size_t": 759,
  "size_x": 66,
  "size_y": 66,
  "size_z": 54,
  "snr": 6.692687753478349,
  "spacing_tr": 3.0,
  "spacing_x": 2.9696969985961914,
  "spacing_y": 2.9696969985961914,
  "spacing_z": 3.0,
  "summary_bg_k": 36.574618654214625,
  "summary_bg_mad": 9.676959452818643,
  "summary_bg_mean": 39.349464416503906,
  "summary_bg_median": 15.778656005859375,
  "summary_bg_n": 151374.0,
  "summary_bg_p05": 7.922266006469727,
  "summary_bg_p95": 154.49439544677762,
  "summary_bg_stdv": 66.46308135986328,
  "summary_fg_k": 2.4497489248759248,
  "summary_fg_mad": 117.09625622393011,
  "summary_fg_mean": 781.55615234375,
  "summary_fg_median": 778.474365234375,
  "summary_fg_n": 40444.0,
  "summary_fg_p05": 616.8368103027344,
  "summary_fg_p95": 960.0233489990235,
  "summary_fg_stdv": 116.31571197509766,
  "tsnr": 45.582935583544895
}