{
  "aor": 0.005312552552552552,
  "aqi": 0.014406917777777776,
  "bids_meta": {
    "AcquisitionMatrixPE": 59,
    "BandwidthPerPixelPhaseEncode": 49.18,
    "BaseResolution": 66,
    "BodyPartExamined": "HEAD",
    "ConsistencyInfo": "N4_VD13A_LATEST_20120616",
    "ConversionSoftware": "dcm2niix",
    "ConversionSoftwareVersion": "v1.0.20180518 GCC4.8.5",
    "DerivedVendorReportedEchoSpacing": 0.000616166,
    "DwellTime": 4e-06,
    "EchoTime": 0.03,
    "EchoTrainLength": 29,
    "EffectiveEchoSpacing": 0.000308083,
    "FlipAngle": 87,
    "ImageOrientationPatientDICOM": [
      1,
      0,
      0,
      0,
      0.930418,
      -0.366501
    ],
    "ImageType": [
      "ORIGINAL",
      "PRIMARY",
      "M",
      "ND",
      "NORM",
      "MOSAIC"
    ],
    "InPlanePhaseEncodingDirectionDICOM": "COL",
    "MRAcquisitionType": "2D",
    "MagneticFieldStrength": 3,
    "Manufacturer": "Siemens",
    "ManufacturersModelName": "Skyra",
    "Modality": "MR",
    "ParallelReductionFactorInPlane": 2,
    "PartialFourier": 1,
    "PatientPosition": "HFS",
    "PercentPhaseFOV": 100,
    "PhaseEncodingDirection": "j-",
    "PhaseEncodingSteps": 59,
    "PhaseResolution": 0.9,
    "PixelBandwidth": 1895,
    "PulseSequenceDetails": "%SiemensSeq%_ep2d_pace",
    "ReceiveCoilActiveElements": "HE1-4",
    "ReceiveCoilName": "HeadNeck_20",
    "ReconMatrixPE": 66,
    "RepetitionTime": 3,
    "SAR": 0.125089,
    "ScanOptions": "FS",
    "ScanningSequence": "EP",
    "SequenceName": "_epfid2d1_59",
    "SequenceVariant": "SK_OSP",
    "ShimSetting": [
      3383,
      8698,
      9417,
      480,
      106,
      174,
      267,
      189
    ],
    "SliceThickness": 3,
    "SliceTiming": [
      1.49,
      0,
      1.545,
      0.055,
      1.6,
      0.11,
      1.655,
      0.165,
      1.71,
      0.22,
      1.765,
      0.275,
      1.82,
      0.33,
      1.875,
      0.385,
      1.93,
      0.44,
      1.985,
      0.495,
      2.04,
      0.55,
      2.095,
      0.605,
      2.15,
      0.66,
      2.205,
      0.7175,
      2.2625,
      0.7725,
      2.3175,
      0.8275,
      2.3725,
      0.8825,
      2.4275,
      0.9375,
      2.4825,
      0.9925,
      2.5375,
      1.0475,
      2.5925,
      1.1025,
      2.6475,
      1.1575,
      2.7025,
      1.2125,
      2.7575,
      1.2675,
      2.8125,
      1.3225,
      2.8675,
      1.3775,
      2.9225,
      1.4325
    ],
    "SoftwareVersions": "syngo_MR_D13",
    "SpacingBetweenSlices": 3,
    "TaskName": "Foraging task",
    "TotalReadoutTime": 0.0200254,
    "TxRefAmp": 326.379,
    "dataset": "ds001762",
    "modality": "bold",
    "run_id": 2,
    "subject_id": "17",
    "task_id": "forage"
  },
  "dummy_trs": 0,
  "dvars_nstd": 34.786071811789476,
  "dvars_std": 1.2164964271127818,
  "dvars_vstd": 1.0578738303157893,
  "efc": 0.5171549973086386,
  "fber": 1658.8126220703125,
  "fd_mean": 0.2396985744644309,
  "fd_num": 183,
  "fd_perc": 27.47747747747748,
  "fwhm_avg": 1.6873818030219325,
  "fwhm_x": 1.5658297806806973,
  "fwhm_y": 1.836678961718433,
  "fwhm_z": 1.6596366666666666,
  "gcor": 0.0740981,
  "gsr_x": -0.008529969491064548,
  "gsr_y": 0.04339522495865822,
  "provenance": {
    "md5sum": "873f66131a48f24cce31c58860d8771e",
    "settings": {
      "fd_thres": 0.2,
      "testing": false
    },
    "software": "mriqc",
    "version": "22.0.6",
    "webapi_port": null,
    "webapi_url": "https://mriqc.nimh.nih.gov/api/v1"
  },
  "size_t": 666,
  "size_x": 66,
  "size_y": 66,
  "size_z": 54,
  "snr": 6.19538522872516,
  "spacing_tr": 3.0,
  "spacing_x": 2.9696969985961914,
  "spacing_y": 2.9696969985961914,
  "spacing_z": 3.0,
  "summary_bg_k": 37.47659786548798,
  "summary_bg_mad": 14.064687248179846,
  "summary_bg_mean": 44.67751693725586,
  "summary_bg_median": 18.908409118652344,
  "summary_bg_n": 151405.0,
  "summary_bg_p05": 8.124625205993652,
  "summary_bg_p95": 167.22312316894528,
  "summary_bg_stdv": 71.05464935302734,
  "summary_fg_k": 2.1266893336956088,
  "summary_fg_mad": 122.41929045863309,
  "summary_fg_mean": 792.0750732421875,
  "summary_fg_median": 784.2642822265625,
  "summary_fg_n": 40513.0,
  "summary_fg_p05": 614.1438842773438,
  "summary_fg_p95": 998.5150268554687,
  "summary_fg_stdv": 126.58689880371094,
  "tsnr": 43.35627530235797
}