{
  "aor": 0.0021635078534031414,
  "aqi": 0.012077429406631764,
  "bids_meta": {
    "AcquisitionMatrixPE": 59,
    "BandwidthPerPixelPhaseEncode": 49.18,
    "BaseResolution": 66,
    "BodyPartExamined": "HEAD",
    "ConsistencyInfo": "N4_VD13A_LATEST_20120616",
    "ConversionSoftware": "dcm2niix",
    "ConversionSoftwareVersion": "v1.0.20180518 GCC4.8.5",
    "DerivedVendorReportedEchoSpacing": 0.000616166,
    "DwellTime": 4e-06,
    "EchoTime": 0.03,
    "EchoTrainLength": 29,
    "EffectiveEchoSpacing": 0.000308083,
    "FlipAngle": 87,
    "ImageOrientationPatientDICOM": [
      1,
      0,
      0,
      0,
      0.930418,
      -0.366501
    ],
    "ImageType": [
      "ORIGINAL",
      "PRIMARY",
      "M",
      "ND",
      "NORM",
      "MOSAIC"
    ],
    "InPlanePhaseEncodingDirectionDICOM": "COL",
    "MRAcquisitionType": "2D",
    "MagneticFieldStrength": 3,
    "Manufacturer": "Siemens",
    "ManufacturersModelName": "Skyra",
    "Modality": "MR",
    "ParallelReductionFactorInPlane": 2,
    "PartialFourier": 1,
    "PatientPosition": "HFS",
    "PercentPhaseFOV": 100,
    "PhaseEncodingDirection": "j-",
    "PhaseEncodingSteps": 59,
    "PhaseResolution": 0.9,
    "PixelBandwidth": 1895,
    "PulseSequenceDetails": "%SiemensSeq%_ep2d_pace",
    "ReceiveCoilActiveElements": "HE1-4",
    "ReceiveCoilName": "HeadNeck_20",
    "ReconMatrixPE": 66,
    "RepetitionTime": 3,
    "SAR": 0.125089,
    "ScanOptions": "FS",
    "ScanningSequence": "EP",
    "SequenceName": "_epfid2d1_59",
    "SequenceVariant": "SK_OSP",
    "ShimSetting": [
      3383,
      8698,
      9417,
      480,
      106,
      174,
      267,
      189
    ],
    "SliceThickness": 3,
    "SliceTiming": [
      1.49,
      0,
      1.545,
      0.055,
      1.6,
      0.11,
      1.655,
      0.165,
      1.71,
      0.22,
      1.765,
      0.275,
      1.82,
      0.33,
      1.875,
      0.385,
      1.93,
      0.44,
      1.985,
      0.495,
      2.04,
      0.55,
      2.095,
      0.605,
      2.15,
      0.66,
      2.205,
      0.7175,
      2.2625,
      0.7725,
      2.3175,
      0.8275,
      2.3725,
      0.8825,
      2.4275,
      0.9375,
      2.4825,
      0.9925,
      2.5375,
      1.0475,
      2.5925,
      1.1025,
      2.6475,
      1.1575,
      2.7025,
      1.2125,
      2.7575,
      1.2675,
      2.8125,
      1.3225,
      2.8675,
      1.3775,
      2.9225,
      1.4325
    ],
    "SoftwareVersions": "syngo_MR_D13",
    "SpacingBetweenSlices": 3,
    "TaskName": "Foraging task",
    "TotalReadoutTime": 0.0200254,
    "TxRefAmp": 326.379,
    "dataset": "ds001762",
    "modality": "bold",
    "run_id": 3,
    "subject_id": "17",
    "task_id": "forage"
  },
  "dummy_trs": 0,
  "dvars_nstd": 35.181074772622345,
  "dvars_std": 1.1707409393531474,
  "dvars_vstd": 1.0369435487412582,
  "efc": 0.5238299246328381,
  "fber": 1373.6790771484375,
  "fd_mean": 0.11863155334490832,
  "fd_num": 70,
  "fd_perc": 12.216404886561955,
  "fwhm_avg": 1.777959183313157,
  "fwhm_x": 1.6617924328080738,
  "fwhm_y": 1.9445384504647307,
  "fwhm_z": 1.7275466666666668,
  "gcor": 0.0300069,
  "gsr_x": -0.00987089890986681,
  "gsr_y": 0.05518410727381706,
  "provenance": {
    "md5sum": "08ab2803917e4d4ed551865095f33237",
    "settings": {
      "fd_thres": 0.2,
      "testing": false
    },
    "software": "mriqc",
    "version": "22.0.6",
    "webapi_port": null,
    "webapi_url": "https://mriqc.nimh.nih.gov/api/v1"
  },
  "size_t": 573,
  "size_x": 66,
  "size_y": 66,
  "size_z": 54,
  "snr": 5.665565336292934,
  "spacing_tr": 3.0,
  "spacing_x": 2.9696969985961914,
  "spacing_y": 2.9696969985961914,
  "spacing_z": 3.0,
  "summary_bg_k": 37.712034673252674,
  "summary_bg_mad": 16.518206886514356,
  "summary_bg_mean": 48.820953369140625,
  "summary_bg_median": 20.73822021484375,
  "summary_bg_n": 151252.0,
  "summary_bg_p05": 8.286212921142578,
  "summary_bg_p95": 176.82121047973575,
  "summary_bg_stdv": 75.38427734375,
  "summary_fg_k": 2.048991294503855,
  "summary_fg_mad": 131.25038378786772,
  "summary_fg_mean": 797.7811279296875,
  "summary_fg_median": 787.3560180664062,
  "summary_fg_n": 40517.0,
  "summary_fg_p05": 603.8230712890626,
  "summary_fg_p95": 1032.8690917968747,
  "summary_fg_stdv": 138.97047424316406,
  "tsnr": 44.95671230647713
}