{
  "aor": 0.0010439110429447853,
  "aqi": 0.008539972806748466,
  "bids_meta": {
    "AcquisitionMatrixPE": 59,
    "BandwidthPerPixelPhaseEncode": 49.18,
    "BaseResolution": 66,
    "BodyPartExamined": "HEAD",
    "ConsistencyInfo": "N4_VD13A_LATEST_20120616",
    "ConversionSoftware": "dcm2niix",
    "ConversionSoftwareVersion": "v1.0.20180518 GCC4.8.5",
    "DerivedVendorReportedEchoSpacing": 0.000616166,
    "DwellTime": 4e-06,
    "EchoTime": 0.03,
    "EchoTrainLength": 29,
    "EffectiveEchoSpacing": 0.000308083,
    "FlipAngle": 87,
    "ImageOrientationPatientDICOM": [
      1,
      0,
      0,
      0,
      0.930418,
      -0.366501
    ],
    "ImageType": [
      "ORIGINAL",
      "PRIMARY",
      "M",
      "ND",
      "NORM",
      "MOSAIC"
    ],
    "InPlanePhaseEncodingDirectionDICOM": "COL",
    "MRAcquisitionType": "2D",
    "MagneticFieldStrength": 3,
    "Manufacturer": "Siemens",
    "ManufacturersModelName": "Skyra",
    "Modality": "MR",
    "ParallelReductionFactorInPlane": 2,
    "PartialFourier": 1,
    "PatientPosition": "HFS",
    "PercentPhaseFOV": 100,
    "PhaseEncodingDirection": "j-",
    "PhaseEncodingSteps": 59,
    "PhaseResolution": 0.9,
    "PixelBandwidth": 1895,
    "PulseSequenceDetails": "%SiemensSeq%_ep2d_pace",
    "ReceiveCoilActiveElements": "HE1-4",
    "ReceiveCoilName": "HeadNeck_20",
    "ReconMatrixPE": 66,
    "RepetitionTime": 3,
    "SAR": 0.125089,
    "ScanOptions": "FS",
    "ScanningSequence": "EP",
    "SequenceName": "_epfid2d1_59",
    "SequenceVariant": "SK_OSP",
    "ShimSetting": [
      3383,
      8698,
      9417,
      480,
      106,
      174,
      267,
      189
    ],
    "SliceThickness": 3,
    "SliceTiming": [
      1.49,
      0,
      1.545,
      0.055,
      1.6,
      0.11,
      1.655,
      0.165,
      1.71,
      0.22,
      1.765,
      0.275,
      1.82,
      0.33,
      1.875,
      0.385,
      1.93,
      0.44,
      1.985,
      0.495,
      2.04,
      0.55,
      2.095,
      0.605,
      2.15,
      0.66,
      2.205,
      0.7175,
      2.2625,
      0.7725,
      2.3175,
      0.8275,
      2.3725,
      0.8825,
      2.4275,
      0.9375,
      2.4825,
      0.9925,
      2.5375,
      1.0475,
      2.5925,
      1.1025,
      2.6475,
      1.1575,
      2.7025,
      1.2125,
      2.7575,
      1.2675,
      2.8125,
      1.3225,
      2.8675,
      1.3775,
      2.9225,
      1.4325
    ],
    "SoftwareVersions": "syngo_MR_D13",
    "SpacingBetweenSlices": 3,
    "TaskName": "Foraging task",
    "TotalReadoutTime": 0.0200254,
    "TxRefAmp": 326.379,
    "dataset": "ds001762",
    "modality": "bold",
    "run_id": 1,
    "subject_id": "20",
    "task_id": "forage"
  },
  "dummy_trs": 0,
  "dvars_nstd": 28.198686719892482,
  "dvars_std": 1.2635583646543782,
  "dvars_vstd": 0.994678594731182,
  "efc": 0.4791018676796757,
  "fber": 2903.9306640625,
  "fd_mean": 0.1499080255615345,
  "fd_num": 133,
  "fd_perc": 20.39877300613497,
  "fwhm_avg": 1.5825403637466586,
  "fwhm_x": 1.5252465157695057,
  "fwhm_y": 1.681804575470471,
  "fwhm_z": 1.54057,
  "gcor": 0.256357,
  "gsr_x": 1.572920700709801e-05,
  "gsr_y": 0.018097160384058952,
  "provenance": {
    "md5sum": "515965a7ab3808fe71137c4a1888ad11",
    "settings": {
      "fd_thres": 0.2,
      "testing": false
    },
    "software": "mriqc",
    "version": "22.0.6",
    "webapi_port": null,
    "webapi_url": "https://mriqc.nimh.nih.gov/api/v1"
  },
  "size_t": 652,
  "size_x": 66,
  "size_y": 66,
  "size_z": 54,
  "snr": 7.051589868115622,
  "spacing_tr": 3.0,
  "spacing_x": 2.9696969985961914,
  "spacing_y": 2.9696969985961914,
  "spacing_z": 3.0,
  "summary_bg_k": 25.533795619678397,
  "summary_bg_mad": 11.410579069832274,
  "summary_bg_mean": 39.883487701416016,
  "summary_bg_median": 16.728527069091797,
  "summary_bg_n": 157111.0,
  "summary_bg_p05": 6.884969234466553,
  "summary_bg_p95": 156.06594848632812,
  "summary_bg_stdv": 70.2597427368164,
  "summary_fg_k": 3.411582265768142,
  "summary_fg_mad": 118.45814363777956,
  "summary_fg_mean": 911.6132202148438,
  "summary_fg_median": 901.8404541015625,
  "summary_fg_n": 36479.0,
  "summary_fg_p05": 739.5821960449218,
  "summary_fg_p95": 1115.0835937499999,
  "summary_fg_stdv": 127.8900375366211,
  "tsnr": 55.59649808797985
}