{
  "aor": 0.00017224455611390287,
  "aqi": 0.007466327621440535,
  "bids_meta": {
    "AcquisitionMatrixPE": 59,
    "BandwidthPerPixelPhaseEncode": 49.18,
    "BaseResolution": 66,
    "BodyPartExamined": "HEAD",
    "ConsistencyInfo": "N4_VD13A_LATEST_20120616",
    "ConversionSoftware": "dcm2niix",
    "ConversionSoftwareVersion": "v1.0.20180518 GCC4.8.5",
    "DerivedVendorReportedEchoSpacing": 0.000616166,
    "DwellTime": 4e-06,
    "EchoTime": 0.03,
    "EchoTrainLength": 29,
    "EffectiveEchoSpacing": 0.000308083,
    "FlipAngle": 87,
    "ImageOrientationPatientDICOM": [
      1,
      0,
      0,
      0,
      0.930418,
      -0.366501
    ],
    "ImageType": [
      "ORIGINAL",
      "PRIMARY",
      "M",
      "ND",
      "NORM",
      "MOSAIC"
    ],
    "InPlanePhaseEncodingDirectionDICOM": "COL",
    "MRAcquisitionType": "2D",
    "MagneticFieldStrength": 3,
    "Manufacturer": "Siemens",
    "ManufacturersModelName": "Skyra",
    "Modality": "MR",
    "ParallelReductionFactorInPlane": 2,
    "PartialFourier": 1,
    "PatientPosition": "HFS",
    "PercentPhaseFOV": 100,
    "PhaseEncodingDirection": "j-",
    "PhaseEncodingSteps": 59,
    "PhaseResolution": 0.9,
    "PixelBandwidth": 1895,
    "PulseSequenceDetails": "%SiemensSeq%_ep2d_pace",
    "ReceiveCoilActiveElements": "HE1-4",
    "ReceiveCoilName": "HeadNeck_20",
    "ReconMatrixPE": 66,
    "RepetitionTime": 3,
    "SAR": 0.125089,
    "ScanOptions": "FS",
    "ScanningSequence": "EP",
    "SequenceName": "_epfid2d1_59",
    "SequenceVariant": "SK_OSP",
    "ShimSetting": [
      3383,
      8698,
      9417,
      480,
      106,
      174,
      267,
      189
    ],
    "SliceThickness": 3,
    "SliceTiming": [
      1.49,
      0,
      1.545,
      0.055,
      1.6,
      0.11,
      1.655,
      0.165,
      1.71,
      0.22,
      1.765,
      0.275,
      1.82,
      0.33,
      1.875,
      0.385,
      1.93,
      0.44,
      1.985,
      0.495,
      2.04,
      0.55,
      2.095,
      0.605,
      2.15,
      0.66,
      2.205,
      0.7175,
      2.2625,
      0.7725,
      2.3175,
      0.8275,
      2.3725,
      0.8825,
      2.4275,
      0.9375,
      2.4825,
      0.9925,
      2.5375,
      1.0475,
      2.5925,
      1.1025,
      2.6475,
      1.1575,
      2.7025,
      1.2125,
      2.7575,
      1.2675,
      2.8125,
      1.3225,
      2.8675,
      1.3775,
      2.9225,
      1.4325
    ],
    "SoftwareVersions": "syngo_MR_D13",
    "SpacingBetweenSlices": 3,
    "TaskName": "Foraging task",
    "TotalReadoutTime": 0.0200254,
    "TxRefAmp": 326.379,
    "dataset": "ds001762",
    "modality": "bold",
    "run_id": 1,
    "subject_id": "06",
    "task_id": "forage"
  },
  "dummy_trs": 3,
  "dvars_nstd": 30.43989117835571,
  "dvars_std": 1.2780564387919464,
  "dvars_vstd": 0.9426194955369122,
  "efc": 0.4849965442082761,
  "fber": 2310.640625,
  "fd_mean": 0.05506289272491671,
  "fd_num": 9,
  "fd_perc": 1.5075376884422111,
  "fwhm_avg": 1.6685251251437212,
  "fwhm_x": 1.5157000872909772,
  "fwhm_y": 1.847865288140187,
  "fwhm_z": 1.64201,
  "gcor": 0.365719,
  "gsr_x": -0.010815761052072048,
  "gsr_y": 0.01952267251908779,
  "provenance": {
    "md5sum": "4d0fdf7cfeac67d3fc41f78dce712703",
    "settings": {
      "fd_thres": 0.2,
      "testing": false
    },
    "software": "mriqc",
    "version": "22.0.6",
    "webapi_port": null,
    "webapi_url": "https://mriqc.nimh.nih.gov/api/v1"
  },
  "size_t": 597,
  "size_x": 66,
  "size_y": 66,
  "size_z": 54,
  "snr": 6.047673800351818,
  "spacing_tr": 3.0,
  "spacing_x": 2.9696969985961914,
  "spacing_y": 2.9696969985961914,
  "spacing_z": 3.0,
  "summary_bg_k": 17.960582603175485,
  "summary_bg_mad": 11.01893887789421,
  "summary_bg_mean": 43.65816879272461,
  "summary_bg_median": 17.514238357543945,
  "summary_bg_n": 158174.0,
  "summary_bg_p05": 7.844221115112305,
  "summary_bg_p95": 189.93517456054704,
  "summary_bg_stdv": 77.38878631591797,
  "summary_fg_k": 1.9447150107789524,
  "summary_fg_mad": 137.3282022696749,
  "summary_fg_mean": 852.39892578125,
  "summary_fg_median": 839.1297607421875,
  "summary_fg_n": 35864.0,
  "summary_fg_p05": 665.4596466064453,
  "summary_fg_p95": 1075.6538513183593,
  "summary_fg_stdv": 138.75054931640625,
  "tsnr": 47.479610137233976
}