{
  "aor": 0.0003771826086956522,
  "aqi": 0.010360451843478261,
  "bids_meta": {
    "AcquisitionMatrixPE": 59,
    "BandwidthPerPixelPhaseEncode": 49.18,
    "BaseResolution": 66,
    "BodyPartExamined": "HEAD",
    "ConsistencyInfo": "N4_VD13A_LATEST_20120616",
    "ConversionSoftware": "dcm2niix",
    "ConversionSoftwareVersion": "v1.0.20180518 GCC4.8.5",
    "DerivedVendorReportedEchoSpacing": 0.000616166,
    "DwellTime": 4e-06,
    "EchoTime": 0.03,
    "EchoTrainLength": 29,
    "EffectiveEchoSpacing": 0.000308083,
    "FlipAngle": 87,
    "ImageOrientationPatientDICOM": [
      1,
      0,
      0,
      0,
      0.930418,
      -0.366501
    ],
    "ImageType": [
      "ORIGINAL",
      "PRIMARY",
      "M",
      "ND",
      "NORM",
      "MOSAIC"
    ],
    "InPlanePhaseEncodingDirectionDICOM": "COL",
    "MRAcquisitionType": "2D",
    "MagneticFieldStrength": 3,
    "Manufacturer": "Siemens",
    "ManufacturersModelName": "Skyra",
    "Modality": "MR",
    "ParallelReductionFactorInPlane": 2,
    "PartialFourier": 1,
    "PatientPosition": "HFS",
    "PercentPhaseFOV": 100,
    "PhaseEncodingDirection": "j-",
    "PhaseEncodingSteps": 59,
    "PhaseResolution": 0.9,
    "PixelBandwidth": 1895,
    "PulseSequenceDetails": "%SiemensSeq%_ep2d_pace",
    "ReceiveCoilActiveElements": "HE1-4",
    "ReceiveCoilName": "HeadNeck_20",
    "ReconMatrixPE": 66,
    "RepetitionTime": 3,
    "SAR": 0.125089,
    "ScanOptions": "FS",
    "ScanningSequence": "EP",
    "SequenceName": "_epfid2d1_59",
    "SequenceVariant": "SK_OSP",
    "ShimSetting": [
      3383,
      8698,
      9417,
      480,
      106,
      174,
      267,
      189
    ],
    "SliceThickness": 3,
    "SliceTiming": [
      1.49,
      0,
      1.545,
      0.055,
      1.6,
      0.11,
      1.655,
      0.165,
      1.71,
      0.22,
      1.765,
      0.275,
      1.82,
      0.33,
      1.875,
      0.385,
      1.93,
      0.44,
      1.985,
      0.495,
      2.04,
      0.55,
      2.095,
      0.605,
      2.15,
      0.66,
      2.205,
      0.7175,
      2.2625,
      0.7725,
      2.3175,
      0.8275,
      2.3725,
      0.8825,
      2.4275,
      0.9375,
      2.4825,
      0.9925,
      2.5375,
      1.0475,
      2.5925,
      1.1025,
      2.6475,
      1.1575,
      2.7025,
      1.2125,
      2.7575,
      1.2675,
      2.8125,
      1.3225,
      2.8675,
      1.3775,
      2.9225,
      1.4325
    ],
    "SoftwareVersions": "syngo_MR_D13",
    "SpacingBetweenSlices": 3,
    "TaskName": "Foraging task",
    "TotalReadoutTime": 0.0200254,
    "TxRefAmp": 326.379,
    "dataset": "ds001762",
    "modality": "bold",
    "run_id": 3,
    "subject_id": "06",
    "task_id": "forage"
  },
  "dummy_trs": 0,
  "dvars_nstd": 36.50915499090596,
  "dvars_std": 1.184546857874564,
  "dvars_vstd": 1.005403353066202,
  "efc": 0.5093764613790734,
  "fber": 1182.271484375,
  "fd_mean": 0.07245437788229796,
  "fd_num": 21,
  "fd_perc": 3.652173913043478,
  "fwhm_avg": 1.79434545296641,
  "fwhm_x": 1.6497440655783822,
  "fwhm_y": 2.0145489599875144,
  "fwhm_z": 1.7187433333333333,
  "gcor": 0.0415007,
  "gsr_x": -0.01802285946905613,
  "gsr_y": 0.05313601717352867,
  "provenance": {
    "md5sum": "181739c0470cda01216a20f46dd1f2e3",
    "settings": {
      "fd_thres": 0.2,
      "testing": false
    },
    "software": "mriqc",
    "version": "22.0.6",
    "webapi_port": null,
    "webapi_url": "https://mriqc.nimh.nih.gov/api/v1"
  },
  "size_t": 575,
  "size_x": 66,
  "size_y": 66,
  "size_z": 54,
  "snr": 5.51602711346021,
  "spacing_tr": 3.0,
  "spacing_x": 2.9696969985961914,
  "spacing_y": 2.9696969985961914,
  "spacing_z": 3.0,
  "summary_bg_k": 15.86006555110384,
  "summary_bg_mad": 20.024154998997762,
  "summary_bg_mean": 57.949951171875,
  "summary_bg_median": 25.057392120361328,
  "summary_bg_n": 158111.0,
  "summary_bg_p05": 8.583478450775146,
  "summary_bg_p95": 225.3330535888672,
  "summary_bg_stdv": 89.81713104248047,
  "summary_fg_k": 1.3331048476476823,
  "summary_fg_mad": 145.48966324924268,
  "summary_fg_mean": 880.2191772460938,
  "summary_fg_median": 864.653076171875,
  "summary_fg_n": 35912.0,
  "summary_fg_p05": 658.7459503173828,
  "summary_fg_p95": 1154.0625549316405,
  "summary_fg_stdv": 156.7506866455078,
  "tsnr": 48.330199089832604
}