{
  "aor": 0.0009326896551724139,
  "aqi": 0.009873642586206897,
  "bids_meta": {
    "AcquisitionMatrixPE": 59,
    "BandwidthPerPixelPhaseEncode": 49.18,
    "BaseResolution": 66,
    "BodyPartExamined": "HEAD",
    "ConsistencyInfo": "N4_VD13A_LATEST_20120616",
    "ConversionSoftware": "dcm2niix",
    "ConversionSoftwareVersion": "v1.0.20180518 GCC4.8.5",
    "DerivedVendorReportedEchoSpacing": 0.000616166,
    "DwellTime": 4e-06,
    "EchoTime": 0.03,
    "EchoTrainLength": 29,
    "EffectiveEchoSpacing": 0.000308083,
    "FlipAngle": 87,
    "ImageOrientationPatientDICOM": [
      1,
      0,
      0,
      0,
      0.930418,
      -0.366501
    ],
    "ImageType": [
      "ORIGINAL",
      "PRIMARY",
      "M",
      "ND",
      "NORM",
      "MOSAIC"
    ],
    "InPlanePhaseEncodingDirectionDICOM": "COL",
    "MRAcquisitionType": "2D",
    "MagneticFieldStrength": 3,
    "Manufacturer": "Siemens",
    "ManufacturersModelName": "Skyra",
    "Modality": "MR",
    "ParallelReductionFactorInPlane": 2,
    "PartialFourier": 1,
    "PatientPosition": "HFS",
    "PercentPhaseFOV": 100,
    "PhaseEncodingDirection": "j-",
    "PhaseEncodingSteps": 59,
    "PhaseResolution": 0.9,
    "PixelBandwidth": 1895,
    "PulseSequenceDetails": "%SiemensSeq%_ep2d_pace",
    "ReceiveCoilActiveElements": "HE1-4",
    "ReceiveCoilName": "HeadNeck_20",
    "ReconMatrixPE": 66,
    "RepetitionTime": 3,
    "SAR": 0.125089,
    "ScanOptions": "FS",
    "ScanningSequence": "EP",
    "SequenceName": "_epfid2d1_59",
    "SequenceVariant": "SK_OSP",
    "ShimSetting": [
      3383,
      8698,
      9417,
      480,
      106,
      174,
      267,
      189
    ],
    "SliceThickness": 3,
    "SliceTiming": [
      1.49,
      0,
      1.545,
      0.055,
      1.6,
      0.11,
      1.655,
      0.165,
      1.71,
      0.22,
      1.765,
      0.275,
      1.82,
      0.33,
      1.875,
      0.385,
      1.93,
      0.44,
      1.985,
      0.495,
      2.04,
      0.55,
      2.095,
      0.605,
      2.15,
      0.66,
      2.205,
      0.7175,
      2.2625,
      0.7725,
      2.3175,
      0.8275,
      2.3725,
      0.8825,
      2.4275,
      0.9375,
      2.4825,
      0.9925,
      2.5375,
      1.0475,
      2.5925,
      1.1025,
      2.6475,
      1.1575,
      2.7025,
      1.2125,
      2.7575,
      1.2675,
      2.8125,
      1.3225,
      2.8675,
      1.3775,
      2.9225,
      1.4325
    ],
    "SoftwareVersions": "syngo_MR_D13",
    "SpacingBetweenSlices": 3,
    "TaskName": "Foraging task",
    "TotalReadoutTime": 0.0200254,
    "TxRefAmp": 326.379,
    "dataset": "ds001762",
    "modality": "bold",
    "run_id": 2,
    "subject_id": "24",
    "task_id": "forage"
  },
  "dummy_trs": 0,
  "dvars_nstd": 33.60730851784113,
  "dvars_std": 1.1230124787392062,
  "dvars_vstd": 1.0100689204317779,
  "efc": 0.5716950203853947,
  "fber": 757.2972412109375,
  "fd_mean": 0.19923625165951636,
  "fd_num": 187,
  "fd_perc": 32.241379310344826,
  "fwhm_avg": 1.7424342628917149,
  "fwhm_x": 1.593011004905983,
  "fwhm_y": 1.9475084504358287,
  "fwhm_z": 1.6867833333333333,
  "gcor": 0.0321604,
  "gsr_x": 0.007568856701254845,
  "gsr_y": 0.0375070720911026,
  "provenance": {
    "md5sum": "58c041801f1684f43e8699dc4c06d652",
    "settings": {
      "fd_thres": 0.2,
      "testing": false
    },
    "software": "mriqc",
    "version": "22.0.6",
    "webapi_port": null,
    "webapi_url": "https://mriqc.nimh.nih.gov/api/v1"
  },
  "size_t": 580,
  "size_x": 66,
  "size_y": 66,
  "size_z": 54,
  "snr": 5.285430028512348,
  "spacing_tr": 3.0,
  "spacing_x": 2.9696969985961914,
  "spacing_y": 2.9696969985961914,
  "spacing_z": 3.0,
  "summary_bg_k": 16.591007717710475,
  "summary_bg_mad": 25.761491729904975,
  "summary_bg_mean": 87.59153747558594,
  "summary_bg_median": 28.2637939453125,
  "summary_bg_n": 149302.0,
  "summary_bg_p05": 7.887930870056152,
  "summary_bg_p95": 405.29697113037,
  "summary_bg_stdv": 138.7315216064453,
  "summary_fg_k": 2.0964817912666893,
  "summary_fg_mad": 139.96537734620742,
  "summary_fg_mean": 814.6153564453125,
  "summary_fg_median": 798.52587890625,
  "summary_fg_n": 42153.0,
  "summary_fg_p05": 605.6320556640625,
  "summary_fg_p95": 1070.9020751953126,
  "summary_fg_stdv": 151.07879638671875,
  "tsnr": 43.323798287601676
}