{
  "aor": 0.000588034188034188,
  "aqi": 0.009755298769230768,
  "bids_meta": {
    "AcquisitionMatrixPE": 59,
    "BandwidthPerPixelPhaseEncode": 49.18,
    "BaseResolution": 66,
    "BodyPartExamined": "HEAD",
    "ConsistencyInfo": "N4_VD13A_LATEST_20120616",
    "ConversionSoftware": "dcm2niix",
    "ConversionSoftwareVersion": "v1.0.20180518 GCC4.8.5",
    "DerivedVendorReportedEchoSpacing": 0.000616166,
    "DwellTime": 4e-06,
    "EchoTime": 0.03,
    "EchoTrainLength": 29,
    "EffectiveEchoSpacing": 0.000308083,
    "FlipAngle": 87,
    "ImageOrientationPatientDICOM": [
      1,
      0,
      0,
      0,
      0.930418,
      -0.366501
    ],
    "ImageType": [
      "ORIGINAL",
      "PRIMARY",
      "M",
      "ND",
      "NORM",
      "MOSAIC"
    ],
    "InPlanePhaseEncodingDirectionDICOM": "COL",
    "MRAcquisitionType": "2D",
    "MagneticFieldStrength": 3,
    "Manufacturer": "Siemens",
    "ManufacturersModelName": "Skyra",
    "Modality": "MR",
    "ParallelReductionFactorInPlane": 2,
    "PartialFourier": 1,
    "PatientPosition": "HFS",
    "PercentPhaseFOV": 100,
    "PhaseEncodingDirection": "j-",
    "PhaseEncodingSteps": 59,
    "PhaseResolution": 0.9,
    "PixelBandwidth": 1895,
    "PulseSequenceDetails": "%SiemensSeq%_ep2d_pace",
    "ReceiveCoilActiveElements": "HE1-4",
    "ReceiveCoilName": "HeadNeck_20",
    "ReconMatrixPE": 66,
    "RepetitionTime": 3,
    "SAR": 0.125089,
    "ScanOptions": "FS",
    "ScanningSequence": "EP",
    "SequenceName": "_epfid2d1_59",
    "SequenceVariant": "SK_OSP",
    "ShimSetting": [
      3383,
      8698,
      9417,
      480,
      106,
      174,
      267,
      189
    ],
    "SliceThickness": 3,
    "SliceTiming": [
      1.49,
      0,
      1.545,
      0.055,
      1.6,
      0.11,
      1.655,
      0.165,
      1.71,
      0.22,
      1.765,
      0.275,
      1.82,
      0.33,
      1.875,
      0.385,
      1.93,
      0.44,
      1.985,
      0.495,
      2.04,
      0.55,
      2.095,
      0.605,
      2.15,
      0.66,
      2.205,
      0.7175,
      2.2625,
      0.7725,
      2.3175,
      0.8275,
      2.3725,
      0.8825,
      2.4275,
      0.9375,
      2.4825,
      0.9925,
      2.5375,
      1.0475,
      2.5925,
      1.1025,
      2.6475,
      1.1575,
      2.7025,
      1.2125,
      2.7575,
      1.2675,
      2.8125,
      1.3225,
      2.8675,
      1.3775,
      2.9225,
      1.4325
    ],
    "SoftwareVersions": "syngo_MR_D13",
    "SpacingBetweenSlices": 3,
    "TaskName": "Foraging task",
    "TotalReadoutTime": 0.0200254,
    "TxRefAmp": 326.379,
    "dataset": "ds001762",
    "modality": "bold",
    "run_id": 3,
    "subject_id": "24",
    "task_id": "forage"
  },
  "dummy_trs": 0,
  "dvars_nstd": 38.79179650154111,
  "dvars_std": 1.127290677996575,
  "dvars_vstd": 1.0104599722260266,
  "efc": 0.5757289548492099,
  "fber": 561.8040771484375,
  "fd_mean": 0.1750333154100992,
  "fd_num": 159,
  "fd_perc": 27.17948717948718,
  "fwhm_avg": 1.938056823842021,
  "fwhm_x": 1.793752023360661,
  "fwhm_y": 2.1808184481654025,
  "fwhm_z": 1.8396,
  "gcor": 0.012882,
  "gsr_x": 0.009477020241320133,
  "gsr_y": 0.05352696403861046,
  "provenance": {
    "md5sum": "75a68ec18bb01b80e12b77ff8a9aab4e",
    "settings": {
      "fd_thres": 0.2,
      "testing": false
    },
    "software": "mriqc",
    "version": "22.0.6",
    "webapi_port": null,
    "webapi_url": "https://mriqc.nimh.nih.gov/api/v1"
  },
  "size_t": 585,
  "size_x": 66,
  "size_y": 66,
  "size_z": 54,
  "snr": 4.469579734201916,
  "spacing_tr": 3.0,
  "spacing_x": 2.9696969985961914,
  "spacing_y": 2.9696969985961914,
  "spacing_z": 3.0,
  "summary_bg_k": 16.734733469201817,
  "summary_bg_mad": 31.308249765012526,
  "summary_bg_mean": 91.69657897949219,
  "summary_bg_median": 32.88376235961914,
  "summary_bg_n": 149556.0,
  "summary_bg_p05": 8.2376070022583,
  "summary_bg_p95": 410.68890380859375,
  "summary_bg_stdv": 139.84295654296875,
  "summary_fg_k": 1.2825795119664916,
  "summary_fg_mad": 166.92961700470062,
  "summary_fg_mean": 824.3028564453125,
  "summary_fg_median": 806.0264892578125,
  "summary_fg_n": 42104.0,
  "summary_fg_p05": 567.8075927734375,
  "summary_fg_p95": 1142.132958984375,
  "summary_fg_stdv": 180.3339385986328,
  "tsnr": 39.34901272307616
}