{
  "aor": 0.00030054208273894433,
  "aqi": 0.007408480199714693,
  "bids_meta": {
    "AcquisitionMatrixPE": 59,
    "BandwidthPerPixelPhaseEncode": 49.18,
    "BaseResolution": 66,
    "BodyPartExamined": "HEAD",
    "ConsistencyInfo": "N4_VD13A_LATEST_20120616",
    "ConversionSoftware": "dcm2niix",
    "ConversionSoftwareVersion": "v1.0.20180518 GCC4.8.5",
    "DerivedVendorReportedEchoSpacing": 0.000616166,
    "DwellTime": 4e-06,
    "EchoTime": 0.03,
    "EchoTrainLength": 29,
    "EffectiveEchoSpacing": 0.000308083,
    "FlipAngle": 87,
    "ImageOrientationPatientDICOM": [
      1,
      0,
      0,
      0,
      0.930418,
      -0.366501
    ],
    "ImageType": [
      "ORIGINAL",
      "PRIMARY",
      "M",
      "ND",
      "NORM",
      "MOSAIC"
    ],
    "InPlanePhaseEncodingDirectionDICOM": "COL",
    "MRAcquisitionType": "2D",
    "MagneticFieldStrength": 3,
    "Manufacturer": "Siemens",
    "ManufacturersModelName": "Skyra",
    "Modality": "MR",
    "ParallelReductionFactorInPlane": 2,
    "PartialFourier": 1,
    "PatientPosition": "HFS",
    "PercentPhaseFOV": 100,
    "PhaseEncodingDirection": "j-",
    "PhaseEncodingSteps": 59,
    "PhaseResolution": 0.9,
    "PixelBandwidth": 1895,
    "PulseSequenceDetails": "%SiemensSeq%_ep2d_pace",
    "ReceiveCoilActiveElements": "HE1-4",
    "ReceiveCoilName": "HeadNeck_20",
    "ReconMatrixPE": 66,
    "RepetitionTime": 3,
    "SAR": 0.125089,
    "ScanOptions": "FS",
    "ScanningSequence": "EP",
    "SequenceName": "_epfid2d1_59",
    "SequenceVariant": "SK_OSP",
    "ShimSetting": [
      3383,
      8698,
      9417,
      480,
      106,
      174,
      267,
      189
    ],
    "SliceThickness": 3,
    "SliceTiming": [
      1.49,
      0,
      1.545,
      0.055,
      1.6,
      0.11,
      1.655,
      0.165,
      1.71,
      0.22,
      1.765,
      0.275,
      1.82,
      0.33,
      1.875,
      0.385,
      1.93,
      0.44,
      1.985,
      0.495,
      2.04,
      0.55,
      2.095,
      0.605,
      2.15,
      0.66,
      2.205,
      0.7175,
      2.2625,
      0.7725,
      2.3175,
      0.8275,
      2.3725,
      0.8825,
      2.4275,
      0.9375,
      2.4825,
      0.9925,
      2.5375,
      1.0475,
      2.5925,
      1.1025,
      2.6475,
      1.1575,
      2.7025,
      1.2125,
      2.7575,
      1.2675,
      2.8125,
      1.3225,
      2.8675,
      1.3775,
      2.9225,
      1.4325
    ],
    "SoftwareVersions": "syngo_MR_D13",
    "SpacingBetweenSlices": 3,
    "TaskName": "Foraging task",
    "TotalReadoutTime": 0.0200254,
    "TxRefAmp": 326.379,
    "dataset": "ds001762",
    "modality": "bold",
    "run_id": 1,
    "subject_id": "28",
    "task_id": "forage"
  },
  "dummy_trs": 0,
  "dvars_nstd": 27.038831465499996,
  "dvars_std": 1.2493709469714294,
  "dvars_vstd": 0.9662000549428565,
  "efc": 0.5099327426306643,
  "fber": 2578.393310546875,
  "fd_mean": 0.06846111653004568,
  "fd_num": 21,
  "fd_perc": 2.9957203994293864,
  "fwhm_avg": 1.6533676309536822,
  "fwhm_x": 1.5534682501887473,
  "fwhm_y": 1.7666213093389658,
  "fwhm_z": 1.6400133333333333,
  "gcor": 0.289867,
  "gsr_x": 0.01077989861369133,
  "gsr_y": 0.01619136705994606,
  "provenance": {
    "md5sum": "8f6f428a0e84c52c31c128e2e9381ca0",
    "settings": {
      "fd_thres": 0.2,
      "testing": false
    },
    "software": "mriqc",
    "version": "22.0.6",
    "webapi_port": null,
    "webapi_url": "https://mriqc.nimh.nih.gov/api/v1"
  },
  "size_t": 701,
  "size_x": 66,
  "size_y": 66,
  "size_z": 54,
  "snr": 6.399416054453429,
  "spacing_tr": 3.0,
  "spacing_x": 2.9696969985961914,
  "spacing_y": 2.9696969985961914,
  "spacing_z": 3.0,
  "summary_bg_k": 31.23817903943776,
  "summary_bg_mad": 13.470319255787324,
  "summary_bg_mean": 45.084598541259766,
  "summary_bg_median": 18.733238220214844,
  "summary_bg_n": 148537.0,
  "summary_bg_p05": 7.380884647369385,
  "summary_bg_p95": 177.1503601074217,
  "summary_bg_stdv": 80.90520477294922,
  "summary_fg_k": 2.6477321657493906,
  "summary_fg_mad": 149.3769242844877,
  "summary_fg_mean": 964.666259765625,
  "summary_fg_median": 959.599853515625,
  "summary_fg_n": 43046.0,
  "summary_fg_p05": 757.5438690185547,
  "summary_fg_p95": 1193.7196960449219,
  "summary_fg_stdv": 149.9494171142578,
  "tsnr": 54.97399266483262
}