{
  "aor": 0.00040766606822262123,
  "aqi": 0.00969013804308797,
  "bids_meta": {
    "AcquisitionMatrixPE": 59,
    "BandwidthPerPixelPhaseEncode": 49.18,
    "BaseResolution": 66,
    "BodyPartExamined": "HEAD",
    "ConsistencyInfo": "N4_VD13A_LATEST_20120616",
    "ConversionSoftware": "dcm2niix",
    "ConversionSoftwareVersion": "v1.0.20180518 GCC4.8.5",
    "DerivedVendorReportedEchoSpacing": 0.000616166,
    "DwellTime": 4e-06,
    "EchoTime": 0.03,
    "EchoTrainLength": 29,
    "EffectiveEchoSpacing": 0.000308083,
    "FlipAngle": 87,
    "ImageOrientationPatientDICOM": [
      1,
      0,
      0,
      0,
      0.930418,
      -0.366501
    ],
    "ImageType": [
      "ORIGINAL",
      "PRIMARY",
      "M",
      "ND",
      "NORM",
      "MOSAIC"
    ],
    "InPlanePhaseEncodingDirectionDICOM": "COL",
    "MRAcquisitionType": "2D",
    "MagneticFieldStrength": 3,
    "Manufacturer": "Siemens",
    "ManufacturersModelName": "Skyra",
    "Modality": "MR",
    "ParallelReductionFactorInPlane": 2,
    "PartialFourier": 1,
    "PatientPosition": "HFS",
    "PercentPhaseFOV": 100,
    "PhaseEncodingDirection": "j-",
    "PhaseEncodingSteps": 59,
    "PhaseResolution": 0.9,
    "PixelBandwidth": 1895,
    "PulseSequenceDetails": "%SiemensSeq%_ep2d_pace",
    "ReceiveCoilActiveElements": "HE1-4",
    "ReceiveCoilName": "HeadNeck_20",
    "ReconMatrixPE": 66,
    "RepetitionTime": 3,
    "SAR": 0.125089,
    "ScanOptions": "FS",
    "ScanningSequence": "EP",
    "SequenceName": "_epfid2d1_59",
    "SequenceVariant": "SK_OSP",
    "ShimSetting": [
      3383,
      8698,
      9417,
      480,
      106,
      174,
      267,
      189
    ],
    "SliceThickness": 3,
    "SliceTiming": [
      1.49,
      0,
      1.545,
      0.055,
      1.6,
      0.11,
      1.655,
      0.165,
      1.71,
      0.22,
      1.765,
      0.275,
      1.82,
      0.33,
      1.875,
      0.385,
      1.93,
      0.44,
      1.985,
      0.495,
      2.04,
      0.55,
      2.095,
      0.605,
      2.15,
      0.66,
      2.205,
      0.7175,
      2.2625,
      0.7725,
      2.3175,
      0.8275,
      2.3725,
      0.8825,
      2.4275,
      0.9375,
      2.4825,
      0.9925,
      2.5375,
      1.0475,
      2.5925,
      1.1025,
      2.6475,
      1.1575,
      2.7025,
      1.2125,
      2.7575,
      1.2675,
      2.8125,
      1.3225,
      2.8675,
      1.3775,
      2.9225,
      1.4325
    ],
    "SoftwareVersions": "syngo_MR_D13",
    "SpacingBetweenSlices": 3,
    "TaskName": "Foraging task",
    "TotalReadoutTime": 0.0200254,
    "TxRefAmp": 326.379,
    "dataset": "ds001762",
    "modality": "bold",
    "run_id": 2,
    "subject_id": "22",
    "task_id": "forage"
  },
  "dummy_trs": 0,
  "dvars_nstd": 33.79464608149279,
  "dvars_std": 1.3450006037050368,
  "dvars_vstd": 1.0039249826258994,
  "efc": 0.5089098412042499,
  "fber": 1684.6224365234375,
  "fd_mean": 0.08726147298249415,
  "fd_num": 36,
  "fd_perc": 6.4631956912028725,
  "fwhm_avg": 1.6919751250463104,
  "fwhm_x": 1.599146310968727,
  "fwhm_y": 1.7944490641702042,
  "fwhm_z": 1.68233,
  "gcor": 0.0576696,
  "gsr_x": -0.0023633784148842096,
  "gsr_y": 0.02714964561164379,
  "provenance": {
    "md5sum": "89e1732731838fe095aa6ee7e3b0af9a",
    "settings": {
      "fd_thres": 0.2,
      "testing": false
    },
    "software": "mriqc",
    "version": "22.0.6",
    "webapi_port": null,
    "webapi_url": "https://mriqc.nimh.nih.gov/api/v1"
  },
  "size_t": 557,
  "size_x": 66,
  "size_y": 66,
  "size_z": 54,
  "snr": 6.0779044958960515,
  "spacing_tr": 3.0,
  "spacing_x": 2.9696969985961914,
  "spacing_y": 2.9696969985961914,
  "spacing_z": 3.0,
  "summary_bg_k": 27.364655710712803,
  "summary_bg_mad": 19.851433401509162,
  "summary_bg_mean": 57.03978729248047,
  "summary_bg_median": 23.439857482910156,
  "summary_bg_n": 153446.0,
  "summary_bg_p05": 7.450628757476807,
  "summary_bg_p95": 238.71769332885742,
  "summary_bg_stdv": 98.82247924804688,
  "summary_fg_k": 2.8614823079507774,
  "summary_fg_mad": 143.4451128021653,
  "summary_fg_mean": 989.5586547851562,
  "summary_fg_median": 968.7720336914062,
  "summary_fg_n": 39267.0,
  "summary_fg_p05": 782.8689697265625,
  "summary_fg_p95": 1262.9869018554687,
  "summary_fg_stdv": 159.39041137695312,
  "tsnr": 54.14212422911078
}