{
  "aor": 0.000427264325323475,
  "aqi": 0.007460649963031423,
  "bids_meta": {
    "AcquisitionMatrixPE": 59,
    "BandwidthPerPixelPhaseEncode": 49.18,
    "BaseResolution": 66,
    "BodyPartExamined": "HEAD",
    "ConsistencyInfo": "N4_VD13A_LATEST_20120616",
    "ConversionSoftware": "dcm2niix",
    "ConversionSoftwareVersion": "v1.0.20180518 GCC4.8.5",
    "DerivedVendorReportedEchoSpacing": 0.000616166,
    "DwellTime": 4e-06,
    "EchoTime": 0.03,
    "EchoTrainLength": 29,
    "EffectiveEchoSpacing": 0.000308083,
    "FlipAngle": 87,
    "ImageOrientationPatientDICOM": [
      1,
      0,
      0,
      0,
      0.930418,
      -0.366501
    ],
    "ImageType": [
      "ORIGINAL",
      "PRIMARY",
      "M",
      "ND",
      "NORM",
      "MOSAIC"
    ],
    "InPlanePhaseEncodingDirectionDICOM": "COL",
    "MRAcquisitionType": "2D",
    "MagneticFieldStrength": 3,
    "Manufacturer": "Siemens",
    "ManufacturersModelName": "Skyra",
    "Modality": "MR",
    "ParallelReductionFactorInPlane": 2,
    "PartialFourier": 1,
    "PatientPosition": "HFS",
    "PercentPhaseFOV": 100,
    "PhaseEncodingDirection": "j-",
    "PhaseEncodingSteps": 59,
    "PhaseResolution": 0.9,
    "PixelBandwidth": 1895,
    "PulseSequenceDetails": "%SiemensSeq%_ep2d_pace",
    "ReceiveCoilActiveElements": "HE1-4",
    "ReceiveCoilName": "HeadNeck_20",
    "ReconMatrixPE": 66,
    "RepetitionTime": 3,
    "SAR": 0.125089,
    "ScanOptions": "FS",
    "ScanningSequence": "EP",
    "SequenceName": "_epfid2d1_59",
    "SequenceVariant": "SK_OSP",
    "ShimSetting": [
      3383,
      8698,
      9417,
      480,
      106,
      174,
      267,
      189
    ],
    "SliceThickness": 3,
    "SliceTiming": [
      1.49,
      0,
      1.545,
      0.055,
      1.6,
      0.11,
      1.655,
      0.165,
      1.71,
      0.22,
      1.765,
      0.275,
      1.82,
      0.33,
      1.875,
      0.385,
      1.93,
      0.44,
      1.985,
      0.495,
      2.04,
      0.55,
      2.095,
      0.605,
      2.15,
      0.66,
      2.205,
      0.7175,
      2.2625,
      0.7725,
      2.3175,
      0.8275,
      2.3725,
      0.8825,
      2.4275,
      0.9375,
      2.4825,
      0.9925,
      2.5375,
      1.0475,
      2.5925,
      1.1025,
      2.6475,
      1.1575,
      2.7025,
      1.2125,
      2.7575,
      1.2675,
      2.8125,
      1.3225,
      2.8675,
      1.3775,
      2.9225,
      1.4325
    ],
    "SoftwareVersions": "syngo_MR_D13",
    "SpacingBetweenSlices": 3,
    "TaskName": "Foraging task",
    "TotalReadoutTime": 0.0200254,
    "TxRefAmp": 326.379,
    "dataset": "ds001762",
    "modality": "bold",
    "run_id": 1,
    "subject_id": "22",
    "task_id": "forage"
  },
  "dummy_trs": 0,
  "dvars_nstd": 32.27390103512965,
  "dvars_std": 1.4335568402592596,
  "dvars_vstd": 0.9824467048703704,
  "efc": 0.49945472860816187,
  "fber": 2416.031494140625,
  "fd_mean": 0.0835170136881425,
  "fd_num": 27,
  "fd_perc": 4.990757855822551,
  "fwhm_avg": 1.6779433565160853,
  "fwhm_x": 1.5819155968506908,
  "fwhm_y": 1.7570344726975649,
  "fwhm_z": 1.6948800000000002,
  "gcor": 0.244651,
  "gsr_x": -0.0006697725621052086,
  "gsr_y": 0.01924394629895687,
  "provenance": {
    "md5sum": "cb42ae0dfbb8f561a8db21d8046254b5",
    "settings": {
      "fd_thres": 0.2,
      "testing": false
    },
    "software": "mriqc",
    "version": "22.0.6",
    "webapi_port": null,
    "webapi_url": "https://mriqc.nimh.nih.gov/api/v1"
  },
  "size_t": 541,
  "size_x": 66,
  "size_y": 66,
  "size_z": 54,
  "snr": 6.193289083117082,
  "spacing_tr": 3.0,
  "spacing_x": 2.9696969985961914,
  "spacing_y": 2.9696969985961914,
  "spacing_z": 3.0,
  "summary_bg_k": 30.679204109391215,
  "summary_bg_mad": 14.080609397439977,
  "summary_bg_mean": 49.02549362182617,
  "summary_bg_median": 18.920516967773438,
  "summary_bg_n": 153397.0,
  "summary_bg_p05": 7.260258960723878,
  "summary_bg_p95": 210.78004455566406,
  "summary_bg_stdv": 89.85872650146484,
  "summary_fg_k": 2.6469346035259083,
  "summary_fg_mad": 140.33883311743378,
  "summary_fg_mean": 946.1920166015625,
  "summary_fg_median": 929.9537963867188,
  "summary_fg_n": 39332.0,
  "summary_fg_p05": 749.8849517822266,
  "summary_fg_p95": 1193.7590087890624,
  "summary_fg_stdv": 150.15316772460938,
  "tsnr": 52.83610391244292
}