{
  "aor": 0.001119678407350689,
  "aqi": 0.012362984226646247,
  "bids_meta": {
    "AcquisitionMatrixPE": 59,
    "BandwidthPerPixelPhaseEncode": 49.18,
    "BaseResolution": 66,
    "BodyPartExamined": "HEAD",
    "ConsistencyInfo": "N4_VD13A_LATEST_20120616",
    "ConversionSoftware": "dcm2niix",
    "ConversionSoftwareVersion": "v1.0.20180518 GCC4.8.5",
    "DerivedVendorReportedEchoSpacing": 0.000616166,
    "DwellTime": 4e-06,
    "EchoTime": 0.03,
    "EchoTrainLength": 29,
    "EffectiveEchoSpacing": 0.000308083,
    "FlipAngle": 87,
    "ImageOrientationPatientDICOM": [
      1,
      0,
      0,
      0,
      0.930418,
      -0.366501
    ],
    "ImageType": [
      "ORIGINAL",
      "PRIMARY",
      "M",
      "ND",
      "NORM",
      "MOSAIC"
    ],
    "InPlanePhaseEncodingDirectionDICOM": "COL",
    "MRAcquisitionType": "2D",
    "MagneticFieldStrength": 3,
    "Manufacturer": "Siemens",
    "ManufacturersModelName": "Skyra",
    "Modality": "MR",
    "ParallelReductionFactorInPlane": 2,
    "PartialFourier": 1,
    "PatientPosition": "HFS",
    "PercentPhaseFOV": 100,
    "PhaseEncodingDirection": "j-",
    "PhaseEncodingSteps": 59,
    "PhaseResolution": 0.9,
    "PixelBandwidth": 1895,
    "PulseSequenceDetails": "%SiemensSeq%_ep2d_pace",
    "ReceiveCoilActiveElements": "HE1-4",
    "ReceiveCoilName": "HeadNeck_20",
    "ReconMatrixPE": 66,
    "RepetitionTime": 3,
    "SAR": 0.125089,
    "ScanOptions": "FS",
    "ScanningSequence": "EP",
    "SequenceName": "_epfid2d1_59",
    "SequenceVariant": "SK_OSP",
    "ShimSetting": [
      3383,
      8698,
      9417,
      480,
      106,
      174,
      267,
      189
    ],
    "SliceThickness": 3,
    "SliceTiming": [
      1.49,
      0,
      1.545,
      0.055,
      1.6,
      0.11,
      1.655,
      0.165,
      1.71,
      0.22,
      1.765,
      0.275,
      1.82,
      0.33,
      1.875,
      0.385,
      1.93,
      0.44,
      1.985,
      0.495,
      2.04,
      0.55,
      2.095,
      0.605,
      2.15,
      0.66,
      2.205,
      0.7175,
      2.2625,
      0.7725,
      2.3175,
      0.8275,
      2.3725,
      0.8825,
      2.4275,
      0.9375,
      2.4825,
      0.9925,
      2.5375,
      1.0475,
      2.5925,
      1.1025,
      2.6475,
      1.1575,
      2.7025,
      1.2125,
      2.7575,
      1.2675,
      2.8125,
      1.3225,
      2.8675,
      1.3775,
      2.9225,
      1.4325
    ],
    "SoftwareVersions": "syngo_MR_D13",
    "SpacingBetweenSlices": 3,
    "TaskName": "Foraging task",
    "TotalReadoutTime": 0.0200254,
    "TxRefAmp": 326.379,
    "dataset": "ds001762",
    "modality": "bold",
    "run_id": 3,
    "subject_id": "04",
    "task_id": "forage"
  },
  "dummy_trs": 0,
  "dvars_nstd": 32.68771195556751,
  "dvars_std": 1.1742322425153375,
  "dvars_vstd": 1.0108419193098173,
  "efc": 0.5211201088578767,
  "fber": 1661.5989990234375,
  "fd_mean": 0.315660664751235,
  "fd_num": 347,
  "fd_perc": 53.13935681470138,
  "fwhm_avg": 1.6652007246007352,
  "fwhm_x": 1.577777127503209,
  "fwhm_y": 1.7633482481463272,
  "fwhm_z": 1.6544767981526691,
  "gcor": 0.0491491,
  "gsr_x": 0.012670943513512611,
  "gsr_y": 0.015761222690343857,
  "provenance": {
    "md5sum": "663ea3a1a932df32785768c1d4678d66",
    "settings": {
      "fd_thres": 0.2,
      "testing": false
    },
    "software": "mriqc",
    "version": "22.0.6",
    "webapi_port": null,
    "webapi_url": "https://mriqc.nimh.nih.gov/api/v1"
  },
  "size_t": 653,
  "size_x": 66,
  "size_y": 66,
  "size_z": 54,
  "snr": 6.286881925671728,
  "spacing_tr": 3.0,
  "spacing_x": 2.9696969985961914,
  "spacing_y": 2.9696969985961914,
  "spacing_z": 2.999999761581421,
  "summary_bg_k": 33.22870191927242,
  "summary_bg_mad": 17.11122812043336,
  "summary_bg_mean": 49.52647018432617,
  "summary_bg_median": 22.32925033569336,
  "summary_bg_n": 147888.0,
  "summary_bg_p05": 8.21286392211914,
  "summary_bg_p95": 194.4184547424314,
  "summary_bg_stdv": 82.57762908935547,
  "summary_fg_k": 3.0464438812747856,
  "summary_fg_mad": 140.98339949941712,
  "summary_fg_mean": 923.4551391601562,
  "summary_fg_median": 911.6478271484375,
  "summary_fg_n": 43327.0,
  "summary_fg_p05": 730.3842407226563,
  "summary_fg_p95": 1148.6723266601562,
  "summary_fg_stdv": 145.0062713623047,
  "tsnr": 48.34962438524235
}