{
  "aor": 0.00015808988764044946,
  "aqi": 0.01088207199750312,
  "bids_meta": {
    "AcquisitionMatrixPE": 59,
    "BandwidthPerPixelPhaseEncode": 49.18,
    "BaseResolution": 66,
    "BodyPartExamined": "HEAD",
    "ConsistencyInfo": "N4_VD13A_LATEST_20120616",
    "ConversionSoftware": "dcm2niix",
    "ConversionSoftwareVersion": "v1.0.20180518 GCC4.8.5",
    "DerivedVendorReportedEchoSpacing": 0.000616166,
    "DwellTime": 4e-06,
    "EchoTime": 0.03,
    "EchoTrainLength": 29,
    "EffectiveEchoSpacing": 0.000308083,
    "FlipAngle": 87,
    "ImageOrientationPatientDICOM": [
      1,
      0,
      0,
      0,
      0.930418,
      -0.366501
    ],
    "ImageType": [
      "ORIGINAL",
      "PRIMARY",
      "M",
      "ND",
      "NORM",
      "MOSAIC"
    ],
    "InPlanePhaseEncodingDirectionDICOM": "COL",
    "MRAcquisitionType": "2D",
    "MagneticFieldStrength": 3,
    "Manufacturer": "Siemens",
    "ManufacturersModelName": "Skyra",
    "Modality": "MR",
    "ParallelReductionFactorInPlane": 2,
    "PartialFourier": 1,
    "PatientPosition": "HFS",
    "PercentPhaseFOV": 100,
    "PhaseEncodingDirection": "j-",
    "PhaseEncodingSteps": 59,
    "PhaseResolution": 0.9,
    "PixelBandwidth": 1895,
    "PulseSequenceDetails": "%SiemensSeq%_ep2d_pace",
    "ReceiveCoilActiveElements": "HE1-4",
    "ReceiveCoilName": "HeadNeck_20",
    "ReconMatrixPE": 66,
    "RepetitionTime": 3,
    "SAR": 0.125089,
    "ScanOptions": "FS",
    "ScanningSequence": "EP",
    "SequenceName": "_epfid2d1_59",
    "SequenceVariant": "SK_OSP",
    "ShimSetting": [
      3383,
      8698,
      9417,
      480,
      106,
      174,
      267,
      189
    ],
    "SliceThickness": 3,
    "SliceTiming": [
      1.49,
      0,
      1.545,
      0.055,
      1.6,
      0.11,
      1.655,
      0.165,
      1.71,
      0.22,
      1.765,
      0.275,
      1.82,
      0.33,
      1.875,
      0.385,
      1.93,
      0.44,
      1.985,
      0.495,
      2.04,
      0.55,
      2.095,
      0.605,
      2.15,
      0.66,
      2.205,
      0.7175,
      2.2625,
      0.7725,
      2.3175,
      0.8275,
      2.3725,
      0.8825,
      2.4275,
      0.9375,
      2.4825,
      0.9925,
      2.5375,
      1.0475,
      2.5925,
      1.1025,
      2.6475,
      1.1575,
      2.7025,
      1.2125,
      2.7575,
      1.2675,
      2.8125,
      1.3225,
      2.8675,
      1.3775,
      2.9225,
      1.4325
    ],
    "SoftwareVersions": "syngo_MR_D13",
    "SpacingBetweenSlices": 3,
    "TaskName": "Foraging task",
    "TotalReadoutTime": 0.0200254,
    "TxRefAmp": 326.379,
    "dataset": "ds001762",
    "modality": "bold",
    "run_id": 2,
    "subject_id": "13",
    "task_id": "forage"
  },
  "dummy_trs": 0,
  "dvars_nstd": 30.227322104187497,
  "dvars_std": 1.2212102310124993,
  "dvars_vstd": 0.9759720789874998,
  "efc": 0.5111805089908686,
  "fber": 1954.2529296875,
  "fd_mean": 0.17270929120087794,
  "fd_num": 218,
  "fd_perc": 27.21598002496879,
  "fwhm_avg": 1.6411954963055713,
  "fwhm_x": 1.555320290987051,
  "fwhm_y": 1.773362737844791,
  "fwhm_z": 1.5949034600848722,
  "gcor": 0.194623,
  "gsr_x": 0.018743284046649933,
  "gsr_y": 0.019903097301721573,
  "provenance": {
    "md5sum": "2bd552a40800385be87a8c57f1fd7601",
    "settings": {
      "fd_thres": 0.2,
      "testing": false
    },
    "software": "mriqc",
    "version": "22.0.6",
    "webapi_port": null,
    "webapi_url": "https://mriqc.nimh.nih.gov/api/v1"
  },
  "size_t": 801,
  "size_x": 66,
  "size_y": 66,
  "size_z": 54,
  "snr": 6.655109323980268,
  "spacing_tr": 3.0,
  "spacing_x": 2.9696969985961914,
  "spacing_y": 2.9696969985961914,
  "spacing_z": 2.999999761581421,
  "summary_bg_k": 22.177653026510253,
  "summary_bg_mad": 11.324047186809448,
  "summary_bg_mean": 45.780235290527344,
  "summary_bg_median": 16.91635513305664,
  "summary_bg_n": 153263.0,
  "summary_bg_p05": 7.483145713806152,
  "summary_bg_p95": 230.49000701904293,
  "summary_bg_stdv": 84.88407897949219,
  "summary_fg_k": 2.7038969062221163,
  "summary_fg_mad": 107.37853346739337,
  "summary_fg_mean": 756.9042358398438,
  "summary_fg_median": 748.0836181640625,
  "summary_fg_n": 39531.0,
  "summary_fg_p05": 606.7016296386719,
  "summary_fg_p95": 936.5343322753906,
  "summary_fg_stdv": 112.40599060058594,
  "tsnr": 50.44629445974715
}