{
  "aor": 0.0004818403908794787,
  "aqi": 0.00817640335504886,
  "bids_meta": {
    "AcquisitionMatrixPE": 59,
    "BandwidthPerPixelPhaseEncode": 49.18,
    "BaseResolution": 66,
    "BodyPartExamined": "HEAD",
    "ConsistencyInfo": "N4_VD13A_LATEST_20120616",
    "ConversionSoftware": "dcm2niix",
    "ConversionSoftwareVersion": "v1.0.20180518 GCC4.8.5",
    "DerivedVendorReportedEchoSpacing": 0.000616166,
    "DwellTime": 4e-06,
    "EchoTime": 0.03,
    "EchoTrainLength": 29,
    "EffectiveEchoSpacing": 0.000308083,
    "FlipAngle": 87,
    "ImageOrientationPatientDICOM": [
      1,
      0,
      0,
      0,
      0.930418,
      -0.366501
    ],
    "ImageType": [
      "ORIGINAL",
      "PRIMARY",
      "M",
      "ND",
      "NORM",
      "MOSAIC"
    ],
    "InPlanePhaseEncodingDirectionDICOM": "COL",
    "MRAcquisitionType": "2D",
    "MagneticFieldStrength": 3,
    "Manufacturer": "Siemens",
    "ManufacturersModelName": "Skyra",
    "Modality": "MR",
    "ParallelReductionFactorInPlane": 2,
    "PartialFourier": 1,
    "PatientPosition": "HFS",
    "PercentPhaseFOV": 100,
    "PhaseEncodingDirection": "j-",
    "PhaseEncodingSteps": 59,
    "PhaseResolution": 0.9,
    "PixelBandwidth": 1895,
    "PulseSequenceDetails": "%SiemensSeq%_ep2d_pace",
    "ReceiveCoilActiveElements": "HE1-4",
    "ReceiveCoilName": "HeadNeck_20",
    "ReconMatrixPE": 66,
    "RepetitionTime": 3,
    "SAR": 0.125089,
    "ScanOptions": "FS",
    "ScanningSequence": "EP",
    "SequenceName": "_epfid2d1_59",
    "SequenceVariant": "SK_OSP",
    "ShimSetting": [
      3383,
      8698,
      9417,
      480,
      106,
      174,
      267,
      189
    ],
    "SliceThickness": 3,
    "SliceTiming": [
      1.49,
      0,
      1.545,
      0.055,
      1.6,
      0.11,
      1.655,
      0.165,
      1.71,
      0.22,
      1.765,
      0.275,
      1.82,
      0.33,
      1.875,
      0.385,
      1.93,
      0.44,
      1.985,
      0.495,
      2.04,
      0.55,
      2.095,
      0.605,
      2.15,
      0.66,
      2.205,
      0.7175,
      2.2625,
      0.7725,
      2.3175,
      0.8275,
      2.3725,
      0.8825,
      2.4275,
      0.9375,
      2.4825,
      0.9925,
      2.5375,
      1.0475,
      2.5925,
      1.1025,
      2.6475,
      1.1575,
      2.7025,
      1.2125,
      2.7575,
      1.2675,
      2.8125,
      1.3225,
      2.8675,
      1.3775,
      2.9225,
      1.4325
    ],
    "SoftwareVersions": "syngo_MR_D13",
    "SpacingBetweenSlices": 3,
    "TaskName": "Foraging task",
    "TotalReadoutTime": 0.0200254,
    "TxRefAmp": 326.379,
    "dataset": "ds001762",
    "modality": "bold",
    "run_id": 1,
    "subject_id": "18",
    "task_id": "forage"
  },
  "dummy_trs": 0,
  "dvars_nstd": 35.589619470244685,
  "dvars_std": 1.3242606802283852,
  "dvars_vstd": 0.9769807805220225,
  "efc": 0.5003867072722078,
  "fber": 2388.15185546875,
  "fd_mean": 0.2111536164728233,
  "fd_num": 214,
  "fd_perc": 34.85342019543974,
  "fwhm_avg": 1.8739836018325293,
  "fwhm_x": 1.7421103912101434,
  "fwhm_y": 2.070477224749378,
  "fwhm_z": 1.8093631895380664,
  "gcor": 0.266918,
  "gsr_x": -0.003986665513366461,
  "gsr_y": 0.03221945837140083,
  "provenance": {
    "md5sum": "52a3ec02f9f2c8900a09fe6d26948144",
    "settings": {
      "fd_thres": 0.2,
      "testing": false
    },
    "software": "mriqc",
    "version": "22.0.6",
    "webapi_port": null,
    "webapi_url": "https://mriqc.nimh.nih.gov/api/v1"
  },
  "size_t": 614,
  "size_x": 66,
  "size_y": 66,
  "size_z": 54,
  "snr": 5.278961021302921,
  "spacing_tr": 3.0,
  "spacing_x": 2.9696969985961914,
  "spacing_y": 2.9696969985961914,
  "spacing_z": 3.000000238418579,
  "summary_bg_k": 18.915200673117344,
  "summary_bg_mad": 11.855987798495699,
  "summary_bg_mean": 41.11241149902344,
  "summary_bg_median": 16.4478816986084,
  "summary_bg_n": 152395.0,
  "summary_bg_p05": 6.825732707977295,
  "summary_bg_p95": 165.38892059326162,
  "summary_bg_stdv": 70.45227813720703,
  "summary_fg_k": 2.73302919677905,
  "summary_fg_mad": 138.08723958710806,
  "summary_fg_mean": 832.259033203125,
  "summary_fg_median": 816.140869140625,
  "summary_fg_n": 39536.0,
  "summary_fg_p05": 639.1791381835938,
  "summary_fg_p95": 1095.2356872558594,
  "summary_fg_stdv": 154.60060119628906,
  "tsnr": 45.80286894051824
}