{
  "aor": 0.010180415879017014,
  "aqi": 0.0220193984120983,
  "bids_meta": {
    "AcquisitionMatrixPE": 59,
    "BandwidthPerPixelPhaseEncode": 49.18,
    "BaseResolution": 66,
    "BodyPartExamined": "HEAD",
    "ConsistencyInfo": "N4_VD13A_LATEST_20120616",
    "ConversionSoftware": "dcm2niix",
    "ConversionSoftwareVersion": "v1.0.20180518 GCC4.8.5",
    "DerivedVendorReportedEchoSpacing": 0.000616166,
    "DwellTime": 4e-06,
    "EchoTime": 0.03,
    "EchoTrainLength": 29,
    "EffectiveEchoSpacing": 0.000308083,
    "FlipAngle": 87,
    "ImageOrientationPatientDICOM": [
      1,
      0,
      0,
      0,
      0.930418,
      -0.366501
    ],
    "ImageType": [
      "ORIGINAL",
      "PRIMARY",
      "M",
      "ND",
      "NORM",
      "MOSAIC"
    ],
    "InPlanePhaseEncodingDirectionDICOM": "COL",
    "MRAcquisitionType": "2D",
    "MagneticFieldStrength": 3,
    "Manufacturer": "Siemens",
    "ManufacturersModelName": "Skyra",
    "Modality": "MR",
    "ParallelReductionFactorInPlane": 2,
    "PartialFourier": 1,
    "PatientPosition": "HFS",
    "PercentPhaseFOV": 100,
    "PhaseEncodingDirection": "j-",
    "PhaseEncodingSteps": 59,
    "PhaseResolution": 0.9,
    "PixelBandwidth": 1895,
    "PulseSequenceDetails": "%SiemensSeq%_ep2d_pace",
    "ReceiveCoilActiveElements": "HE1-4",
    "ReceiveCoilName": "HeadNeck_20",
    "ReconMatrixPE": 66,
    "RepetitionTime": 3,
    "SAR": 0.125089,
    "ScanOptions": "FS",
    "ScanningSequence": "EP",
    "SequenceName": "_epfid2d1_59",
    "SequenceVariant": "SK_OSP",
    "ShimSetting": [
      3383,
      8698,
      9417,
      480,
      106,
      174,
      267,
      189
    ],
    "SliceThickness": 3,
    "SliceTiming": [
      1.49,
      0,
      1.545,
      0.055,
      1.6,
      0.11,
      1.655,
      0.165,
      1.71,
      0.22,
      1.765,
      0.275,
      1.82,
      0.33,
      1.875,
      0.385,
      1.93,
      0.44,
      1.985,
      0.495,
      2.04,
      0.55,
      2.095,
      0.605,
      2.15,
      0.66,
      2.205,
      0.7175,
      2.2625,
      0.7725,
      2.3175,
      0.8275,
      2.3725,
      0.8825,
      2.4275,
      0.9375,
      2.4825,
      0.9925,
      2.5375,
      1.0475,
      2.5925,
      1.1025,
      2.6475,
      1.1575,
      2.7025,
      1.2125,
      2.7575,
      1.2675,
      2.8125,
      1.3225,
      2.8675,
      1.3775,
      2.9225,
      1.4325
    ],
    "SoftwareVersions": "syngo_MR_D13",
    "SpacingBetweenSlices": 3,
    "TaskName": "Foraging task",
    "TotalReadoutTime": 0.0200254,
    "TxRefAmp": 326.379,
    "dataset": "ds001762",
    "modality": "bold",
    "run_id": 3,
    "subject_id": "18",
    "task_id": "forage"
  },
  "dummy_trs": 0,
  "dvars_nstd": 47.757837281003766,
  "dvars_std": 1.2761736281060614,
  "dvars_vstd": 1.1021891733712113,
  "efc": 0.5261956665344493,
  "fber": 1085.5439453125,
  "fd_mean": 0.3604823695574682,
  "fd_num": 254,
  "fd_perc": 48.01512287334594,
  "fwhm_avg": 1.9664107317402229,
  "fwhm_x": 1.8446326351104207,
  "fwhm_y": 2.2146030396733667,
  "fwhm_z": 1.8399965204368813,
  "gcor": 0.0543355,
  "gsr_x": -0.011010768823325634,
  "gsr_y": 0.0637752041220665,
  "provenance": {
    "md5sum": "0acf9bc572209a73543d74929e08b505",
    "settings": {
      "fd_thres": 0.2,
      "testing": false
    },
    "software": "mriqc",
    "version": "22.0.6",
    "webapi_port": null,
    "webapi_url": "https://mriqc.nimh.nih.gov/api/v1"
  },
  "size_t": 529,
  "size_x": 66,
  "size_y": 66,
  "size_z": 54,
  "snr": 4.892975482291626,
  "spacing_tr": 3.0,
  "spacing_x": 2.9696969985961914,
  "spacing_y": 2.9696969985961914,
  "spacing_z": 3.000000238418579,
  "summary_bg_k": 17.24166127992385,
  "summary_bg_mad": 22.367957299770097,
  "summary_bg_mean": 55.7091178894043,
  "summary_bg_median": 24.11909294128418,
  "summary_bg_n": 152347.0,
  "summary_bg_p05": 7.069943428039551,
  "summary_bg_p95": 208.65558166503894,
  "summary_bg_stdv": 86.03935241699219,
  "summary_fg_k": 3.8064031872161754,
  "summary_fg_mad": 136.8674680658467,
  "summary_fg_mean": 841.2296752929688,
  "summary_fg_median": 817.72119140625,
  "summary_fg_n": 39740.0,
  "summary_fg_p05": 635.1348815917969,
  "summary_fg_p95": 1133.5821655273423,
  "summary_fg_stdv": 167.11935424804688,
  "tsnr": 30.53047049883753
}