{
  "aor": 0.00026716337522441654,
  "aqi": 0.011066170610412927,
  "bids_meta": {
    "AcquisitionMatrixPE": 59,
    "BandwidthPerPixelPhaseEncode": 49.18,
    "BaseResolution": 66,
    "BodyPartExamined": "HEAD",
    "ConsistencyInfo": "N4_VD13A_LATEST_20120616",
    "ConversionSoftware": "dcm2niix",
    "ConversionSoftwareVersion": "v1.0.20180518 GCC4.8.5",
    "DerivedVendorReportedEchoSpacing": 0.000616166,
    "DwellTime": 4e-06,
    "EchoTime": 0.03,
    "EchoTrainLength": 29,
    "EffectiveEchoSpacing": 0.000308083,
    "FlipAngle": 87,
    "ImageOrientationPatientDICOM": [
      1,
      0,
      0,
      0,
      0.930418,
      -0.366501
    ],
    "ImageType": [
      "ORIGINAL",
      "PRIMARY",
      "M",
      "ND",
      "NORM",
      "MOSAIC"
    ],
    "InPlanePhaseEncodingDirectionDICOM": "COL",
    "MRAcquisitionType": "2D",
    "MagneticFieldStrength": 3,
    "Manufacturer": "Siemens",
    "ManufacturersModelName": "Skyra",
    "Modality": "MR",
    "ParallelReductionFactorInPlane": 2,
    "PartialFourier": 1,
    "PatientPosition": "HFS",
    "PercentPhaseFOV": 100,
    "PhaseEncodingDirection": "j-",
    "PhaseEncodingSteps": 59,
    "PhaseResolution": 0.9,
    "PixelBandwidth": 1895,
    "PulseSequenceDetails": "%SiemensSeq%_ep2d_pace",
    "ReceiveCoilActiveElements": "HE1-4",
    "ReceiveCoilName": "HeadNeck_20",
    "ReconMatrixPE": 66,
    "RepetitionTime": 3,
    "SAR": 0.125089,
    "ScanOptions": "FS",
    "ScanningSequence": "EP",
    "SequenceName": "_epfid2d1_59",
    "SequenceVariant": "SK_OSP",
    "ShimSetting": [
      3383,
      8698,
      9417,
      480,
      106,
      174,
      267,
      189
    ],
    "SliceThickness": 3,
    "SliceTiming": [
      1.49,
      0,
      1.545,
      0.055,
      1.6,
      0.11,
      1.655,
      0.165,
      1.71,
      0.22,
      1.765,
      0.275,
      1.82,
      0.33,
      1.875,
      0.385,
      1.93,
      0.44,
      1.985,
      0.495,
      2.04,
      0.55,
      2.095,
      0.605,
      2.15,
      0.66,
      2.205,
      0.7175,
      2.2625,
      0.7725,
      2.3175,
      0.8275,
      2.3725,
      0.8825,
      2.4275,
      0.9375,
      2.4825,
      0.9925,
      2.5375,
      1.0475,
      2.5925,
      1.1025,
      2.6475,
      1.1575,
      2.7025,
      1.2125,
      2.7575,
      1.2675,
      2.8125,
      1.3225,
      2.8675,
      1.3775,
      2.9225,
      1.4325
    ],
    "SoftwareVersions": "syngo_MR_D13",
    "SpacingBetweenSlices": 3,
    "TaskName": "Foraging task",
    "TotalReadoutTime": 0.0200254,
    "TxRefAmp": 326.379,
    "dataset": "ds001762",
    "modality": "bold",
    "run_id": 2,
    "subject_id": "18",
    "task_id": "forage"
  },
  "dummy_trs": 0,
  "dvars_nstd": 39.28397774183452,
  "dvars_std": 1.2720105870323744,
  "dvars_vstd": 0.9910771219424455,
  "efc": 0.5123962448166127,
  "fber": 1607.337890625,
  "fd_mean": 0.17145186392162826,
  "fd_num": 148,
  "fd_perc": 26.570915619389588,
  "fwhm_avg": 1.8865689645557113,
  "fwhm_x": 1.7563340645411154,
  "fwhm_y": 2.095466306138853,
  "fwhm_z": 1.8079065229871654,
  "gcor": 0.0784365,
  "gsr_x": -0.007359452545642853,
  "gsr_y": 0.045919373631477356,
  "provenance": {
    "md5sum": "a14a5dc1a17913410e361bfe2f305583",
    "settings": {
      "fd_thres": 0.2,
      "testing": false
    },
    "software": "mriqc",
    "version": "22.0.6",
    "webapi_port": null,
    "webapi_url": "https://mriqc.nimh.nih.gov/api/v1"
  },
  "size_t": 557,
  "size_x": 66,
  "size_y": 66,
  "size_z": 54,
  "snr": 5.224905279377987,
  "spacing_tr": 3.0,
  "spacing_x": 2.9696969985961914,
  "spacing_y": 2.9696969985961914,
  "spacing_z": 3.000000238418579,
  "summary_bg_k": 18.855530228329158,
  "summary_bg_mad": 17.012661660247975,
  "summary_bg_mean": 48.107059478759766,
  "summary_bg_median": 20.096948623657227,
  "summary_bg_n": 152314.0,
  "summary_bg_p05": 6.989228248596191,
  "summary_bg_p95": 187.2521575927735,
  "summary_bg_stdv": 78.45844268798828,
  "summary_fg_k": 3.6152919493398015,
  "summary_fg_mad": 133.36099256133116,
  "summary_fg_mean": 846.0949096679688,
  "summary_fg_median": 825.908447265625,
  "summary_fg_n": 39624.0,
  "summary_fg_p05": 651.2366302490234,
  "summary_fg_p95": 1105.7657958984375,
  "summary_fg_stdv": 158.06947326660156,
  "tsnr": 46.32926741614938
}