{
  "aor": 0.0002717551622418879,
  "aqi": 0.009483693967551624,
  "bids_meta": {
    "AcquisitionMatrixPE": 59,
    "BandwidthPerPixelPhaseEncode": 49.18,
    "BaseResolution": 66,
    "BodyPartExamined": "HEAD",
    "ConsistencyInfo": "N4_VD13A_LATEST_20120616",
    "ConversionSoftware": "dcm2niix",
    "ConversionSoftwareVersion": "v1.0.20180518 GCC4.8.5",
    "DerivedVendorReportedEchoSpacing": 0.000616166,
    "DwellTime": 4e-06,
    "EchoTime": 0.03,
    "EchoTrainLength": 29,
    "EffectiveEchoSpacing": 0.000308083,
    "FlipAngle": 87,
    "ImageOrientationPatientDICOM": [
      1,
      0,
      0,
      0,
      0.930418,
      -0.366501
    ],
    "ImageType": [
      "ORIGINAL",
      "PRIMARY",
      "M",
      "ND",
      "NORM",
      "MOSAIC"
    ],
    "InPlanePhaseEncodingDirectionDICOM": "COL",
    "MRAcquisitionType": "2D",
    "MagneticFieldStrength": 3,
    "Manufacturer": "Siemens",
    "ManufacturersModelName": "Skyra",
    "Modality": "MR",
    "ParallelReductionFactorInPlane": 2,
    "PartialFourier": 1,
    "PatientPosition": "HFS",
    "PercentPhaseFOV": 100,
    "PhaseEncodingDirection": "j-",
    "PhaseEncodingSteps": 59,
    "PhaseResolution": 0.9,
    "PixelBandwidth": 1895,
    "PulseSequenceDetails": "%SiemensSeq%_ep2d_pace",
    "ReceiveCoilActiveElements": "HE1-4",
    "ReceiveCoilName": "HeadNeck_20",
    "ReconMatrixPE": 66,
    "RepetitionTime": 3,
    "SAR": 0.125089,
    "ScanOptions": "FS",
    "ScanningSequence": "EP",
    "SequenceName": "_epfid2d1_59",
    "SequenceVariant": "SK_OSP",
    "ShimSetting": [
      3383,
      8698,
      9417,
      480,
      106,
      174,
      267,
      189
    ],
    "SliceThickness": 3,
    "SliceTiming": [
      1.49,
      0,
      1.545,
      0.055,
      1.6,
      0.11,
      1.655,
      0.165,
      1.71,
      0.22,
      1.765,
      0.275,
      1.82,
      0.33,
      1.875,
      0.385,
      1.93,
      0.44,
      1.985,
      0.495,
      2.04,
      0.55,
      2.095,
      0.605,
      2.15,
      0.66,
      2.205,
      0.7175,
      2.2625,
      0.7725,
      2.3175,
      0.8275,
      2.3725,
      0.8825,
      2.4275,
      0.9375,
      2.4825,
      0.9925,
      2.5375,
      1.0475,
      2.5925,
      1.1025,
      2.6475,
      1.1575,
      2.7025,
      1.2125,
      2.7575,
      1.2675,
      2.8125,
      1.3225,
      2.8675,
      1.3775,
      2.9225,
      1.4325
    ],
    "SoftwareVersions": "syngo_MR_D13",
    "SpacingBetweenSlices": 3,
    "TaskName": "Foraging task",
    "TotalReadoutTime": 0.0200254,
    "TxRefAmp": 326.379,
    "dataset": "ds001762",
    "modality": "bold",
    "run_id": 2,
    "subject_id": "15",
    "task_id": "forage"
  },
  "dummy_trs": 0,
  "dvars_nstd": 35.58731806827179,
  "dvars_std": 1.2544841212407682,
  "dvars_vstd": 0.9982995927474154,
  "efc": 0.5248727281321255,
  "fber": 1657.018798828125,
  "fd_mean": 0.10031568427261282,
  "fd_num": 43,
  "fd_perc": 6.342182890855457,
  "fwhm_avg": 1.7370842290751052,
  "fwhm_x": 1.6466191676496083,
  "fwhm_y": 1.8331701862423742,
  "fwhm_z": 1.7314633333333334,
  "gcor": 0.0766851,
  "gsr_x": 0.006799811497330666,
  "gsr_y": 0.047083985060453415,
  "provenance": {
    "md5sum": "5fa46b88b9b3f96fefcd03283dafa659",
    "settings": {
      "fd_thres": 0.2,
      "testing": false
    },
    "software": "mriqc",
    "version": "22.0.6",
    "webapi_port": null,
    "webapi_url": "https://mriqc.nimh.nih.gov/api/v1"
  },
  "size_t": 678,
  "size_x": 66,
  "size_y": 66,
  "size_z": 54,
  "snr": 5.379239105628249,
  "spacing_tr": 3.0,
  "spacing_x": 2.9696969985961914,
  "spacing_y": 2.9696969985961914,
  "spacing_z": 3.0,
  "summary_bg_k": 28.010778847102245,
  "summary_bg_mad": 18.22638443321569,
  "summary_bg_mean": 51.96770095825195,
  "summary_bg_median": 21.265485763549805,
  "summary_bg_n": 148003.0,
  "summary_bg_p05": 7.309734344482422,
  "summary_bg_p95": 203.99955291748026,
  "summary_bg_stdv": 87.2629165649414,
  "summary_fg_k": 2.3894973194275506,
  "summary_fg_mad": 142.5572165028503,
  "summary_fg_mean": 902.1303100585938,
  "summary_fg_median": 878.1371459960938,
  "summary_fg_n": 43841.0,
  "summary_fg_p05": 691.825927734375,
  "summary_fg_p95": 1200.0560302734375,
  "summary_fg_stdv": 163.24374389648438,
  "tsnr": 49.563209388172254
}