{
  "aor": 0.0007305497771173849,
  "aqi": 0.011068577444279346,
  "bids_meta": {
    "AcquisitionMatrixPE": 59,
    "BandwidthPerPixelPhaseEncode": 49.18,
    "BaseResolution": 66,
    "BodyPartExamined": "HEAD",
    "ConsistencyInfo": "N4_VD13A_LATEST_20120616",
    "ConversionSoftware": "dcm2niix",
    "ConversionSoftwareVersion": "v1.0.20180518 GCC4.8.5",
    "DerivedVendorReportedEchoSpacing": 0.000616166,
    "DwellTime": 4e-06,
    "EchoTime": 0.03,
    "EchoTrainLength": 29,
    "EffectiveEchoSpacing": 0.000308083,
    "FlipAngle": 87,
    "ImageOrientationPatientDICOM": [
      1,
      0,
      0,
      0,
      0.930418,
      -0.366501
    ],
    "ImageType": [
      "ORIGINAL",
      "PRIMARY",
      "M",
      "ND",
      "NORM",
      "MOSAIC"
    ],
    "InPlanePhaseEncodingDirectionDICOM": "COL",
    "MRAcquisitionType": "2D",
    "MagneticFieldStrength": 3,
    "Manufacturer": "Siemens",
    "ManufacturersModelName": "Skyra",
    "Modality": "MR",
    "ParallelReductionFactorInPlane": 2,
    "PartialFourier": 1,
    "PatientPosition": "HFS",
    "PercentPhaseFOV": 100,
    "PhaseEncodingDirection": "j-",
    "PhaseEncodingSteps": 59,
    "PhaseResolution": 0.9,
    "PixelBandwidth": 1895,
    "PulseSequenceDetails": "%SiemensSeq%_ep2d_pace",
    "ReceiveCoilActiveElements": "HE1-4",
    "ReceiveCoilName": "HeadNeck_20",
    "ReconMatrixPE": 66,
    "RepetitionTime": 3,
    "SAR": 0.125089,
    "ScanOptions": "FS",
    "ScanningSequence": "EP",
    "SequenceName": "_epfid2d1_59",
    "SequenceVariant": "SK_OSP",
    "ShimSetting": [
      3383,
      8698,
      9417,
      480,
      106,
      174,
      267,
      189
    ],
    "SliceThickness": 3,
    "SliceTiming": [
      1.49,
      0,
      1.545,
      0.055,
      1.6,
      0.11,
      1.655,
      0.165,
      1.71,
      0.22,
      1.765,
      0.275,
      1.82,
      0.33,
      1.875,
      0.385,
      1.93,
      0.44,
      1.985,
      0.495,
      2.04,
      0.55,
      2.095,
      0.605,
      2.15,
      0.66,
      2.205,
      0.7175,
      2.2625,
      0.7725,
      2.3175,
      0.8275,
      2.3725,
      0.8825,
      2.4275,
      0.9375,
      2.4825,
      0.9925,
      2.5375,
      1.0475,
      2.5925,
      1.1025,
      2.6475,
      1.1575,
      2.7025,
      1.2125,
      2.7575,
      1.2675,
      2.8125,
      1.3225,
      2.8675,
      1.3775,
      2.9225,
      1.4325
    ],
    "SoftwareVersions": "syngo_MR_D13",
    "SpacingBetweenSlices": 3,
    "TaskName": "Foraging task",
    "TotalReadoutTime": 0.0200254,
    "TxRefAmp": 326.379,
    "dataset": "ds001762",
    "modality": "bold",
    "run_id": 3,
    "subject_id": "15",
    "task_id": "forage"
  },
  "dummy_trs": 0,
  "dvars_nstd": 39.44032040674112,
  "dvars_std": 1.2201370212351181,
  "dvars_vstd": 1.004148723869048,
  "efc": 0.5351800076030897,
  "fber": 1243.4241943359375,
  "fd_mean": 0.11973018594838537,
  "fd_num": 80,
  "fd_perc": 11.887072808320951,
  "fwhm_avg": 1.8251715526588443,
  "fwhm_x": 1.7497879421558387,
  "fwhm_y": 1.9394167158206947,
  "fwhm_z": 1.78631,
  "gcor": 0.054175,
  "gsr_x": 0.0029258287977427244,
  "gsr_y": 0.06517890840768814,
  "provenance": {
    "md5sum": "b5315a01e1e171a37ad7e9d57b5636ba",
    "settings": {
      "fd_thres": 0.2,
      "testing": false
    },
    "software": "mriqc",
    "version": "22.0.6",
    "webapi_port": null,
    "webapi_url": "https://mriqc.nimh.nih.gov/api/v1"
  },
  "size_t": 673,
  "size_x": 66,
  "size_y": 66,
  "size_z": 54,
  "snr": 5.030961393830135,
  "spacing_tr": 3.0,
  "spacing_x": 2.9696969985961914,
  "spacing_y": 2.9696969985961914,
  "spacing_z": 3.0,
  "summary_bg_k": 25.46807227864446,
  "summary_bg_mad": 22.551855932149145,
  "summary_bg_mean": 58.69510269165039,
  "summary_bg_median": 24.47696876525879,
  "summary_bg_n": 147962.0,
  "summary_bg_p05": 7.488855838775635,
  "summary_bg_p95": 218.4153770446775,
  "summary_bg_stdv": 91.05789184570312,
  "summary_fg_k": 1.7560172513081875,
  "summary_fg_mad": 153.78532217131803,
  "summary_fg_mean": 903.9638061523438,
  "summary_fg_median": 877.4115600585938,
  "summary_fg_n": 43851.0,
  "summary_fg_p05": 673.0958251953125,
  "summary_fg_p95": 1223.4813842773438,
  "summary_fg_stdv": 174.40037536621094,
  "tsnr": 43.343223791744094
}