{
  "aor": 0.00016076203208556148,
  "aqi": 0.008473533288770051,
  "bids_meta": {
    "AcquisitionMatrixPE": 59,
    "BandwidthPerPixelPhaseEncode": 49.18,
    "BaseResolution": 66,
    "BodyPartExamined": "HEAD",
    "ConsistencyInfo": "N4_VD13A_LATEST_20120616",
    "ConversionSoftware": "dcm2niix",
    "ConversionSoftwareVersion": "v1.0.20180518 GCC4.8.5",
    "DerivedVendorReportedEchoSpacing": 0.000616166,
    "DwellTime": 4e-06,
    "EchoTime": 0.03,
    "EchoTrainLength": 29,
    "EffectiveEchoSpacing": 0.000308083,
    "FlipAngle": 87,
    "ImageOrientationPatientDICOM": [
      1,
      0,
      0,
      0,
      0.930418,
      -0.366501
    ],
    "ImageType": [
      "ORIGINAL",
      "PRIMARY",
      "M",
      "ND",
      "NORM",
      "MOSAIC"
    ],
    "InPlanePhaseEncodingDirectionDICOM": "COL",
    "MRAcquisitionType": "2D",
    "MagneticFieldStrength": 3,
    "Manufacturer": "Siemens",
    "ManufacturersModelName": "Skyra",
    "Modality": "MR",
    "ParallelReductionFactorInPlane": 2,
    "PartialFourier": 1,
    "PatientPosition": "HFS",
    "PercentPhaseFOV": 100,
    "PhaseEncodingDirection": "j-",
    "PhaseEncodingSteps": 59,
    "PhaseResolution": 0.9,
    "PixelBandwidth": 1895,
    "PulseSequenceDetails": "%SiemensSeq%_ep2d_pace",
    "ReceiveCoilActiveElements": "HE1-4",
    "ReceiveCoilName": "HeadNeck_20",
    "ReconMatrixPE": 66,
    "RepetitionTime": 3,
    "SAR": 0.125089,
    "ScanOptions": "FS",
    "ScanningSequence": "EP",
    "SequenceName": "_epfid2d1_59",
    "SequenceVariant": "SK_OSP",
    "ShimSetting": [
      3383,
      8698,
      9417,
      480,
      106,
      174,
      267,
      189
    ],
    "SliceThickness": 3,
    "SliceTiming": [
      1.49,
      0,
      1.545,
      0.055,
      1.6,
      0.11,
      1.655,
      0.165,
      1.71,
      0.22,
      1.765,
      0.275,
      1.82,
      0.33,
      1.875,
      0.385,
      1.93,
      0.44,
      1.985,
      0.495,
      2.04,
      0.55,
      2.095,
      0.605,
      2.15,
      0.66,
      2.205,
      0.7175,
      2.2625,
      0.7725,
      2.3175,
      0.8275,
      2.3725,
      0.8825,
      2.4275,
      0.9375,
      2.4825,
      0.9925,
      2.5375,
      1.0475,
      2.5925,
      1.1025,
      2.6475,
      1.1575,
      2.7025,
      1.2125,
      2.7575,
      1.2675,
      2.8125,
      1.3225,
      2.8675,
      1.3775,
      2.9225,
      1.4325
    ],
    "SoftwareVersions": "syngo_MR_D13",
    "SpacingBetweenSlices": 3,
    "TaskName": "Foraging task",
    "TotalReadoutTime": 0.0200254,
    "TxRefAmp": 326.379,
    "dataset": "ds001762",
    "modality": "bold",
    "run_id": 1,
    "subject_id": "15",
    "task_id": "forage"
  },
  "dummy_trs": 0,
  "dvars_nstd": 33.56159720376173,
  "dvars_std": 1.3519621347255677,
  "dvars_vstd": 0.9766142493574292,
  "efc": 0.5144893812292602,
  "fber": 2463.6865234375,
  "fd_mean": 0.08379527189386388,
  "fd_num": 31,
  "fd_perc": 4.144385026737968,
  "fwhm_avg": 1.6216896947210044,
  "fwhm_x": 1.5270850871801855,
  "fwhm_y": 1.708147330316161,
  "fwhm_z": 1.6298366666666666,
  "gcor": 0.237701,
  "gsr_x": 0.00834529846906662,
  "gsr_y": 0.028341492637991905,
  "provenance": {
    "md5sum": "66406efe91207419768df5b51adc3bea",
    "settings": {
      "fd_thres": 0.2,
      "testing": false
    },
    "software": "mriqc",
    "version": "22.0.6",
    "webapi_port": null,
    "webapi_url": "https://mriqc.nimh.nih.gov/api/v1"
  },
  "size_t": 748,
  "size_x": 66,
  "size_y": 66,
  "size_z": 54,
  "snr": 5.8378760946196495,
  "spacing_tr": 3.0,
  "spacing_x": 2.9696969985961914,
  "spacing_y": 2.9696969985961914,
  "spacing_z": 3.0,
  "summary_bg_k": 28.682687605289903,
  "summary_bg_mad": 12.029296172642052,
  "summary_bg_mean": 43.866241455078125,
  "summary_bg_median": 17.037433624267578,
  "summary_bg_n": 148018.0,
  "summary_bg_p05": 7.136363983154297,
  "summary_bg_p95": 181.85602111816388,
  "summary_bg_stdv": 78.93360900878906,
  "summary_fg_k": 2.7136884106185475,
  "summary_fg_mad": 131.97738734154655,
  "summary_fg_mean": 868.653076171875,
  "summary_fg_median": 849.2232666015625,
  "summary_fg_n": 43803.0,
  "summary_fg_p05": 685.1426574707032,
  "summary_fg_p95": 1122.3443115234375,
  "summary_fg_stdv": 145.4661865234375,
  "tsnr": 49.62535675801337
}