{
  "aor": 0.0027787187039764356,
  "aqi": 0.007861552268041238,
  "bids_meta": {
    "AcquisitionMatrixPE": 59,
    "BandwidthPerPixelPhaseEncode": 49.18,
    "BaseResolution": 66,
    "BodyPartExamined": "HEAD",
    "ConsistencyInfo": "N4_VD13A_LATEST_20120616",
    "ConversionSoftware": "dcm2niix",
    "ConversionSoftwareVersion": "v1.0.20180518 GCC4.8.5",
    "DerivedVendorReportedEchoSpacing": 0.000616166,
    "DwellTime": 4e-06,
    "EchoTime": 0.03,
    "EchoTrainLength": 29,
    "EffectiveEchoSpacing": 0.000308083,
    "FlipAngle": 87,
    "ImageOrientationPatientDICOM": [
      1,
      0,
      0,
      0,
      0.930418,
      -0.366501
    ],
    "ImageType": [
      "ORIGINAL",
      "PRIMARY",
      "M",
      "ND",
      "NORM",
      "MOSAIC"
    ],
    "InPlanePhaseEncodingDirectionDICOM": "COL",
    "MRAcquisitionType": "2D",
    "MagneticFieldStrength": 3,
    "Manufacturer": "Siemens",
    "ManufacturersModelName": "Skyra",
    "Modality": "MR",
    "ParallelReductionFactorInPlane": 2,
    "PartialFourier": 1,
    "PatientPosition": "HFS",
    "PercentPhaseFOV": 100,
    "PhaseEncodingDirection": "j-",
    "PhaseEncodingSteps": 59,
    "PhaseResolution": 0.9,
    "PixelBandwidth": 1895,
    "PulseSequenceDetails": "%SiemensSeq%_ep2d_pace",
    "ReceiveCoilActiveElements": "HE1-4",
    "ReceiveCoilName": "HeadNeck_20",
    "ReconMatrixPE": 66,
    "RepetitionTime": 3,
    "SAR": 0.125089,
    "ScanOptions": "FS",
    "ScanningSequence": "EP",
    "SequenceName": "_epfid2d1_59",
    "SequenceVariant": "SK_OSP",
    "ShimSetting": [
      3383,
      8698,
      9417,
      480,
      106,
      174,
      267,
      189
    ],
    "SliceThickness": 3,
    "SliceTiming": [
      1.49,
      0,
      1.545,
      0.055,
      1.6,
      0.11,
      1.655,
      0.165,
      1.71,
      0.22,
      1.765,
      0.275,
      1.82,
      0.33,
      1.875,
      0.385,
      1.93,
      0.44,
      1.985,
      0.495,
      2.04,
      0.55,
      2.095,
      0.605,
      2.15,
      0.66,
      2.205,
      0.7175,
      2.2625,
      0.7725,
      2.3175,
      0.8275,
      2.3725,
      0.8825,
      2.4275,
      0.9375,
      2.4825,
      0.9925,
      2.5375,
      1.0475,
      2.5925,
      1.1025,
      2.6475,
      1.1575,
      2.7025,
      1.2125,
      2.7575,
      1.2675,
      2.8125,
      1.3225,
      2.8675,
      1.3775,
      2.9225,
      1.4325
    ],
    "SoftwareVersions": "syngo_MR_D13",
    "SpacingBetweenSlices": 3,
    "TaskName": "Foraging task",
    "TotalReadoutTime": 0.0200254,
    "TxRefAmp": 326.379,
    "dataset": "ds001762",
    "modality": "bold",
    "run_id": 2,
    "subject_id": "21",
    "task_id": "forage"
  },
  "dummy_trs": 0,
  "dvars_nstd": 32.80547242743362,
  "dvars_std": 1.3728826909144531,
  "dvars_vstd": 1.033559678967551,
  "efc": 0.4917515275188583,
  "fber": 2094.229248046875,
  "fd_mean": 0.1564914268647945,
  "fd_num": 106,
  "fd_perc": 15.61119293078056,
  "fwhm_avg": 1.6681959302033282,
  "fwhm_x": 1.558953658298632,
  "fwhm_y": 1.7827407989780193,
  "fwhm_z": 1.6628933333333331,
  "gcor": 0.035162,
  "gsr_x": 0.006319347769021988,
  "gsr_y": 0.020672891288995743,
  "provenance": {
    "md5sum": "9d5fe91fbb9a977b55e87fdc6bb1c603",
    "settings": {
      "fd_thres": 0.2,
      "testing": false
    },
    "software": "mriqc",
    "version": "22.0.6",
    "webapi_port": null,
    "webapi_url": "https://mriqc.nimh.nih.gov/api/v1"
  },
  "size_t": 679,
  "size_x": 66,
  "size_y": 66,
  "size_z": 54,
  "snr": 6.093447704581341,
  "spacing_tr": 3.0,
  "spacing_x": 2.9696969985961914,
  "spacing_y": 2.9696969985961914,
  "spacing_z": 3.0,
  "summary_bg_k": 29.304800166955957,
  "summary_bg_mad": 13.12070216998196,
  "summary_bg_mean": 42.69827651977539,
  "summary_bg_median": 17.643592834472656,
  "summary_bg_n": 156103.0,
  "summary_bg_p05": 6.970544815063477,
  "summary_bg_p95": 166.1368148803709,
  "summary_bg_stdv": 77.19954681396484,
  "summary_fg_k": 2.4175216477332597,
  "summary_fg_mad": 126.0681533283109,
  "summary_fg_mean": 828.4976806640625,
  "summary_fg_median": 813.0780639648438,
  "summary_fg_n": 37054.0,
  "summary_fg_p05": 651.8117218017578,
  "summary_fg_p95": 1050.018359375,
  "summary_fg_stdv": 133.43301391601562,
  "tsnr": 58.19389842450619
}