{
  "aor": 0.0001810998552821997,
  "aqi": 0.006461896439942114,
  "bids_meta": {
    "AcquisitionMatrixPE": 59,
    "BandwidthPerPixelPhaseEncode": 49.18,
    "BaseResolution": 66,
    "BodyPartExamined": "HEAD",
    "ConsistencyInfo": "N4_VD13A_LATEST_20120616",
    "ConversionSoftware": "dcm2niix",
    "ConversionSoftwareVersion": "v1.0.20180518 GCC4.8.5",
    "DerivedVendorReportedEchoSpacing": 0.000616166,
    "DwellTime": 4e-06,
    "EchoTime": 0.03,
    "EchoTrainLength": 29,
    "EffectiveEchoSpacing": 0.000308083,
    "FlipAngle": 87,
    "ImageOrientationPatientDICOM": [
      1,
      0,
      0,
      0,
      0.930418,
      -0.366501
    ],
    "ImageType": [
      "ORIGINAL",
      "PRIMARY",
      "M",
      "ND",
      "NORM",
      "MOSAIC"
    ],
    "InPlanePhaseEncodingDirectionDICOM": "COL",
    "MRAcquisitionType": "2D",
    "MagneticFieldStrength": 3,
    "Manufacturer": "Siemens",
    "ManufacturersModelName": "Skyra",
    "Modality": "MR",
    "ParallelReductionFactorInPlane": 2,
    "PartialFourier": 1,
    "PatientPosition": "HFS",
    "PercentPhaseFOV": 100,
    "PhaseEncodingDirection": "j-",
    "PhaseEncodingSteps": 59,
    "PhaseResolution": 0.9,
    "PixelBandwidth": 1895,
    "PulseSequenceDetails": "%SiemensSeq%_ep2d_pace",
    "ReceiveCoilActiveElements": "HE1-4",
    "ReceiveCoilName": "HeadNeck_20",
    "ReconMatrixPE": 66,
    "RepetitionTime": 3,
    "SAR": 0.125089,
    "ScanOptions": "FS",
    "ScanningSequence": "EP",
    "SequenceName": "_epfid2d1_59",
    "SequenceVariant": "SK_OSP",
    "ShimSetting": [
      3383,
      8698,
      9417,
      480,
      106,
      174,
      267,
      189
    ],
    "SliceThickness": 3,
    "SliceTiming": [
      1.49,
      0,
      1.545,
      0.055,
      1.6,
      0.11,
      1.655,
      0.165,
      1.71,
      0.22,
      1.765,
      0.275,
      1.82,
      0.33,
      1.875,
      0.385,
      1.93,
      0.44,
      1.985,
      0.495,
      2.04,
      0.55,
      2.095,
      0.605,
      2.15,
      0.66,
      2.205,
      0.7175,
      2.2625,
      0.7725,
      2.3175,
      0.8275,
      2.3725,
      0.8825,
      2.4275,
      0.9375,
      2.4825,
      0.9925,
      2.5375,
      1.0475,
      2.5925,
      1.1025,
      2.6475,
      1.1575,
      2.7025,
      1.2125,
      2.7575,
      1.2675,
      2.8125,
      1.3225,
      2.8675,
      1.3775,
      2.9225,
      1.4325
    ],
    "SoftwareVersions": "syngo_MR_D13",
    "SpacingBetweenSlices": 3,
    "TaskName": "Foraging task",
    "TotalReadoutTime": 0.0200254,
    "TxRefAmp": 326.379,
    "dataset": "ds001762",
    "modality": "bold",
    "run_id": 1,
    "subject_id": "21",
    "task_id": "forage"
  },
  "dummy_trs": 0,
  "dvars_nstd": 30.23202410144927,
  "dvars_std": 1.352717851811594,
  "dvars_vstd": 0.9881710613913051,
  "efc": 0.4877651301125392,
  "fber": 2313.943115234375,
  "fd_mean": 0.07523238075552846,
  "fd_num": 23,
  "fd_perc": 3.3285094066570187,
  "fwhm_avg": 1.650848662713706,
  "fwhm_x": 1.5505285563398032,
  "fwhm_y": 1.765247431801315,
  "fwhm_z": 1.63677,
  "gcor": 0.209108,
  "gsr_x": 0.0078795300796628,
  "gsr_y": 0.01882621832191944,
  "provenance": {
    "md5sum": "da81bb9df6d04d14bfea5c53eaa22c9a",
    "settings": {
      "fd_thres": 0.2,
      "testing": false
    },
    "software": "mriqc",
    "version": "22.0.6",
    "webapi_port": null,
    "webapi_url": "https://mriqc.nimh.nih.gov/api/v1"
  },
  "size_t": 691,
  "size_x": 66,
  "size_y": 66,
  "size_z": 54,
  "snr": 6.132331429671046,
  "spacing_tr": 3.0,
  "spacing_x": 2.9696969985961914,
  "spacing_y": 2.9696969985961914,
  "spacing_z": 3.0,
  "summary_bg_k": 29.616565447860694,
  "summary_bg_mad": 11.397370232394378,
  "summary_bg_mean": 39.22830581665039,
  "summary_bg_median": 16.412445068359375,
  "summary_bg_n": 156173.0,
  "summary_bg_p05": 6.989869594573975,
  "summary_bg_p95": 151.69927368164056,
  "summary_bg_stdv": 70.89505004882812,
  "summary_fg_k": 2.467527736995672,
  "summary_fg_mad": 123.03444731174595,
  "summary_fg_mean": 805.9607543945312,
  "summary_fg_median": 792.140380859375,
  "summary_fg_n": 37111.0,
  "summary_fg_p05": 632.8914184570312,
  "summary_fg_p95": 1016.1707153320312,
  "summary_fg_stdv": 129.1726837158203,
  "tsnr": 56.3520057592541
}