{
  "aor": 0.00016556204379562046,
  "aqi": 0.007916042686131388,
  "bids_meta": {
    "AcquisitionMatrixPE": 59,
    "BandwidthPerPixelPhaseEncode": 49.18,
    "BaseResolution": 66,
    "BodyPartExamined": "HEAD",
    "ConsistencyInfo": "N4_VD13A_LATEST_20120616",
    "ConversionSoftware": "dcm2niix",
    "ConversionSoftwareVersion": "v1.0.20180518 GCC4.8.5",
    "DerivedVendorReportedEchoSpacing": 0.000616166,
    "DwellTime": 4e-06,
    "EchoTime": 0.03,
    "EchoTrainLength": 29,
    "EffectiveEchoSpacing": 0.000308083,
    "FlipAngle": 87,
    "ImageOrientationPatientDICOM": [
      1,
      0,
      0,
      0,
      0.930418,
      -0.366501
    ],
    "ImageType": [
      "ORIGINAL",
      "PRIMARY",
      "M",
      "ND",
      "NORM",
      "MOSAIC"
    ],
    "InPlanePhaseEncodingDirectionDICOM": "COL",
    "MRAcquisitionType": "2D",
    "MagneticFieldStrength": 3,
    "Manufacturer": "Siemens",
    "ManufacturersModelName": "Skyra",
    "Modality": "MR",
    "ParallelReductionFactorInPlane": 2,
    "PartialFourier": 1,
    "PatientPosition": "HFS",
    "PercentPhaseFOV": 100,
    "PhaseEncodingDirection": "j-",
    "PhaseEncodingSteps": 59,
    "PhaseResolution": 0.9,
    "PixelBandwidth": 1895,
    "PulseSequenceDetails": "%SiemensSeq%_ep2d_pace",
    "ReceiveCoilActiveElements": "HE1-4",
    "ReceiveCoilName": "HeadNeck_20",
    "ReconMatrixPE": 66,
    "RepetitionTime": 3,
    "SAR": 0.125089,
    "ScanOptions": "FS",
    "ScanningSequence": "EP",
    "SequenceName": "_epfid2d1_59",
    "SequenceVariant": "SK_OSP",
    "ShimSetting": [
      3383,
      8698,
      9417,
      480,
      106,
      174,
      267,
      189
    ],
    "SliceThickness": 3,
    "SliceTiming": [
      1.49,
      0,
      1.545,
      0.055,
      1.6,
      0.11,
      1.655,
      0.165,
      1.71,
      0.22,
      1.765,
      0.275,
      1.82,
      0.33,
      1.875,
      0.385,
      1.93,
      0.44,
      1.985,
      0.495,
      2.04,
      0.55,
      2.095,
      0.605,
      2.15,
      0.66,
      2.205,
      0.7175,
      2.2625,
      0.7725,
      2.3175,
      0.8275,
      2.3725,
      0.8825,
      2.4275,
      0.9375,
      2.4825,
      0.9925,
      2.5375,
      1.0475,
      2.5925,
      1.1025,
      2.6475,
      1.1575,
      2.7025,
      1.2125,
      2.7575,
      1.2675,
      2.8125,
      1.3225,
      2.8675,
      1.3775,
      2.9225,
      1.4325
    ],
    "SoftwareVersions": "syngo_MR_D13",
    "SpacingBetweenSlices": 3,
    "TaskName": "Foraging task",
    "TotalReadoutTime": 0.0200254,
    "TxRefAmp": 326.379,
    "dataset": "ds001762",
    "modality": "bold",
    "run_id": 3,
    "subject_id": "21",
    "task_id": "forage"
  },
  "dummy_trs": 0,
  "dvars_nstd": 31.37255064663744,
  "dvars_std": 1.2776450671929829,
  "dvars_vstd": 0.996840683669592,
  "efc": 0.4942393273275167,
  "fber": 1859.8016357421875,
  "fd_mean": 0.07548755566140167,
  "fd_num": 25,
  "fd_perc": 3.6496350364963503,
  "fwhm_avg": 1.6927238778744857,
  "fwhm_x": 1.5916876375719222,
  "fwhm_y": 1.8038473293848687,
  "fwhm_z": 1.6826366666666666,
  "gcor": 0.0154036,
  "gsr_x": 0.007160552777349949,
  "gsr_y": 0.026094425469636917,
  "provenance": {
    "md5sum": "4770fc2af08c829e367d198b8b59fa45",
    "settings": {
      "fd_thres": 0.2,
      "testing": false
    },
    "software": "mriqc",
    "version": "22.0.6",
    "webapi_port": null,
    "webapi_url": "https://mriqc.nimh.nih.gov/api/v1"
  },
  "size_t": 685,
  "size_x": 66,
  "size_y": 66,
  "size_z": 54,
  "snr": 6.00473636360562,
  "spacing_tr": 3.0,
  "spacing_x": 2.9696969985961914,
  "spacing_y": 2.9696969985961914,
  "spacing_z": 3.0,
  "summary_bg_k": 30.174473693463412,
  "summary_bg_mad": 14.903940469526965,
  "summary_bg_mean": 44.05833053588867,
  "summary_bg_median": 18.808757781982422,
  "summary_bg_n": 156037.0,
  "summary_bg_p05": 6.928466796875,
  "summary_bg_p95": 166.88525390624906,
  "summary_bg_stdv": 77.7363052368164,
  "summary_fg_k": 2.35145013655588,
  "summary_fg_mad": 126.352294622629,
  "summary_fg_mean": 834.3878784179688,
  "summary_fg_median": 817.7313842773438,
  "summary_fg_n": 37131.0,
  "summary_fg_p05": 652.4569091796875,
  "summary_fg_p95": 1065.562744140625,
  "summary_fg_stdv": 136.17922973632812,
  "tsnr": 60.06000222044531
}