{
  "aor": 0.0003392079207920792,
  "aqi": 0.009919211654879774,
  "bids_meta": {
    "AcquisitionMatrixPE": 59,
    "BandwidthPerPixelPhaseEncode": 49.18,
    "BaseResolution": 66,
    "BodyPartExamined": "HEAD",
    "ConsistencyInfo": "N4_VD13A_LATEST_20120616",
    "ConversionSoftware": "dcm2niix",
    "ConversionSoftwareVersion": "v1.0.20180518 GCC4.8.5",
    "DerivedVendorReportedEchoSpacing": 0.000616166,
    "DwellTime": 4e-06,
    "EchoTime": 0.03,
    "EchoTrainLength": 29,
    "EffectiveEchoSpacing": 0.000308083,
    "FlipAngle": 87,
    "ImageOrientationPatientDICOM": [
      1,
      0,
      0,
      0,
      0.930418,
      -0.366501
    ],
    "ImageType": [
      "ORIGINAL",
      "PRIMARY",
      "M",
      "ND",
      "NORM",
      "MOSAIC"
    ],
    "InPlanePhaseEncodingDirectionDICOM": "COL",
    "MRAcquisitionType": "2D",
    "MagneticFieldStrength": 3,
    "Manufacturer": "Siemens",
    "ManufacturersModelName": "Skyra",
    "Modality": "MR",
    "ParallelReductionFactorInPlane": 2,
    "PartialFourier": 1,
    "PatientPosition": "HFS",
    "PercentPhaseFOV": 100,
    "PhaseEncodingDirection": "j-",
    "PhaseEncodingSteps": 59,
    "PhaseResolution": 0.9,
    "PixelBandwidth": 1895,
    "PulseSequenceDetails": "%SiemensSeq%_ep2d_pace",
    "ReceiveCoilActiveElements": "HE1-4",
    "ReceiveCoilName": "HeadNeck_20",
    "ReconMatrixPE": 66,
    "RepetitionTime": 3,
    "SAR": 0.125089,
    "ScanOptions": "FS",
    "ScanningSequence": "EP",
    "SequenceName": "_epfid2d1_59",
    "SequenceVariant": "SK_OSP",
    "ShimSetting": [
      3383,
      8698,
      9417,
      480,
      106,
      174,
      267,
      189
    ],
    "SliceThickness": 3,
    "SliceTiming": [
      1.49,
      0,
      1.545,
      0.055,
      1.6,
      0.11,
      1.655,
      0.165,
      1.71,
      0.22,
      1.765,
      0.275,
      1.82,
      0.33,
      1.875,
      0.385,
      1.93,
      0.44,
      1.985,
      0.495,
      2.04,
      0.55,
      2.095,
      0.605,
      2.15,
      0.66,
      2.205,
      0.7175,
      2.2625,
      0.7725,
      2.3175,
      0.8275,
      2.3725,
      0.8825,
      2.4275,
      0.9375,
      2.4825,
      0.9925,
      2.5375,
      1.0475,
      2.5925,
      1.1025,
      2.6475,
      1.1575,
      2.7025,
      1.2125,
      2.7575,
      1.2675,
      2.8125,
      1.3225,
      2.8675,
      1.3775,
      2.9225,
      1.4325
    ],
    "SoftwareVersions": "syngo_MR_D13",
    "SpacingBetweenSlices": 3,
    "TaskName": "Foraging task",
    "TotalReadoutTime": 0.0200254,
    "TxRefAmp": 326.379,
    "dataset": "ds001762",
    "modality": "bold",
    "run_id": 3,
    "subject_id": "08",
    "task_id": "forage"
  },
  "dummy_trs": 0,
  "dvars_nstd": 34.44623374949011,
  "dvars_std": 1.1533573593909336,
  "dvars_vstd": 0.9976145942067997,
  "efc": 0.5292081240555936,
  "fber": 1322.244140625,
  "fd_mean": 0.10891937441568533,
  "fd_num": 59,
  "fd_perc": 8.345120226308346,
  "fwhm_avg": 1.795478366959581,
  "fwhm_x": 1.6978903916404648,
  "fwhm_y": 1.916778042571612,
  "fwhm_z": 1.7717666666666665,
  "gcor": 0.0540741,
  "gsr_x": 0.000980052282102406,
  "gsr_y": 0.06489037722349167,
  "provenance": {
    "md5sum": "a09befb7605afcd14c5563fdb9f4f361",
    "settings": {
      "fd_thres": 0.2,
      "testing": false
    },
    "software": "mriqc",
    "version": "22.0.6",
    "webapi_port": null,
    "webapi_url": "https://mriqc.nimh.nih.gov/api/v1"
  },
  "size_t": 707,
  "size_x": 66,
  "size_y": 66,
  "size_z": 54,
  "snr": 5.336763072929188,
  "spacing_tr": 3.0,
  "spacing_x": 2.9696969985961914,
  "spacing_y": 2.9696969985961914,
  "spacing_z": 3.0,
  "summary_bg_k": 34.874198931172096,
  "summary_bg_mad": 21.025900109113383,
  "summary_bg_mean": 53.252159118652344,
  "summary_bg_median": 22.876237869262695,
  "summary_bg_n": 149692.0,
  "summary_bg_p05": 7.033946514129639,
  "summary_bg_p95": 192.09562301635674,
  "summary_bg_stdv": 87.04908752441406,
  "summary_fg_k": 1.1057801039482085,
  "summary_fg_mad": 149.36221952005246,
  "summary_fg_mean": 860.3374633789062,
  "summary_fg_median": 841.9073486328125,
  "summary_fg_n": 43106.0,
  "summary_fg_p05": 638.2326965332031,
  "summary_fg_p95": 1137.8829956054688,
  "summary_fg_stdv": 157.7543487548828,
  "tsnr": 45.762185984291136
}