{
  "aor": 0.00041630769230769217,
  "aqi": 0.0071210017435897445,
  "bids_meta": {
    "AcquisitionMatrixPE": 59,
    "BandwidthPerPixelPhaseEncode": 49.18,
    "BaseResolution": 66,
    "BodyPartExamined": "HEAD",
    "ConsistencyInfo": "N4_VD13A_LATEST_20120616",
    "ConversionSoftware": "dcm2niix",
    "ConversionSoftwareVersion": "v1.0.20180518 GCC4.8.5",
    "DerivedVendorReportedEchoSpacing": 0.000616166,
    "DwellTime": 4e-06,
    "EchoTime": 0.03,
    "EchoTrainLength": 29,
    "EffectiveEchoSpacing": 0.000308083,
    "FlipAngle": 87,
    "ImageOrientationPatientDICOM": [
      1,
      0,
      0,
      0,
      0.930418,
      -0.366501
    ],
    "ImageType": [
      "ORIGINAL",
      "PRIMARY",
      "M",
      "ND",
      "NORM",
      "MOSAIC"
    ],
    "InPlanePhaseEncodingDirectionDICOM": "COL",
    "MRAcquisitionType": "2D",
    "MagneticFieldStrength": 3,
    "Manufacturer": "Siemens",
    "ManufacturersModelName": "Skyra",
    "Modality": "MR",
    "ParallelReductionFactorInPlane": 2,
    "PartialFourier": 1,
    "PatientPosition": "HFS",
    "PercentPhaseFOV": 100,
    "PhaseEncodingDirection": "j-",
    "PhaseEncodingSteps": 59,
    "PhaseResolution": 0.9,
    "PixelBandwidth": 1895,
    "PulseSequenceDetails": "%SiemensSeq%_ep2d_pace",
    "ReceiveCoilActiveElements": "HE1-4",
    "ReceiveCoilName": "HeadNeck_20",
    "ReconMatrixPE": 66,
    "RepetitionTime": 3,
    "SAR": 0.125089,
    "ScanOptions": "FS",
    "ScanningSequence": "EP",
    "SequenceName": "_epfid2d1_59",
    "SequenceVariant": "SK_OSP",
    "ShimSetting": [
      3383,
      8698,
      9417,
      480,
      106,
      174,
      267,
      189
    ],
    "SliceThickness": 3,
    "SliceTiming": [
      1.49,
      0,
      1.545,
      0.055,
      1.6,
      0.11,
      1.655,
      0.165,
      1.71,
      0.22,
      1.765,
      0.275,
      1.82,
      0.33,
      1.875,
      0.385,
      1.93,
      0.44,
      1.985,
      0.495,
      2.04,
      0.55,
      2.095,
      0.605,
      2.15,
      0.66,
      2.205,
      0.7175,
      2.2625,
      0.7725,
      2.3175,
      0.8275,
      2.3725,
      0.8825,
      2.4275,
      0.9375,
      2.4825,
      0.9925,
      2.5375,
      1.0475,
      2.5925,
      1.1025,
      2.6475,
      1.1575,
      2.7025,
      1.2125,
      2.7575,
      1.2675,
      2.8125,
      1.3225,
      2.8675,
      1.3775,
      2.9225,
      1.4325
    ],
    "SoftwareVersions": "syngo_MR_D13",
    "SpacingBetweenSlices": 3,
    "TaskName": "Foraging task",
    "TotalReadoutTime": 0.0200254,
    "TxRefAmp": 326.379,
    "dataset": "ds001762",
    "modality": "bold",
    "run_id": 1,
    "subject_id": "08",
    "task_id": "forage"
  },
  "dummy_trs": 0,
  "dvars_nstd": 25.22548377797174,
  "dvars_std": 1.1865286408985893,
  "dvars_vstd": 0.9754612831193827,
  "efc": 0.5077925168554114,
  "fber": 2662.2861328125,
  "fd_mean": 0.07457975549146398,
  "fd_num": 38,
  "fd_perc": 4.871794871794871,
  "fwhm_avg": 1.5843984591353817,
  "fwhm_x": 1.473773250964289,
  "fwhm_y": 1.686842126441857,
  "fwhm_z": 1.5925799999999999,
  "gcor": 0.3476,
  "gsr_x": 0.00605451175943017,
  "gsr_y": 0.022723155096173286,
  "provenance": {
    "md5sum": "16793485ac09ff36f890efcfc0fc70d3",
    "settings": {
      "fd_thres": 0.2,
      "testing": false
    },
    "software": "mriqc",
    "version": "22.0.6",
    "webapi_port": null,
    "webapi_url": "https://mriqc.nimh.nih.gov/api/v1"
  },
  "size_t": 780,
  "size_x": 66,
  "size_y": 66,
  "size_z": 54,
  "snr": 6.348400152832014,
  "spacing_tr": 3.0,
  "spacing_x": 2.9696969985961914,
  "spacing_y": 2.9696969985961914,
  "spacing_z": 3.0,
  "summary_bg_k": 32.84067497196036,
  "summary_bg_mad": 10.79638650992565,
  "summary_bg_mean": 41.11447525024414,
  "summary_bg_median": 16.184616088867188,
  "summary_bg_n": 149565.0,
  "summary_bg_p05": 7.029487609863281,
  "summary_bg_p95": 176.7774444580076,
  "summary_bg_stdv": 78.0914306640625,
  "summary_fg_k": 1.7569572157877626,
  "summary_fg_mad": 137.20821139188325,
  "summary_fg_mean": 845.8634643554688,
  "summary_fg_median": 839.763427734375,
  "summary_fg_n": 42628.0,
  "summary_fg_p05": 661.9325805664063,
  "summary_fg_p95": 1054.2867614746094,
  "summary_fg_stdv": 132.27798461914062,
  "tsnr": 49.031831957399845
}