{
  "aor": 0.0003621340388007055,
  "aqi": 0.006749142239858907,
  "bids_meta": {
    "AcquisitionMatrixPE": 59,
    "BandwidthPerPixelPhaseEncode": 49.18,
    "BaseResolution": 66,
    "BodyPartExamined": "HEAD",
    "ConsistencyInfo": "N4_VD13A_LATEST_20120616",
    "ConversionSoftware": "dcm2niix",
    "ConversionSoftwareVersion": "v1.0.20180518 GCC4.8.5",
    "DerivedVendorReportedEchoSpacing": 0.000616166,
    "DwellTime": 4e-06,
    "EchoTime": 0.03,
    "EchoTrainLength": 29,
    "EffectiveEchoSpacing": 0.000308083,
    "FlipAngle": 87,
    "ImageOrientationPatientDICOM": [
      1,
      0,
      0,
      0,
      0.930418,
      -0.366501
    ],
    "ImageType": [
      "ORIGINAL",
      "PRIMARY",
      "M",
      "ND",
      "NORM",
      "MOSAIC"
    ],
    "InPlanePhaseEncodingDirectionDICOM": "COL",
    "MRAcquisitionType": "2D",
    "MagneticFieldStrength": 3,
    "Manufacturer": "Siemens",
    "ManufacturersModelName": "Skyra",
    "Modality": "MR",
    "ParallelReductionFactorInPlane": 2,
    "PartialFourier": 1,
    "PatientPosition": "HFS",
    "PercentPhaseFOV": 100,
    "PhaseEncodingDirection": "j-",
    "PhaseEncodingSteps": 59,
    "PhaseResolution": 0.9,
    "PixelBandwidth": 1895,
    "PulseSequenceDetails": "%SiemensSeq%_ep2d_pace",
    "ReceiveCoilActiveElements": "HE1-4",
    "ReceiveCoilName": "HeadNeck_20",
    "ReconMatrixPE": 66,
    "RepetitionTime": 3,
    "SAR": 0.125089,
    "ScanOptions": "FS",
    "ScanningSequence": "EP",
    "SequenceName": "_epfid2d1_59",
    "SequenceVariant": "SK_OSP",
    "ShimSetting": [
      3383,
      8698,
      9417,
      480,
      106,
      174,
      267,
      189
    ],
    "SliceThickness": 3,
    "SliceTiming": [
      1.49,
      0,
      1.545,
      0.055,
      1.6,
      0.11,
      1.655,
      0.165,
      1.71,
      0.22,
      1.765,
      0.275,
      1.82,
      0.33,
      1.875,
      0.385,
      1.93,
      0.44,
      1.985,
      0.495,
      2.04,
      0.55,
      2.095,
      0.605,
      2.15,
      0.66,
      2.205,
      0.7175,
      2.2625,
      0.7725,
      2.3175,
      0.8275,
      2.3725,
      0.8825,
      2.4275,
      0.9375,
      2.4825,
      0.9925,
      2.5375,
      1.0475,
      2.5925,
      1.1025,
      2.6475,
      1.1575,
      2.7025,
      1.2125,
      2.7575,
      1.2675,
      2.8125,
      1.3225,
      2.8675,
      1.3775,
      2.9225,
      1.4325
    ],
    "SoftwareVersions": "syngo_MR_D13",
    "SpacingBetweenSlices": 3,
    "TaskName": "Foraging task",
    "TotalReadoutTime": 0.0200254,
    "TxRefAmp": 326.379,
    "dataset": "ds001762",
    "modality": "bold",
    "run_id": 2,
    "subject_id": "14",
    "task_id": "forage"
  },
  "dummy_trs": 0,
  "dvars_nstd": 29.230143119151936,
  "dvars_std": 1.3071144138339226,
  "dvars_vstd": 1.0006043260070683,
  "efc": 0.5062261138315617,
  "fber": 2291.7138671875,
  "fd_mean": 0.08465783844496111,
  "fd_num": 40,
  "fd_perc": 7.054673721340388,
  "fwhm_avg": 1.731318662127099,
  "fwhm_x": 1.638887739153417,
  "fwhm_y": 1.8577282472278804,
  "fwhm_z": 1.6973399999999998,
  "gcor": 0.0750862,
  "gsr_x": -0.005327094811946154,
  "gsr_y": 0.03617319092154503,
  "provenance": {
    "md5sum": "5b333bc6aaed8d53bbead6d46720d19a",
    "settings": {
      "fd_thres": 0.2,
      "testing": false
    },
    "software": "mriqc",
    "version": "22.0.6",
    "webapi_port": null,
    "webapi_url": "https://mriqc.nimh.nih.gov/api/v1"
  },
  "size_t": 567,
  "size_x": 66,
  "size_y": 66,
  "size_z": 54,
  "snr": 5.849304914288303,
  "spacing_tr": 3.0,
  "spacing_x": 2.9696969985961914,
  "spacing_y": 2.9696969985961914,
  "spacing_z": 3.0,
  "summary_bg_k": 23.030982211472647,
  "summary_bg_mad": 15.286231824691388,
  "summary_bg_mean": 44.001197814941406,
  "summary_bg_median": 19.920635223388672,
  "summary_bg_n": 149040.0,
  "summary_bg_p05": 7.358024597167969,
  "summary_bg_p95": 158.74629669189446,
  "summary_bg_stdv": 71.60214233398438,
  "summary_fg_k": 2.4707245003120937,
  "summary_fg_mad": 152.3772844198564,
  "summary_fg_mean": 981.781005859375,
  "summary_fg_median": 965.6013793945312,
  "summary_fg_n": 42306.0,
  "summary_fg_p05": 757.7768707275391,
  "summary_fg_p95": 1256.8267211914062,
  "summary_fg_stdv": 165.07772827148438,
  "tsnr": 59.863883601501584
}