{
  "aor": 0.00016855172413793103,
  "aqi": 0.006090451293103449,
  "bids_meta": {
    "AcquisitionMatrixPE": 59,
    "BandwidthPerPixelPhaseEncode": 49.18,
    "BaseResolution": 66,
    "BodyPartExamined": "HEAD",
    "ConsistencyInfo": "N4_VD13A_LATEST_20120616",
    "ConversionSoftware": "dcm2niix",
    "ConversionSoftwareVersion": "v1.0.20180518 GCC4.8.5",
    "DerivedVendorReportedEchoSpacing": 0.000616166,
    "DwellTime": 4e-06,
    "EchoTime": 0.03,
    "EchoTrainLength": 29,
    "EffectiveEchoSpacing": 0.000308083,
    "FlipAngle": 87,
    "ImageOrientationPatientDICOM": [
      1,
      0,
      0,
      0,
      0.930418,
      -0.366501
    ],
    "ImageType": [
      "ORIGINAL",
      "PRIMARY",
      "M",
      "ND",
      "NORM",
      "MOSAIC"
    ],
    "InPlanePhaseEncodingDirectionDICOM": "COL",
    "MRAcquisitionType": "2D",
    "MagneticFieldStrength": 3,
    "Manufacturer": "Siemens",
    "ManufacturersModelName": "Skyra",
    "Modality": "MR",
    "ParallelReductionFactorInPlane": 2,
    "PartialFourier": 1,
    "PatientPosition": "HFS",
    "PercentPhaseFOV": 100,
    "PhaseEncodingDirection": "j-",
    "PhaseEncodingSteps": 59,
    "PhaseResolution": 0.9,
    "PixelBandwidth": 1895,
    "PulseSequenceDetails": "%SiemensSeq%_ep2d_pace",
    "ReceiveCoilActiveElements": "HE1-4",
    "ReceiveCoilName": "HeadNeck_20",
    "ReconMatrixPE": 66,
    "RepetitionTime": 3,
    "SAR": 0.125089,
    "ScanOptions": "FS",
    "ScanningSequence": "EP",
    "SequenceName": "_epfid2d1_59",
    "SequenceVariant": "SK_OSP",
    "ShimSetting": [
      3383,
      8698,
      9417,
      480,
      106,
      174,
      267,
      189
    ],
    "SliceThickness": 3,
    "SliceTiming": [
      1.49,
      0,
      1.545,
      0.055,
      1.6,
      0.11,
      1.655,
      0.165,
      1.71,
      0.22,
      1.765,
      0.275,
      1.82,
      0.33,
      1.875,
      0.385,
      1.93,
      0.44,
      1.985,
      0.495,
      2.04,
      0.55,
      2.095,
      0.605,
      2.15,
      0.66,
      2.205,
      0.7175,
      2.2625,
      0.7725,
      2.3175,
      0.8275,
      2.3725,
      0.8825,
      2.4275,
      0.9375,
      2.4825,
      0.9925,
      2.5375,
      1.0475,
      2.5925,
      1.1025,
      2.6475,
      1.1575,
      2.7025,
      1.2125,
      2.7575,
      1.2675,
      2.8125,
      1.3225,
      2.8675,
      1.3775,
      2.9225,
      1.4325
    ],
    "SoftwareVersions": "syngo_MR_D13",
    "SpacingBetweenSlices": 3,
    "TaskName": "Foraging task",
    "TotalReadoutTime": 0.0200254,
    "TxRefAmp": 326.379,
    "dataset": "ds001762",
    "modality": "bold",
    "run_id": 1,
    "subject_id": "14",
    "task_id": "forage"
  },
  "dummy_trs": 0,
  "dvars_nstd": 26.563261658272857,
  "dvars_std": 1.2675791277892912,
  "dvars_vstd": 0.957635153523316,
  "efc": 0.5001708369357696,
  "fber": 2750.853271484375,
  "fd_mean": 0.08016091116272792,
  "fd_num": 26,
  "fd_perc": 4.482758620689655,
  "fwhm_avg": 1.7029674491893603,
  "fwhm_x": 1.6135720251140593,
  "fwhm_y": 1.8170136557873544,
  "fwhm_z": 1.6783166666666667,
  "gcor": 0.297147,
  "gsr_x": -0.004070216324180365,
  "gsr_y": 0.028363749384880066,
  "provenance": {
    "md5sum": "b996f890186e4b2b7e2007ae46b73781",
    "settings": {
      "fd_thres": 0.2,
      "testing": false
    },
    "software": "mriqc",
    "version": "22.0.6",
    "webapi_port": null,
    "webapi_url": "https://mriqc.nimh.nih.gov/api/v1"
  },
  "size_t": 580,
  "size_x": 66,
  "size_y": 66,
  "size_z": 54,
  "snr": 5.968396328107738,
  "spacing_tr": 3.0,
  "spacing_x": 2.9696969985961914,
  "spacing_y": 2.9696969985961914,
  "spacing_z": 3.0,
  "summary_bg_k": 24.33246603916816,
  "summary_bg_mad": 12.39251092379105,
  "summary_bg_mean": 38.89730453491211,
  "summary_bg_median": 17.82241439819336,
  "summary_bg_n": 149044.0,
  "summary_bg_p05": 7.218965530395508,
  "summary_bg_p95": 139.85345458984375,
  "summary_bg_stdv": 64.22533416748047,
  "summary_fg_k": 2.6172392920246716,
  "summary_fg_mad": 144.71347791420658,
  "summary_fg_mean": 957.0673828125,
  "summary_fg_median": 943.1025390625,
  "summary_fg_n": 42358.0,
  "summary_fg_p05": 741.5235443115234,
  "summary_fg_p95": 1212.7149780273437,
  "summary_fg_stdv": 158.0142059326172,
  "tsnr": 54.08328839018941
}