{
  "aor": 0.00027654716981132075,
  "aqi": 0.0072569599245283015,
  "bids_meta": {
    "AcquisitionMatrixPE": 59,
    "BandwidthPerPixelPhaseEncode": 49.18,
    "BaseResolution": 66,
    "BodyPartExamined": "HEAD",
    "ConsistencyInfo": "N4_VD13A_LATEST_20120616",
    "ConversionSoftware": "dcm2niix",
    "ConversionSoftwareVersion": "v1.0.20180518 GCC4.8.5",
    "DerivedVendorReportedEchoSpacing": 0.000616166,
    "DwellTime": 4e-06,
    "EchoTime": 0.03,
    "EchoTrainLength": 29,
    "EffectiveEchoSpacing": 0.000308083,
    "FlipAngle": 87,
    "ImageOrientationPatientDICOM": [
      1,
      0,
      0,
      0,
      0.930418,
      -0.366501
    ],
    "ImageType": [
      "ORIGINAL",
      "PRIMARY",
      "M",
      "ND",
      "NORM",
      "MOSAIC"
    ],
    "InPlanePhaseEncodingDirectionDICOM": "COL",
    "MRAcquisitionType": "2D",
    "MagneticFieldStrength": 3,
    "Manufacturer": "Siemens",
    "ManufacturersModelName": "Skyra",
    "Modality": "MR",
    "ParallelReductionFactorInPlane": 2,
    "PartialFourier": 1,
    "PatientPosition": "HFS",
    "PercentPhaseFOV": 100,
    "PhaseEncodingDirection": "j-",
    "PhaseEncodingSteps": 59,
    "PhaseResolution": 0.9,
    "PixelBandwidth": 1895,
    "PulseSequenceDetails": "%SiemensSeq%_ep2d_pace",
    "ReceiveCoilActiveElements": "HE1-4",
    "ReceiveCoilName": "HeadNeck_20",
    "ReconMatrixPE": 66,
    "RepetitionTime": 3,
    "SAR": 0.125089,
    "ScanOptions": "FS",
    "ScanningSequence": "EP",
    "SequenceName": "_epfid2d1_59",
    "SequenceVariant": "SK_OSP",
    "ShimSetting": [
      3383,
      8698,
      9417,
      480,
      106,
      174,
      267,
      189
    ],
    "SliceThickness": 3,
    "SliceTiming": [
      1.49,
      0,
      1.545,
      0.055,
      1.6,
      0.11,
      1.655,
      0.165,
      1.71,
      0.22,
      1.765,
      0.275,
      1.82,
      0.33,
      1.875,
      0.385,
      1.93,
      0.44,
      1.985,
      0.495,
      2.04,
      0.55,
      2.095,
      0.605,
      2.15,
      0.66,
      2.205,
      0.7175,
      2.2625,
      0.7725,
      2.3175,
      0.8275,
      2.3725,
      0.8825,
      2.4275,
      0.9375,
      2.4825,
      0.9925,
      2.5375,
      1.0475,
      2.5925,
      1.1025,
      2.6475,
      1.1575,
      2.7025,
      1.2125,
      2.7575,
      1.2675,
      2.8125,
      1.3225,
      2.8675,
      1.3775,
      2.9225,
      1.4325
    ],
    "SoftwareVersions": "syngo_MR_D13",
    "SpacingBetweenSlices": 3,
    "TaskName": "Foraging task",
    "TotalReadoutTime": 0.0200254,
    "TxRefAmp": 326.379,
    "dataset": "ds001762",
    "modality": "bold",
    "run_id": 3,
    "subject_id": "14",
    "task_id": "forage"
  },
  "dummy_trs": 0,
  "dvars_nstd": 30.865457935179588,
  "dvars_std": 1.238818630283555,
  "dvars_vstd": 1.0019800962759922,
  "efc": 0.5118735406818321,
  "fber": 1921.26708984375,
  "fd_mean": 0.0800518362121471,
  "fd_num": 36,
  "fd_perc": 6.7924528301886795,
  "fwhm_avg": 1.800788412196473,
  "fwhm_x": 1.7085110037820095,
  "fwhm_y": 1.9414808994740766,
  "fwhm_z": 1.7523733333333331,
  "gcor": 0.0266872,
  "gsr_x": -0.0071129463613033295,
  "gsr_y": 0.04669886827468872,
  "provenance": {
    "md5sum": "c32e58408633463d5edd08386ac09883",
    "settings": {
      "fd_thres": 0.2,
      "testing": false
    },
    "software": "mriqc",
    "version": "22.0.6",
    "webapi_port": null,
    "webapi_url": "https://mriqc.nimh.nih.gov/api/v1"
  },
  "size_t": 530,
  "size_x": 66,
  "size_y": 66,
  "size_z": 54,
  "snr": 5.490781735892473,
  "spacing_tr": 3.0,
  "spacing_x": 2.9696969985961914,
  "spacing_y": 2.9696969985961914,
  "spacing_z": 3.0,
  "summary_bg_k": 21.646537996583472,
  "summary_bg_mad": 17.933892529401966,
  "summary_bg_mean": 48.363216400146484,
  "summary_bg_median": 21.99811363220215,
  "summary_bg_n": 149095.0,
  "summary_bg_p05": 7.48490571975708,
  "summary_bg_p95": 169.57396697998038,
  "summary_bg_stdv": 74.52468872070312,
  "summary_fg_k": 2.4276292771274743,
  "summary_fg_mad": 162.29037693895137,
  "summary_fg_mean": 997.5568237304688,
  "summary_fg_median": 978.298095703125,
  "summary_fg_n": 42328.0,
  "summary_fg_p05": 756.6544372558594,
  "summary_fg_p95": 1302.2005798339844,
  "summary_fg_stdv": 178.1688995361328,
  "tsnr": 56.79944503388833
}