{
  "aor": 0.0007215653298835706,
  "aqi": 0.009261505588615783,
  "bids_meta": {
    "AcquisitionMatrixPE": 59,
    "BandwidthPerPixelPhaseEncode": 49.18,
    "BaseResolution": 66,
    "BodyPartExamined": "HEAD",
    "ConsistencyInfo": "N4_VD13A_LATEST_20120616",
    "ConversionSoftware": "dcm2niix",
    "ConversionSoftwareVersion": "v1.0.20180518 GCC4.8.5",
    "DerivedVendorReportedEchoSpacing": 0.000616166,
    "DwellTime": 4e-06,
    "EchoTime": 0.03,
    "EchoTrainLength": 29,
    "EffectiveEchoSpacing": 0.000308083,
    "FlipAngle": 87,
    "ImageOrientationPatientDICOM": [
      1,
      0,
      0,
      0,
      0.930418,
      -0.366501
    ],
    "ImageType": [
      "ORIGINAL",
      "PRIMARY",
      "M",
      "ND",
      "NORM",
      "MOSAIC"
    ],
    "InPlanePhaseEncodingDirectionDICOM": "COL",
    "MRAcquisitionType": "2D",
    "MagneticFieldStrength": 3,
    "Manufacturer": "Siemens",
    "ManufacturersModelName": "Skyra",
    "Modality": "MR",
    "ParallelReductionFactorInPlane": 2,
    "PartialFourier": 1,
    "PatientPosition": "HFS",
    "PercentPhaseFOV": 100,
    "PhaseEncodingDirection": "j-",
    "PhaseEncodingSteps": 59,
    "PhaseResolution": 0.9,
    "PixelBandwidth": 1895,
    "PulseSequenceDetails": "%SiemensSeq%_ep2d_pace",
    "ReceiveCoilActiveElements": "HE1-4",
    "ReceiveCoilName": "HeadNeck_20",
    "ReconMatrixPE": 66,
    "RepetitionTime": 3,
    "SAR": 0.125089,
    "ScanOptions": "FS",
    "ScanningSequence": "EP",
    "SequenceName": "_epfid2d1_59",
    "SequenceVariant": "SK_OSP",
    "ShimSetting": [
      3383,
      8698,
      9417,
      480,
      106,
      174,
      267,
      189
    ],
    "SliceThickness": 3,
    "SliceTiming": [
      1.49,
      0,
      1.545,
      0.055,
      1.6,
      0.11,
      1.655,
      0.165,
      1.71,
      0.22,
      1.765,
      0.275,
      1.82,
      0.33,
      1.875,
      0.385,
      1.93,
      0.44,
      1.985,
      0.495,
      2.04,
      0.55,
      2.095,
      0.605,
      2.15,
      0.66,
      2.205,
      0.7175,
      2.2625,
      0.7725,
      2.3175,
      0.8275,
      2.3725,
      0.8825,
      2.4275,
      0.9375,
      2.4825,
      0.9925,
      2.5375,
      1.0475,
      2.5925,
      1.1025,
      2.6475,
      1.1575,
      2.7025,
      1.2125,
      2.7575,
      1.2675,
      2.8125,
      1.3225,
      2.8675,
      1.3775,
      2.9225,
      1.4325
    ],
    "SoftwareVersions": "syngo_MR_D13",
    "SpacingBetweenSlices": 3,
    "TaskName": "Foraging task",
    "TotalReadoutTime": 0.0200254,
    "TxRefAmp": 326.379,
    "dataset": "ds001762",
    "modality": "bold",
    "run_id": 3,
    "subject_id": "31",
    "task_id": "forage"
  },
  "dummy_trs": 0,
  "dvars_nstd": 34.71725622967619,
  "dvars_std": 1.168639209792745,
  "dvars_vstd": 1.0126337518134718,
  "efc": 0.55704444928107,
  "fber": 1057.9129638671875,
  "fd_mean": 0.07675798809132905,
  "fd_num": 49,
  "fd_perc": 6.338939197930142,
  "fwhm_avg": 1.8443539785386045,
  "fwhm_x": 1.7345405953654407,
  "fwhm_y": 2.0854046735837053,
  "fwhm_z": 1.7131166666666668,
  "gcor": 0.0206082,
  "gsr_x": -0.015600412152707577,
  "gsr_y": 0.08956871181726456,
  "provenance": {
    "md5sum": "e382c60843f66e9047d0ee8bd1769c8b",
    "settings": {
      "fd_thres": 0.2,
      "testing": false
    },
    "software": "mriqc",
    "version": "22.0.6",
    "webapi_port": null,
    "webapi_url": "https://mriqc.nimh.nih.gov/api/v1"
  },
  "size_t": 773,
  "size_x": 66,
  "size_y": 66,
  "size_z": 54,
  "snr": 5.166219195143512,
  "spacing_tr": 3.0,
  "spacing_x": 2.9696969985961914,
  "spacing_y": 2.9696969985961914,
  "spacing_z": 3.0,
  "summary_bg_k": 28.79328331915141,
  "summary_bg_mad": 23.210493642561318,
  "summary_bg_mean": 62.84980010986328,
  "summary_bg_median": 26.177879333496094,
  "summary_bg_n": 143496.0,
  "summary_bg_p05": 8.210866928100586,
  "summary_bg_p95": 245.89456939697266,
  "summary_bg_stdv": 98.60731506347656,
  "summary_fg_k": 0.958925681920495,
  "summary_fg_mad": 158.61346190327401,
  "summary_fg_mean": 899.0618286132812,
  "summary_fg_median": 880.1597900390625,
  "summary_fg_n": 47120.0,
  "summary_fg_p05": 654.92607421875,
  "summary_fg_p95": 1202.127667236328,
  "summary_fg_stdv": 170.366455078125,
  "tsnr": 45.6370174693875
}