{
  "aor": 0.0002815743944636678,
  "aqi": 0.00950618686851211,
  "bids_meta": {
    "AcquisitionMatrixPE": 59,
    "BandwidthPerPixelPhaseEncode": 49.18,
    "BaseResolution": 66,
    "BodyPartExamined": "HEAD",
    "ConsistencyInfo": "N4_VD13A_LATEST_20120616",
    "ConversionSoftware": "dcm2niix",
    "ConversionSoftwareVersion": "v1.0.20180518 GCC4.8.5",
    "DerivedVendorReportedEchoSpacing": 0.000616166,
    "DwellTime": 4e-06,
    "EchoTime": 0.03,
    "EchoTrainLength": 29,
    "EffectiveEchoSpacing": 0.000308083,
    "FlipAngle": 87,
    "ImageOrientationPatientDICOM": [
      1,
      0,
      0,
      0,
      0.930418,
      -0.366501
    ],
    "ImageType": [
      "ORIGINAL",
      "PRIMARY",
      "M",
      "ND",
      "NORM",
      "MOSAIC"
    ],
    "InPlanePhaseEncodingDirectionDICOM": "COL",
    "MRAcquisitionType": "2D",
    "MagneticFieldStrength": 3,
    "Manufacturer": "Siemens",
    "ManufacturersModelName": "Skyra",
    "Modality": "MR",
    "ParallelReductionFactorInPlane": 2,
    "PartialFourier": 1,
    "PatientPosition": "HFS",
    "PercentPhaseFOV": 100,
    "PhaseEncodingDirection": "j-",
    "PhaseEncodingSteps": 59,
    "PhaseResolution": 0.9,
    "PixelBandwidth": 1895,
    "PulseSequenceDetails": "%SiemensSeq%_ep2d_pace",
    "ReceiveCoilActiveElements": "HE1-4",
    "ReceiveCoilName": "HeadNeck_20",
    "ReconMatrixPE": 66,
    "RepetitionTime": 3,
    "SAR": 0.125089,
    "ScanOptions": "FS",
    "ScanningSequence": "EP",
    "SequenceName": "_epfid2d1_59",
    "SequenceVariant": "SK_OSP",
    "ShimSetting": [
      3383,
      8698,
      9417,
      480,
      106,
      174,
      267,
      189
    ],
    "SliceThickness": 3,
    "SliceTiming": [
      1.49,
      0,
      1.545,
      0.055,
      1.6,
      0.11,
      1.655,
      0.165,
      1.71,
      0.22,
      1.765,
      0.275,
      1.82,
      0.33,
      1.875,
      0.385,
      1.93,
      0.44,
      1.985,
      0.495,
      2.04,
      0.55,
      2.095,
      0.605,
      2.15,
      0.66,
      2.205,
      0.7175,
      2.2625,
      0.7725,
      2.3175,
      0.8275,
      2.3725,
      0.8825,
      2.4275,
      0.9375,
      2.4825,
      0.9925,
      2.5375,
      1.0475,
      2.5925,
      1.1025,
      2.6475,
      1.1575,
      2.7025,
      1.2125,
      2.7575,
      1.2675,
      2.8125,
      1.3225,
      2.8675,
      1.3775,
      2.9225,
      1.4325
    ],
    "SoftwareVersions": "syngo_MR_D13",
    "SpacingBetweenSlices": 3,
    "TaskName": "Foraging task",
    "TotalReadoutTime": 0.0200254,
    "TxRefAmp": 326.379,
    "dataset": "ds001762",
    "modality": "bold",
    "run_id": 2,
    "subject_id": "06",
    "task_id": "forage"
  },
  "dummy_trs": 0,
  "dvars_nstd": 33.38523360310226,
  "dvars_std": 1.237937185337956,
  "dvars_vstd": 0.999048533136915,
  "efc": 0.49777941362724043,
  "fber": 1583.06982421875,
  "fd_mean": 0.0786682165972743,
  "fd_num": 27,
  "fd_perc": 4.671280276816609,
  "fwhm_avg": 1.7002429253199676,
  "fwhm_x": 1.5494947808396595,
  "fwhm_y": 1.8995473284535764,
  "fwhm_z": 1.6516866666666665,
  "gcor": 0.126072,
  "gsr_x": -0.014678255654871464,
  "gsr_y": 0.035613179206848145,
  "provenance": {
    "md5sum": "6a6296b5cd53011c7c60a2c498ca0258",
    "settings": {
      "fd_thres": 0.2,
      "testing": false
    },
    "software": "mriqc",
    "version": "22.0.6",
    "webapi_port": null,
    "webapi_url": "https://mriqc.nimh.nih.gov/api/v1"
  },
  "size_t": 578,
  "size_x": 66,
  "size_y": 66,
  "size_z": 54,
  "snr": 5.927384027809703,
  "spacing_tr": 3.0,
  "spacing_x": 2.9696969985961914,
  "spacing_y": 2.9696969985961914,
  "spacing_z": 3.0,
  "summary_bg_k": 17.25384292488081,
  "summary_bg_mad": 16.08803172823799,
  "summary_bg_mean": 51.35398864746094,
  "summary_bg_median": 21.505191802978516,
  "summary_bg_n": 158109.0,
  "summary_bg_p05": 8.115917205810547,
  "summary_bg_p95": 213.61834716796884,
  "summary_bg_stdv": 85.6439208984375,
  "summary_fg_k": 1.6721149565661788,
  "summary_fg_mad": 138.4847659265792,
  "summary_fg_mean": 872.6268920898438,
  "summary_fg_median": 857.570068359375,
  "summary_fg_n": 35948.0,
  "summary_fg_p05": 673.4839111328125,
  "summary_fg_p95": 1115.8719421386718,
  "summary_fg_stdv": 144.67733764648438,
  "tsnr": 52.055070761125535
}