{
  "aor": 0.00023406849315068496,
  "aqi": 0.012405419630136985,
  "bids_meta": {
    "AcquisitionMatrixPE": 59,
    "BandwidthPerPixelPhaseEncode": 49.18,
    "BaseResolution": 66,
    "BodyPartExamined": "HEAD",
    "ConsistencyInfo": "N4_VD13A_LATEST_20120616",
    "ConversionSoftware": "dcm2niix",
    "ConversionSoftwareVersion": "v1.0.20180518 GCC4.8.5",
    "DerivedVendorReportedEchoSpacing": 0.000616166,
    "DwellTime": 4e-06,
    "EchoTime": 0.03,
    "EchoTrainLength": 29,
    "EffectiveEchoSpacing": 0.000308083,
    "FlipAngle": 87,
    "ImageOrientationPatientDICOM": [
      1,
      0,
      0,
      0,
      0.930418,
      -0.366501
    ],
    "ImageType": [
      "ORIGINAL",
      "PRIMARY",
      "M",
      "ND",
      "NORM",
      "MOSAIC"
    ],
    "InPlanePhaseEncodingDirectionDICOM": "COL",
    "MRAcquisitionType": "2D",
    "MagneticFieldStrength": 3,
    "Manufacturer": "Siemens",
    "ManufacturersModelName": "Skyra",
    "Modality": "MR",
    "ParallelReductionFactorInPlane": 2,
    "PartialFourier": 1,
    "PatientPosition": "HFS",
    "PercentPhaseFOV": 100,
    "PhaseEncodingDirection": "j-",
    "PhaseEncodingSteps": 59,
    "PhaseResolution": 0.9,
    "PixelBandwidth": 1895,
    "PulseSequenceDetails": "%SiemensSeq%_ep2d_pace",
    "ReceiveCoilActiveElements": "HE1-4",
    "ReceiveCoilName": "HeadNeck_20",
    "ReconMatrixPE": 66,
    "RepetitionTime": 3,
    "SAR": 0.125089,
    "ScanOptions": "FS",
    "ScanningSequence": "EP",
    "SequenceName": "_epfid2d1_59",
    "SequenceVariant": "SK_OSP",
    "ShimSetting": [
      3383,
      8698,
      9417,
      480,
      106,
      174,
      267,
      189
    ],
    "SliceThickness": 3,
    "SliceTiming": [
      1.49,
      0,
      1.545,
      0.055,
      1.6,
      0.11,
      1.655,
      0.165,
      1.71,
      0.22,
      1.765,
      0.275,
      1.82,
      0.33,
      1.875,
      0.385,
      1.93,
      0.44,
      1.985,
      0.495,
      2.04,
      0.55,
      2.095,
      0.605,
      2.15,
      0.66,
      2.205,
      0.7175,
      2.2625,
      0.7725,
      2.3175,
      0.8275,
      2.3725,
      0.8825,
      2.4275,
      0.9375,
      2.4825,
      0.9925,
      2.5375,
      1.0475,
      2.5925,
      1.1025,
      2.6475,
      1.1575,
      2.7025,
      1.2125,
      2.7575,
      1.2675,
      2.8125,
      1.3225,
      2.8675,
      1.3775,
      2.9225,
      1.4325
    ],
    "SoftwareVersions": "syngo_MR_D13",
    "SpacingBetweenSlices": 3,
    "TaskName": "Foraging task",
    "TotalReadoutTime": 0.0200254,
    "TxRefAmp": 326.379,
    "dataset": "ds001762",
    "modality": "bold",
    "run_id": 3,
    "subject_id": "25",
    "task_id": "forage"
  },
  "dummy_trs": 0,
  "dvars_nstd": 37.703954856227675,
  "dvars_std": 1.1720070004938263,
  "dvars_vstd": 0.9987264496433467,
  "efc": 0.5227537068148824,
  "fber": 972.7850341796875,
  "fd_mean": 0.07152864620700909,
  "fd_num": 17,
  "fd_perc": 2.328767123287671,
  "fwhm_avg": 1.8545014730219471,
  "fwhm_x": 1.8199634516770165,
  "fwhm_y": 1.9530376340554914,
  "fwhm_z": 1.7905033333333333,
  "gcor": 0.0380597,
  "gsr_x": -0.007376157678663731,
  "gsr_y": 0.053329356014728546,
  "provenance": {
    "md5sum": "347a8173bc1401d9866d04c9d148c540",
    "settings": {
      "fd_thres": 0.2,
      "testing": false
    },
    "software": "mriqc",
    "version": "22.0.6",
    "webapi_port": null,
    "webapi_url": "https://mriqc.nimh.nih.gov/api/v1"
  },
  "size_t": 730,
  "size_x": 66,
  "size_y": 66,
  "size_z": 54,
  "snr": 4.943020855762106,
  "spacing_tr": 3.0,
  "spacing_x": 2.9696969985961914,
  "spacing_y": 2.9696969985961914,
  "spacing_z": 3.0,
  "summary_bg_k": 35.35364662660055,
  "summary_bg_mad": 24.858975501334157,
  "summary_bg_mean": 55.942501068115234,
  "summary_bg_median": 28.116439819335938,
  "summary_bg_n": 151831.0,
  "summary_bg_p05": 8.460273742675781,
  "summary_bg_p95": 187.00000762939453,
  "summary_bg_stdv": 79.75885009765625,
  "summary_fg_k": 1.6679345957722944,
  "summary_fg_mad": 159.12179429844338,
  "summary_fg_mean": 915.2103271484375,
  "summary_fg_median": 891.6616821289062,
  "summary_fg_n": 40922.0,
  "summary_fg_p05": 669.6074188232421,
  "summary_fg_p95": 1247.4534240722655,
  "summary_fg_stdv": 180.38580322265625,
  "tsnr": 43.39850206626579
}