{
  "aor": 5.916417910447761e-05,
  "aqi": 0.007693219820895522,
  "bids_meta": {
    "AcquisitionMatrixPE": 59,
    "BandwidthPerPixelPhaseEncode": 49.18,
    "BaseResolution": 66,
    "BodyPartExamined": "HEAD",
    "ConsistencyInfo": "N4_VD13A_LATEST_20120616",
    "ConversionSoftware": "dcm2niix",
    "ConversionSoftwareVersion": "v1.0.20180518 GCC4.8.5",
    "DerivedVendorReportedEchoSpacing": 0.000616166,
    "DwellTime": 4e-06,
    "EchoTime": 0.03,
    "EchoTrainLength": 29,
    "EffectiveEchoSpacing": 0.000308083,
    "FlipAngle": 87,
    "ImageOrientationPatientDICOM": [
      1,
      0,
      0,
      0,
      0.930418,
      -0.366501
    ],
    "ImageType": [
      "ORIGINAL",
      "PRIMARY",
      "M",
      "ND",
      "NORM",
      "MOSAIC"
    ],
    "InPlanePhaseEncodingDirectionDICOM": "COL",
    "MRAcquisitionType": "2D",
    "MagneticFieldStrength": 3,
    "Manufacturer": "Siemens",
    "ManufacturersModelName": "Skyra",
    "Modality": "MR",
    "ParallelReductionFactorInPlane": 2,
    "PartialFourier": 1,
    "PatientPosition": "HFS",
    "PercentPhaseFOV": 100,
    "PhaseEncodingDirection": "j-",
    "PhaseEncodingSteps": 59,
    "PhaseResolution": 0.9,
    "PixelBandwidth": 1895,
    "PulseSequenceDetails": "%SiemensSeq%_ep2d_pace",
    "ReceiveCoilActiveElements": "HE1-4",
    "ReceiveCoilName": "HeadNeck_20",
    "ReconMatrixPE": 66,
    "RepetitionTime": 3,
    "SAR": 0.125089,
    "ScanOptions": "FS",
    "ScanningSequence": "EP",
    "SequenceName": "_epfid2d1_59",
    "SequenceVariant": "SK_OSP",
    "ShimSetting": [
      3383,
      8698,
      9417,
      480,
      106,
      174,
      267,
      189
    ],
    "SliceThickness": 3,
    "SliceTiming": [
      1.49,
      0,
      1.545,
      0.055,
      1.6,
      0.11,
      1.655,
      0.165,
      1.71,
      0.22,
      1.765,
      0.275,
      1.82,
      0.33,
      1.875,
      0.385,
      1.93,
      0.44,
      1.985,
      0.495,
      2.04,
      0.55,
      2.095,
      0.605,
      2.15,
      0.66,
      2.205,
      0.7175,
      2.2625,
      0.7725,
      2.3175,
      0.8275,
      2.3725,
      0.8825,
      2.4275,
      0.9375,
      2.4825,
      0.9925,
      2.5375,
      1.0475,
      2.5925,
      1.1025,
      2.6475,
      1.1575,
      2.7025,
      1.2125,
      2.7575,
      1.2675,
      2.8125,
      1.3225,
      2.8675,
      1.3775,
      2.9225,
      1.4325
    ],
    "SoftwareVersions": "syngo_MR_D13",
    "SpacingBetweenSlices": 3,
    "TaskName": "Foraging task",
    "TotalReadoutTime": 0.0200254,
    "TxRefAmp": 326.379,
    "dataset": "ds001762",
    "modality": "bold",
    "run_id": 1,
    "subject_id": "25",
    "task_id": "forage"
  },
  "dummy_trs": 0,
  "dvars_nstd": 28.508568431479834,
  "dvars_std": 1.2326780049327364,
  "dvars_vstd": 0.9364641218535117,
  "efc": 0.4981371625445278,
  "fber": 2426.4716796875,
  "fd_mean": 0.06921816264396911,
  "fd_num": 16,
  "fd_perc": 2.388059701492537,
  "fwhm_avg": 1.6565686853733643,
  "fwhm_x": 1.5957149844715062,
  "fwhm_y": 1.7250177383152538,
  "fwhm_z": 1.6489733333333334,
  "gcor": 0.410825,
  "gsr_x": 0.0009774540085345507,
  "gsr_y": 0.020291978493332863,
  "provenance": {
    "md5sum": "2e2a3ad6b446838a954d08976c03db48",
    "settings": {
      "fd_thres": 0.2,
      "testing": false
    },
    "software": "mriqc",
    "version": "22.0.6",
    "webapi_port": null,
    "webapi_url": "https://mriqc.nimh.nih.gov/api/v1"
  },
  "size_t": 670,
  "size_x": 66,
  "size_y": 66,
  "size_z": 54,
  "snr": 5.800869757513441,
  "spacing_tr": 3.0,
  "spacing_x": 2.9696969985961914,
  "spacing_y": 2.9696969985961914,
  "spacing_z": 3.0,
  "summary_bg_k": 43.45311244400994,
  "summary_bg_mad": 11.382843621835939,
  "summary_bg_mean": 39.4160270690918,
  "summary_bg_median": 17.347761154174805,
  "summary_bg_n": 151707.0,
  "summary_bg_p05": 7.66417932510376,
  "summary_bg_p95": 149.25342864990225,
  "summary_bg_stdv": 67.66651916503906,
  "summary_fg_k": 1.9652192783567433,
  "summary_fg_mad": 133.33683150222828,
  "summary_fg_mean": 875.4200439453125,
  "summary_fg_median": 857.8589477539062,
  "summary_fg_n": 41024.0,
  "summary_fg_p05": 681.2982635498047,
  "summary_fg_p95": 1144.8393615722655,
  "summary_fg_stdv": 147.8827362060547,
  "tsnr": 44.549604434520006
}