{
  "aor": 0.0009033770491803279,
  "aqi": 0.006904829295081967,
  "bids_meta": {
    "AcquisitionMatrixPE": 59,
    "BandwidthPerPixelPhaseEncode": 49.18,
    "BaseResolution": 66,
    "BodyPartExamined": "HEAD",
    "ConsistencyInfo": "N4_VD13A_LATEST_20120616",
    "ConversionSoftware": "dcm2niix",
    "ConversionSoftwareVersion": "v1.0.20180518 GCC4.8.5",
    "DerivedVendorReportedEchoSpacing": 0.000616166,
    "DwellTime": 4e-06,
    "EchoTime": 0.03,
    "EchoTrainLength": 29,
    "EffectiveEchoSpacing": 0.000308083,
    "FlipAngle": 87,
    "ImageOrientationPatientDICOM": [
      1,
      0,
      0,
      0,
      0.930418,
      -0.366501
    ],
    "ImageType": [
      "ORIGINAL",
      "PRIMARY",
      "M",
      "ND",
      "NORM",
      "MOSAIC"
    ],
    "InPlanePhaseEncodingDirectionDICOM": "COL",
    "MRAcquisitionType": "2D",
    "MagneticFieldStrength": 3,
    "Manufacturer": "Siemens",
    "ManufacturersModelName": "Skyra",
    "Modality": "MR",
    "ParallelReductionFactorInPlane": 2,
    "PartialFourier": 1,
    "PatientPosition": "HFS",
    "PercentPhaseFOV": 100,
    "PhaseEncodingDirection": "j-",
    "PhaseEncodingSteps": 59,
    "PhaseResolution": 0.9,
    "PixelBandwidth": 1895,
    "PulseSequenceDetails": "%SiemensSeq%_ep2d_pace",
    "ReceiveCoilActiveElements": "HE1-4",
    "ReceiveCoilName": "HeadNeck_20",
    "ReconMatrixPE": 66,
    "RepetitionTime": 3,
    "SAR": 0.125089,
    "ScanOptions": "FS",
    "ScanningSequence": "EP",
    "SequenceName": "_epfid2d1_59",
    "SequenceVariant": "SK_OSP",
    "ShimSetting": [
      3383,
      8698,
      9417,
      480,
      106,
      174,
      267,
      189
    ],
    "SliceThickness": 3,
    "SliceTiming": [
      1.49,
      0,
      1.545,
      0.055,
      1.6,
      0.11,
      1.655,
      0.165,
      1.71,
      0.22,
      1.765,
      0.275,
      1.82,
      0.33,
      1.875,
      0.385,
      1.93,
      0.44,
      1.985,
      0.495,
      2.04,
      0.55,
      2.095,
      0.605,
      2.15,
      0.66,
      2.205,
      0.7175,
      2.2625,
      0.7725,
      2.3175,
      0.8275,
      2.3725,
      0.8825,
      2.4275,
      0.9375,
      2.4825,
      0.9925,
      2.5375,
      1.0475,
      2.5925,
      1.1025,
      2.6475,
      1.1575,
      2.7025,
      1.2125,
      2.7575,
      1.2675,
      2.8125,
      1.3225,
      2.8675,
      1.3775,
      2.9225,
      1.4325
    ],
    "SoftwareVersions": "syngo_MR_D13",
    "SpacingBetweenSlices": 3,
    "TaskName": "Foraging task",
    "TotalReadoutTime": 0.0200254,
    "TxRefAmp": 326.379,
    "dataset": "ds001762",
    "modality": "bold",
    "run_id": 3,
    "subject_id": "30",
    "task_id": "forage"
  },
  "dummy_trs": 0,
  "dvars_nstd": 32.958197567224964,
  "dvars_std": 1.374165100295565,
  "dvars_vstd": 1.0107478090311974,
  "efc": 0.5295959906291713,
  "fber": 1674.1170654296875,
  "fd_mean": 0.10504570680123658,
  "fd_num": 69,
  "fd_perc": 11.311475409836065,
  "fwhm_avg": 1.7441258051079556,
  "fwhm_x": 1.6551183512403687,
  "fwhm_y": 1.8033590640834978,
  "fwhm_z": 1.7739,
  "gcor": 0.0708487,
  "gsr_x": 0.008765159174799919,
  "gsr_y": 0.019676461815834045,
  "provenance": {
    "md5sum": "b4b001cb3c2e740ff39d04e9dad60ba2",
    "settings": {
      "fd_thres": 0.2,
      "testing": false
    },
    "software": "mriqc",
    "version": "22.0.6",
    "webapi_port": null,
    "webapi_url": "https://mriqc.nimh.nih.gov/api/v1"
  },
  "size_t": 610,
  "size_x": 66,
  "size_y": 66,
  "size_z": 54,
  "snr": 5.647616176791863,
  "spacing_tr": 3.0,
  "spacing_x": 2.9696969985961914,
  "spacing_y": 2.9696969985961914,
  "spacing_z": 3.0,
  "summary_bg_k": 26.726370538782138,
  "summary_bg_mad": 17.808238903383085,
  "summary_bg_mean": 56.454978942871094,
  "summary_bg_median": 22.37704849243164,
  "summary_bg_n": 147250.0,
  "summary_bg_p05": 7.6885247230529785,
  "summary_bg_p95": 239.94278335571286,
  "summary_bg_stdv": 96.0740737915039,
  "summary_fg_k": 2.036904365891539,
  "summary_fg_mad": 158.08427136532106,
  "summary_fg_mean": 943.6900634765625,
  "summary_fg_median": 926.0836181640625,
  "summary_fg_n": 44617.0,
  "summary_fg_p05": 725.7045776367188,
  "summary_fg_p95": 1219.38134765625,
  "summary_fg_stdv": 163.9759521484375,
  "tsnr": 59.95081995707005
}