{
  "aor": 0.000741198738170347,
  "aqi": 0.01295531888012618,
  "bids_meta": {
    "AcquisitionMatrixPE": 59,
    "BandwidthPerPixelPhaseEncode": 49.18,
    "BaseResolution": 66,
    "BodyPartExamined": "HEAD",
    "ConsistencyInfo": "N4_VD13A_LATEST_20120616",
    "ConversionSoftware": "dcm2niix",
    "ConversionSoftwareVersion": "v1.0.20180518 GCC4.8.5",
    "DerivedVendorReportedEchoSpacing": 0.000616166,
    "DwellTime": 4e-06,
    "EchoTime": 0.03,
    "EchoTrainLength": 29,
    "EffectiveEchoSpacing": 0.000308083,
    "FlipAngle": 87,
    "ImageOrientationPatientDICOM": [
      1,
      0,
      0,
      0,
      0.930418,
      -0.366501
    ],
    "ImageType": [
      "ORIGINAL",
      "PRIMARY",
      "M",
      "ND",
      "NORM",
      "MOSAIC"
    ],
    "InPlanePhaseEncodingDirectionDICOM": "COL",
    "MRAcquisitionType": "2D",
    "MagneticFieldStrength": 3,
    "Manufacturer": "Siemens",
    "ManufacturersModelName": "Skyra",
    "Modality": "MR",
    "ParallelReductionFactorInPlane": 2,
    "PartialFourier": 1,
    "PatientPosition": "HFS",
    "PercentPhaseFOV": 100,
    "PhaseEncodingDirection": "j-",
    "PhaseEncodingSteps": 59,
    "PhaseResolution": 0.9,
    "PixelBandwidth": 1895,
    "PulseSequenceDetails": "%SiemensSeq%_ep2d_pace",
    "ReceiveCoilActiveElements": "HE1-4",
    "ReceiveCoilName": "HeadNeck_20",
    "ReconMatrixPE": 66,
    "RepetitionTime": 3,
    "SAR": 0.125089,
    "ScanOptions": "FS",
    "ScanningSequence": "EP",
    "SequenceName": "_epfid2d1_59",
    "SequenceVariant": "SK_OSP",
    "ShimSetting": [
      3383,
      8698,
      9417,
      480,
      106,
      174,
      267,
      189
    ],
    "SliceThickness": 3,
    "SliceTiming": [
      1.49,
      0,
      1.545,
      0.055,
      1.6,
      0.11,
      1.655,
      0.165,
      1.71,
      0.22,
      1.765,
      0.275,
      1.82,
      0.33,
      1.875,
      0.385,
      1.93,
      0.44,
      1.985,
      0.495,
      2.04,
      0.55,
      2.095,
      0.605,
      2.15,
      0.66,
      2.205,
      0.7175,
      2.2625,
      0.7725,
      2.3175,
      0.8275,
      2.3725,
      0.8825,
      2.4275,
      0.9375,
      2.4825,
      0.9925,
      2.5375,
      1.0475,
      2.5925,
      1.1025,
      2.6475,
      1.1575,
      2.7025,
      1.2125,
      2.7575,
      1.2675,
      2.8125,
      1.3225,
      2.8675,
      1.3775,
      2.9225,
      1.4325
    ],
    "SoftwareVersions": "syngo_MR_D13",
    "SpacingBetweenSlices": 3,
    "TaskName": "Foraging task",
    "TotalReadoutTime": 0.0200254,
    "TxRefAmp": 326.379,
    "dataset": "ds001762",
    "modality": "bold",
    "run_id": 3,
    "subject_id": "01",
    "task_id": "forage"
  },
  "dummy_trs": 0,
  "dvars_nstd": 32.775814529257495,
  "dvars_std": 1.161158828578198,
  "dvars_vstd": 1.00305085127962,
  "efc": 0.5309824610064536,
  "fber": 1792.068115234375,
  "fd_mean": 0.26456359142778857,
  "fd_num": 281,
  "fd_perc": 44.321766561514195,
  "fwhm_avg": 1.7899982988981815,
  "fwhm_x": 1.6788615142746215,
  "fwhm_y": 1.9463467157532564,
  "fwhm_z": 1.7447866666666665,
  "gcor": 0.0369607,
  "gsr_x": -0.005254988558590412,
  "gsr_y": 0.045465029776096344,
  "provenance": {
    "md5sum": "35f3f4a213a5b816aa3fcf8307a77098",
    "settings": {
      "fd_thres": 0.2,
      "testing": false
    },
    "software": "mriqc",
    "version": "22.0.6",
    "webapi_port": null,
    "webapi_url": "https://mriqc.nimh.nih.gov/api/v1"
  },
  "size_t": 634,
  "size_x": 66,
  "size_y": 66,
  "size_z": 54,
  "snr": 5.85698299292652,
  "spacing_tr": 3.0,
  "spacing_x": 2.9696969985961914,
  "spacing_y": 2.9696969985961914,
  "spacing_z": 3.0,
  "summary_bg_k": 20.61712622471936,
  "summary_bg_mad": 19.608232150866332,
  "summary_bg_mean": 54.604835510253906,
  "summary_bg_median": 23.558359146118164,
  "summary_bg_n": 144889.0,
  "summary_bg_p05": 7.818612098693848,
  "summary_bg_p95": 205.98675231933595,
  "summary_bg_stdv": 88.36328125,
  "summary_fg_k": 3.1655368372263357,
  "summary_fg_mad": 152.61568258542363,
  "summary_fg_mean": 1038.7222900390625,
  "summary_fg_median": 1019.9763793945312,
  "summary_fg_n": 46078.0,
  "summary_fg_p05": 808.8366333007813,
  "summary_fg_p95": 1334.585205078125,
  "summary_fg_stdv": 174.14517211914062,
  "tsnr": 47.029151277267374
}