{
  "aor": 0.0016045329249617152,
  "aqi": 0.009309163062787137,
  "bids_meta": {
    "AcquisitionMatrixPE": 59,
    "BandwidthPerPixelPhaseEncode": 49.18,
    "BaseResolution": 66,
    "BodyPartExamined": "HEAD",
    "ConsistencyInfo": "N4_VD13A_LATEST_20120616",
    "ConversionSoftware": "dcm2niix",
    "ConversionSoftwareVersion": "v1.0.20180518 GCC4.8.5",
    "DerivedVendorReportedEchoSpacing": 0.000616166,
    "DwellTime": 4e-06,
    "EchoTime": 0.03,
    "EchoTrainLength": 29,
    "EffectiveEchoSpacing": 0.000308083,
    "FlipAngle": 87,
    "ImageOrientationPatientDICOM": [
      1,
      0,
      0,
      0,
      0.930418,
      -0.366501
    ],
    "ImageType": [
      "ORIGINAL",
      "PRIMARY",
      "M",
      "ND",
      "NORM",
      "MOSAIC"
    ],
    "InPlanePhaseEncodingDirectionDICOM": "COL",
    "MRAcquisitionType": "2D",
    "MagneticFieldStrength": 3,
    "Manufacturer": "Siemens",
    "ManufacturersModelName": "Skyra",
    "Modality": "MR",
    "ParallelReductionFactorInPlane": 2,
    "PartialFourier": 1,
    "PatientPosition": "HFS",
    "PercentPhaseFOV": 100,
    "PhaseEncodingDirection": "j-",
    "PhaseEncodingSteps": 59,
    "PhaseResolution": 0.9,
    "PixelBandwidth": 1895,
    "PulseSequenceDetails": "%SiemensSeq%_ep2d_pace",
    "ReceiveCoilActiveElements": "HE1-4",
    "ReceiveCoilName": "HeadNeck_20",
    "ReconMatrixPE": 66,
    "RepetitionTime": 3,
    "SAR": 0.125089,
    "ScanOptions": "FS",
    "ScanningSequence": "EP",
    "SequenceName": "_epfid2d1_59",
    "SequenceVariant": "SK_OSP",
    "ShimSetting": [
      3383,
      8698,
      9417,
      480,
      106,
      174,
      267,
      189
    ],
    "SliceThickness": 3,
    "SliceTiming": [
      1.49,
      0,
      1.545,
      0.055,
      1.6,
      0.11,
      1.655,
      0.165,
      1.71,
      0.22,
      1.765,
      0.275,
      1.82,
      0.33,
      1.875,
      0.385,
      1.93,
      0.44,
      1.985,
      0.495,
      2.04,
      0.55,
      2.095,
      0.605,
      2.15,
      0.66,
      2.205,
      0.7175,
      2.2625,
      0.7725,
      2.3175,
      0.8275,
      2.3725,
      0.8825,
      2.4275,
      0.9375,
      2.4825,
      0.9925,
      2.5375,
      1.0475,
      2.5925,
      1.1025,
      2.6475,
      1.1575,
      2.7025,
      1.2125,
      2.7575,
      1.2675,
      2.8125,
      1.3225,
      2.8675,
      1.3775,
      2.9225,
      1.4325
    ],
    "SoftwareVersions": "syngo_MR_D13",
    "SpacingBetweenSlices": 3,
    "TaskName": "Foraging task",
    "TotalReadoutTime": 0.0200254,
    "TxRefAmp": 326.379,
    "dataset": "ds001762",
    "modality": "bold",
    "run_id": 1,
    "subject_id": "01",
    "task_id": "forage"
  },
  "dummy_trs": 0,
  "dvars_nstd": 25.52477512484662,
  "dvars_std": 1.1468166690337434,
  "dvars_vstd": 0.9806072422546013,
  "efc": 0.5248570588109474,
  "fber": 2438.91650390625,
  "fd_mean": 0.2000375544275219,
  "fd_num": 175,
  "fd_perc": 26.79938744257274,
  "fwhm_avg": 1.6693214175915092,
  "fwhm_x": 1.5633244745826285,
  "fwhm_y": 1.8215797781918994,
  "fwhm_z": 1.62306,
  "gcor": 0.200696,
  "gsr_x": -0.005415355321019888,
  "gsr_y": 0.03277602419257164,
  "provenance": {
    "md5sum": "bcc96c6657f0427256b5aefe221cff2a",
    "settings": {
      "fd_thres": 0.2,
      "testing": false
    },
    "software": "mriqc",
    "version": "22.0.6",
    "webapi_port": null,
    "webapi_url": "https://mriqc.nimh.nih.gov/api/v1"
  },
  "size_t": 653,
  "size_x": 66,
  "size_y": 66,
  "size_z": 54,
  "snr": 6.40281883196389,
  "spacing_tr": 3.0,
  "spacing_x": 2.9696969985961914,
  "spacing_y": 2.9696969985961914,
  "spacing_z": 3.0,
  "summary_bg_k": 19.96785262036483,
  "summary_bg_mad": 13.743019112239063,
  "summary_bg_mean": 47.02156448364258,
  "summary_bg_median": 19.228178024291992,
  "summary_bg_n": 144454.0,
  "summary_bg_p05": 7.551301956176758,
  "summary_bg_p95": 193.97450790405276,
  "summary_bg_stdv": 80.3787841796875,
  "summary_fg_k": 3.4429963281464246,
  "summary_fg_mad": 135.45829917865927,
  "summary_fg_mean": 975.5490112304688,
  "summary_fg_median": 960.9127197265625,
  "summary_fg_n": 46256.0,
  "summary_fg_p05": 778.1118011474609,
  "summary_fg_p95": 1214.5317687988281,
  "summary_fg_stdv": 150.07489013671875,
  "tsnr": 51.762690307572484
}