{
  "aor": 0.0006511974522292993,
  "aqi": 0.009391521490445861,
  "bids_meta": {
    "AcquisitionMatrixPE": 59,
    "BandwidthPerPixelPhaseEncode": 49.18,
    "BaseResolution": 66,
    "BodyPartExamined": "HEAD",
    "ConsistencyInfo": "N4_VD13A_LATEST_20120616",
    "ConversionSoftware": "dcm2niix",
    "ConversionSoftwareVersion": "v1.0.20180518 GCC4.8.5",
    "DerivedVendorReportedEchoSpacing": 0.000616166,
    "DwellTime": 4e-06,
    "EchoTime": 0.03,
    "EchoTrainLength": 29,
    "EffectiveEchoSpacing": 0.000308083,
    "FlipAngle": 87,
    "ImageOrientationPatientDICOM": [
      1,
      0,
      0,
      0,
      0.930418,
      -0.366501
    ],
    "ImageType": [
      "ORIGINAL",
      "PRIMARY",
      "M",
      "ND",
      "NORM",
      "MOSAIC"
    ],
    "InPlanePhaseEncodingDirectionDICOM": "COL",
    "MRAcquisitionType": "2D",
    "MagneticFieldStrength": 3,
    "Manufacturer": "Siemens",
    "ManufacturersModelName": "Skyra",
    "Modality": "MR",
    "ParallelReductionFactorInPlane": 2,
    "PartialFourier": 1,
    "PatientPosition": "HFS",
    "PercentPhaseFOV": 100,
    "PhaseEncodingDirection": "j-",
    "PhaseEncodingSteps": 59,
    "PhaseResolution": 0.9,
    "PixelBandwidth": 1895,
    "PulseSequenceDetails": "%SiemensSeq%_ep2d_pace",
    "ReceiveCoilActiveElements": "HE1-4",
    "ReceiveCoilName": "HeadNeck_20",
    "ReconMatrixPE": 66,
    "RepetitionTime": 3,
    "SAR": 0.125089,
    "ScanOptions": "FS",
    "ScanningSequence": "EP",
    "SequenceName": "_epfid2d1_59",
    "SequenceVariant": "SK_OSP",
    "ShimSetting": [
      3383,
      8698,
      9417,
      480,
      106,
      174,
      267,
      189
    ],
    "SliceThickness": 3,
    "SliceTiming": [
      1.49,
      0,
      1.545,
      0.055,
      1.6,
      0.11,
      1.655,
      0.165,
      1.71,
      0.22,
      1.765,
      0.275,
      1.82,
      0.33,
      1.875,
      0.385,
      1.93,
      0.44,
      1.985,
      0.495,
      2.04,
      0.55,
      2.095,
      0.605,
      2.15,
      0.66,
      2.205,
      0.7175,
      2.2625,
      0.7725,
      2.3175,
      0.8275,
      2.3725,
      0.8825,
      2.4275,
      0.9375,
      2.4825,
      0.9925,
      2.5375,
      1.0475,
      2.5925,
      1.1025,
      2.6475,
      1.1575,
      2.7025,
      1.2125,
      2.7575,
      1.2675,
      2.8125,
      1.3225,
      2.8675,
      1.3775,
      2.9225,
      1.4325
    ],
    "SoftwareVersions": "syngo_MR_D13",
    "SpacingBetweenSlices": 3,
    "TaskName": "Foraging task",
    "TotalReadoutTime": 0.0200254,
    "TxRefAmp": 326.379,
    "dataset": "ds001762",
    "modality": "bold",
    "run_id": 2,
    "subject_id": "08",
    "task_id": "forage"
  },
  "dummy_trs": 0,
  "dvars_nstd": 29.907848401977027,
  "dvars_std": 1.180387549196428,
  "dvars_vstd": 1.004209688762755,
  "efc": 0.5186336114343553,
  "fber": 1703.305908203125,
  "fd_mean": 0.1065812103148179,
  "fd_num": 83,
  "fd_perc": 10.573248407643312,
  "fwhm_avg": 1.6347139009687472,
  "fwhm_x": 1.5330318218161931,
  "fwhm_y": 1.7334798810900487,
  "fwhm_z": 1.63763,
  "gcor": 0.0478307,
  "gsr_x": 0.0032912283204495907,
  "gsr_y": 0.03511509671807289,
  "provenance": {
    "md5sum": "7c4af9a7eb094fd2be7c5dc740904857",
    "settings": {
      "fd_thres": 0.2,
      "testing": false
    },
    "software": "mriqc",
    "version": "22.0.6",
    "webapi_port": null,
    "webapi_url": "https://mriqc.nimh.nih.gov/api/v1"
  },
  "size_t": 785,
  "size_x": 66,
  "size_y": 66,
  "size_z": 54,
  "snr": 6.087316339966654,
  "spacing_tr": 3.0,
  "spacing_x": 2.9696969985961914,
  "spacing_y": 2.9696969985961914,
  "spacing_z": 3.0,
  "summary_bg_k": 32.36276650712868,
  "summary_bg_mad": 16.822342418705418,
  "summary_bg_mean": 47.20834732055664,
  "summary_bg_median": 20.1694278717041,
  "summary_bg_n": 149463.0,
  "summary_bg_p05": 7.114649772644043,
  "summary_bg_p95": 188.42166137695298,
  "summary_bg_stdv": 82.90977478027344,
  "summary_fg_k": 1.2118872733444928,
  "summary_fg_mad": 137.90091891035615,
  "summary_fg_mean": 855.8326416015625,
  "summary_fg_median": 844.5120849609375,
  "summary_fg_n": 42691.0,
  "summary_fg_p05": 664.1445922851562,
  "summary_fg_p95": 1092.915283203125,
  "summary_fg_stdv": 138.7314453125,
  "tsnr": 51.68054107949138
}