{
  "aor": 0.0011900658978583195,
  "aqi": 0.013173100840197693,
  "bids_meta": {
    "AcquisitionMatrixPE": 59,
    "BandwidthPerPixelPhaseEncode": 49.18,
    "BaseResolution": 66,
    "BodyPartExamined": "HEAD",
    "ConsistencyInfo": "N4_VD13A_LATEST_20120616",
    "ConversionSoftware": "dcm2niix",
    "ConversionSoftwareVersion": "v1.0.20180518 GCC4.8.5",
    "DerivedVendorReportedEchoSpacing": 0.000616166,
    "DwellTime": 4e-06,
    "EchoTime": 0.03,
    "EchoTrainLength": 29,
    "EffectiveEchoSpacing": 0.000308083,
    "FlipAngle": 87,
    "ImageOrientationPatientDICOM": [
      1,
      0,
      0,
      0,
      0.930418,
      -0.366501
    ],
    "ImageType": [
      "ORIGINAL",
      "PRIMARY",
      "M",
      "ND",
      "NORM",
      "MOSAIC"
    ],
    "InPlanePhaseEncodingDirectionDICOM": "COL",
    "MRAcquisitionType": "2D",
    "MagneticFieldStrength": 3,
    "Manufacturer": "Siemens",
    "ManufacturersModelName": "Skyra",
    "Modality": "MR",
    "ParallelReductionFactorInPlane": 2,
    "PartialFourier": 1,
    "PatientPosition": "HFS",
    "PercentPhaseFOV": 100,
    "PhaseEncodingDirection": "j-",
    "PhaseEncodingSteps": 59,
    "PhaseResolution": 0.9,
    "PixelBandwidth": 1895,
    "PulseSequenceDetails": "%SiemensSeq%_ep2d_pace",
    "ReceiveCoilActiveElements": "HE1-4",
    "ReceiveCoilName": "HeadNeck_20",
    "ReconMatrixPE": 66,
    "RepetitionTime": 3,
    "SAR": 0.125089,
    "ScanOptions": "FS",
    "ScanningSequence": "EP",
    "SequenceName": "_epfid2d1_59",
    "SequenceVariant": "SK_OSP",
    "ShimSetting": [
      3383,
      8698,
      9417,
      480,
      106,
      174,
      267,
      189
    ],
    "SliceThickness": 3,
    "SliceTiming": [
      1.49,
      0,
      1.545,
      0.055,
      1.6,
      0.11,
      1.655,
      0.165,
      1.71,
      0.22,
      1.765,
      0.275,
      1.82,
      0.33,
      1.875,
      0.385,
      1.93,
      0.44,
      1.985,
      0.495,
      2.04,
      0.55,
      2.095,
      0.605,
      2.15,
      0.66,
      2.205,
      0.7175,
      2.2625,
      0.7725,
      2.3175,
      0.8275,
      2.3725,
      0.8825,
      2.4275,
      0.9375,
      2.4825,
      0.9925,
      2.5375,
      1.0475,
      2.5925,
      1.1025,
      2.6475,
      1.1575,
      2.7025,
      1.2125,
      2.7575,
      1.2675,
      2.8125,
      1.3225,
      2.8675,
      1.3775,
      2.9225,
      1.4325
    ],
    "SoftwareVersions": "syngo_MR_D13",
    "SpacingBetweenSlices": 3,
    "TaskName": "Foraging task",
    "TotalReadoutTime": 0.0200254,
    "TxRefAmp": 326.379,
    "dataset": "ds001762",
    "modality": "bold",
    "run_id": 3,
    "subject_id": "10",
    "task_id": "forage"
  },
  "dummy_trs": 0,
  "dvars_nstd": 36.96332846830036,
  "dvars_std": 1.1860517395379548,
  "dvars_vstd": 1.0214852898844895,
  "efc": 0.5343186833327197,
  "fber": 1271.2890625,
  "fd_mean": 0.2274347030176365,
  "fd_num": 231,
  "fd_perc": 38.056013179571664,
  "fwhm_avg": 1.7267924263396968,
  "fwhm_x": 1.6590682491611144,
  "fwhm_y": 1.8251356965246424,
  "fwhm_z": 1.6961733333333333,
  "gcor": 0.0376092,
  "gsr_x": -0.0011195024708285928,
  "gsr_y": 0.044746872037649155,
  "provenance": {
    "md5sum": "528f41757d08ebd37bf8877c39c2627d",
    "settings": {
      "fd_thres": 0.2,
      "testing": false
    },
    "software": "mriqc",
    "version": "22.0.6",
    "webapi_port": null,
    "webapi_url": "https://mriqc.nimh.nih.gov/api/v1"
  },
  "size_t": 607,
  "size_x": 66,
  "size_y": 66,
  "size_z": 54,
  "snr": 5.566878537900687,
  "spacing_tr": 3.0,
  "spacing_x": 2.9696969985961914,
  "spacing_y": 2.9696969985961914,
  "spacing_z": 3.0,
  "summary_bg_k": 45.4367235057709,
  "summary_bg_mad": 21.838464183010522,
  "summary_bg_mean": 50.40563201904297,
  "summary_bg_median": 24.48434829711914,
  "summary_bg_n": 144609.0,
  "summary_bg_p05": 7.476770877838136,
  "summary_bg_p95": 159.35354309082038,
  "summary_bg_stdv": 80.9190444946289,
  "summary_fg_k": 2.8451837146745547,
  "summary_fg_mad": 133.20951086493352,
  "summary_fg_mean": 903.2611083984375,
  "summary_fg_median": 882.861572265625,
  "summary_fg_n": 46171.0,
  "summary_fg_p05": 700.0263366699219,
  "summary_fg_p95": 1187.2355346679688,
  "summary_fg_stdv": 158.5901336669922,
  "tsnr": 45.14992532436736
}