{
  "aor": 0.0004473784977908689,
  "aqi": 0.007840975419734905,
  "bids_meta": {
    "AcquisitionMatrixPE": 59,
    "BandwidthPerPixelPhaseEncode": 49.18,
    "BaseResolution": 66,
    "BodyPartExamined": "HEAD",
    "ConsistencyInfo": "N4_VD13A_LATEST_20120616",
    "ConversionSoftware": "dcm2niix",
    "ConversionSoftwareVersion": "v1.0.20180518 GCC4.8.5",
    "DerivedVendorReportedEchoSpacing": 0.000616166,
    "DwellTime": 4e-06,
    "EchoTime": 0.03,
    "EchoTrainLength": 29,
    "EffectiveEchoSpacing": 0.000308083,
    "FlipAngle": 87,
    "ImageOrientationPatientDICOM": [
      1,
      0,
      0,
      0,
      0.930418,
      -0.366501
    ],
    "ImageType": [
      "ORIGINAL",
      "PRIMARY",
      "M",
      "ND",
      "NORM",
      "MOSAIC"
    ],
    "InPlanePhaseEncodingDirectionDICOM": "COL",
    "MRAcquisitionType": "2D",
    "MagneticFieldStrength": 3,
    "Manufacturer": "Siemens",
    "ManufacturersModelName": "Skyra",
    "Modality": "MR",
    "ParallelReductionFactorInPlane": 2,
    "PartialFourier": 1,
    "PatientPosition": "HFS",
    "PercentPhaseFOV": 100,
    "PhaseEncodingDirection": "j-",
    "PhaseEncodingSteps": 59,
    "PhaseResolution": 0.9,
    "PixelBandwidth": 1895,
    "PulseSequenceDetails": "%SiemensSeq%_ep2d_pace",
    "ReceiveCoilActiveElements": "HE1-4",
    "ReceiveCoilName": "HeadNeck_20",
    "ReconMatrixPE": 66,
    "RepetitionTime": 3,
    "SAR": 0.125089,
    "ScanOptions": "FS",
    "ScanningSequence": "EP",
    "SequenceName": "_epfid2d1_59",
    "SequenceVariant": "SK_OSP",
    "ShimSetting": [
      3383,
      8698,
      9417,
      480,
      106,
      174,
      267,
      189
    ],
    "SliceThickness": 3,
    "SliceTiming": [
      1.49,
      0,
      1.545,
      0.055,
      1.6,
      0.11,
      1.655,
      0.165,
      1.71,
      0.22,
      1.765,
      0.275,
      1.82,
      0.33,
      1.875,
      0.385,
      1.93,
      0.44,
      1.985,
      0.495,
      2.04,
      0.55,
      2.095,
      0.605,
      2.15,
      0.66,
      2.205,
      0.7175,
      2.2625,
      0.7725,
      2.3175,
      0.8275,
      2.3725,
      0.8825,
      2.4275,
      0.9375,
      2.4825,
      0.9925,
      2.5375,
      1.0475,
      2.5925,
      1.1025,
      2.6475,
      1.1575,
      2.7025,
      1.2125,
      2.7575,
      1.2675,
      2.8125,
      1.3225,
      2.8675,
      1.3775,
      2.9225,
      1.4325
    ],
    "SoftwareVersions": "syngo_MR_D13",
    "SpacingBetweenSlices": 3,
    "TaskName": "Foraging task",
    "TotalReadoutTime": 0.0200254,
    "TxRefAmp": 326.379,
    "dataset": "ds001762",
    "modality": "bold",
    "run_id": 1,
    "subject_id": "12",
    "task_id": "forage"
  },
  "dummy_trs": 0,
  "dvars_nstd": 28.887245974321527,
  "dvars_std": 1.1878714637168135,
  "dvars_vstd": 0.955642017669617,
  "efc": 0.5130212675837097,
  "fber": 2372.027099609375,
  "fd_mean": 0.18798574474522206,
  "fd_num": 205,
  "fd_perc": 30.191458026509572,
  "fwhm_avg": 1.7725596029562567,
  "fwhm_x": 1.697587330418924,
  "fwhm_y": 1.8649781451165128,
  "fwhm_z": 1.7551133333333333,
  "gcor": 0.311004,
  "gsr_x": 0.0013059601187705994,
  "gsr_y": 0.02206198126077652,
  "provenance": {
    "md5sum": "445383a2ae8915d0acbc5d6bb5685e09",
    "settings": {
      "fd_thres": 0.2,
      "testing": false
    },
    "software": "mriqc",
    "version": "22.0.6",
    "webapi_port": null,
    "webapi_url": "https://mriqc.nimh.nih.gov/api/v1"
  },
  "size_t": 679,
  "size_x": 66,
  "size_y": 66,
  "size_z": 54,
  "snr": 5.150391365844335,
  "spacing_tr": 3.0,
  "spacing_x": 2.9696969985961914,
  "spacing_y": 2.9696969985961914,
  "spacing_z": 3.0,
  "summary_bg_k": 31.001785264514908,
  "summary_bg_mad": 11.723256090672695,
  "summary_bg_mean": 40.654502868652344,
  "summary_bg_median": 17.243003845214844,
  "summary_bg_n": 146532.0,
  "summary_bg_p05": 7.259204864501953,
  "summary_bg_p95": 153.01708068847637,
  "summary_bg_stdv": 72.54057312011719,
  "summary_fg_k": 1.873900247122343,
  "summary_fg_mad": 147.73401751092334,
  "summary_fg_mean": 868.0570678710938,
  "summary_fg_median": 848.0206298828125,
  "summary_fg_n": 44226.0,
  "summary_fg_p05": 657.6200103759766,
  "summary_fg_p95": 1179.4425659179688,
  "summary_fg_stdv": 164.6498260498047,
  "tsnr": 47.76619200618006
}