{
  "aor": 0.00019669616519174047,
  "aqi": 0.008866316696165192,
  "bids_meta": {
    "AcquisitionMatrixPE": 59,
    "BandwidthPerPixelPhaseEncode": 49.18,
    "BaseResolution": 66,
    "BodyPartExamined": "HEAD",
    "ConsistencyInfo": "N4_VD13A_LATEST_20120616",
    "ConversionSoftware": "dcm2niix",
    "ConversionSoftwareVersion": "v1.0.20180518 GCC4.8.5",
    "DerivedVendorReportedEchoSpacing": 0.000616166,
    "DwellTime": 4e-06,
    "EchoTime": 0.03,
    "EchoTrainLength": 29,
    "EffectiveEchoSpacing": 0.000308083,
    "FlipAngle": 87,
    "ImageOrientationPatientDICOM": [
      1,
      0,
      0,
      0,
      0.930418,
      -0.366501
    ],
    "ImageType": [
      "ORIGINAL",
      "PRIMARY",
      "M",
      "ND",
      "NORM",
      "MOSAIC"
    ],
    "InPlanePhaseEncodingDirectionDICOM": "COL",
    "MRAcquisitionType": "2D",
    "MagneticFieldStrength": 3,
    "Manufacturer": "Siemens",
    "ManufacturersModelName": "Skyra",
    "Modality": "MR",
    "ParallelReductionFactorInPlane": 2,
    "PartialFourier": 1,
    "PatientPosition": "HFS",
    "PercentPhaseFOV": 100,
    "PhaseEncodingDirection": "j-",
    "PhaseEncodingSteps": 59,
    "PhaseResolution": 0.9,
    "PixelBandwidth": 1895,
    "PulseSequenceDetails": "%SiemensSeq%_ep2d_pace",
    "ReceiveCoilActiveElements": "HE1-4",
    "ReceiveCoilName": "HeadNeck_20",
    "ReconMatrixPE": 66,
    "RepetitionTime": 3,
    "SAR": 0.125089,
    "ScanOptions": "FS",
    "ScanningSequence": "EP",
    "SequenceName": "_epfid2d1_59",
    "SequenceVariant": "SK_OSP",
    "ShimSetting": [
      3383,
      8698,
      9417,
      480,
      106,
      174,
      267,
      189
    ],
    "SliceThickness": 3,
    "SliceTiming": [
      1.49,
      0,
      1.545,
      0.055,
      1.6,
      0.11,
      1.655,
      0.165,
      1.71,
      0.22,
      1.765,
      0.275,
      1.82,
      0.33,
      1.875,
      0.385,
      1.93,
      0.44,
      1.985,
      0.495,
      2.04,
      0.55,
      2.095,
      0.605,
      2.15,
      0.66,
      2.205,
      0.7175,
      2.2625,
      0.7725,
      2.3175,
      0.8275,
      2.3725,
      0.8825,
      2.4275,
      0.9375,
      2.4825,
      0.9925,
      2.5375,
      1.0475,
      2.5925,
      1.1025,
      2.6475,
      1.1575,
      2.7025,
      1.2125,
      2.7575,
      1.2675,
      2.8125,
      1.3225,
      2.8675,
      1.3775,
      2.9225,
      1.4325
    ],
    "SoftwareVersions": "syngo_MR_D13",
    "SpacingBetweenSlices": 3,
    "TaskName": "Foraging task",
    "TotalReadoutTime": 0.0200254,
    "TxRefAmp": 326.379,
    "dataset": "ds001762",
    "modality": "bold",
    "run_id": 2,
    "subject_id": "25",
    "task_id": "forage"
  },
  "dummy_trs": 0,
  "dvars_nstd": 33.12957566187594,
  "dvars_std": 1.2292089395568682,
  "dvars_vstd": 0.9985801010930563,
  "efc": 0.5108007416248609,
  "fber": 1405.26953125,
  "fd_mean": 0.07700060274484188,
  "fd_num": 22,
  "fd_perc": 3.2448377581120944,
  "fwhm_avg": 1.7522577663603502,
  "fwhm_x": 1.698018350822893,
  "fwhm_y": 1.8217616149248237,
  "fwhm_z": 1.7369933333333334,
  "gcor": 0.11907,
  "gsr_x": -0.0028916976880282164,
  "gsr_y": 0.035094376653432846,
  "provenance": {
    "md5sum": "d037933f3fd848c84996e81c7d1eee3f",
    "settings": {
      "fd_thres": 0.2,
      "testing": false
    },
    "software": "mriqc",
    "version": "22.0.6",
    "webapi_port": null,
    "webapi_url": "https://mriqc.nimh.nih.gov/api/v1"
  },
  "size_t": 678,
  "size_x": 66,
  "size_y": 66,
  "size_z": 54,
  "snr": 5.416897218741242,
  "spacing_tr": 3.0,
  "spacing_x": 2.9696969985961914,
  "spacing_y": 2.9696969985961914,
  "spacing_z": 3.0,
  "summary_bg_k": 38.74647357604308,
  "summary_bg_mad": 18.76650881187802,
  "summary_bg_mean": 47.6602783203125,
  "summary_bg_median": 23.078170776367188,
  "summary_bg_n": 151738.0,
  "summary_bg_p05": 7.9970502853393555,
  "summary_bg_p95": 170.3835533142089,
  "summary_bg_stdv": 74.59442901611328,
  "summary_fg_k": 1.6642853486591962,
  "summary_fg_mad": 142.37904000332412,
  "summary_fg_mean": 898.4329833984375,
  "summary_fg_median": 875.8348388671875,
  "summary_fg_n": 40982.0,
  "summary_fg_p05": 684.9675384521485,
  "summary_fg_p95": 1196.1222106933587,
  "summary_fg_stdv": 161.68373107910156,
  "tsnr": 50.024337789043784
}