{
  "aor": 0.0005926169590643275,
  "aqi": 0.007974960994152047,
  "bids_meta": {
    "AcquisitionMatrixPE": 59,
    "BandwidthPerPixelPhaseEncode": 49.18,
    "BaseResolution": 66,
    "BodyPartExamined": "HEAD",
    "ConsistencyInfo": "N4_VD13A_LATEST_20120616",
    "ConversionSoftware": "dcm2niix",
    "ConversionSoftwareVersion": "v1.0.20180518 GCC4.8.5",
    "DerivedVendorReportedEchoSpacing": 0.000616166,
    "DwellTime": 4e-06,
    "EchoTime": 0.03,
    "EchoTrainLength": 29,
    "EffectiveEchoSpacing": 0.000308083,
    "FlipAngle": 87,
    "ImageOrientationPatientDICOM": [
      1,
      0,
      0,
      0,
      0.930418,
      -0.366501
    ],
    "ImageType": [
      "ORIGINAL",
      "PRIMARY",
      "M",
      "ND",
      "NORM",
      "MOSAIC"
    ],
    "InPlanePhaseEncodingDirectionDICOM": "COL",
    "MRAcquisitionType": "2D",
    "MagneticFieldStrength": 3,
    "Manufacturer": "Siemens",
    "ManufacturersModelName": "Skyra",
    "Modality": "MR",
    "ParallelReductionFactorInPlane": 2,
    "PartialFourier": 1,
    "PatientPosition": "HFS",
    "PercentPhaseFOV": 100,
    "PhaseEncodingDirection": "j-",
    "PhaseEncodingSteps": 59,
    "PhaseResolution": 0.9,
    "PixelBandwidth": 1895,
    "PulseSequenceDetails": "%SiemensSeq%_ep2d_pace",
    "ReceiveCoilActiveElements": "HE1-4",
    "ReceiveCoilName": "HeadNeck_20",
    "ReconMatrixPE": 66,
    "RepetitionTime": 3,
    "SAR": 0.125089,
    "ScanOptions": "FS",
    "ScanningSequence": "EP",
    "SequenceName": "_epfid2d1_59",
    "SequenceVariant": "SK_OSP",
    "ShimSetting": [
      3383,
      8698,
      9417,
      480,
      106,
      174,
      267,
      189
    ],
    "SliceThickness": 3,
    "SliceTiming": [
      1.49,
      0,
      1.545,
      0.055,
      1.6,
      0.11,
      1.655,
      0.165,
      1.71,
      0.22,
      1.765,
      0.275,
      1.82,
      0.33,
      1.875,
      0.385,
      1.93,
      0.44,
      1.985,
      0.495,
      2.04,
      0.55,
      2.095,
      0.605,
      2.15,
      0.66,
      2.205,
      0.7175,
      2.2625,
      0.7725,
      2.3175,
      0.8275,
      2.3725,
      0.8825,
      2.4275,
      0.9375,
      2.4825,
      0.9925,
      2.5375,
      1.0475,
      2.5925,
      1.1025,
      2.6475,
      1.1575,
      2.7025,
      1.2125,
      2.7575,
      1.2675,
      2.8125,
      1.3225,
      2.8675,
      1.3775,
      2.9225,
      1.4325
    ],
    "SoftwareVersions": "syngo_MR_D13",
    "SpacingBetweenSlices": 3,
    "TaskName": "Foraging task",
    "TotalReadoutTime": 0.0200254,
    "TxRefAmp": 326.379,
    "dataset": "ds001762",
    "modality": "bold",
    "run_id": 1,
    "subject_id": "23",
    "task_id": "forage"
  },
  "dummy_trs": 0,
  "dvars_nstd": 29.546524631449497,
  "dvars_std": 1.2902577149780379,
  "dvars_vstd": 0.9761667348462659,
  "efc": 0.49635513338145304,
  "fber": 2514.18505859375,
  "fd_mean": 0.09988275521434226,
  "fd_num": 70,
  "fd_perc": 10.23391812865497,
  "fwhm_avg": 1.6710985151642017,
  "fwhm_x": 1.6183334536391525,
  "fwhm_y": 1.745908758520119,
  "fwhm_z": 1.6490533333333335,
  "gcor": 0.296851,
  "gsr_x": 0.0076277898624539375,
  "gsr_y": 0.016183864325284958,
  "provenance": {
    "md5sum": "43480ee3c6948f53deef64c55cd966b6",
    "settings": {
      "fd_thres": 0.2,
      "testing": false
    },
    "software": "mriqc",
    "version": "22.0.6",
    "webapi_port": null,
    "webapi_url": "https://mriqc.nimh.nih.gov/api/v1"
  },
  "size_t": 684,
  "size_x": 66,
  "size_y": 66,
  "size_z": 54,
  "snr": 5.899976022012552,
  "spacing_tr": 3.0,
  "spacing_x": 2.9696969985961914,
  "spacing_y": 2.9696969985961914,
  "spacing_z": 3.0,
  "summary_bg_k": 23.461887417860623,
  "summary_bg_mad": 14.238616333055726,
  "summary_bg_mean": 44.69336700439453,
  "summary_bg_median": 18.764619827270508,
  "summary_bg_n": 152250.0,
  "summary_bg_p05": 6.9152045249938965,
  "summary_bg_p95": 178.3571662902831,
  "summary_bg_stdv": 78.59183502197266,
  "summary_fg_k": 2.3287270611730673,
  "summary_fg_mad": 151.08018846038016,
  "summary_fg_mean": 961.6348876953125,
  "summary_fg_median": 946.4707641601562,
  "summary_fg_n": 39983.0,
  "summary_fg_p05": 747.6289489746093,
  "summary_fg_p95": 1226.7509277343754,
  "summary_fg_stdv": 160.41741943359375,
  "tsnr": 47.57009979849681
}