{
  "aor": 0.000341461038961039,
  "aqi": 0.009792181818181818,
  "bids_meta": {
    "AcquisitionMatrixPE": 59,
    "BandwidthPerPixelPhaseEncode": 49.18,
    "BaseResolution": 66,
    "BodyPartExamined": "HEAD",
    "ConsistencyInfo": "N4_VD13A_LATEST_20120616",
    "ConversionSoftware": "dcm2niix",
    "ConversionSoftwareVersion": "v1.0.20180518 GCC4.8.5",
    "DerivedVendorReportedEchoSpacing": 0.000616166,
    "DwellTime": 4e-06,
    "EchoTime": 0.03,
    "EchoTrainLength": 29,
    "EffectiveEchoSpacing": 0.000308083,
    "FlipAngle": 87,
    "ImageOrientationPatientDICOM": [
      1,
      0,
      0,
      0,
      0.930418,
      -0.366501
    ],
    "ImageType": [
      "ORIGINAL",
      "PRIMARY",
      "M",
      "ND",
      "NORM",
      "MOSAIC"
    ],
    "InPlanePhaseEncodingDirectionDICOM": "COL",
    "MRAcquisitionType": "2D",
    "MagneticFieldStrength": 3,
    "Manufacturer": "Siemens",
    "ManufacturersModelName": "Skyra",
    "Modality": "MR",
    "ParallelReductionFactorInPlane": 2,
    "PartialFourier": 1,
    "PatientPosition": "HFS",
    "PercentPhaseFOV": 100,
    "PhaseEncodingDirection": "j-",
    "PhaseEncodingSteps": 59,
    "PhaseResolution": 0.9,
    "PixelBandwidth": 1895,
    "PulseSequenceDetails": "%SiemensSeq%_ep2d_pace",
    "ReceiveCoilActiveElements": "HE1-4",
    "ReceiveCoilName": "HeadNeck_20",
    "ReconMatrixPE": 66,
    "RepetitionTime": 3,
    "SAR": 0.125089,
    "ScanOptions": "FS",
    "ScanningSequence": "EP",
    "SequenceName": "_epfid2d1_59",
    "SequenceVariant": "SK_OSP",
    "ShimSetting": [
      3383,
      8698,
      9417,
      480,
      106,
      174,
      267,
      189
    ],
    "SliceThickness": 3,
    "SliceTiming": [
      1.49,
      0,
      1.545,
      0.055,
      1.6,
      0.11,
      1.655,
      0.165,
      1.71,
      0.22,
      1.765,
      0.275,
      1.82,
      0.33,
      1.875,
      0.385,
      1.93,
      0.44,
      1.985,
      0.495,
      2.04,
      0.55,
      2.095,
      0.605,
      2.15,
      0.66,
      2.205,
      0.7175,
      2.2625,
      0.7725,
      2.3175,
      0.8275,
      2.3725,
      0.8825,
      2.4275,
      0.9375,
      2.4825,
      0.9925,
      2.5375,
      1.0475,
      2.5925,
      1.1025,
      2.6475,
      1.1575,
      2.7025,
      1.2125,
      2.7575,
      1.2675,
      2.8125,
      1.3225,
      2.8675,
      1.3775,
      2.9225,
      1.4325
    ],
    "SoftwareVersions": "syngo_MR_D13",
    "SpacingBetweenSlices": 3,
    "TaskName": "Foraging task",
    "TotalReadoutTime": 0.0200254,
    "TxRefAmp": 326.379,
    "dataset": "ds001762",
    "modality": "bold",
    "run_id": 3,
    "subject_id": "23",
    "task_id": "forage"
  },
  "dummy_trs": 0,
  "dvars_nstd": 38.1954066082602,
  "dvars_std": 1.2144829602926834,
  "dvars_vstd": 1.0003696829430893,
  "efc": 0.5178979673296944,
  "fber": 1213.0234375,
  "fd_mean": 0.09632264572798582,
  "fd_num": 44,
  "fd_perc": 7.142857142857143,
  "fwhm_avg": 1.8587087291426687,
  "fwhm_x": 1.8303483495351407,
  "fwhm_y": 1.9781378378928647,
  "fwhm_z": 1.76764,
  "gcor": 0.0313932,
  "gsr_x": 0.002726537175476551,
  "gsr_y": 0.05503398925065994,
  "provenance": {
    "md5sum": "48a4c91f525c5a6c4c7cb76a8152a70d",
    "settings": {
      "fd_thres": 0.2,
      "testing": false
    },
    "software": "mriqc",
    "version": "22.0.6",
    "webapi_port": null,
    "webapi_url": "https://mriqc.nimh.nih.gov/api/v1"
  },
  "size_t": 616,
  "size_x": 66,
  "size_y": 66,
  "size_z": 54,
  "snr": 5.015548360129127,
  "spacing_tr": 3.0,
  "spacing_x": 2.9696969985961914,
  "spacing_y": 2.9696969985961914,
  "spacing_z": 3.0,
  "summary_bg_k": 23.095359198190184,
  "summary_bg_mad": 27.507566565179197,
  "summary_bg_mean": 61.98997116088867,
  "summary_bg_median": 28.748376846313477,
  "summary_bg_n": 152249.0,
  "summary_bg_p05": 7.3555192947387695,
  "summary_bg_p95": 221.05746154785203,
  "summary_bg_stdv": 91.07491302490234,
  "summary_fg_k": 1.2716657169222518,
  "summary_fg_mad": 190.95489457502094,
  "summary_fg_mean": 1039.8502197265625,
  "summary_fg_median": 1019.5113525390625,
  "summary_fg_n": 39966.0,
  "summary_fg_p05": 756.1542358398438,
  "summary_fg_p95": 1404.2589416503906,
  "summary_fg_stdv": 203.2676239013672,
  "tsnr": 45.49149978160858
}