{
  "aor": 0.0001547242921013413,
  "aqi": 0.008273533323397914,
  "bids_meta": {
    "AcquisitionMatrixPE": 59,
    "BandwidthPerPixelPhaseEncode": 49.18,
    "BaseResolution": 66,
    "BodyPartExamined": "HEAD",
    "ConsistencyInfo": "N4_VD13A_LATEST_20120616",
    "ConversionSoftware": "dcm2niix",
    "ConversionSoftwareVersion": "v1.0.20180518 GCC4.8.5",
    "DerivedVendorReportedEchoSpacing": 0.000616166,
    "DwellTime": 4e-06,
    "EchoTime": 0.03,
    "EchoTrainLength": 29,
    "EffectiveEchoSpacing": 0.000308083,
    "FlipAngle": 87,
    "ImageOrientationPatientDICOM": [
      1,
      0,
      0,
      0,
      0.930418,
      -0.366501
    ],
    "ImageType": [
      "ORIGINAL",
      "PRIMARY",
      "M",
      "ND",
      "NORM",
      "MOSAIC"
    ],
    "InPlanePhaseEncodingDirectionDICOM": "COL",
    "MRAcquisitionType": "2D",
    "MagneticFieldStrength": 3,
    "Manufacturer": "Siemens",
    "ManufacturersModelName": "Skyra",
    "Modality": "MR",
    "ParallelReductionFactorInPlane": 2,
    "PartialFourier": 1,
    "PatientPosition": "HFS",
    "PercentPhaseFOV": 100,
    "PhaseEncodingDirection": "j-",
    "PhaseEncodingSteps": 59,
    "PhaseResolution": 0.9,
    "PixelBandwidth": 1895,
    "PulseSequenceDetails": "%SiemensSeq%_ep2d_pace",
    "ReceiveCoilActiveElements": "HE1-4",
    "ReceiveCoilName": "HeadNeck_20",
    "ReconMatrixPE": 66,
    "RepetitionTime": 3,
    "SAR": 0.125089,
    "ScanOptions": "FS",
    "ScanningSequence": "EP",
    "SequenceName": "_epfid2d1_59",
    "SequenceVariant": "SK_OSP",
    "ShimSetting": [
      3383,
      8698,
      9417,
      480,
      106,
      174,
      267,
      189
    ],
    "SliceThickness": 3,
    "SliceTiming": [
      1.49,
      0,
      1.545,
      0.055,
      1.6,
      0.11,
      1.655,
      0.165,
      1.71,
      0.22,
      1.765,
      0.275,
      1.82,
      0.33,
      1.875,
      0.385,
      1.93,
      0.44,
      1.985,
      0.495,
      2.04,
      0.55,
      2.095,
      0.605,
      2.15,
      0.66,
      2.205,
      0.7175,
      2.2625,
      0.7725,
      2.3175,
      0.8275,
      2.3725,
      0.8825,
      2.4275,
      0.9375,
      2.4825,
      0.9925,
      2.5375,
      1.0475,
      2.5925,
      1.1025,
      2.6475,
      1.1575,
      2.7025,
      1.2125,
      2.7575,
      1.2675,
      2.8125,
      1.3225,
      2.8675,
      1.3775,
      2.9225,
      1.4325
    ],
    "SoftwareVersions": "syngo_MR_D13",
    "SpacingBetweenSlices": 3,
    "TaskName": "Foraging task",
    "TotalReadoutTime": 0.0200254,
    "TxRefAmp": 326.379,
    "dataset": "ds001762",
    "modality": "bold",
    "run_id": 1,
    "subject_id": "10",
    "task_id": "forage"
  },
  "dummy_trs": 0,
  "dvars_nstd": 26.949327423164178,
  "dvars_std": 1.1779717282686566,
  "dvars_vstd": 0.9807082092686563,
  "efc": 0.5196733217689427,
  "fber": 2359.75732421875,
  "fd_mean": 0.12260036990536101,
  "fd_num": 88,
  "fd_perc": 13.114754098360656,
  "fwhm_avg": 1.6042263274575934,
  "fwhm_x": 1.5230004953831995,
  "fwhm_y": 1.6864818203229142,
  "fwhm_z": 1.6031966666666666,
  "gcor": 0.257202,
  "gsr_x": 0.00377570278942585,
  "gsr_y": 0.01728132739663124,
  "provenance": {
    "md5sum": "f05fa3ba7cea5309384573a898542e70",
    "settings": {
      "fd_thres": 0.2,
      "testing": false
    },
    "software": "mriqc",
    "version": "22.0.6",
    "webapi_port": null,
    "webapi_url": "https://mriqc.nimh.nih.gov/api/v1"
  },
  "size_t": 671,
  "size_x": 66,
  "size_y": 66,
  "size_z": 54,
  "snr": 6.0792375498329365,
  "spacing_tr": 3.0,
  "spacing_x": 2.9696969985961914,
  "spacing_y": 2.9696969985961914,
  "spacing_z": 3.0,
  "summary_bg_k": 45.78707099577098,
  "summary_bg_mad": 11.929312964960115,
  "summary_bg_mean": 40.397708892822266,
  "summary_bg_median": 17.55439567565918,
  "summary_bg_n": 144588.0,
  "summary_bg_p05": 7.233979225158691,
  "summary_bg_p95": 144.0696754455565,
  "summary_bg_stdv": 75.5294418334961,
  "summary_fg_k": 3.1723436858791585,
  "summary_fg_mad": 124.81693623387261,
  "summary_fg_mean": 869.6610107421875,
  "summary_fg_median": 852.2116088867188,
  "summary_fg_n": 46321.0,
  "summary_fg_p05": 690.6632080078125,
  "summary_fg_p95": 1100.0953369140625,
  "summary_fg_stdv": 140.1824493408203,
  "tsnr": 53.02876450121403
}