{
  "aor": 0.0003308995502248876,
  "aqi": 0.010285553298350823,
  "bids_meta": {
    "AcquisitionMatrixPE": 59,
    "BandwidthPerPixelPhaseEncode": 49.18,
    "BaseResolution": 66,
    "BodyPartExamined": "HEAD",
    "ConsistencyInfo": "N4_VD13A_LATEST_20120616",
    "ConversionSoftware": "dcm2niix",
    "ConversionSoftwareVersion": "v1.0.20180518 GCC4.8.5",
    "DerivedVendorReportedEchoSpacing": 0.000616166,
    "DwellTime": 4e-06,
    "EchoTime": 0.03,
    "EchoTrainLength": 29,
    "EffectiveEchoSpacing": 0.000308083,
    "FlipAngle": 87,
    "ImageOrientationPatientDICOM": [
      1,
      0,
      0,
      0,
      0.930418,
      -0.366501
    ],
    "ImageType": [
      "ORIGINAL",
      "PRIMARY",
      "M",
      "ND",
      "NORM",
      "MOSAIC"
    ],
    "InPlanePhaseEncodingDirectionDICOM": "COL",
    "MRAcquisitionType": "2D",
    "MagneticFieldStrength": 3,
    "Manufacturer": "Siemens",
    "ManufacturersModelName": "Skyra",
    "Modality": "MR",
    "ParallelReductionFactorInPlane": 2,
    "PartialFourier": 1,
    "PatientPosition": "HFS",
    "PercentPhaseFOV": 100,
    "PhaseEncodingDirection": "j-",
    "PhaseEncodingSteps": 59,
    "PhaseResolution": 0.9,
    "PixelBandwidth": 1895,
    "PulseSequenceDetails": "%SiemensSeq%_ep2d_pace",
    "ReceiveCoilActiveElements": "HE1-4",
    "ReceiveCoilName": "HeadNeck_20",
    "ReconMatrixPE": 66,
    "RepetitionTime": 3,
    "SAR": 0.125089,
    "ScanOptions": "FS",
    "ScanningSequence": "EP",
    "SequenceName": "_epfid2d1_59",
    "SequenceVariant": "SK_OSP",
    "ShimSetting": [
      3383,
      8698,
      9417,
      480,
      106,
      174,
      267,
      189
    ],
    "SliceThickness": 3,
    "SliceTiming": [
      1.49,
      0,
      1.545,
      0.055,
      1.6,
      0.11,
      1.655,
      0.165,
      1.71,
      0.22,
      1.765,
      0.275,
      1.82,
      0.33,
      1.875,
      0.385,
      1.93,
      0.44,
      1.985,
      0.495,
      2.04,
      0.55,
      2.095,
      0.605,
      2.15,
      0.66,
      2.205,
      0.7175,
      2.2625,
      0.7725,
      2.3175,
      0.8275,
      2.3725,
      0.8825,
      2.4275,
      0.9375,
      2.4825,
      0.9925,
      2.5375,
      1.0475,
      2.5925,
      1.1025,
      2.6475,
      1.1575,
      2.7025,
      1.2125,
      2.7575,
      1.2675,
      2.8125,
      1.3225,
      2.8675,
      1.3775,
      2.9225,
      1.4325
    ],
    "SoftwareVersions": "syngo_MR_D13",
    "SpacingBetweenSlices": 3,
    "TaskName": "Foraging task",
    "TotalReadoutTime": 0.0200254,
    "TxRefAmp": 326.379,
    "dataset": "ds001762",
    "modality": "bold",
    "run_id": 2,
    "subject_id": "10",
    "task_id": "forage"
  },
  "dummy_trs": 0,
  "dvars_nstd": 30.594987711771736,
  "dvars_std": 1.1880100165915914,
  "dvars_vstd": 1.0037536864864873,
  "efc": 0.5277202304357765,
  "fber": 1570.8055419921875,
  "fd_mean": 0.15008229943500057,
  "fd_num": 145,
  "fd_perc": 21.73913043478261,
  "fwhm_avg": 1.6367679145435614,
  "fwhm_x": 1.5551956991515286,
  "fwhm_y": 1.7207580444791555,
  "fwhm_z": 1.6343500000000002,
  "gcor": 0.052804,
  "gsr_x": 0.0010602661641314626,
  "gsr_y": 0.029728109017014503,
  "provenance": {
    "md5sum": "3fab3465ed340e8a7b543f3fe6ba390e",
    "settings": {
      "fd_thres": 0.2,
      "testing": false
    },
    "software": "mriqc",
    "version": "22.0.6",
    "webapi_port": null,
    "webapi_url": "https://mriqc.nimh.nih.gov/api/v1"
  },
  "size_t": 667,
  "size_x": 66,
  "size_y": 66,
  "size_z": 54,
  "snr": 5.949759531751726,
  "spacing_tr": 3.0,
  "spacing_x": 2.9696969985961914,
  "spacing_y": 2.9696969985961914,
  "spacing_z": 3.0,
  "summary_bg_k": 46.34706470234541,
  "summary_bg_mad": 17.782337309182182,
  "summary_bg_mean": 45.854164123535156,
  "summary_bg_median": 21.862070083618164,
  "summary_bg_n": 144565.0,
  "summary_bg_p05": 7.383808135986328,
  "summary_bg_p95": 153.62669372558523,
  "summary_bg_stdv": 79.95057678222656,
  "summary_fg_k": 3.009417952167258,
  "summary_fg_mad": 127.06699141961124,
  "summary_fg_mean": 890.47216796875,
  "summary_fg_median": 870.9775390625,
  "summary_fg_n": 46312.0,
  "summary_fg_p05": 703.0002990722656,
  "summary_fg_p95": 1140.950830078125,
  "summary_fg_stdv": 146.38711547851562,
  "tsnr": 53.71157469693571
}