{
  "aor": 0.0003020726172465961,
  "aqi": 0.0077769292133131615,
  "bids_meta": {
    "AcquisitionMatrixPE": 59,
    "BandwidthPerPixelPhaseEncode": 49.18,
    "BaseResolution": 66,
    "BodyPartExamined": "HEAD",
    "ConsistencyInfo": "N4_VD13A_LATEST_20120616",
    "ConversionSoftware": "dcm2niix",
    "ConversionSoftwareVersion": "v1.0.20180518 GCC4.8.5",
    "DerivedVendorReportedEchoSpacing": 0.000616166,
    "DwellTime": 4e-06,
    "EchoTime": 0.03,
    "EchoTrainLength": 29,
    "EffectiveEchoSpacing": 0.000308083,
    "FlipAngle": 87,
    "ImageOrientationPatientDICOM": [
      1,
      0,
      0,
      0,
      0.930418,
      -0.366501
    ],
    "ImageType": [
      "ORIGINAL",
      "PRIMARY",
      "M",
      "ND",
      "NORM",
      "MOSAIC"
    ],
    "InPlanePhaseEncodingDirectionDICOM": "COL",
    "MRAcquisitionType": "2D",
    "MagneticFieldStrength": 3,
    "Manufacturer": "Siemens",
    "ManufacturersModelName": "Skyra",
    "Modality": "MR",
    "ParallelReductionFactorInPlane": 2,
    "PartialFourier": 1,
    "PatientPosition": "HFS",
    "PercentPhaseFOV": 100,
    "PhaseEncodingDirection": "j-",
    "PhaseEncodingSteps": 59,
    "PhaseResolution": 0.9,
    "PixelBandwidth": 1895,
    "PulseSequenceDetails": "%SiemensSeq%_ep2d_pace",
    "ReceiveCoilActiveElements": "HE1-4",
    "ReceiveCoilName": "HeadNeck_20",
    "ReconMatrixPE": 66,
    "RepetitionTime": 3,
    "SAR": 0.125089,
    "ScanOptions": "FS",
    "ScanningSequence": "EP",
    "SequenceName": "_epfid2d1_59",
    "SequenceVariant": "SK_OSP",
    "ShimSetting": [
      3383,
      8698,
      9417,
      480,
      106,
      174,
      267,
      189
    ],
    "SliceThickness": 3,
    "SliceTiming": [
      1.49,
      0,
      1.545,
      0.055,
      1.6,
      0.11,
      1.655,
      0.165,
      1.71,
      0.22,
      1.765,
      0.275,
      1.82,
      0.33,
      1.875,
      0.385,
      1.93,
      0.44,
      1.985,
      0.495,
      2.04,
      0.55,
      2.095,
      0.605,
      2.15,
      0.66,
      2.205,
      0.7175,
      2.2625,
      0.7725,
      2.3175,
      0.8275,
      2.3725,
      0.8825,
      2.4275,
      0.9375,
      2.4825,
      0.9925,
      2.5375,
      1.0475,
      2.5925,
      1.1025,
      2.6475,
      1.1575,
      2.7025,
      1.2125,
      2.7575,
      1.2675,
      2.8125,
      1.3225,
      2.8675,
      1.3775,
      2.9225,
      1.4325
    ],
    "SoftwareVersions": "syngo_MR_D13",
    "SpacingBetweenSlices": 3,
    "TaskName": "Foraging task",
    "TotalReadoutTime": 0.0200254,
    "TxRefAmp": 326.379,
    "dataset": "ds001762",
    "modality": "bold",
    "run_id": 2,
    "subject_id": "26",
    "task_id": "forage"
  },
  "dummy_trs": 0,
  "dvars_nstd": 27.43356197237878,
  "dvars_std": 1.2234587352727262,
  "dvars_vstd": 0.9694880367878792,
  "efc": 0.4939872344044589,
  "fber": 2742.398193359375,
  "fd_mean": 0.11675657589241109,
  "fd_num": 72,
  "fd_perc": 10.892586989409985,
  "fwhm_avg": 1.6179694939226634,
  "fwhm_x": 1.56005141338999,
  "fwhm_y": 1.7101138609092688,
  "fwhm_z": 1.5837432074687314,
  "gcor": 0.216736,
  "gsr_x": 0.013937505893409252,
  "gsr_y": 0.02484317496418953,
  "provenance": {
    "md5sum": "a1ae60e8fd4e117b97d4613b77e23f57",
    "settings": {
      "fd_thres": 0.2,
      "testing": false
    },
    "software": "mriqc",
    "version": "22.0.6",
    "webapi_port": null,
    "webapi_url": "https://mriqc.nimh.nih.gov/api/v1"
  },
  "size_t": 661,
  "size_x": 66,
  "size_y": 66,
  "size_z": 54,
  "snr": 5.953900428972658,
  "spacing_tr": 3.0,
  "spacing_x": 2.9696969985961914,
  "spacing_y": 2.9696969985961914,
  "spacing_z": 3.000000238418579,
  "summary_bg_k": 50.447009946183606,
  "summary_bg_mad": 11.593905064750142,
  "summary_bg_mean": 38.2119026184082,
  "summary_bg_median": 16.824508666992188,
  "summary_bg_n": 151146.0,
  "summary_bg_p05": 7.08169412612915,
  "summary_bg_p95": 146.31542205810547,
  "summary_bg_stdv": 69.94649505615234,
  "summary_fg_k": 2.250356376719756,
  "summary_fg_mad": 140.66441922474473,
  "summary_fg_mean": 900.5341796875,
  "summary_fg_median": 883.5166015625,
  "summary_fg_n": 40982.0,
  "summary_fg_p05": 704.5198455810547,
  "summary_fg_p95": 1144.1835876464843,
  "summary_fg_stdv": 148.39109802246094,
  "tsnr": 55.740139996865764
}