{
  "aor": 0.0054615813253012045,
  "aqi": 0.016707005391566266,
  "bids_meta": {
    "AcquisitionMatrixPE": 59,
    "BandwidthPerPixelPhaseEncode": 49.18,
    "BaseResolution": 66,
    "BodyPartExamined": "HEAD",
    "ConsistencyInfo": "N4_VD13A_LATEST_20120616",
    "ConversionSoftware": "dcm2niix",
    "ConversionSoftwareVersion": "v1.0.20180518 GCC4.8.5",
    "DerivedVendorReportedEchoSpacing": 0.000616166,
    "DwellTime": 4e-06,
    "EchoTime": 0.03,
    "EchoTrainLength": 29,
    "EffectiveEchoSpacing": 0.000308083,
    "FlipAngle": 87,
    "ImageOrientationPatientDICOM": [
      1,
      0,
      0,
      0,
      0.930418,
      -0.366501
    ],
    "ImageType": [
      "ORIGINAL",
      "PRIMARY",
      "M",
      "ND",
      "NORM",
      "MOSAIC"
    ],
    "InPlanePhaseEncodingDirectionDICOM": "COL",
    "MRAcquisitionType": "2D",
    "MagneticFieldStrength": 3,
    "Manufacturer": "Siemens",
    "ManufacturersModelName": "Skyra",
    "Modality": "MR",
    "ParallelReductionFactorInPlane": 2,
    "PartialFourier": 1,
    "PatientPosition": "HFS",
    "PercentPhaseFOV": 100,
    "PhaseEncodingDirection": "j-",
    "PhaseEncodingSteps": 59,
    "PhaseResolution": 0.9,
    "PixelBandwidth": 1895,
    "PulseSequenceDetails": "%SiemensSeq%_ep2d_pace",
    "ReceiveCoilActiveElements": "HE1-4",
    "ReceiveCoilName": "HeadNeck_20",
    "ReconMatrixPE": 66,
    "RepetitionTime": 3,
    "SAR": 0.125089,
    "ScanOptions": "FS",
    "ScanningSequence": "EP",
    "SequenceName": "_epfid2d1_59",
    "SequenceVariant": "SK_OSP",
    "ShimSetting": [
      3383,
      8698,
      9417,
      480,
      106,
      174,
      267,
      189
    ],
    "SliceThickness": 3,
    "SliceTiming": [
      1.49,
      0,
      1.545,
      0.055,
      1.6,
      0.11,
      1.655,
      0.165,
      1.71,
      0.22,
      1.765,
      0.275,
      1.82,
      0.33,
      1.875,
      0.385,
      1.93,
      0.44,
      1.985,
      0.495,
      2.04,
      0.55,
      2.095,
      0.605,
      2.15,
      0.66,
      2.205,
      0.7175,
      2.2625,
      0.7725,
      2.3175,
      0.8275,
      2.3725,
      0.8825,
      2.4275,
      0.9375,
      2.4825,
      0.9925,
      2.5375,
      1.0475,
      2.5925,
      1.1025,
      2.6475,
      1.1575,
      2.7025,
      1.2125,
      2.7575,
      1.2675,
      2.8125,
      1.3225,
      2.8675,
      1.3775,
      2.9225,
      1.4325
    ],
    "SoftwareVersions": "syngo_MR_D13",
    "SpacingBetweenSlices": 3,
    "TaskName": "Foraging task",
    "TotalReadoutTime": 0.0200254,
    "TxRefAmp": 326.379,
    "dataset": "ds001762",
    "modality": "bold",
    "run_id": 1,
    "subject_id": "26",
    "task_id": "forage"
  },
  "dummy_trs": 0,
  "dvars_nstd": 34.431979111749676,
  "dvars_std": 1.1761722963348415,
  "dvars_vstd": 0.9757018566365004,
  "efc": 0.49708532374835324,
  "fber": 2571.137451171875,
  "fd_mean": 0.3600564185493844,
  "fd_num": 254,
  "fd_perc": 38.25301204819277,
  "fwhm_avg": 1.6227431072866045,
  "fwhm_x": 1.583895596831423,
  "fwhm_y": 1.6922803916950575,
  "fwhm_z": 1.5920533333333333,
  "gcor": 0.0576213,
  "gsr_x": 0.012583098374307156,
  "gsr_y": 0.02305179089307785,
  "provenance": {
    "md5sum": "b79a181d680028eb112da913c8348f63",
    "settings": {
      "fd_thres": 0.2,
      "testing": false
    },
    "software": "mriqc",
    "version": "22.0.6",
    "webapi_port": null,
    "webapi_url": "https://mriqc.nimh.nih.gov/api/v1"
  },
  "size_t": 664,
  "size_x": 66,
  "size_y": 66,
  "size_z": 54,
  "snr": 5.97075910985221,
  "spacing_tr": 3.0,
  "spacing_x": 2.9696969985961914,
  "spacing_y": 2.9696969985961914,
  "spacing_z": 3.0,
  "summary_bg_k": 52.28100287403967,
  "summary_bg_mad": 12.014881261736534,
  "summary_bg_mean": 39.48099136352539,
  "summary_bg_median": 17.21234893798828,
  "summary_bg_n": 150992.0,
  "summary_bg_p05": 7.173192501068115,
  "summary_bg_p95": 153.0795097351073,
  "summary_bg_stdv": 73.23030090332031,
  "summary_fg_k": 1.8408894357328407,
  "summary_fg_mad": 144.25672530813313,
  "summary_fg_mean": 891.3716430664062,
  "summary_fg_median": 878.0571899414062,
  "summary_fg_n": 41141.0,
  "summary_fg_p05": 693.53759765625,
  "summary_fg_p95": 1130.09033203125,
  "summary_fg_stdv": 147.05776977539062,
  "tsnr": 36.18520006653853
}