{
  "aor": 0.0003400848896434635,
  "aqi": 0.006622736638370119,
  "bids_meta": {
    "AcquisitionMatrixPE": 59,
    "BandwidthPerPixelPhaseEncode": 49.18,
    "BaseResolution": 66,
    "BodyPartExamined": "HEAD",
    "ConsistencyInfo": "N4_VD13A_LATEST_20120616",
    "ConversionSoftware": "dcm2niix",
    "ConversionSoftwareVersion": "v1.0.20180518 GCC4.8.5",
    "DerivedVendorReportedEchoSpacing": 0.000616166,
    "DwellTime": 4e-06,
    "EchoTime": 0.03,
    "EchoTrainLength": 29,
    "EffectiveEchoSpacing": 0.000308083,
    "FlipAngle": 87,
    "ImageOrientationPatientDICOM": [
      1,
      0,
      0,
      0,
      0.930418,
      -0.366501
    ],
    "ImageType": [
      "ORIGINAL",
      "PRIMARY",
      "M",
      "ND",
      "NORM",
      "MOSAIC"
    ],
    "InPlanePhaseEncodingDirectionDICOM": "COL",
    "MRAcquisitionType": "2D",
    "MagneticFieldStrength": 3,
    "Manufacturer": "Siemens",
    "ManufacturersModelName": "Skyra",
    "Modality": "MR",
    "ParallelReductionFactorInPlane": 2,
    "PartialFourier": 1,
    "PatientPosition": "HFS",
    "PercentPhaseFOV": 100,
    "PhaseEncodingDirection": "j-",
    "PhaseEncodingSteps": 59,
    "PhaseResolution": 0.9,
    "PixelBandwidth": 1895,
    "PulseSequenceDetails": "%SiemensSeq%_ep2d_pace",
    "ReceiveCoilActiveElements": "HE1-4",
    "ReceiveCoilName": "HeadNeck_20",
    "ReconMatrixPE": 66,
    "RepetitionTime": 3,
    "SAR": 0.125089,
    "ScanOptions": "FS",
    "ScanningSequence": "EP",
    "SequenceName": "_epfid2d1_59",
    "SequenceVariant": "SK_OSP",
    "ShimSetting": [
      3383,
      8698,
      9417,
      480,
      106,
      174,
      267,
      189
    ],
    "SliceThickness": 3,
    "SliceTiming": [
      1.49,
      0,
      1.545,
      0.055,
      1.6,
      0.11,
      1.655,
      0.165,
      1.71,
      0.22,
      1.765,
      0.275,
      1.82,
      0.33,
      1.875,
      0.385,
      1.93,
      0.44,
      1.985,
      0.495,
      2.04,
      0.55,
      2.095,
      0.605,
      2.15,
      0.66,
      2.205,
      0.7175,
      2.2625,
      0.7725,
      2.3175,
      0.8275,
      2.3725,
      0.8825,
      2.4275,
      0.9375,
      2.4825,
      0.9925,
      2.5375,
      1.0475,
      2.5925,
      1.1025,
      2.6475,
      1.1575,
      2.7025,
      1.2125,
      2.7575,
      1.2675,
      2.8125,
      1.3225,
      2.8675,
      1.3775,
      2.9225,
      1.4325
    ],
    "SoftwareVersions": "syngo_MR_D13",
    "SpacingBetweenSlices": 3,
    "TaskName": "Foraging task",
    "TotalReadoutTime": 0.0200254,
    "TxRefAmp": 326.379,
    "dataset": "ds001762",
    "modality": "bold",
    "run_id": 3,
    "subject_id": "26",
    "task_id": "forage"
  },
  "dummy_trs": 0,
  "dvars_nstd": 27.953929232806107,
  "dvars_std": 1.2771266596428565,
  "dvars_vstd": 1.0026843347448982,
  "efc": 0.4960626258196164,
  "fber": 2584.060791015625,
  "fd_mean": 0.0765565012764075,
  "fd_num": 23,
  "fd_perc": 3.904923599320883,
  "fwhm_avg": 1.629916682044619,
  "fwhm_x": 1.5798379438096848,
  "fwhm_y": 1.7274422280875785,
  "fwhm_z": 1.582469874236594,
  "gcor": 0.0372841,
  "gsr_x": 0.013720063492655754,
  "gsr_y": 0.02486274018883705,
  "provenance": {
    "md5sum": "5e566b1319198bc5ef60d9fdbbd99447",
    "settings": {
      "fd_thres": 0.2,
      "testing": false
    },
    "software": "mriqc",
    "version": "22.0.6",
    "webapi_port": null,
    "webapi_url": "https://mriqc.nimh.nih.gov/api/v1"
  },
  "size_t": 589,
  "size_x": 66,
  "size_y": 66,
  "size_z": 54,
  "snr": 5.894789338617828,
  "spacing_tr": 3.0,
  "spacing_x": 2.9696969985961914,
  "spacing_y": 2.9696969985961914,
  "spacing_z": 3.000000238418579,
  "summary_bg_k": 48.25963335170149,
  "summary_bg_mad": 12.268597832870226,
  "summary_bg_mean": 39.9869270324707,
  "summary_bg_median": 17.453311920166016,
  "summary_bg_n": 150998.0,
  "summary_bg_p05": 7.064516067504883,
  "summary_bg_p95": 153.84796295166012,
  "summary_bg_stdv": 74.10928344726562,
  "summary_fg_k": 2.236728561407321,
  "summary_fg_mad": 141.85654578886783,
  "summary_fg_mean": 911.46142578125,
  "summary_fg_median": 893.1018676757812,
  "summary_fg_n": 41041.0,
  "summary_fg_p05": 710.6536865234375,
  "summary_fg_p95": 1162.1629638671875,
  "summary_fg_stdv": 151.50515747070312,
  "tsnr": 65.24351379834116
}