{
  "aor": 0.0010629282576866766,
  "aqi": 0.01771394636896047,
  "bids_meta": {
    "AcquisitionMatrixPE": 59,
    "BandwidthPerPixelPhaseEncode": 49.18,
    "BaseResolution": 66,
    "BodyPartExamined": "HEAD",
    "ConsistencyInfo": "N4_VD13A_LATEST_20120616",
    "ConversionSoftware": "dcm2niix",
    "ConversionSoftwareVersion": "v1.0.20180518 GCC4.8.5",
    "DerivedVendorReportedEchoSpacing": 0.000616166,
    "DwellTime": 4e-06,
    "EchoTime": 0.03,
    "EchoTrainLength": 29,
    "EffectiveEchoSpacing": 0.000308083,
    "FlipAngle": 87,
    "ImageOrientationPatientDICOM": [
      1,
      0,
      0,
      0,
      0.930418,
      -0.366501
    ],
    "ImageType": [
      "ORIGINAL",
      "PRIMARY",
      "M",
      "ND",
      "NORM",
      "MOSAIC"
    ],
    "InPlanePhaseEncodingDirectionDICOM": "COL",
    "MRAcquisitionType": "2D",
    "MagneticFieldStrength": 3,
    "Manufacturer": "Siemens",
    "ManufacturersModelName": "Skyra",
    "Modality": "MR",
    "ParallelReductionFactorInPlane": 2,
    "PartialFourier": 1,
    "PatientPosition": "HFS",
    "PercentPhaseFOV": 100,
    "PhaseEncodingDirection": "j-",
    "PhaseEncodingSteps": 59,
    "PhaseResolution": 0.9,
    "PixelBandwidth": 1895,
    "PulseSequenceDetails": "%SiemensSeq%_ep2d_pace",
    "ReceiveCoilActiveElements": "HE1-4",
    "ReceiveCoilName": "HeadNeck_20",
    "ReconMatrixPE": 66,
    "RepetitionTime": 3,
    "SAR": 0.125089,
    "ScanOptions": "FS",
    "ScanningSequence": "EP",
    "SequenceName": "_epfid2d1_59",
    "SequenceVariant": "SK_OSP",
    "ShimSetting": [
      3383,
      8698,
      9417,
      480,
      106,
      174,
      267,
      189
    ],
    "SliceThickness": 3,
    "SliceTiming": [
      1.49,
      0,
      1.545,
      0.055,
      1.6,
      0.11,
      1.655,
      0.165,
      1.71,
      0.22,
      1.765,
      0.275,
      1.82,
      0.33,
      1.875,
      0.385,
      1.93,
      0.44,
      1.985,
      0.495,
      2.04,
      0.55,
      2.095,
      0.605,
      2.15,
      0.66,
      2.205,
      0.7175,
      2.2625,
      0.7725,
      2.3175,
      0.8275,
      2.3725,
      0.8825,
      2.4275,
      0.9375,
      2.4825,
      0.9925,
      2.5375,
      1.0475,
      2.5925,
      1.1025,
      2.6475,
      1.1575,
      2.7025,
      1.2125,
      2.7575,
      1.2675,
      2.8125,
      1.3225,
      2.8675,
      1.3775,
      2.9225,
      1.4325
    ],
    "SoftwareVersions": "syngo_MR_D13",
    "SpacingBetweenSlices": 3,
    "TaskName": "Foraging task",
    "TotalReadoutTime": 0.0200254,
    "TxRefAmp": 326.379,
    "dataset": "ds001762",
    "modality": "bold",
    "run_id": 2,
    "subject_id": "27",
    "task_id": "forage"
  },
  "dummy_trs": 0,
  "dvars_nstd": 34.219318675131916,
  "dvars_std": 1.1583469119354834,
  "dvars_vstd": 0.9552516850586509,
  "efc": 0.48410050323410103,
  "fber": 2493.49658203125,
  "fd_mean": 0.16530478249558064,
  "fd_num": 124,
  "fd_perc": 18.15519765739385,
  "fwhm_avg": 1.7285868593692113,
  "fwhm_x": 1.5995672293319778,
  "fwhm_y": 1.908393348775656,
  "fwhm_z": 1.6778000000000002,
  "gcor": 0.06004,
  "gsr_x": -0.0010242888238281012,
  "gsr_y": 0.04516730457544327,
  "provenance": {
    "md5sum": "213d43c233237275cc38b7882a9c30c5",
    "settings": {
      "fd_thres": 0.2,
      "testing": false
    },
    "software": "mriqc",
    "version": "22.0.6",
    "webapi_port": null,
    "webapi_url": "https://mriqc.nimh.nih.gov/api/v1"
  },
  "size_t": 683,
  "size_x": 66,
  "size_y": 66,
  "size_z": 54,
  "snr": 6.537356174861711,
  "spacing_tr": 3.0,
  "spacing_x": 2.9696969985961914,
  "spacing_y": 2.9696969985961914,
  "spacing_z": 3.0,
  "summary_bg_k": 19.48604031843587,
  "summary_bg_mad": 19.022023888815717,
  "summary_bg_mean": 54.41073226928711,
  "summary_bg_median": 21.01464080810547,
  "summary_bg_n": 158880.0,
  "summary_bg_p05": 6.541727542877197,
  "summary_bg_p95": 229.31398239135692,
  "summary_bg_stdv": 98.27005767822266,
  "summary_fg_k": 2.279569498858228,
  "summary_fg_mad": 150.13148230444676,
  "summary_fg_mean": 1079.2529296875,
  "summary_fg_median": 1067.8477783203125,
  "summary_fg_n": 35135.0,
  "summary_fg_p05": 852.4493347167969,
  "summary_fg_p95": 1356.3369384765622,
  "summary_fg_stdv": 163.3431854248047,
  "tsnr": 39.34222387522459
}