{
  "aor": 0.00037632088520055324,
  "aqi": 0.012531054578146612,
  "bids_meta": {
    "AcquisitionMatrixPE": 59,
    "BandwidthPerPixelPhaseEncode": 49.18,
    "BaseResolution": 66,
    "BodyPartExamined": "HEAD",
    "ConsistencyInfo": "N4_VD13A_LATEST_20120616",
    "ConversionSoftware": "dcm2niix",
    "ConversionSoftwareVersion": "v1.0.20180518 GCC4.8.5",
    "DerivedVendorReportedEchoSpacing": 0.000616166,
    "DwellTime": 4e-06,
    "EchoTime": 0.03,
    "EchoTrainLength": 29,
    "EffectiveEchoSpacing": 0.000308083,
    "FlipAngle": 87,
    "ImageOrientationPatientDICOM": [
      1,
      0,
      0,
      0,
      0.930418,
      -0.366501
    ],
    "ImageType": [
      "ORIGINAL",
      "PRIMARY",
      "M",
      "ND",
      "NORM",
      "MOSAIC"
    ],
    "InPlanePhaseEncodingDirectionDICOM": "COL",
    "MRAcquisitionType": "2D",
    "MagneticFieldStrength": 3,
    "Manufacturer": "Siemens",
    "ManufacturersModelName": "Skyra",
    "Modality": "MR",
    "ParallelReductionFactorInPlane": 2,
    "PartialFourier": 1,
    "PatientPosition": "HFS",
    "PercentPhaseFOV": 100,
    "PhaseEncodingDirection": "j-",
    "PhaseEncodingSteps": 59,
    "PhaseResolution": 0.9,
    "PixelBandwidth": 1895,
    "PulseSequenceDetails": "%SiemensSeq%_ep2d_pace",
    "ReceiveCoilActiveElements": "HE1-4",
    "ReceiveCoilName": "HeadNeck_20",
    "ReconMatrixPE": 66,
    "RepetitionTime": 3,
    "SAR": 0.125089,
    "ScanOptions": "FS",
    "ScanningSequence": "EP",
    "SequenceName": "_epfid2d1_59",
    "SequenceVariant": "SK_OSP",
    "ShimSetting": [
      3383,
      8698,
      9417,
      480,
      106,
      174,
      267,
      189
    ],
    "SliceThickness": 3,
    "SliceTiming": [
      1.49,
      0,
      1.545,
      0.055,
      1.6,
      0.11,
      1.655,
      0.165,
      1.71,
      0.22,
      1.765,
      0.275,
      1.82,
      0.33,
      1.875,
      0.385,
      1.93,
      0.44,
      1.985,
      0.495,
      2.04,
      0.55,
      2.095,
      0.605,
      2.15,
      0.66,
      2.205,
      0.7175,
      2.2625,
      0.7725,
      2.3175,
      0.8275,
      2.3725,
      0.8825,
      2.4275,
      0.9375,
      2.4825,
      0.9925,
      2.5375,
      1.0475,
      2.5925,
      1.1025,
      2.6475,
      1.1575,
      2.7025,
      1.2125,
      2.7575,
      1.2675,
      2.8125,
      1.3225,
      2.8675,
      1.3775,
      2.9225,
      1.4325
    ],
    "SoftwareVersions": "syngo_MR_D13",
    "SpacingBetweenSlices": 3,
    "TaskName": "Foraging task",
    "TotalReadoutTime": 0.0200254,
    "TxRefAmp": 326.379,
    "dataset": "ds001762",
    "modality": "bold",
    "run_id": 3,
    "subject_id": "27",
    "task_id": "forage"
  },
  "dummy_trs": 0,
  "dvars_nstd": 36.38203150947375,
  "dvars_std": 1.1690344336703593,
  "dvars_vstd": 1.0053236481717456,
  "efc": 0.4923541655414151,
  "fber": 2048.82421875,
  "fd_mean": 0.1321232934610236,
  "fd_num": 115,
  "fd_perc": 15.905947441217151,
  "fwhm_avg": 1.8264472667035543,
  "fwhm_x": 1.7282806974671743,
  "fwhm_y": 2.0352211026434888,
  "fwhm_z": 1.71584,
  "gcor": 0.044101,
  "gsr_x": -0.0013452507555484772,
  "gsr_y": 0.06736617535352707,
  "provenance": {
    "md5sum": "4b8ec059e4fc8e29c858caf7187de1a4",
    "settings": {
      "fd_thres": 0.2,
      "testing": false
    },
    "software": "mriqc",
    "version": "22.0.6",
    "webapi_port": null,
    "webapi_url": "https://mriqc.nimh.nih.gov/api/v1"
  },
  "size_t": 723,
  "size_x": 66,
  "size_y": 66,
  "size_z": 54,
  "snr": 5.968884942630587,
  "spacing_tr": 3.0,
  "spacing_x": 2.9696969985961914,
  "spacing_y": 2.9696969985961914,
  "spacing_z": 3.0,
  "summary_bg_k": 18.10391187670572,
  "summary_bg_mad": 23.231537008819956,
  "summary_bg_mean": 60.644981384277344,
  "summary_bg_median": 23.708160400390625,
  "summary_bg_n": 158815.0,
  "summary_bg_p05": 6.514523029327393,
  "summary_bg_p95": 230.10014038085924,
  "summary_bg_stdv": 101.55020141601562,
  "summary_fg_k": 1.9243032918535086,
  "summary_fg_mad": 169.9313345029403,
  "summary_fg_mean": 1117.6904296875,
  "summary_fg_median": 1101.61279296875,
  "summary_fg_n": 35259.0,
  "summary_fg_p05": 860.0501037597656,
  "summary_fg_p95": 1438.0397827148436,
  "summary_fg_stdv": 184.55661010742188,
  "tsnr": 45.469272600486875
}