{
  "aor": 0.0007804545454545453,
  "aqi": 0.009840614559228649,
  "bids_meta": {
    "AcquisitionMatrixPE": 59,
    "BandwidthPerPixelPhaseEncode": 49.18,
    "BaseResolution": 66,
    "BodyPartExamined": "HEAD",
    "ConsistencyInfo": "N4_VD13A_LATEST_20120616",
    "ConversionSoftware": "dcm2niix",
    "ConversionSoftwareVersion": "v1.0.20180518 GCC4.8.5",
    "DerivedVendorReportedEchoSpacing": 0.000616166,
    "DwellTime": 4e-06,
    "EchoTime": 0.03,
    "EchoTrainLength": 29,
    "EffectiveEchoSpacing": 0.000308083,
    "FlipAngle": 87,
    "ImageOrientationPatientDICOM": [
      1,
      0,
      0,
      0,
      0.930418,
      -0.366501
    ],
    "ImageType": [
      "ORIGINAL",
      "PRIMARY",
      "M",
      "ND",
      "NORM",
      "MOSAIC"
    ],
    "InPlanePhaseEncodingDirectionDICOM": "COL",
    "MRAcquisitionType": "2D",
    "MagneticFieldStrength": 3,
    "Manufacturer": "Siemens",
    "ManufacturersModelName": "Skyra",
    "Modality": "MR",
    "ParallelReductionFactorInPlane": 2,
    "PartialFourier": 1,
    "PatientPosition": "HFS",
    "PercentPhaseFOV": 100,
    "PhaseEncodingDirection": "j-",
    "PhaseEncodingSteps": 59,
    "PhaseResolution": 0.9,
    "PixelBandwidth": 1895,
    "PulseSequenceDetails": "%SiemensSeq%_ep2d_pace",
    "ReceiveCoilActiveElements": "HE1-4",
    "ReceiveCoilName": "HeadNeck_20",
    "ReconMatrixPE": 66,
    "RepetitionTime": 3,
    "SAR": 0.125089,
    "ScanOptions": "FS",
    "ScanningSequence": "EP",
    "SequenceName": "_epfid2d1_59",
    "SequenceVariant": "SK_OSP",
    "ShimSetting": [
      3383,
      8698,
      9417,
      480,
      106,
      174,
      267,
      189
    ],
    "SliceThickness": 3,
    "SliceTiming": [
      1.49,
      0,
      1.545,
      0.055,
      1.6,
      0.11,
      1.655,
      0.165,
      1.71,
      0.22,
      1.765,
      0.275,
      1.82,
      0.33,
      1.875,
      0.385,
      1.93,
      0.44,
      1.985,
      0.495,
      2.04,
      0.55,
      2.095,
      0.605,
      2.15,
      0.66,
      2.205,
      0.7175,
      2.2625,
      0.7725,
      2.3175,
      0.8275,
      2.3725,
      0.8825,
      2.4275,
      0.9375,
      2.4825,
      0.9925,
      2.5375,
      1.0475,
      2.5925,
      1.1025,
      2.6475,
      1.1575,
      2.7025,
      1.2125,
      2.7575,
      1.2675,
      2.8125,
      1.3225,
      2.8675,
      1.3775,
      2.9225,
      1.4325
    ],
    "SoftwareVersions": "syngo_MR_D13",
    "SpacingBetweenSlices": 3,
    "TaskName": "Foraging task",
    "TotalReadoutTime": 0.0200254,
    "TxRefAmp": 326.379,
    "dataset": "ds001762",
    "modality": "bold",
    "run_id": 1,
    "subject_id": "27",
    "task_id": "forage"
  },
  "dummy_trs": 0,
  "dvars_nstd": 29.226907395875866,
  "dvars_std": 1.2743614241379306,
  "dvars_vstd": 0.9701320499586219,
  "efc": 0.46839512226750835,
  "fber": 3708.11083984375,
  "fd_mean": 0.14906392706695545,
  "fd_num": 128,
  "fd_perc": 17.63085399449036,
  "fwhm_avg": 1.66737610021981,
  "fwhm_x": 1.545282229860245,
  "fwhm_y": 1.8123027374658514,
  "fwhm_z": 1.6445433333333332,
  "gcor": 0.40272,
  "gsr_x": 0.0013524754904210567,
  "gsr_y": 0.01691359467804432,
  "provenance": {
    "md5sum": "ee2876f552535ef01c6531afc69601b7",
    "settings": {
      "fd_thres": 0.2,
      "testing": false
    },
    "software": "mriqc",
    "version": "22.0.6",
    "webapi_port": null,
    "webapi_url": "https://mriqc.nimh.nih.gov/api/v1"
  },
  "size_t": 726,
  "size_x": 66,
  "size_y": 66,
  "size_z": 54,
  "snr": 6.862812716582792,
  "spacing_tr": 3.0,
  "spacing_x": 2.9696969985961914,
  "spacing_y": 2.9696969985961914,
  "spacing_z": 3.0,
  "summary_bg_k": 20.457857408366547,
  "summary_bg_mad": 12.277416449772405,
  "summary_bg_mean": 44.708988189697266,
  "summary_bg_median": 16.958677291870117,
  "summary_bg_n": 159215.0,
  "summary_bg_p05": 6.619834899902344,
  "summary_bg_p95": 208.34063568115218,
  "summary_bg_stdv": 88.4593505859375,
  "summary_fg_k": 2.771557929231114,
  "summary_fg_mad": 143.2742660621422,
  "summary_fg_mean": 1049.7291259765625,
  "summary_fg_median": 1042.324462890625,
  "summary_fg_n": 34768.0,
  "summary_fg_p05": 838.3362579345703,
  "summary_fg_p95": 1285.4704895019531,
  "summary_fg_stdv": 151.8778839111328,
  "tsnr": 44.141290062339976
}