{
  "aor": 0.0004100671140939597,
  "aqi": 0.009002925083892619,
  "bids_meta": {
    "AcquisitionMatrixPE": 59,
    "BandwidthPerPixelPhaseEncode": 49.18,
    "BaseResolution": 66,
    "BodyPartExamined": "HEAD",
    "ConsistencyInfo": "N4_VD13A_LATEST_20120616",
    "ConversionSoftware": "dcm2niix",
    "ConversionSoftwareVersion": "v1.0.20180518 GCC4.8.5",
    "DerivedVendorReportedEchoSpacing": 0.000616166,
    "DwellTime": 4e-06,
    "EchoTime": 0.03,
    "EchoTrainLength": 29,
    "EffectiveEchoSpacing": 0.000308083,
    "FlipAngle": 87,
    "ImageOrientationPatientDICOM": [
      1,
      0,
      0,
      0,
      0.930418,
      -0.366501
    ],
    "ImageType": [
      "ORIGINAL",
      "PRIMARY",
      "M",
      "ND",
      "NORM",
      "MOSAIC"
    ],
    "InPlanePhaseEncodingDirectionDICOM": "COL",
    "MRAcquisitionType": "2D",
    "MagneticFieldStrength": 3,
    "Manufacturer": "Siemens",
    "ManufacturersModelName": "Skyra",
    "Modality": "MR",
    "ParallelReductionFactorInPlane": 2,
    "PartialFourier": 1,
    "PatientPosition": "HFS",
    "PercentPhaseFOV": 100,
    "PhaseEncodingDirection": "j-",
    "PhaseEncodingSteps": 59,
    "PhaseResolution": 0.9,
    "PixelBandwidth": 1895,
    "PulseSequenceDetails": "%SiemensSeq%_ep2d_pace",
    "ReceiveCoilActiveElements": "HE1-4",
    "ReceiveCoilName": "HeadNeck_20",
    "ReconMatrixPE": 66,
    "RepetitionTime": 3,
    "SAR": 0.125089,
    "ScanOptions": "FS",
    "ScanningSequence": "EP",
    "SequenceName": "_epfid2d1_59",
    "SequenceVariant": "SK_OSP",
    "ShimSetting": [
      3383,
      8698,
      9417,
      480,
      106,
      174,
      267,
      189
    ],
    "SliceThickness": 3,
    "SliceTiming": [
      1.49,
      0,
      1.545,
      0.055,
      1.6,
      0.11,
      1.655,
      0.165,
      1.71,
      0.22,
      1.765,
      0.275,
      1.82,
      0.33,
      1.875,
      0.385,
      1.93,
      0.44,
      1.985,
      0.495,
      2.04,
      0.55,
      2.095,
      0.605,
      2.15,
      0.66,
      2.205,
      0.7175,
      2.2625,
      0.7725,
      2.3175,
      0.8275,
      2.3725,
      0.8825,
      2.4275,
      0.9375,
      2.4825,
      0.9925,
      2.5375,
      1.0475,
      2.5925,
      1.1025,
      2.6475,
      1.1575,
      2.7025,
      1.2125,
      2.7575,
      1.2675,
      2.8125,
      1.3225,
      2.8675,
      1.3775,
      2.9225,
      1.4325
    ],
    "SoftwareVersions": "syngo_MR_D13",
    "SpacingBetweenSlices": 3,
    "TaskName": "Foraging task",
    "TotalReadoutTime": 0.0200254,
    "TxRefAmp": 326.379,
    "dataset": "ds001762",
    "modality": "bold",
    "run_id": 3,
    "subject_id": "11",
    "task_id": "forage"
  },
  "dummy_trs": 0,
  "dvars_nstd": 34.47088805786559,
  "dvars_std": 1.2198707435294114,
  "dvars_vstd": 1.0001592678991595,
  "efc": 0.5242883642010207,
  "fber": 1206.438720703125,
  "fd_mean": 0.1600388551378569,
  "fd_num": 124,
  "fd_perc": 20.80536912751678,
  "fwhm_avg": 1.7468425406991053,
  "fwhm_x": 1.64144018810817,
  "fwhm_y": 1.8639743764446066,
  "fwhm_z": 1.73511305754454,
  "gcor": 0.0254938,
  "gsr_x": -0.009588832966983318,
  "gsr_y": 0.05105185508728027,
  "provenance": {
    "md5sum": "a867748b9a97240fb65f32ac62d9f076",
    "settings": {
      "fd_thres": 0.2,
      "testing": false
    },
    "software": "mriqc",
    "version": "22.0.6",
    "webapi_port": null,
    "webapi_url": "https://mriqc.nimh.nih.gov/api/v1"
  },
  "size_t": 596,
  "size_x": 66,
  "size_y": 66,
  "size_z": 54,
  "snr": 5.624604454116785,
  "spacing_tr": 3.0,
  "spacing_x": 2.9696969985961914,
  "spacing_y": 2.9696974754333496,
  "spacing_z": 3.000000476837158,
  "summary_bg_k": 22.574047495460746,
  "summary_bg_mad": 23.00769938788297,
  "summary_bg_mean": 57.51636505126953,
  "summary_bg_median": 26.221477508544922,
  "summary_bg_n": 150963.0,
  "summary_bg_p05": 8.610738754272461,
  "summary_bg_p95": 206.37751922607382,
  "summary_bg_stdv": 85.87080383300781,
  "summary_fg_k": 1.2818143778366933,
  "summary_fg_mad": 147.756504489152,
  "summary_fg_mean": 939.6593627929688,
  "summary_fg_median": 922.1107177734375,
  "summary_fg_n": 40992.0,
  "summary_fg_p05": 705.0317901611328,
  "summary_fg_p95": 1229.8681701660155,
  "summary_fg_stdv": 163.94032287597656,
  "tsnr": 50.98604526597774
}