{
  "aor": 0.00046471698113207554,
  "aqi": 0.008090686661828737,
  "bids_meta": {
    "AcquisitionMatrixPE": 59,
    "BandwidthPerPixelPhaseEncode": 49.18,
    "BaseResolution": 66,
    "BodyPartExamined": "HEAD",
    "ConsistencyInfo": "N4_VD13A_LATEST_20120616",
    "ConversionSoftware": "dcm2niix",
    "ConversionSoftwareVersion": "v1.0.20180518 GCC4.8.5",
    "DerivedVendorReportedEchoSpacing": 0.000616166,
    "DwellTime": 4e-06,
    "EchoTime": 0.03,
    "EchoTrainLength": 29,
    "EffectiveEchoSpacing": 0.000308083,
    "FlipAngle": 87,
    "ImageOrientationPatientDICOM": [
      1,
      0,
      0,
      0,
      0.930418,
      -0.366501
    ],
    "ImageType": [
      "ORIGINAL",
      "PRIMARY",
      "M",
      "ND",
      "NORM",
      "MOSAIC"
    ],
    "InPlanePhaseEncodingDirectionDICOM": "COL",
    "MRAcquisitionType": "2D",
    "MagneticFieldStrength": 3,
    "Manufacturer": "Siemens",
    "ManufacturersModelName": "Skyra",
    "Modality": "MR",
    "ParallelReductionFactorInPlane": 2,
    "PartialFourier": 1,
    "PatientPosition": "HFS",
    "PercentPhaseFOV": 100,
    "PhaseEncodingDirection": "j-",
    "PhaseEncodingSteps": 59,
    "PhaseResolution": 0.9,
    "PixelBandwidth": 1895,
    "PulseSequenceDetails": "%SiemensSeq%_ep2d_pace",
    "ReceiveCoilActiveElements": "HE1-4",
    "ReceiveCoilName": "HeadNeck_20",
    "ReconMatrixPE": 66,
    "RepetitionTime": 3,
    "SAR": 0.125089,
    "ScanOptions": "FS",
    "ScanningSequence": "EP",
    "SequenceName": "_epfid2d1_59",
    "SequenceVariant": "SK_OSP",
    "ShimSetting": [
      3383,
      8698,
      9417,
      480,
      106,
      174,
      267,
      189
    ],
    "SliceThickness": 3,
    "SliceTiming": [
      1.49,
      0,
      1.545,
      0.055,
      1.6,
      0.11,
      1.655,
      0.165,
      1.71,
      0.22,
      1.765,
      0.275,
      1.82,
      0.33,
      1.875,
      0.385,
      1.93,
      0.44,
      1.985,
      0.495,
      2.04,
      0.55,
      2.095,
      0.605,
      2.15,
      0.66,
      2.205,
      0.7175,
      2.2625,
      0.7725,
      2.3175,
      0.8275,
      2.3725,
      0.8825,
      2.4275,
      0.9375,
      2.4825,
      0.9925,
      2.5375,
      1.0475,
      2.5925,
      1.1025,
      2.6475,
      1.1575,
      2.7025,
      1.2125,
      2.7575,
      1.2675,
      2.8125,
      1.3225,
      2.8675,
      1.3775,
      2.9225,
      1.4325
    ],
    "SoftwareVersions": "syngo_MR_D13",
    "SpacingBetweenSlices": 3,
    "TaskName": "Foraging task",
    "TotalReadoutTime": 0.0200254,
    "TxRefAmp": 326.379,
    "dataset": "ds001762",
    "modality": "bold",
    "run_id": 1,
    "subject_id": "11",
    "task_id": "forage"
  },
  "dummy_trs": 0,
  "dvars_nstd": 30.67538646752911,
  "dvars_std": 1.2784800567151176,
  "dvars_vstd": 0.9845035939534882,
  "efc": 0.5039203630453182,
  "fber": 2317.879150390625,
  "fd_mean": 0.16007584226854107,
  "fd_num": 183,
  "fd_perc": 26.560232220609578,
  "fwhm_avg": 1.618512792774102,
  "fwhm_x": 1.5007019241716235,
  "fwhm_y": 1.7100933822422204,
  "fwhm_z": 1.6447430719084626,
  "gcor": 0.29947,
  "gsr_x": -0.0016226578736677766,
  "gsr_y": 0.02594883181154728,
  "provenance": {
    "md5sum": "259dcb1640a1de53944e9ce0eba5a704",
    "settings": {
      "fd_thres": 0.2,
      "testing": false
    },
    "software": "mriqc",
    "version": "22.0.6",
    "webapi_port": null,
    "webapi_url": "https://mriqc.nimh.nih.gov/api/v1"
  },
  "size_t": 689,
  "size_x": 66,
  "size_y": 66,
  "size_z": 54,
  "snr": 6.252115919664619,
  "spacing_tr": 3.0,
  "spacing_x": 2.9696969985961914,
  "spacing_y": 2.9696974754333496,
  "spacing_z": 3.000000476837158,
  "summary_bg_k": 25.563584288508405,
  "summary_bg_mad": 12.413834246141821,
  "summary_bg_mean": 43.48828125,
  "summary_bg_median": 18.386066436767578,
  "summary_bg_n": 150729.0,
  "summary_bg_p05": 8.216255187988281,
  "summary_bg_p95": 164.40464782714847,
  "summary_bg_stdv": 73.30989837646484,
  "summary_fg_k": 1.8466342312926693,
  "summary_fg_mad": 132.84243469920062,
  "summary_fg_mean": 910.0237426757812,
  "summary_fg_median": 894.2452392578125,
  "summary_fg_n": 40922.0,
  "summary_fg_p05": 716.4410522460937,
  "summary_fg_p95": 1152.8512451171873,
  "summary_fg_stdv": 143.02906799316406,
  "tsnr": 48.99077883618884
}