{
  "aor": 0.0003878382581648523,
  "aqi": 0.009262747527216175,
  "bids_meta": {
    "AcquisitionMatrixPE": 59,
    "BandwidthPerPixelPhaseEncode": 49.18,
    "BaseResolution": 66,
    "BodyPartExamined": "HEAD",
    "ConsistencyInfo": "N4_VD13A_LATEST_20120616",
    "ConversionSoftware": "dcm2niix",
    "ConversionSoftwareVersion": "v1.0.20180518 GCC4.8.5",
    "DerivedVendorReportedEchoSpacing": 0.000616166,
    "DwellTime": 4e-06,
    "EchoTime": 0.03,
    "EchoTrainLength": 29,
    "EffectiveEchoSpacing": 0.000308083,
    "FlipAngle": 87,
    "ImageOrientationPatientDICOM": [
      1,
      0,
      0,
      0,
      0.930418,
      -0.366501
    ],
    "ImageType": [
      "ORIGINAL",
      "PRIMARY",
      "M",
      "ND",
      "NORM",
      "MOSAIC"
    ],
    "InPlanePhaseEncodingDirectionDICOM": "COL",
    "MRAcquisitionType": "2D",
    "MagneticFieldStrength": 3,
    "Manufacturer": "Siemens",
    "ManufacturersModelName": "Skyra",
    "Modality": "MR",
    "ParallelReductionFactorInPlane": 2,
    "PartialFourier": 1,
    "PatientPosition": "HFS",
    "PercentPhaseFOV": 100,
    "PhaseEncodingDirection": "j-",
    "PhaseEncodingSteps": 59,
    "PhaseResolution": 0.9,
    "PixelBandwidth": 1895,
    "PulseSequenceDetails": "%SiemensSeq%_ep2d_pace",
    "ReceiveCoilActiveElements": "HE1-4",
    "ReceiveCoilName": "HeadNeck_20",
    "ReconMatrixPE": 66,
    "RepetitionTime": 3,
    "SAR": 0.125089,
    "ScanOptions": "FS",
    "ScanningSequence": "EP",
    "SequenceName": "_epfid2d1_59",
    "SequenceVariant": "SK_OSP",
    "ShimSetting": [
      3383,
      8698,
      9417,
      480,
      106,
      174,
      267,
      189
    ],
    "SliceThickness": 3,
    "SliceTiming": [
      1.49,
      0,
      1.545,
      0.055,
      1.6,
      0.11,
      1.655,
      0.165,
      1.71,
      0.22,
      1.765,
      0.275,
      1.82,
      0.33,
      1.875,
      0.385,
      1.93,
      0.44,
      1.985,
      0.495,
      2.04,
      0.55,
      2.095,
      0.605,
      2.15,
      0.66,
      2.205,
      0.7175,
      2.2625,
      0.7725,
      2.3175,
      0.8275,
      2.3725,
      0.8825,
      2.4275,
      0.9375,
      2.4825,
      0.9925,
      2.5375,
      1.0475,
      2.5925,
      1.1025,
      2.6475,
      1.1575,
      2.7025,
      1.2125,
      2.7575,
      1.2675,
      2.8125,
      1.3225,
      2.8675,
      1.3775,
      2.9225,
      1.4325
    ],
    "SoftwareVersions": "syngo_MR_D13",
    "SpacingBetweenSlices": 3,
    "TaskName": "Foraging task",
    "TotalReadoutTime": 0.0200254,
    "TxRefAmp": 326.379,
    "dataset": "ds001762",
    "modality": "bold",
    "run_id": 2,
    "subject_id": "11",
    "task_id": "forage"
  },
  "dummy_trs": 1,
  "dvars_nstd": 32.55105883190032,
  "dvars_std": 1.2544789269003127,
  "dvars_vstd": 0.9991819634112151,
  "efc": 0.5144374486219271,
  "fber": 1561.2562255859375,
  "fd_mean": 0.16117590082373248,
  "fd_num": 150,
  "fd_perc": 23.32814930015552,
  "fwhm_avg": 1.6547157594953816,
  "fwhm_x": 1.5430597809022808,
  "fwhm_y": 1.7504577631233094,
  "fwhm_z": 1.670629734460555,
  "gcor": 0.0527063,
  "gsr_x": -0.005366260185837746,
  "gsr_y": 0.037226710468530655,
  "provenance": {
    "md5sum": "2807424dad1b696a2b612808d3103c9c",
    "settings": {
      "fd_thres": 0.2,
      "testing": false
    },
    "software": "mriqc",
    "version": "22.0.6",
    "webapi_port": null,
    "webapi_url": "https://mriqc.nimh.nih.gov/api/v1"
  },
  "size_t": 643,
  "size_x": 66,
  "size_y": 66,
  "size_z": 54,
  "snr": 6.062614960713559,
  "spacing_tr": 3.0,
  "spacing_x": 2.9696969985961914,
  "spacing_y": 2.9696974754333496,
  "spacing_z": 3.000000476837158,
  "summary_bg_k": 24.18118635593938,
  "summary_bg_mad": 18.295034474333455,
  "summary_bg_mean": 50.39194107055664,
  "summary_bg_median": 22.61508560180664,
  "summary_bg_n": 150830.0,
  "summary_bg_p05": 8.35458755493164,
  "summary_bg_p95": 186.38857574462878,
  "summary_bg_stdv": 79.90213775634766,
  "summary_fg_k": 1.5047257018316804,
  "summary_fg_mad": 135.09782884556498,
  "summary_fg_mean": 923.3963623046875,
  "summary_fg_median": 906.8911743164062,
  "summary_fg_n": 40918.0,
  "summary_fg_p05": 713.4450836181641,
  "summary_fg_p95": 1185.3195434570312,
  "summary_fg_stdv": 149.58563232421875,
  "tsnr": 54.148169186431915
}