{
  "aor": 0.0012712152269399705,
  "aqi": 0.008923899106881406,
  "bids_meta": {
    "AcquisitionMatrixPE": 59,
    "BandwidthPerPixelPhaseEncode": 49.18,
    "BaseResolution": 66,
    "BodyPartExamined": "HEAD",
    "ConsistencyInfo": "N4_VD13A_LATEST_20120616",
    "ConversionSoftware": "dcm2niix",
    "ConversionSoftwareVersion": "v1.0.20180518 GCC4.8.5",
    "DerivedVendorReportedEchoSpacing": 0.000616166,
    "DwellTime": 4e-06,
    "EchoTime": 0.03,
    "EchoTrainLength": 29,
    "EffectiveEchoSpacing": 0.000308083,
    "FlipAngle": 87,
    "ImageOrientationPatientDICOM": [
      1,
      0,
      0,
      0,
      0.930418,
      -0.366501
    ],
    "ImageType": [
      "ORIGINAL",
      "PRIMARY",
      "M",
      "ND",
      "NORM",
      "MOSAIC"
    ],
    "InPlanePhaseEncodingDirectionDICOM": "COL",
    "MRAcquisitionType": "2D",
    "MagneticFieldStrength": 3,
    "Manufacturer": "Siemens",
    "ManufacturersModelName": "Skyra",
    "Modality": "MR",
    "ParallelReductionFactorInPlane": 2,
    "PartialFourier": 1,
    "PatientPosition": "HFS",
    "PercentPhaseFOV": 100,
    "PhaseEncodingDirection": "j-",
    "PhaseEncodingSteps": 59,
    "PhaseResolution": 0.9,
    "PixelBandwidth": 1895,
    "PulseSequenceDetails": "%SiemensSeq%_ep2d_pace",
    "ReceiveCoilActiveElements": "HE1-4",
    "ReceiveCoilName": "HeadNeck_20",
    "ReconMatrixPE": 66,
    "RepetitionTime": 3,
    "SAR": 0.125089,
    "ScanOptions": "FS",
    "ScanningSequence": "EP",
    "SequenceName": "_epfid2d1_59",
    "SequenceVariant": "SK_OSP",
    "ShimSetting": [
      3383,
      8698,
      9417,
      480,
      106,
      174,
      267,
      189
    ],
    "SliceThickness": 3,
    "SliceTiming": [
      1.49,
      0,
      1.545,
      0.055,
      1.6,
      0.11,
      1.655,
      0.165,
      1.71,
      0.22,
      1.765,
      0.275,
      1.82,
      0.33,
      1.875,
      0.385,
      1.93,
      0.44,
      1.985,
      0.495,
      2.04,
      0.55,
      2.095,
      0.605,
      2.15,
      0.66,
      2.205,
      0.7175,
      2.2625,
      0.7725,
      2.3175,
      0.8275,
      2.3725,
      0.8825,
      2.4275,
      0.9375,
      2.4825,
      0.9925,
      2.5375,
      1.0475,
      2.5925,
      1.1025,
      2.6475,
      1.1575,
      2.7025,
      1.2125,
      2.7575,
      1.2675,
      2.8125,
      1.3225,
      2.8675,
      1.3775,
      2.9225,
      1.4325
    ],
    "SoftwareVersions": "syngo_MR_D13",
    "SpacingBetweenSlices": 3,
    "TaskName": "Foraging task",
    "TotalReadoutTime": 0.0200254,
    "TxRefAmp": 326.379,
    "dataset": "ds001762",
    "modality": "bold",
    "run_id": 1,
    "subject_id": "07",
    "task_id": "forage"
  },
  "dummy_trs": 0,
  "dvars_nstd": 32.71073035140761,
  "dvars_std": 1.245832481348975,
  "dvars_vstd": 0.9873173807331381,
  "efc": 0.4942765674025244,
  "fber": 2610.0615234375,
  "fd_mean": 0.20850357580307063,
  "fd_num": 203,
  "fd_perc": 29.72181551976574,
  "fwhm_avg": 1.6103081187705788,
  "fwhm_x": 1.5017794751815459,
  "fwhm_y": 1.7293548811301904,
  "fwhm_z": 1.5997899999999998,
  "gcor": 0.163952,
  "gsr_x": 0.005526804365217686,
  "gsr_y": 0.021267471835017204,
  "provenance": {
    "md5sum": "a953942f2e551f3b8abc684f9814b532",
    "settings": {
      "fd_thres": 0.2,
      "testing": false
    },
    "software": "mriqc",
    "version": "22.0.6",
    "webapi_port": null,
    "webapi_url": "https://mriqc.nimh.nih.gov/api/v1"
  },
  "size_t": 683,
  "size_x": 66,
  "size_y": 66,
  "size_z": 54,
  "snr": 6.4188573998226985,
  "spacing_tr": 3.0,
  "spacing_x": 2.9696969985961914,
  "spacing_y": 2.9696969985961914,
  "spacing_z": 3.0,
  "summary_bg_k": 19.526542582806247,
  "summary_bg_mad": 10.651726975874205,
  "summary_bg_mean": 38.543846130371094,
  "summary_bg_median": 15.938506126403809,
  "summary_bg_n": 153438.0,
  "summary_bg_p05": 6.900439262390137,
  "summary_bg_p95": 159.76902770996082,
  "summary_bg_stdv": 67.96554565429688,
  "summary_fg_k": 1.6617774783141153,
  "summary_fg_mad": 131.89947471275423,
  "summary_fg_mean": 829.9532470703125,
  "summary_fg_median": 821.7481689453125,
  "summary_fg_n": 39047.0,
  "summary_fg_p05": 651.2102294921875,
  "summary_fg_p95": 1031.8755249023436,
  "summary_fg_stdv": 128.01930236816406,
  "tsnr": 49.30504379561171
}