{
  "aor": 0.00034705128205128204,
  "aqi": 0.01239024023809524,
  "bids_meta": {
    "AcquisitionMatrixPE": 59,
    "BandwidthPerPixelPhaseEncode": 49.18,
    "BaseResolution": 66,
    "BodyPartExamined": "HEAD",
    "ConsistencyInfo": "N4_VD13A_LATEST_20120616",
    "ConversionSoftware": "dcm2niix",
    "ConversionSoftwareVersion": "v1.0.20180518 GCC4.8.5",
    "DerivedVendorReportedEchoSpacing": 0.000616166,
    "DwellTime": 4e-06,
    "EchoTime": 0.03,
    "EchoTrainLength": 29,
    "EffectiveEchoSpacing": 0.000308083,
    "FlipAngle": 87,
    "ImageOrientationPatientDICOM": [
      1,
      0,
      0,
      0,
      0.930418,
      -0.366501
    ],
    "ImageType": [
      "ORIGINAL",
      "PRIMARY",
      "M",
      "ND",
      "NORM",
      "MOSAIC"
    ],
    "InPlanePhaseEncodingDirectionDICOM": "COL",
    "MRAcquisitionType": "2D",
    "MagneticFieldStrength": 3,
    "Manufacturer": "Siemens",
    "ManufacturersModelName": "Skyra",
    "Modality": "MR",
    "ParallelReductionFactorInPlane": 2,
    "PartialFourier": 1,
    "PatientPosition": "HFS",
    "PercentPhaseFOV": 100,
    "PhaseEncodingDirection": "j-",
    "PhaseEncodingSteps": 59,
    "PhaseResolution": 0.9,
    "PixelBandwidth": 1895,
    "PulseSequenceDetails": "%SiemensSeq%_ep2d_pace",
    "ReceiveCoilActiveElements": "HE1-4",
    "ReceiveCoilName": "HeadNeck_20",
    "ReconMatrixPE": 66,
    "RepetitionTime": 3,
    "SAR": 0.125089,
    "ScanOptions": "FS",
    "ScanningSequence": "EP",
    "SequenceName": "_epfid2d1_59",
    "SequenceVariant": "SK_OSP",
    "ShimSetting": [
      3383,
      8698,
      9417,
      480,
      106,
      174,
      267,
      189
    ],
    "SliceThickness": 3,
    "SliceTiming": [
      1.49,
      0,
      1.545,
      0.055,
      1.6,
      0.11,
      1.655,
      0.165,
      1.71,
      0.22,
      1.765,
      0.275,
      1.82,
      0.33,
      1.875,
      0.385,
      1.93,
      0.44,
      1.985,
      0.495,
      2.04,
      0.55,
      2.095,
      0.605,
      2.15,
      0.66,
      2.205,
      0.7175,
      2.2625,
      0.7725,
      2.3175,
      0.8275,
      2.3725,
      0.8825,
      2.4275,
      0.9375,
      2.4825,
      0.9925,
      2.5375,
      1.0475,
      2.5925,
      1.1025,
      2.6475,
      1.1575,
      2.7025,
      1.2125,
      2.7575,
      1.2675,
      2.8125,
      1.3225,
      2.8675,
      1.3775,
      2.9225,
      1.4325
    ],
    "SoftwareVersions": "syngo_MR_D13",
    "SpacingBetweenSlices": 3,
    "TaskName": "Foraging task",
    "TotalReadoutTime": 0.0200254,
    "TxRefAmp": 326.379,
    "dataset": "ds001762",
    "modality": "bold",
    "run_id": 3,
    "subject_id": "22",
    "task_id": "forage"
  },
  "dummy_trs": 1,
  "dvars_nstd": 36.62188289864219,
  "dvars_std": 1.2333205813027524,
  "dvars_vstd": 0.9888163489174318,
  "efc": 0.5201293193649935,
  "fber": 1178.8753662109375,
  "fd_mean": 0.1013715305928642,
  "fd_num": 49,
  "fd_perc": 8.974358974358974,
  "fwhm_avg": 1.8028491038657295,
  "fwhm_x": 1.715417432286229,
  "fwhm_y": 1.9162998793109594,
  "fwhm_z": 1.7768300000000001,
  "gcor": 0.0387531,
  "gsr_x": -0.0052176546305418015,
  "gsr_y": 0.04430076852440834,
  "provenance": {
    "md5sum": "39aa9aafd342d2a31a0091c5ef92a353",
    "settings": {
      "fd_thres": 0.2,
      "testing": false
    },
    "software": "mriqc",
    "version": "22.0.6",
    "webapi_port": null,
    "webapi_url": "https://mriqc.nimh.nih.gov/api/v1"
  },
  "size_t": 546,
  "size_x": 66,
  "size_y": 66,
  "size_z": 54,
  "snr": 5.56890415277362,
  "spacing_tr": 3.0,
  "spacing_x": 2.9696969985961914,
  "spacing_y": 2.9696969985961914,
  "spacing_z": 3.0,
  "summary_bg_k": 25.922303669075514,
  "summary_bg_mad": 25.95368441499337,
  "summary_bg_mean": 65.0617904663086,
  "summary_bg_median": 28.33699607849121,
  "summary_bg_n": 153349.0,
  "summary_bg_p05": 7.80402946472168,
  "summary_bg_p95": 251.74578857421886,
  "summary_bg_stdv": 103.9962387084961,
  "summary_fg_k": 2.6585685456741786,
  "summary_fg_mad": 156.0696733922626,
  "summary_fg_mean": 1007.6097412109375,
  "summary_fg_median": 985.2765502929688,
  "summary_fg_n": 39327.0,
  "summary_fg_p05": 775.25,
  "summary_fg_p95": 1322.953125,
  "summary_fg_stdv": 176.92242431640625,
  "tsnr": 47.12741936207749
}