{
  "aor": 0.0005533158813263525,
  "aqi": 0.011691042984293194,
  "bids_meta": {
    "AcquisitionMatrixPE": 59,
    "BandwidthPerPixelPhaseEncode": 49.18,
    "BaseResolution": 66,
    "BodyPartExamined": "HEAD",
    "ConsistencyInfo": "N4_VD13A_LATEST_20120616",
    "ConversionSoftware": "dcm2niix",
    "ConversionSoftwareVersion": "v1.0.20180518 GCC4.8.5",
    "DerivedVendorReportedEchoSpacing": 0.000616166,
    "DwellTime": 4e-06,
    "EchoTime": 0.03,
    "EchoTrainLength": 29,
    "EffectiveEchoSpacing": 0.000308083,
    "FlipAngle": 87,
    "ImageOrientationPatientDICOM": [
      1,
      0,
      0,
      0,
      0.930418,
      -0.366501
    ],
    "ImageType": [
      "ORIGINAL",
      "PRIMARY",
      "M",
      "ND",
      "NORM",
      "MOSAIC"
    ],
    "InPlanePhaseEncodingDirectionDICOM": "COL",
    "MRAcquisitionType": "2D",
    "MagneticFieldStrength": 3,
    "Manufacturer": "Siemens",
    "ManufacturersModelName": "Skyra",
    "Modality": "MR",
    "ParallelReductionFactorInPlane": 2,
    "PartialFourier": 1,
    "PatientPosition": "HFS",
    "PercentPhaseFOV": 100,
    "PhaseEncodingDirection": "j-",
    "PhaseEncodingSteps": 59,
    "PhaseResolution": 0.9,
    "PixelBandwidth": 1895,
    "PulseSequenceDetails": "%SiemensSeq%_ep2d_pace",
    "ReceiveCoilActiveElements": "HE1-4",
    "ReceiveCoilName": "HeadNeck_20",
    "ReconMatrixPE": 66,
    "RepetitionTime": 3,
    "SAR": 0.125089,
    "ScanOptions": "FS",
    "ScanningSequence": "EP",
    "SequenceName": "_epfid2d1_59",
    "SequenceVariant": "SK_OSP",
    "ShimSetting": [
      3383,
      8698,
      9417,
      480,
      106,
      174,
      267,
      189
    ],
    "SliceThickness": 3,
    "SliceTiming": [
      1.49,
      0,
      1.545,
      0.055,
      1.6,
      0.11,
      1.655,
      0.165,
      1.71,
      0.22,
      1.765,
      0.275,
      1.82,
      0.33,
      1.875,
      0.385,
      1.93,
      0.44,
      1.985,
      0.495,
      2.04,
      0.55,
      2.095,
      0.605,
      2.15,
      0.66,
      2.205,
      0.7175,
      2.2625,
      0.7725,
      2.3175,
      0.8275,
      2.3725,
      0.8825,
      2.4275,
      0.9375,
      2.4825,
      0.9925,
      2.5375,
      1.0475,
      2.5925,
      1.1025,
      2.6475,
      1.1575,
      2.7025,
      1.2125,
      2.7575,
      1.2675,
      2.8125,
      1.3225,
      2.8675,
      1.3775,
      2.9225,
      1.4325
    ],
    "SoftwareVersions": "syngo_MR_D13",
    "SpacingBetweenSlices": 3,
    "TaskName": "Foraging task",
    "TotalReadoutTime": 0.0200254,
    "TxRefAmp": 326.379,
    "dataset": "ds001762",
    "modality": "bold",
    "run_id": 3,
    "subject_id": "07",
    "task_id": "forage"
  },
  "dummy_trs": 0,
  "dvars_nstd": 36.26586967423073,
  "dvars_std": 1.1959812579020974,
  "dvars_vstd": 1.0039758025524483,
  "efc": 0.5064558627096148,
  "fber": 1808.213134765625,
  "fd_mean": 0.1449352397410312,
  "fd_num": 96,
  "fd_perc": 16.75392670157068,
  "fwhm_avg": 1.6583440480547464,
  "fwhm_x": 1.5616913113332151,
  "fwhm_y": 1.7992441661643577,
  "fwhm_z": 1.6140966666666667,
  "gcor": 0.0221842,
  "gsr_x": 0.005710008554160595,
  "gsr_y": 0.05348172038793564,
  "provenance": {
    "md5sum": "8c1c4abfe1063c9427e347247f6ad8ef",
    "settings": {
      "fd_thres": 0.2,
      "testing": false
    },
    "software": "mriqc",
    "version": "22.0.6",
    "webapi_port": null,
    "webapi_url": "https://mriqc.nimh.nih.gov/api/v1"
  },
  "size_t": 573,
  "size_x": 66,
  "size_y": 66,
  "size_z": 54,
  "snr": 6.054534004532783,
  "spacing_tr": 3.0,
  "spacing_x": 2.9696969985961914,
  "spacing_y": 2.9696969985961914,
  "spacing_z": 3.0,
  "summary_bg_k": 19.630616333608778,
  "summary_bg_mad": 16.93737185241983,
  "summary_bg_mean": 44.937049865722656,
  "summary_bg_median": 19.596858978271484,
  "summary_bg_n": 154060.0,
  "summary_bg_p05": 6.802792549133301,
  "summary_bg_p95": 159.8343872070312,
  "summary_bg_stdv": 70.92105102539062,
  "summary_fg_k": 2.016320981306338,
  "summary_fg_mad": 130.8363881122291,
  "summary_fg_mean": 854.5999755859375,
  "summary_fg_median": 842.2818603515625,
  "summary_fg_n": 39068.0,
  "summary_fg_p05": 660.9840270996094,
  "summary_fg_p95": 1090.6150146484376,
  "summary_fg_stdv": 139.11410522460938,
  "tsnr": 46.57668767636642
}