{
  "aor": 0.00098130081300813,
  "aqi": 0.010748074439024391,
  "bids_meta": {
    "AcquisitionMatrixPE": 59,
    "BandwidthPerPixelPhaseEncode": 49.18,
    "BaseResolution": 66,
    "BodyPartExamined": "HEAD",
    "ConsistencyInfo": "N4_VD13A_LATEST_20120616",
    "ConversionSoftware": "dcm2niix",
    "ConversionSoftwareVersion": "v1.0.20180518 GCC4.8.5",
    "DerivedVendorReportedEchoSpacing": 0.000616166,
    "DwellTime": 4e-06,
    "EchoTime": 0.03,
    "EchoTrainLength": 29,
    "EffectiveEchoSpacing": 0.000308083,
    "FlipAngle": 87,
    "ImageOrientationPatientDICOM": [
      1,
      0,
      0,
      0,
      0.930418,
      -0.366501
    ],
    "ImageType": [
      "ORIGINAL",
      "PRIMARY",
      "M",
      "ND",
      "NORM",
      "MOSAIC"
    ],
    "InPlanePhaseEncodingDirectionDICOM": "COL",
    "MRAcquisitionType": "2D",
    "MagneticFieldStrength": 3,
    "Manufacturer": "Siemens",
    "ManufacturersModelName": "Skyra",
    "Modality": "MR",
    "ParallelReductionFactorInPlane": 2,
    "PartialFourier": 1,
    "PatientPosition": "HFS",
    "PercentPhaseFOV": 100,
    "PhaseEncodingDirection": "j-",
    "PhaseEncodingSteps": 59,
    "PhaseResolution": 0.9,
    "PixelBandwidth": 1895,
    "PulseSequenceDetails": "%SiemensSeq%_ep2d_pace",
    "ReceiveCoilActiveElements": "HE1-4",
    "ReceiveCoilName": "HeadNeck_20",
    "ReconMatrixPE": 66,
    "RepetitionTime": 3,
    "SAR": 0.125089,
    "ScanOptions": "FS",
    "ScanningSequence": "EP",
    "SequenceName": "_epfid2d1_59",
    "SequenceVariant": "SK_OSP",
    "ShimSetting": [
      3383,
      8698,
      9417,
      480,
      106,
      174,
      267,
      189
    ],
    "SliceThickness": 3,
    "SliceTiming": [
      1.49,
      0,
      1.545,
      0.055,
      1.6,
      0.11,
      1.655,
      0.165,
      1.71,
      0.22,
      1.765,
      0.275,
      1.82,
      0.33,
      1.875,
      0.385,
      1.93,
      0.44,
      1.985,
      0.495,
      2.04,
      0.55,
      2.095,
      0.605,
      2.15,
      0.66,
      2.205,
      0.7175,
      2.2625,
      0.7725,
      2.3175,
      0.8275,
      2.3725,
      0.8825,
      2.4275,
      0.9375,
      2.4825,
      0.9925,
      2.5375,
      1.0475,
      2.5925,
      1.1025,
      2.6475,
      1.1575,
      2.7025,
      1.2125,
      2.7575,
      1.2675,
      2.8125,
      1.3225,
      2.8675,
      1.3775,
      2.9225,
      1.4325
    ],
    "SoftwareVersions": "syngo_MR_D13",
    "SpacingBetweenSlices": 3,
    "TaskName": "Foraging task",
    "TotalReadoutTime": 0.0200254,
    "TxRefAmp": 326.379,
    "dataset": "ds001762",
    "modality": "bold",
    "run_id": 2,
    "subject_id": "07",
    "task_id": "forage"
  },
  "dummy_trs": 0,
  "dvars_nstd": 33.32425689701957,
  "dvars_std": 1.2325912724755708,
  "dvars_vstd": 1.0160949762703575,
  "efc": 0.5016440787227966,
  "fber": 2080.925048828125,
  "fd_mean": 0.16266881115798115,
  "fd_num": 125,
  "fd_perc": 20.32520325203252,
  "fwhm_avg": 1.5968929486615033,
  "fwhm_x": 1.4991529445948606,
  "fwhm_y": 1.7446359013896486,
  "fwhm_z": 1.54689,
  "gcor": 0.05194,
  "gsr_x": 0.0055076805874705315,
  "gsr_y": 0.03844413533806801,
  "provenance": {
    "md5sum": "b5a111a4c69016d94af98a1bdb87fec7",
    "settings": {
      "fd_thres": 0.2,
      "testing": false
    },
    "software": "mriqc",
    "version": "22.0.6",
    "webapi_port": null,
    "webapi_url": "https://mriqc.nimh.nih.gov/api/v1"
  },
  "size_t": 615,
  "size_x": 66,
  "size_y": 66,
  "size_z": 54,
  "snr": 6.372538331963712,
  "spacing_tr": 3.0,
  "spacing_x": 2.9696969985961914,
  "spacing_y": 2.9696969985961914,
  "spacing_z": 3.0,
  "summary_bg_k": 20.299595912377633,
  "summary_bg_mad": 14.46200008578274,
  "summary_bg_mean": 41.99135971069336,
  "summary_bg_median": 18.0406494140625,
  "summary_bg_n": 153617.0,
  "summary_bg_p05": 6.8308939933776855,
  "summary_bg_p95": 159.85430297851556,
  "summary_bg_stdv": 70.33292388916016,
  "summary_fg_k": 2.3222967616051795,
  "summary_fg_mad": 130.29783177046664,
  "summary_fg_mean": 843.6127319335938,
  "summary_fg_median": 834.130859375,
  "summary_fg_n": 39156.0,
  "summary_fg_p05": 663.3580932617188,
  "summary_fg_p95": 1053.5845642089844,
  "summary_fg_stdv": 130.89292907714844,
  "tsnr": 48.829267487628385
}