{
  "aor": 0.00041763532763532764,
  "aqi": 0.00796872,
  "bids_meta": {
    "AcquisitionMatrixPE": 59,
    "BandwidthPerPixelPhaseEncode": 49.18,
    "BaseResolution": 66,
    "BodyPartExamined": "HEAD",
    "ConsistencyInfo": "N4_VD13A_LATEST_20120616",
    "ConversionSoftware": "dcm2niix",
    "ConversionSoftwareVersion": "v1.0.20180518 GCC4.8.5",
    "DerivedVendorReportedEchoSpacing": 0.000616166,
    "DwellTime": 4e-06,
    "EchoTime": 0.03,
    "EchoTrainLength": 29,
    "EffectiveEchoSpacing": 0.000308083,
    "FlipAngle": 87,
    "ImageOrientationPatientDICOM": [
      1,
      0,
      0,
      0,
      0.930418,
      -0.366501
    ],
    "ImageType": [
      "ORIGINAL",
      "PRIMARY",
      "M",
      "ND",
      "NORM",
      "MOSAIC"
    ],
    "InPlanePhaseEncodingDirectionDICOM": "COL",
    "MRAcquisitionType": "2D",
    "MagneticFieldStrength": 3,
    "Manufacturer": "Siemens",
    "ManufacturersModelName": "Skyra",
    "Modality": "MR",
    "ParallelReductionFactorInPlane": 2,
    "PartialFourier": 1,
    "PatientPosition": "HFS",
    "PercentPhaseFOV": 100,
    "PhaseEncodingDirection": "j-",
    "PhaseEncodingSteps": 59,
    "PhaseResolution": 0.9,
    "PixelBandwidth": 1895,
    "PulseSequenceDetails": "%SiemensSeq%_ep2d_pace",
    "ReceiveCoilActiveElements": "HE1-4",
    "ReceiveCoilName": "HeadNeck_20",
    "ReconMatrixPE": 66,
    "RepetitionTime": 3,
    "SAR": 0.125089,
    "ScanOptions": "FS",
    "ScanningSequence": "EP",
    "SequenceName": "_epfid2d1_59",
    "SequenceVariant": "SK_OSP",
    "ShimSetting": [
      3383,
      8698,
      9417,
      480,
      106,
      174,
      267,
      189
    ],
    "SliceThickness": 3,
    "SliceTiming": [
      1.49,
      0,
      1.545,
      0.055,
      1.6,
      0.11,
      1.655,
      0.165,
      1.71,
      0.22,
      1.765,
      0.275,
      1.82,
      0.33,
      1.875,
      0.385,
      1.93,
      0.44,
      1.985,
      0.495,
      2.04,
      0.55,
      2.095,
      0.605,
      2.15,
      0.66,
      2.205,
      0.7175,
      2.2625,
      0.7725,
      2.3175,
      0.8275,
      2.3725,
      0.8825,
      2.4275,
      0.9375,
      2.4825,
      0.9925,
      2.5375,
      1.0475,
      2.5925,
      1.1025,
      2.6475,
      1.1575,
      2.7025,
      1.2125,
      2.7575,
      1.2675,
      2.8125,
      1.3225,
      2.8675,
      1.3775,
      2.9225,
      1.4325
    ],
    "SoftwareVersions": "syngo_MR_D13",
    "SpacingBetweenSlices": 3,
    "TaskName": "Foraging task",
    "TotalReadoutTime": 0.0200254,
    "TxRefAmp": 326.379,
    "dataset": "ds001762",
    "modality": "bold",
    "run_id": 2,
    "subject_id": "12",
    "task_id": "forage"
  },
  "dummy_trs": 0,
  "dvars_nstd": 30.474286747403756,
  "dvars_std": 1.266815420485022,
  "dvars_vstd": 1.003299990684736,
  "efc": 0.5185354848541983,
  "fber": 2018.7861328125,
  "fd_mean": 0.16126609479172466,
  "fd_num": 185,
  "fd_perc": 26.353276353276353,
  "fwhm_avg": 1.7578517685983772,
  "fwhm_x": 1.6805182489523767,
  "fwhm_y": 1.848370390176088,
  "fwhm_z": 1.7446666666666666,
  "gcor": 0.0564495,
  "gsr_x": 0.0009615987655706704,
  "gsr_y": 0.02701852098107338,
  "provenance": {
    "md5sum": "681c01a955f36b4c8dc66ea35834d227",
    "settings": {
      "fd_thres": 0.2,
      "testing": false
    },
    "software": "mriqc",
    "version": "22.0.6",
    "webapi_port": null,
    "webapi_url": "https://mriqc.nimh.nih.gov/api/v1"
  },
  "size_t": 702,
  "size_x": 66,
  "size_y": 66,
  "size_z": 54,
  "snr": 5.260806408464018,
  "spacing_tr": 3.0,
  "spacing_x": 2.9696969985961914,
  "spacing_y": 2.9696969985961914,
  "spacing_z": 3.0,
  "summary_bg_k": 31.04162553482319,
  "summary_bg_mad": 14.04881882786669,
  "summary_bg_mean": 44.261451721191406,
  "summary_bg_median": 18.954416275024414,
  "summary_bg_n": 146262.0,
  "summary_bg_p05": 7.276353359222412,
  "summary_bg_p95": 164.65142288207974,
  "summary_bg_stdv": 79.38282012939453,
  "summary_fg_k": 1.647463286794169,
  "summary_fg_mad": 150.6615325055513,
  "summary_fg_mean": 882.418212890625,
  "summary_fg_median": 863.75927734375,
  "summary_fg_n": 44542.0,
  "summary_fg_p05": 668.4775177001953,
  "summary_fg_p95": 1186.1603637695312,
  "summary_fg_stdv": 164.18577575683594,
  "tsnr": 56.61862886266317
}