{
  "aor": 0.003377532258064516,
  "aqi": 0.008421133209677419,
  "bids_meta": {
    "AcquisitionMatrixPE": 59,
    "BandwidthPerPixelPhaseEncode": 49.18,
    "BaseResolution": 66,
    "BodyPartExamined": "HEAD",
    "ConsistencyInfo": "N4_VD13A_LATEST_20120616",
    "ConversionSoftware": "dcm2niix",
    "ConversionSoftwareVersion": "v1.0.20180518 GCC4.8.5",
    "DerivedVendorReportedEchoSpacing": 0.000616166,
    "DwellTime": 4e-06,
    "EchoTime": 0.03,
    "EchoTrainLength": 29,
    "EffectiveEchoSpacing": 0.000308083,
    "FlipAngle": 87,
    "ImageOrientationPatientDICOM": [
      1,
      0,
      0,
      0,
      0.930418,
      -0.366501
    ],
    "ImageType": [
      "ORIGINAL",
      "PRIMARY",
      "M",
      "ND",
      "NORM",
      "MOSAIC"
    ],
    "InPlanePhaseEncodingDirectionDICOM": "COL",
    "MRAcquisitionType": "2D",
    "MagneticFieldStrength": 3,
    "Manufacturer": "Siemens",
    "ManufacturersModelName": "Skyra",
    "Modality": "MR",
    "ParallelReductionFactorInPlane": 2,
    "PartialFourier": 1,
    "PatientPosition": "HFS",
    "PercentPhaseFOV": 100,
    "PhaseEncodingDirection": "j-",
    "PhaseEncodingSteps": 59,
    "PhaseResolution": 0.9,
    "PixelBandwidth": 1895,
    "PulseSequenceDetails": "%SiemensSeq%_ep2d_pace",
    "ReceiveCoilActiveElements": "HE1-4",
    "ReceiveCoilName": "HeadNeck_20",
    "ReconMatrixPE": 66,
    "RepetitionTime": 3,
    "SAR": 0.125089,
    "ScanOptions": "FS",
    "ScanningSequence": "EP",
    "SequenceName": "_epfid2d1_59",
    "SequenceVariant": "SK_OSP",
    "ShimSetting": [
      3383,
      8698,
      9417,
      480,
      106,
      174,
      267,
      189
    ],
    "SliceThickness": 3,
    "SliceTiming": [
      1.49,
      0,
      1.545,
      0.055,
      1.6,
      0.11,
      1.655,
      0.165,
      1.71,
      0.22,
      1.765,
      0.275,
      1.82,
      0.33,
      1.875,
      0.385,
      1.93,
      0.44,
      1.985,
      0.495,
      2.04,
      0.55,
      2.095,
      0.605,
      2.15,
      0.66,
      2.205,
      0.7175,
      2.2625,
      0.7725,
      2.3175,
      0.8275,
      2.3725,
      0.8825,
      2.4275,
      0.9375,
      2.4825,
      0.9925,
      2.5375,
      1.0475,
      2.5925,
      1.1025,
      2.6475,
      1.1575,
      2.7025,
      1.2125,
      2.7575,
      1.2675,
      2.8125,
      1.3225,
      2.8675,
      1.3775,
      2.9225,
      1.4325
    ],
    "SoftwareVersions": "syngo_MR_D13",
    "SpacingBetweenSlices": 3,
    "TaskName": "Foraging task",
    "TotalReadoutTime": 0.0200254,
    "TxRefAmp": 326.379,
    "dataset": "ds001762",
    "modality": "bold",
    "run_id": 3,
    "subject_id": "12",
    "task_id": "forage"
  },
  "dummy_trs": 0,
  "dvars_nstd": 30.766272373747967,
  "dvars_std": 1.2745240135218088,
  "dvars_vstd": 1.0579160326494346,
  "efc": 0.5285083769412681,
  "fber": 1477.4415283203125,
  "fd_mean": 0.13919142054277667,
  "fd_num": 120,
  "fd_perc": 19.35483870967742,
  "fwhm_avg": 1.7505122674705325,
  "fwhm_x": 1.6825588611774167,
  "fwhm_y": 1.8444979412341804,
  "fwhm_z": 1.72448,
  "gcor": 0.0555196,
  "gsr_x": -0.001994609134271741,
  "gsr_y": 0.03927626460790634,
  "provenance": {
    "md5sum": "5ce680b026175b1a6fe1f9ed1e2c648b",
    "settings": {
      "fd_thres": 0.2,
      "testing": false
    },
    "software": "mriqc",
    "version": "22.0.6",
    "webapi_port": null,
    "webapi_url": "https://mriqc.nimh.nih.gov/api/v1"
  },
  "size_t": 620,
  "size_x": 66,
  "size_y": 66,
  "size_z": 54,
  "snr": 5.282394835656587,
  "spacing_tr": 3.0,
  "spacing_x": 2.9696969985961914,
  "spacing_y": 2.9696969985961914,
  "spacing_z": 3.0,
  "summary_bg_k": 29.19579826397994,
  "summary_bg_mad": 17.63699061017732,
  "summary_bg_mean": 49.49541091918945,
  "summary_bg_median": 21.916934967041016,
  "summary_bg_n": 146200.0,
  "summary_bg_p05": 7.6241936683654785,
  "summary_bg_p95": 180.91992187499986,
  "summary_bg_stdv": 83.46122741699219,
  "summary_fg_k": 1.5285853282182673,
  "summary_fg_mad": 150.42073633224538,
  "summary_fg_mean": 873.9691162109375,
  "summary_fg_median": 855.9451904296875,
  "summary_fg_n": 44658.0,
  "summary_fg_p05": 658.3322540283203,
  "summary_fg_p95": 1169.5760681152344,
  "summary_fg_stdv": 162.0355224609375,
  "tsnr": 51.03352093719877
}