{
  "aor": 0.0005208256880733945,
  "aqi": 0.006723656070336392,
  "bids_meta": {
    "AcquisitionMatrixPE": 59,
    "BandwidthPerPixelPhaseEncode": 49.18,
    "BaseResolution": 66,
    "BodyPartExamined": "HEAD",
    "ConsistencyInfo": "N4_VD13A_LATEST_20120616",
    "ConversionSoftware": "dcm2niix",
    "ConversionSoftwareVersion": "v1.0.20180518 GCC4.8.5",
    "DerivedVendorReportedEchoSpacing": 0.000616166,
    "DwellTime": 4e-06,
    "EchoTime": 0.03,
    "EchoTrainLength": 29,
    "EffectiveEchoSpacing": 0.000308083,
    "FlipAngle": 87,
    "ImageOrientationPatientDICOM": [
      1,
      0,
      0,
      0,
      0.930418,
      -0.366501
    ],
    "ImageType": [
      "ORIGINAL",
      "PRIMARY",
      "M",
      "ND",
      "NORM",
      "MOSAIC"
    ],
    "InPlanePhaseEncodingDirectionDICOM": "COL",
    "MRAcquisitionType": "2D",
    "MagneticFieldStrength": 3,
    "Manufacturer": "Siemens",
    "ManufacturersModelName": "Skyra",
    "Modality": "MR",
    "ParallelReductionFactorInPlane": 2,
    "PartialFourier": 1,
    "PatientPosition": "HFS",
    "PercentPhaseFOV": 100,
    "PhaseEncodingDirection": "j-",
    "PhaseEncodingSteps": 59,
    "PhaseResolution": 0.9,
    "PixelBandwidth": 1895,
    "PulseSequenceDetails": "%SiemensSeq%_ep2d_pace",
    "ReceiveCoilActiveElements": "HE1-4",
    "ReceiveCoilName": "HeadNeck_20",
    "ReconMatrixPE": 66,
    "RepetitionTime": 3,
    "SAR": 0.125089,
    "ScanOptions": "FS",
    "ScanningSequence": "EP",
    "SequenceName": "_epfid2d1_59",
    "SequenceVariant": "SK_OSP",
    "ShimSetting": [
      3383,
      8698,
      9417,
      480,
      106,
      174,
      267,
      189
    ],
    "SliceThickness": 3,
    "SliceTiming": [
      1.49,
      0,
      1.545,
      0.055,
      1.6,
      0.11,
      1.655,
      0.165,
      1.71,
      0.22,
      1.765,
      0.275,
      1.82,
      0.33,
      1.875,
      0.385,
      1.93,
      0.44,
      1.985,
      0.495,
      2.04,
      0.55,
      2.095,
      0.605,
      2.15,
      0.66,
      2.205,
      0.7175,
      2.2625,
      0.7725,
      2.3175,
      0.8275,
      2.3725,
      0.8825,
      2.4275,
      0.9375,
      2.4825,
      0.9925,
      2.5375,
      1.0475,
      2.5925,
      1.1025,
      2.6475,
      1.1575,
      2.7025,
      1.2125,
      2.7575,
      1.2675,
      2.8125,
      1.3225,
      2.8675,
      1.3775,
      2.9225,
      1.4325
    ],
    "SoftwareVersions": "syngo_MR_D13",
    "SpacingBetweenSlices": 3,
    "TaskName": "Foraging task",
    "TotalReadoutTime": 0.0200254,
    "TxRefAmp": 326.379,
    "dataset": "ds001762",
    "modality": "bold",
    "run_id": 2,
    "subject_id": "30",
    "task_id": "forage"
  },
  "dummy_trs": 1,
  "dvars_nstd": 32.2029153609648,
  "dvars_std": 1.396098563813169,
  "dvars_vstd": 1.001581589264932,
  "efc": 0.5258708435414037,
  "fber": 1935.360107421875,
  "fd_mean": 0.08209297762507485,
  "fd_num": 49,
  "fd_perc": 7.492354740061162,
  "fwhm_avg": 1.7080231522837155,
  "fwhm_x": 1.6244249841921183,
  "fwhm_y": 1.7609944726590285,
  "fwhm_z": 1.73865,
  "gcor": 0.0963199,
  "gsr_x": 0.00842465739697218,
  "gsr_y": 0.016222797334194183,
  "provenance": {
    "md5sum": "2658412c9ce1edad5b35ec8ede039816",
    "settings": {
      "fd_thres": 0.2,
      "testing": false
    },
    "software": "mriqc",
    "version": "22.0.6",
    "webapi_port": null,
    "webapi_url": "https://mriqc.nimh.nih.gov/api/v1"
  },
  "size_t": 654,
  "size_x": 66,
  "size_y": 66,
  "size_z": 54,
  "snr": 5.80258408626549,
  "spacing_tr": 3.0,
  "spacing_x": 2.9696969985961914,
  "spacing_y": 2.9696969985961914,
  "spacing_z": 3.0,
  "summary_bg_k": 28.442277479958456,
  "summary_bg_mad": 15.82349160212816,
  "summary_bg_mean": 52.79922866821289,
  "summary_bg_median": 20.636085510253906,
  "summary_bg_n": 147167.0,
  "summary_bg_p05": 7.628440856933594,
  "summary_bg_p95": 224.11132965087853,
  "summary_bg_stdv": 91.51940155029297,
  "summary_fg_k": 2.202744733149256,
  "summary_fg_mad": 155.20512373432786,
  "summary_fg_mean": 931.2164306640625,
  "summary_fg_median": 916.6521606445312,
  "summary_fg_n": 44748.0,
  "summary_fg_p05": 721.2066711425781,
  "summary_fg_p95": 1187.8610168457033,
  "summary_fg_stdv": 157.97132873535156,
  "tsnr": 61.14739261404611
}