{
  "aor": 0.00028210610932475884,
  "aqi": 0.00694304155948553,
  "bids_meta": {
    "AcquisitionMatrixPE": 59,
    "BandwidthPerPixelPhaseEncode": 49.18,
    "BaseResolution": 66,
    "BodyPartExamined": "HEAD",
    "ConsistencyInfo": "N4_VD13A_LATEST_20120616",
    "ConversionSoftware": "dcm2niix",
    "ConversionSoftwareVersion": "v1.0.20180518 GCC4.8.5",
    "DerivedVendorReportedEchoSpacing": 0.000616166,
    "DwellTime": 4e-06,
    "EchoTime": 0.03,
    "EchoTrainLength": 29,
    "EffectiveEchoSpacing": 0.000308083,
    "FlipAngle": 87,
    "ImageOrientationPatientDICOM": [
      1,
      0,
      0,
      0,
      0.930418,
      -0.366501
    ],
    "ImageType": [
      "ORIGINAL",
      "PRIMARY",
      "M",
      "ND",
      "NORM",
      "MOSAIC"
    ],
    "InPlanePhaseEncodingDirectionDICOM": "COL",
    "MRAcquisitionType": "2D",
    "MagneticFieldStrength": 3,
    "Manufacturer": "Siemens",
    "ManufacturersModelName": "Skyra",
    "Modality": "MR",
    "ParallelReductionFactorInPlane": 2,
    "PartialFourier": 1,
    "PatientPosition": "HFS",
    "PercentPhaseFOV": 100,
    "PhaseEncodingDirection": "j-",
    "PhaseEncodingSteps": 59,
    "PhaseResolution": 0.9,
    "PixelBandwidth": 1895,
    "PulseSequenceDetails": "%SiemensSeq%_ep2d_pace",
    "ReceiveCoilActiveElements": "HE1-4",
    "ReceiveCoilName": "HeadNeck_20",
    "ReconMatrixPE": 66,
    "RepetitionTime": 3,
    "SAR": 0.125089,
    "ScanOptions": "FS",
    "ScanningSequence": "EP",
    "SequenceName": "_epfid2d1_59",
    "SequenceVariant": "SK_OSP",
    "ShimSetting": [
      3383,
      8698,
      9417,
      480,
      106,
      174,
      267,
      189
    ],
    "SliceThickness": 3,
    "SliceTiming": [
      1.49,
      0,
      1.545,
      0.055,
      1.6,
      0.11,
      1.655,
      0.165,
      1.71,
      0.22,
      1.765,
      0.275,
      1.82,
      0.33,
      1.875,
      0.385,
      1.93,
      0.44,
      1.985,
      0.495,
      2.04,
      0.55,
      2.095,
      0.605,
      2.15,
      0.66,
      2.205,
      0.7175,
      2.2625,
      0.7725,
      2.3175,
      0.8275,
      2.3725,
      0.8825,
      2.4275,
      0.9375,
      2.4825,
      0.9925,
      2.5375,
      1.0475,
      2.5925,
      1.1025,
      2.6475,
      1.1575,
      2.7025,
      1.2125,
      2.7575,
      1.2675,
      2.8125,
      1.3225,
      2.8675,
      1.3775,
      2.9225,
      1.4325
    ],
    "SoftwareVersions": "syngo_MR_D13",
    "SpacingBetweenSlices": 3,
    "TaskName": "Foraging task",
    "TotalReadoutTime": 0.0200254,
    "TxRefAmp": 326.379,
    "dataset": "ds001762",
    "modality": "bold",
    "run_id": 1,
    "subject_id": "30",
    "task_id": "forage"
  },
  "dummy_trs": 1,
  "dvars_nstd": 31.562372302785825,
  "dvars_std": 1.3623175580515299,
  "dvars_vstd": 0.9846991442351026,
  "efc": 0.5225480520618616,
  "fber": 2031.646484375,
  "fd_mean": 0.06590158026650576,
  "fd_num": 17,
  "fd_perc": 2.733118971061093,
  "fwhm_avg": 1.6983077441235197,
  "fwhm_x": 1.6202427393348584,
  "fwhm_y": 1.764230493035701,
  "fwhm_z": 1.71045,
  "gcor": 0.149644,
  "gsr_x": 0.009131968952715397,
  "gsr_y": 0.018181847408413887,
  "provenance": {
    "md5sum": "863e102e2ebc322f260cf01b62990559",
    "settings": {
      "fd_thres": 0.2,
      "testing": false
    },
    "software": "mriqc",
    "version": "22.0.6",
    "webapi_port": null,
    "webapi_url": "https://mriqc.nimh.nih.gov/api/v1"
  },
  "size_t": 622,
  "size_x": 66,
  "size_y": 66,
  "size_z": 54,
  "snr": 5.902459860145014,
  "spacing_tr": 3.0,
  "spacing_x": 2.9696969985961914,
  "spacing_y": 2.9696969985961914,
  "spacing_z": 3.0,
  "summary_bg_k": 28.857313417309626,
  "summary_bg_mad": 14.945201472964419,
  "summary_bg_mean": 49.40642547607422,
  "summary_bg_median": 19.922828674316406,
  "summary_bg_n": 147325.0,
  "summary_bg_p05": 7.514469146728516,
  "summary_bg_p95": 206.15080261230466,
  "summary_bg_stdv": 85.85772705078125,
  "summary_fg_k": 2.2789321649236305,
  "summary_fg_mad": 152.73784524380878,
  "summary_fg_mean": 916.0905151367188,
  "summary_fg_median": 904.6109008789062,
  "summary_fg_n": 44728.0,
  "summary_fg_p05": 711.0784210205078,
  "summary_fg_p95": 1161.2360473632814,
  "summary_fg_stdv": 153.25827026367188,
  "tsnr": 55.76600342988968
}