{
  "aor": 0.000304012671594509,
  "aqi": 0.009109781953537486,
  "bids_meta": {
    "AcquisitionMatrixPE": 59,
    "BandwidthPerPixelPhaseEncode": 49.18,
    "BaseResolution": 66,
    "BodyPartExamined": "HEAD",
    "ConsistencyInfo": "N4_VD13A_LATEST_20120616",
    "ConversionSoftware": "dcm2niix",
    "ConversionSoftwareVersion": "v1.0.20180518 GCC4.8.5",
    "DerivedVendorReportedEchoSpacing": 0.000616166,
    "DwellTime": 4e-06,
    "EchoTime": 0.03,
    "EchoTrainLength": 29,
    "EffectiveEchoSpacing": 0.000308083,
    "FlipAngle": 87,
    "ImageOrientationPatientDICOM": [
      1,
      0,
      0,
      0,
      0.930418,
      -0.366501
    ],
    "ImageType": [
      "ORIGINAL",
      "PRIMARY",
      "M",
      "ND",
      "NORM",
      "MOSAIC"
    ],
    "InPlanePhaseEncodingDirectionDICOM": "COL",
    "MRAcquisitionType": "2D",
    "MagneticFieldStrength": 3,
    "Manufacturer": "Siemens",
    "ManufacturersModelName": "Skyra",
    "Modality": "MR",
    "ParallelReductionFactorInPlane": 2,
    "PartialFourier": 1,
    "PatientPosition": "HFS",
    "PercentPhaseFOV": 100,
    "PhaseEncodingDirection": "j-",
    "PhaseEncodingSteps": 59,
    "PhaseResolution": 0.9,
    "PixelBandwidth": 1895,
    "PulseSequenceDetails": "%SiemensSeq%_ep2d_pace",
    "ReceiveCoilActiveElements": "HE1-4",
    "ReceiveCoilName": "HeadNeck_20",
    "ReconMatrixPE": 66,
    "RepetitionTime": 3,
    "SAR": 0.125089,
    "ScanOptions": "FS",
    "ScanningSequence": "EP",
    "SequenceName": "_epfid2d1_59",
    "SequenceVariant": "SK_OSP",
    "ShimSetting": [
      3383,
      8698,
      9417,
      480,
      106,
      174,
      267,
      189
    ],
    "SliceThickness": 3,
    "SliceTiming": [
      1.49,
      0,
      1.545,
      0.055,
      1.6,
      0.11,
      1.655,
      0.165,
      1.71,
      0.22,
      1.765,
      0.275,
      1.82,
      0.33,
      1.875,
      0.385,
      1.93,
      0.44,
      1.985,
      0.495,
      2.04,
      0.55,
      2.095,
      0.605,
      2.15,
      0.66,
      2.205,
      0.7175,
      2.2625,
      0.7725,
      2.3175,
      0.8275,
      2.3725,
      0.8825,
      2.4275,
      0.9375,
      2.4825,
      0.9925,
      2.5375,
      1.0475,
      2.5925,
      1.1025,
      2.6475,
      1.1575,
      2.7025,
      1.2125,
      2.7575,
      1.2675,
      2.8125,
      1.3225,
      2.8675,
      1.3775,
      2.9225,
      1.4325
    ],
    "SoftwareVersions": "syngo_MR_D13",
    "SpacingBetweenSlices": 3,
    "TaskName": "Foraging task",
    "TotalReadoutTime": 0.0200254,
    "TxRefAmp": 326.379,
    "dataset": "ds001762",
    "modality": "bold",
    "run_id": 3,
    "subject_id": "29",
    "task_id": "forage"
  },
  "dummy_trs": 0,
  "dvars_nstd": 38.34155200445028,
  "dvars_std": 1.191235496141649,
  "dvars_vstd": 1.0057315068393244,
  "efc": 0.48890740327665605,
  "fber": 1420.85498046875,
  "fd_mean": 0.11503602094043784,
  "fd_num": 107,
  "fd_perc": 11.29883843717001,
  "fwhm_avg": 1.9891920161033616,
  "fwhm_x": 1.9118381446605006,
  "fwhm_y": 2.211454570316251,
  "fwhm_z": 1.8442833333333333,
  "gcor": 0.0509188,
  "gsr_x": -0.006600848864763975,
  "gsr_y": 0.06543858349323273,
  "provenance": {
    "md5sum": "cb641da49320e3bf6d7d27a5b39540ac",
    "settings": {
      "fd_thres": 0.2,
      "testing": false
    },
    "software": "mriqc",
    "version": "22.0.6",
    "webapi_port": null,
    "webapi_url": "https://mriqc.nimh.nih.gov/api/v1"
  },
  "size_t": 947,
  "size_x": 66,
  "size_y": 66,
  "size_z": 54,
  "snr": 5.080975989730391,
  "spacing_tr": 3.0,
  "spacing_x": 2.9696969985961914,
  "spacing_y": 2.9696969985961914,
  "spacing_z": 3.0,
  "summary_bg_k": 34.681289668109024,
  "summary_bg_mad": 23.158028739759928,
  "summary_bg_mean": 57.94147491455078,
  "summary_bg_median": 25.444562911987305,
  "summary_bg_n": 162481.0,
  "summary_bg_p05": 7.331573486328125,
  "summary_bg_p95": 198.0728759765625,
  "summary_bg_stdv": 87.87456512451172,
  "summary_fg_k": 2.557040974814278,
  "summary_fg_mad": 168.10224278891113,
  "summary_fg_mean": 978.9550170898438,
  "summary_fg_median": 965.6948852539062,
  "summary_fg_n": 32379.0,
  "summary_fg_p05": 702.1929260253906,
  "summary_fg_p95": 1288.8655395507812,
  "summary_fg_stdv": 190.05796813964844,
  "tsnr": 45.18449019372929
}