{
  "aor": 0.0003483209876543209,
  "aqi": 0.00724231435802469,
  "bids_meta": {
    "AcquisitionMatrixPE": 59,
    "BandwidthPerPixelPhaseEncode": 49.18,
    "BaseResolution": 66,
    "BodyPartExamined": "HEAD",
    "ConsistencyInfo": "N4_VD13A_LATEST_20120616",
    "ConversionSoftware": "dcm2niix",
    "ConversionSoftwareVersion": "v1.0.20180518 GCC4.8.5",
    "DerivedVendorReportedEchoSpacing": 0.000616166,
    "DwellTime": 4e-06,
    "EchoTime": 0.03,
    "EchoTrainLength": 29,
    "EffectiveEchoSpacing": 0.000308083,
    "FlipAngle": 87,
    "ImageOrientationPatientDICOM": [
      1,
      0,
      0,
      0,
      0.930418,
      -0.366501
    ],
    "ImageType": [
      "ORIGINAL",
      "PRIMARY",
      "M",
      "ND",
      "NORM",
      "MOSAIC"
    ],
    "InPlanePhaseEncodingDirectionDICOM": "COL",
    "MRAcquisitionType": "2D",
    "MagneticFieldStrength": 3,
    "Manufacturer": "Siemens",
    "ManufacturersModelName": "Skyra",
    "Modality": "MR",
    "ParallelReductionFactorInPlane": 2,
    "PartialFourier": 1,
    "PatientPosition": "HFS",
    "PercentPhaseFOV": 100,
    "PhaseEncodingDirection": "j-",
    "PhaseEncodingSteps": 59,
    "PhaseResolution": 0.9,
    "PixelBandwidth": 1895,
    "PulseSequenceDetails": "%SiemensSeq%_ep2d_pace",
    "ReceiveCoilActiveElements": "HE1-4",
    "ReceiveCoilName": "HeadNeck_20",
    "ReconMatrixPE": 66,
    "RepetitionTime": 3,
    "SAR": 0.125089,
    "ScanOptions": "FS",
    "ScanningSequence": "EP",
    "SequenceName": "_epfid2d1_59",
    "SequenceVariant": "SK_OSP",
    "ShimSetting": [
      3383,
      8698,
      9417,
      480,
      106,
      174,
      267,
      189
    ],
    "SliceThickness": 3,
    "SliceTiming": [
      1.49,
      0,
      1.545,
      0.055,
      1.6,
      0.11,
      1.655,
      0.165,
      1.71,
      0.22,
      1.765,
      0.275,
      1.82,
      0.33,
      1.875,
      0.385,
      1.93,
      0.44,
      1.985,
      0.495,
      2.04,
      0.55,
      2.095,
      0.605,
      2.15,
      0.66,
      2.205,
      0.7175,
      2.2625,
      0.7725,
      2.3175,
      0.8275,
      2.3725,
      0.8825,
      2.4275,
      0.9375,
      2.4825,
      0.9925,
      2.5375,
      1.0475,
      2.5925,
      1.1025,
      2.6475,
      1.1575,
      2.7025,
      1.2125,
      2.7575,
      1.2675,
      2.8125,
      1.3225,
      2.8675,
      1.3775,
      2.9225,
      1.4325
    ],
    "SoftwareVersions": "syngo_MR_D13",
    "SpacingBetweenSlices": 3,
    "TaskName": "Foraging task",
    "TotalReadoutTime": 0.0200254,
    "TxRefAmp": 326.379,
    "dataset": "ds001762",
    "modality": "bold",
    "run_id": 1,
    "subject_id": "29",
    "task_id": "forage"
  },
  "dummy_trs": 0,
  "dvars_nstd": 27.648086017391826,
  "dvars_std": 1.2843782498022247,
  "dvars_vstd": 0.9542562462051932,
  "efc": 0.4586952426647576,
  "fber": 3017.253173828125,
  "fd_mean": 0.11108798094368716,
  "fd_num": 64,
  "fd_perc": 7.901234567901234,
  "fwhm_avg": 1.7311369613713932,
  "fwhm_x": 1.6212462087128483,
  "fwhm_y": 1.8986246754013307,
  "fwhm_z": 1.67354,
  "gcor": 0.411859,
  "gsr_x": 6.52611197438091e-05,
  "gsr_y": 0.016914499923586845,
  "provenance": {
    "md5sum": "179e17e94d5511a7c26c2d061dd1d7a4",
    "settings": {
      "fd_thres": 0.2,
      "testing": false
    },
    "software": "mriqc",
    "version": "22.0.6",
    "webapi_port": null,
    "webapi_url": "https://mriqc.nimh.nih.gov/api/v1"
  },
  "size_t": 810,
  "size_x": 66,
  "size_y": 66,
  "size_z": 54,
  "snr": 6.175824766213559,
  "spacing_tr": 3.0,
  "spacing_x": 2.9696969985961914,
  "spacing_y": 2.9696969985961914,
  "spacing_z": 3.0,
  "summary_bg_k": 41.3149819282992,
  "summary_bg_mad": 11.800415100287706,
  "summary_bg_mean": 40.51588439941406,
  "summary_bg_median": 17.062963485717773,
  "summary_bg_n": 162552.0,
  "summary_bg_p05": 7.219753265380859,
  "summary_bg_p95": 149.3201957702636,
  "summary_bg_stdv": 75.86529541015625,
  "summary_fg_k": 3.5903769394831633,
  "summary_fg_mad": 131.45923668827731,
  "summary_fg_mean": 946.541748046875,
  "summary_fg_median": 934.6512451171875,
  "summary_fg_n": 32272.0,
  "summary_fg_p05": 748.117626953125,
  "summary_fg_p95": 1182.5672363281249,
  "summary_fg_stdv": 151.3379669189453,
  "tsnr": 46.852937672287226
}