{
  "aor": 0.0004439235668789809,
  "aqi": 0.00835301396178344,
  "bids_meta": {
    "AcquisitionMatrixPE": 59,
    "BandwidthPerPixelPhaseEncode": 49.18,
    "BaseResolution": 66,
    "BodyPartExamined": "HEAD",
    "ConsistencyInfo": "N4_VD13A_LATEST_20120616",
    "ConversionSoftware": "dcm2niix",
    "ConversionSoftwareVersion": "v1.0.20180518 GCC4.8.5",
    "DerivedVendorReportedEchoSpacing": 0.000616166,
    "DwellTime": 4e-06,
    "EchoTime": 0.03,
    "EchoTrainLength": 29,
    "EffectiveEchoSpacing": 0.000308083,
    "FlipAngle": 87,
    "ImageOrientationPatientDICOM": [
      1,
      0,
      0,
      0,
      0.930418,
      -0.366501
    ],
    "ImageType": [
      "ORIGINAL",
      "PRIMARY",
      "M",
      "ND",
      "NORM",
      "MOSAIC"
    ],
    "InPlanePhaseEncodingDirectionDICOM": "COL",
    "MRAcquisitionType": "2D",
    "MagneticFieldStrength": 3,
    "Manufacturer": "Siemens",
    "ManufacturersModelName": "Skyra",
    "Modality": "MR",
    "ParallelReductionFactorInPlane": 2,
    "PartialFourier": 1,
    "PatientPosition": "HFS",
    "PercentPhaseFOV": 100,
    "PhaseEncodingDirection": "j-",
    "PhaseEncodingSteps": 59,
    "PhaseResolution": 0.9,
    "PixelBandwidth": 1895,
    "PulseSequenceDetails": "%SiemensSeq%_ep2d_pace",
    "ReceiveCoilActiveElements": "HE1-4",
    "ReceiveCoilName": "HeadNeck_20",
    "ReconMatrixPE": 66,
    "RepetitionTime": 3,
    "SAR": 0.125089,
    "ScanOptions": "FS",
    "ScanningSequence": "EP",
    "SequenceName": "_epfid2d1_59",
    "SequenceVariant": "SK_OSP",
    "ShimSetting": [
      3383,
      8698,
      9417,
      480,
      106,
      174,
      267,
      189
    ],
    "SliceThickness": 3,
    "SliceTiming": [
      1.49,
      0,
      1.545,
      0.055,
      1.6,
      0.11,
      1.655,
      0.165,
      1.71,
      0.22,
      1.765,
      0.275,
      1.82,
      0.33,
      1.875,
      0.385,
      1.93,
      0.44,
      1.985,
      0.495,
      2.04,
      0.55,
      2.095,
      0.605,
      2.15,
      0.66,
      2.205,
      0.7175,
      2.2625,
      0.7725,
      2.3175,
      0.8275,
      2.3725,
      0.8825,
      2.4275,
      0.9375,
      2.4825,
      0.9925,
      2.5375,
      1.0475,
      2.5925,
      1.1025,
      2.6475,
      1.1575,
      2.7025,
      1.2125,
      2.7575,
      1.2675,
      2.8125,
      1.3225,
      2.8675,
      1.3775,
      2.9225,
      1.4325
    ],
    "SoftwareVersions": "syngo_MR_D13",
    "SpacingBetweenSlices": 3,
    "TaskName": "Foraging task",
    "TotalReadoutTime": 0.0200254,
    "TxRefAmp": 326.379,
    "dataset": "ds001762",
    "modality": "bold",
    "run_id": 2,
    "subject_id": "29",
    "task_id": "forage"
  },
  "dummy_trs": 0,
  "dvars_nstd": 33.68190388293368,
  "dvars_std": 1.2273801639668367,
  "dvars_vstd": 0.996333951989796,
  "efc": 0.4747376564850541,
  "fber": 1960.1527099609375,
  "fd_mean": 0.1212114165071713,
  "fd_num": 95,
  "fd_perc": 12.101910828025478,
  "fwhm_avg": 1.8462949877331696,
  "fwhm_x": 1.7480874319683053,
  "fwhm_y": 2.0335475312312035,
  "fwhm_z": 1.75725,
  "gcor": 0.103001,
  "gsr_x": -0.002813439816236496,
  "gsr_y": 0.040150176733732224,
  "provenance": {
    "md5sum": "f2603322ca89eb21c1b71ceb79dbd633",
    "settings": {
      "fd_thres": 0.2,
      "testing": false
    },
    "software": "mriqc",
    "version": "22.0.6",
    "webapi_port": null,
    "webapi_url": "https://mriqc.nimh.nih.gov/api/v1"
  },
  "size_t": 785,
  "size_x": 66,
  "size_y": 66,
  "size_z": 54,
  "snr": 5.679009742125252,
  "spacing_tr": 3.0,
  "spacing_x": 2.9696969985961914,
  "spacing_y": 2.9696969985961914,
  "spacing_z": 3.0,
  "summary_bg_k": 37.78554363806349,
  "summary_bg_mad": 18.26150336966211,
  "summary_bg_mean": 49.44509506225586,
  "summary_bg_median": 21.53248405456543,
  "summary_bg_n": 162486.0,
  "summary_bg_p05": 7.313375949859619,
  "summary_bg_p95": 170.92866134643555,
  "summary_bg_stdv": 82.52267456054688,
  "summary_fg_k": 3.0393366687283123,
  "summary_fg_mad": 144.24681655917522,
  "summary_fg_mean": 968.5325927734375,
  "summary_fg_median": 956.6019287109375,
  "summary_fg_n": 32356.0,
  "summary_fg_p05": 729.9267578125,
  "summary_fg_p95": 1242.1363220214844,
  "summary_fg_stdv": 168.44259643554688,
  "tsnr": 50.67986596864648
}