{
  "aor": 9.814035087719299e-05,
  "aqi": 0.005336835631578948,
  "bids_meta": {
    "AcquisitionMatrixPE": 59,
    "BandwidthPerPixelPhaseEncode": 49.18,
    "BaseResolution": 66,
    "BodyPartExamined": "HEAD",
    "ConsistencyInfo": "N4_VD13A_LATEST_20120616",
    "ConversionSoftware": "dcm2niix",
    "ConversionSoftwareVersion": "v1.0.20180518 GCC4.8.5",
    "DerivedVendorReportedEchoSpacing": 0.000616166,
    "DwellTime": 4e-06,
    "EchoTime": 0.03,
    "EchoTrainLength": 29,
    "EffectiveEchoSpacing": 0.000308083,
    "FlipAngle": 87,
    "ImageOrientationPatientDICOM": [
      1,
      0,
      0,
      0,
      0.930418,
      -0.366501
    ],
    "ImageType": [
      "ORIGINAL",
      "PRIMARY",
      "M",
      "ND",
      "NORM",
      "MOSAIC"
    ],
    "InPlanePhaseEncodingDirectionDICOM": "COL",
    "MRAcquisitionType": "2D",
    "MagneticFieldStrength": 3,
    "Manufacturer": "Siemens",
    "ManufacturersModelName": "Skyra",
    "Modality": "MR",
    "ParallelReductionFactorInPlane": 2,
    "PartialFourier": 1,
    "PatientPosition": "HFS",
    "PercentPhaseFOV": 100,
    "PhaseEncodingDirection": "j-",
    "PhaseEncodingSteps": 59,
    "PhaseResolution": 0.9,
    "PixelBandwidth": 1895,
    "PulseSequenceDetails": "%SiemensSeq%_ep2d_pace",
    "ReceiveCoilActiveElements": "HE1-4",
    "ReceiveCoilName": "HeadNeck_20",
    "ReconMatrixPE": 66,
    "RepetitionTime": 3,
    "SAR": 0.125089,
    "ScanOptions": "FS",
    "ScanningSequence": "EP",
    "SequenceName": "_epfid2d1_59",
    "SequenceVariant": "SK_OSP",
    "ShimSetting": [
      3383,
      8698,
      9417,
      480,
      106,
      174,
      267,
      189
    ],
    "SliceThickness": 3,
    "SliceTiming": [
      1.49,
      0,
      1.545,
      0.055,
      1.6,
      0.11,
      1.655,
      0.165,
      1.71,
      0.22,
      1.765,
      0.275,
      1.82,
      0.33,
      1.875,
      0.385,
      1.93,
      0.44,
      1.985,
      0.495,
      2.04,
      0.55,
      2.095,
      0.605,
      2.15,
      0.66,
      2.205,
      0.7175,
      2.2625,
      0.7725,
      2.3175,
      0.8275,
      2.3725,
      0.8825,
      2.4275,
      0.9375,
      2.4825,
      0.9925,
      2.5375,
      1.0475,
      2.5925,
      1.1025,
      2.6475,
      1.1575,
      2.7025,
      1.2125,
      2.7575,
      1.2675,
      2.8125,
      1.3225,
      2.8675,
      1.3775,
      2.9225,
      1.4325
    ],
    "SoftwareVersions": "syngo_MR_D13",
    "SpacingBetweenSlices": 3,
    "TaskName": "Foraging task",
    "TotalReadoutTime": 0.0200254,
    "TxRefAmp": 326.379,
    "dataset": "ds001762",
    "modality": "bold",
    "run_id": 1,
    "subject_id": "05",
    "task_id": "forage"
  },
  "dummy_trs": 0,
  "dvars_nstd": 25.799217546063307,
  "dvars_std": 1.2199434095079082,
  "dvars_vstd": 0.9580810822144118,
  "efc": 0.4999281049058831,
  "fber": 2489.895263671875,
  "fd_mean": 0.061458779158382465,
  "fd_num": 9,
  "fd_perc": 1.5789473684210527,
  "fwhm_avg": 1.6977413380755728,
  "fwhm_x": 1.5867578417015284,
  "fwhm_y": 1.8446528391918569,
  "fwhm_z": 1.6618133333333331,
  "gcor": 0.321924,
  "gsr_x": 0.002768472069874406,
  "gsr_y": 0.02168446034193039,
  "provenance": {
    "md5sum": "aeaba1e3cd1d60d79480a0c9aafe43be",
    "settings": {
      "fd_thres": 0.2,
      "testing": false
    },
    "software": "mriqc",
    "version": "22.0.6",
    "webapi_port": null,
    "webapi_url": "https://mriqc.nimh.nih.gov/api/v1"
  },
  "size_t": 570,
  "size_x": 66,
  "size_y": 66,
  "size_z": 54,
  "snr": 5.438716462541634,
  "spacing_tr": 3.0,
  "spacing_x": 2.9696969985961914,
  "spacing_y": 2.9696969985961914,
  "spacing_z": 3.0,
  "summary_bg_k": 20.763882068201887,
  "summary_bg_mad": 11.650132407759436,
  "summary_bg_mean": 43.12473678588867,
  "summary_bg_median": 17.600000381469727,
  "summary_bg_n": 151173.0,
  "summary_bg_p05": 7.3947367668151855,
  "summary_bg_p95": 177.21578979492182,
  "summary_bg_stdv": 74.94326782226562,
  "summary_fg_k": 3.1832449862332712,
  "summary_fg_mad": 138.84700083140575,
  "summary_fg_mean": 898.4429321289062,
  "summary_fg_median": 876.8394775390625,
  "summary_fg_n": 40728.0,
  "summary_fg_p05": 704.1597351074219,
  "summary_fg_p95": 1167.680419921875,
  "summary_fg_stdv": 161.21978759765625,
  "tsnr": 57.22139296820387
}