{
  "aor": 0.00023277580071174377,
  "aqi": 0.006535746583629893,
  "bids_meta": {
    "AcquisitionMatrixPE": 59,
    "BandwidthPerPixelPhaseEncode": 49.18,
    "BaseResolution": 66,
    "BodyPartExamined": "HEAD",
    "ConsistencyInfo": "N4_VD13A_LATEST_20120616",
    "ConversionSoftware": "dcm2niix",
    "ConversionSoftwareVersion": "v1.0.20180518 GCC4.8.5",
    "DerivedVendorReportedEchoSpacing": 0.000616166,
    "DwellTime": 4e-06,
    "EchoTime": 0.03,
    "EchoTrainLength": 29,
    "EffectiveEchoSpacing": 0.000308083,
    "FlipAngle": 87,
    "ImageOrientationPatientDICOM": [
      1,
      0,
      0,
      0,
      0.930418,
      -0.366501
    ],
    "ImageType": [
      "ORIGINAL",
      "PRIMARY",
      "M",
      "ND",
      "NORM",
      "MOSAIC"
    ],
    "InPlanePhaseEncodingDirectionDICOM": "COL",
    "MRAcquisitionType": "2D",
    "MagneticFieldStrength": 3,
    "Manufacturer": "Siemens",
    "ManufacturersModelName": "Skyra",
    "Modality": "MR",
    "ParallelReductionFactorInPlane": 2,
    "PartialFourier": 1,
    "PatientPosition": "HFS",
    "PercentPhaseFOV": 100,
    "PhaseEncodingDirection": "j-",
    "PhaseEncodingSteps": 59,
    "PhaseResolution": 0.9,
    "PixelBandwidth": 1895,
    "PulseSequenceDetails": "%SiemensSeq%_ep2d_pace",
    "ReceiveCoilActiveElements": "HE1-4",
    "ReceiveCoilName": "HeadNeck_20",
    "ReconMatrixPE": 66,
    "RepetitionTime": 3,
    "SAR": 0.125089,
    "ScanOptions": "FS",
    "ScanningSequence": "EP",
    "SequenceName": "_epfid2d1_59",
    "SequenceVariant": "SK_OSP",
    "ShimSetting": [
      3383,
      8698,
      9417,
      480,
      106,
      174,
      267,
      189
    ],
    "SliceThickness": 3,
    "SliceTiming": [
      1.49,
      0,
      1.545,
      0.055,
      1.6,
      0.11,
      1.655,
      0.165,
      1.71,
      0.22,
      1.765,
      0.275,
      1.82,
      0.33,
      1.875,
      0.385,
      1.93,
      0.44,
      1.985,
      0.495,
      2.04,
      0.55,
      2.095,
      0.605,
      2.15,
      0.66,
      2.205,
      0.7175,
      2.2625,
      0.7725,
      2.3175,
      0.8275,
      2.3725,
      0.8825,
      2.4275,
      0.9375,
      2.4825,
      0.9925,
      2.5375,
      1.0475,
      2.5925,
      1.1025,
      2.6475,
      1.1575,
      2.7025,
      1.2125,
      2.7575,
      1.2675,
      2.8125,
      1.3225,
      2.8675,
      1.3775,
      2.9225,
      1.4325
    ],
    "SoftwareVersions": "syngo_MR_D13",
    "SpacingBetweenSlices": 3,
    "TaskName": "Foraging task",
    "TotalReadoutTime": 0.0200254,
    "TxRefAmp": 326.379,
    "dataset": "ds001762",
    "modality": "bold",
    "run_id": 2,
    "subject_id": "05",
    "task_id": "forage"
  },
  "dummy_trs": 0,
  "dvars_nstd": 27.210819349768265,
  "dvars_std": 1.2302567695721935,
  "dvars_vstd": 0.9963644021925137,
  "efc": 0.5065944039285507,
  "fber": 2032.3607177734375,
  "fd_mean": 0.08711547941021637,
  "fd_num": 22,
  "fd_perc": 3.9145907473309607,
  "fwhm_avg": 1.6944294106408586,
  "fwhm_x": 1.5893439641253417,
  "fwhm_y": 1.841164267797234,
  "fwhm_z": 1.65278,
  "gcor": 0.0896721,
  "gsr_x": 0.0009142470080405474,
  "gsr_y": 0.02898368239402771,
  "provenance": {
    "md5sum": "0b4cfc931fd49a4a81e771250e5215b8",
    "settings": {
      "fd_thres": 0.2,
      "testing": false
    },
    "software": "mriqc",
    "version": "22.0.6",
    "webapi_port": null,
    "webapi_url": "https://mriqc.nimh.nih.gov/api/v1"
  },
  "size_t": 562,
  "size_x": 66,
  "size_y": 66,
  "size_z": 54,
  "snr": 5.501124758049588,
  "spacing_tr": 3.0,
  "spacing_x": 2.9696969985961914,
  "spacing_y": 2.9696969985961914,
  "spacing_z": 3.0,
  "summary_bg_k": 20.070648502309997,
  "summary_bg_mad": 14.41184269986196,
  "summary_bg_mean": 47.86839294433594,
  "summary_bg_median": 19.770462036132812,
  "summary_bg_n": 151104.0,
  "summary_bg_p05": 7.533807754516602,
  "summary_bg_p95": 195.77224731445312,
  "summary_bg_stdv": 81.9372329711914,
  "summary_fg_k": 2.955478198227093,
  "summary_fg_mad": 138.63127062578334,
  "summary_fg_mean": 915.3169555664062,
  "summary_fg_median": 892.752685546875,
  "summary_fg_n": 40787.0,
  "summary_fg_p05": 716.8765258789062,
  "summary_fg_p95": 1194.389453125,
  "summary_fg_stdv": 162.2834930419922,
  "tsnr": 64.81474097736645
}