{
  "aor": 0.00023996441281138792,
  "aqi": 0.00823652350533808,
  "bids_meta": {
    "AcquisitionMatrixPE": 59,
    "BandwidthPerPixelPhaseEncode": 49.18,
    "BaseResolution": 66,
    "BodyPartExamined": "HEAD",
    "ConsistencyInfo": "N4_VD13A_LATEST_20120616",
    "ConversionSoftware": "dcm2niix",
    "ConversionSoftwareVersion": "v1.0.20180518 GCC4.8.5",
    "DerivedVendorReportedEchoSpacing": 0.000616166,
    "DwellTime": 4e-06,
    "EchoTime": 0.03,
    "EchoTrainLength": 29,
    "EffectiveEchoSpacing": 0.000308083,
    "FlipAngle": 87,
    "ImageOrientationPatientDICOM": [
      1,
      0,
      0,
      0,
      0.930418,
      -0.366501
    ],
    "ImageType": [
      "ORIGINAL",
      "PRIMARY",
      "M",
      "ND",
      "NORM",
      "MOSAIC"
    ],
    "InPlanePhaseEncodingDirectionDICOM": "COL",
    "MRAcquisitionType": "2D",
    "MagneticFieldStrength": 3,
    "Manufacturer": "Siemens",
    "ManufacturersModelName": "Skyra",
    "Modality": "MR",
    "ParallelReductionFactorInPlane": 2,
    "PartialFourier": 1,
    "PatientPosition": "HFS",
    "PercentPhaseFOV": 100,
    "PhaseEncodingDirection": "j-",
    "PhaseEncodingSteps": 59,
    "PhaseResolution": 0.9,
    "PixelBandwidth": 1895,
    "PulseSequenceDetails": "%SiemensSeq%_ep2d_pace",
    "ReceiveCoilActiveElements": "HE1-4",
    "ReceiveCoilName": "HeadNeck_20",
    "ReconMatrixPE": 66,
    "RepetitionTime": 3,
    "SAR": 0.125089,
    "ScanOptions": "FS",
    "ScanningSequence": "EP",
    "SequenceName": "_epfid2d1_59",
    "SequenceVariant": "SK_OSP",
    "ShimSetting": [
      3383,
      8698,
      9417,
      480,
      106,
      174,
      267,
      189
    ],
    "SliceThickness": 3,
    "SliceTiming": [
      1.49,
      0,
      1.545,
      0.055,
      1.6,
      0.11,
      1.655,
      0.165,
      1.71,
      0.22,
      1.765,
      0.275,
      1.82,
      0.33,
      1.875,
      0.385,
      1.93,
      0.44,
      1.985,
      0.495,
      2.04,
      0.55,
      2.095,
      0.605,
      2.15,
      0.66,
      2.205,
      0.7175,
      2.2625,
      0.7725,
      2.3175,
      0.8275,
      2.3725,
      0.8825,
      2.4275,
      0.9375,
      2.4825,
      0.9925,
      2.5375,
      1.0475,
      2.5925,
      1.1025,
      2.6475,
      1.1575,
      2.7025,
      1.2125,
      2.7575,
      1.2675,
      2.8125,
      1.3225,
      2.8675,
      1.3775,
      2.9225,
      1.4325
    ],
    "SoftwareVersions": "syngo_MR_D13",
    "SpacingBetweenSlices": 3,
    "TaskName": "Foraging task",
    "TotalReadoutTime": 0.0200254,
    "TxRefAmp": 326.379,
    "dataset": "ds001762",
    "modality": "bold",
    "run_id": 3,
    "subject_id": "05",
    "task_id": "forage"
  },
  "dummy_trs": 2,
  "dvars_nstd": 29.860527072620318,
  "dvars_std": 1.191131459233511,
  "dvars_vstd": 0.9957435547950094,
  "efc": 0.5147234442580793,
  "fber": 1630.244384765625,
  "fd_mean": 0.08783472415782864,
  "fd_num": 29,
  "fd_perc": 5.160142348754448,
  "fwhm_avg": 1.7209795125113747,
  "fwhm_x": 1.6110128414654943,
  "fwhm_y": 1.8719956960686306,
  "fwhm_z": 1.67993,
  "gcor": 0.0355748,
  "gsr_x": -0.0012843222357332706,
  "gsr_y": 0.04318379983305931,
  "provenance": {
    "md5sum": "2edfd381a97a63e26c4c70bd4e945fb7",
    "settings": {
      "fd_thres": 0.2,
      "testing": false
    },
    "software": "mriqc",
    "version": "22.0.6",
    "webapi_port": null,
    "webapi_url": "https://mriqc.nimh.nih.gov/api/v1"
  },
  "size_t": 562,
  "size_x": 66,
  "size_y": 66,
  "size_z": 54,
  "snr": 5.43385194422477,
  "spacing_tr": 3.0,
  "spacing_x": 2.9696969985961914,
  "spacing_y": 2.9696969985961914,
  "spacing_z": 3.0,
  "summary_bg_k": 19.743187113859253,
  "summary_bg_mad": 17.73054967389661,
  "summary_bg_mean": 52.65438461303711,
  "summary_bg_median": 22.064056396484375,
  "summary_bg_n": 151099.0,
  "summary_bg_p05": 7.727757930755615,
  "summary_bg_p95": 205.2690368652346,
  "summary_bg_stdv": 85.03565216064453,
  "summary_fg_k": 2.543342491009252,
  "summary_fg_mad": 140.30381315536334,
  "summary_fg_mean": 919.1884155273438,
  "summary_fg_median": 895.0320434570312,
  "summary_fg_n": 40769.0,
  "summary_fg_p05": 711.8587158203125,
  "summary_fg_p95": 1209.615283203125,
  "summary_fg_stdv": 164.7120819091797,
  "tsnr": 58.00351019855589
}