{
  "aor": 0.00015285094066570188,
  "aqi": 0.006943928422575976,
  "bids_meta": {
    "AcquisitionMatrixPE": 59,
    "BandwidthPerPixelPhaseEncode": 49.18,
    "BaseResolution": 66,
    "BodyPartExamined": "HEAD",
    "ConsistencyInfo": "N4_VD13A_LATEST_20120616",
    "ConversionSoftware": "dcm2niix",
    "ConversionSoftwareVersion": "v1.0.20180518 GCC4.8.5",
    "DerivedVendorReportedEchoSpacing": 0.000616166,
    "DwellTime": 4e-06,
    "EchoTime": 0.03,
    "EchoTrainLength": 29,
    "EffectiveEchoSpacing": 0.000308083,
    "FlipAngle": 87,
    "ImageOrientationPatientDICOM": [
      1,
      0,
      0,
      0,
      0.930418,
      -0.366501
    ],
    "ImageType": [
      "ORIGINAL",
      "PRIMARY",
      "M",
      "ND",
      "NORM",
      "MOSAIC"
    ],
    "InPlanePhaseEncodingDirectionDICOM": "COL",
    "MRAcquisitionType": "2D",
    "MagneticFieldStrength": 3,
    "Manufacturer": "Siemens",
    "ManufacturersModelName": "Skyra",
    "Modality": "MR",
    "ParallelReductionFactorInPlane": 2,
    "PartialFourier": 1,
    "PatientPosition": "HFS",
    "PercentPhaseFOV": 100,
    "PhaseEncodingDirection": "j-",
    "PhaseEncodingSteps": 59,
    "PhaseResolution": 0.9,
    "PixelBandwidth": 1895,
    "PulseSequenceDetails": "%SiemensSeq%_ep2d_pace",
    "ReceiveCoilActiveElements": "HE1-4",
    "ReceiveCoilName": "HeadNeck_20",
    "ReconMatrixPE": 66,
    "RepetitionTime": 3,
    "SAR": 0.125089,
    "ScanOptions": "FS",
    "ScanningSequence": "EP",
    "SequenceName": "_epfid2d1_59",
    "SequenceVariant": "SK_OSP",
    "ShimSetting": [
      3383,
      8698,
      9417,
      480,
      106,
      174,
      267,
      189
    ],
    "SliceThickness": 3,
    "SliceTiming": [
      1.49,
      0,
      1.545,
      0.055,
      1.6,
      0.11,
      1.655,
      0.165,
      1.71,
      0.22,
      1.765,
      0.275,
      1.82,
      0.33,
      1.875,
      0.385,
      1.93,
      0.44,
      1.985,
      0.495,
      2.04,
      0.55,
      2.095,
      0.605,
      2.15,
      0.66,
      2.205,
      0.7175,
      2.2625,
      0.7725,
      2.3175,
      0.8275,
      2.3725,
      0.8825,
      2.4275,
      0.9375,
      2.4825,
      0.9925,
      2.5375,
      1.0475,
      2.5925,
      1.1025,
      2.6475,
      1.1575,
      2.7025,
      1.2125,
      2.7575,
      1.2675,
      2.8125,
      1.3225,
      2.8675,
      1.3775,
      2.9225,
      1.4325
    ],
    "SoftwareVersions": "syngo_MR_D13",
    "SpacingBetweenSlices": 3,
    "TaskName": "Foraging task",
    "TotalReadoutTime": 0.0200254,
    "TxRefAmp": 326.379,
    "dataset": "ds001762",
    "modality": "bold",
    "run_id": 2,
    "subject_id": "03",
    "task_id": "forage"
  },
  "dummy_trs": 0,
  "dvars_nstd": 24.950468660434776,
  "dvars_std": 1.1695678237391303,
  "dvars_vstd": 0.994835633304348,
  "efc": 0.5167633863777923,
  "fber": 1889.4815673828125,
  "fd_mean": 0.050821686262422276,
  "fd_num": 8,
  "fd_perc": 1.1577424023154848,
  "fwhm_avg": 1.642463832894502,
  "fwhm_x": 1.5511447808236025,
  "fwhm_y": 1.7298667178599034,
  "fwhm_z": 1.64638,
  "gcor": 0.068566,
  "gsr_x": 0.01122612040489912,
  "gsr_y": 0.02206464111804962,
  "provenance": {
    "md5sum": "a73a103cd82f687cd59f8818d2895c64",
    "settings": {
      "fd_thres": 0.2,
      "testing": false
    },
    "software": "mriqc",
    "version": "22.0.6",
    "webapi_port": null,
    "webapi_url": "https://mriqc.nimh.nih.gov/api/v1"
  },
  "size_t": 691,
  "size_x": 66,
  "size_y": 66,
  "size_z": 54,
  "snr": 6.079841540593791,
  "spacing_tr": 3.0,
  "spacing_x": 2.9696969985961914,
  "spacing_y": 2.9696969985961914,
  "spacing_z": 3.0,
  "summary_bg_k": 19.640054834933185,
  "summary_bg_mad": 16.585406246063798,
  "summary_bg_mean": 48.88975524902344,
  "summary_bg_median": 21.5499267578125,
  "summary_bg_n": 148084.0,
  "summary_bg_p05": 7.443053364753724,
  "summary_bg_p95": 195.8823387145998,
  "summary_bg_stdv": 81.80712890625,
  "summary_fg_k": 1.8966582489107493,
  "summary_fg_mad": 153.05021968584256,
  "summary_fg_mean": 959.50537109375,
  "summary_fg_median": 943.4920654296875,
  "summary_fg_n": 43324.0,
  "summary_fg_p05": 749.1527923583984,
  "summary_fg_p95": 1214.4676818847654,
  "summary_fg_stdv": 155.18186950683594,
  "tsnr": 63.01816588174552
}