{
  "aor": 6.446270543615678e-05,
  "aqi": 0.006472787370417193,
  "bids_meta": {
    "AcquisitionMatrixPE": 59,
    "BandwidthPerPixelPhaseEncode": 49.18,
    "BaseResolution": 66,
    "BodyPartExamined": "HEAD",
    "ConsistencyInfo": "N4_VD13A_LATEST_20120616",
    "ConversionSoftware": "dcm2niix",
    "ConversionSoftwareVersion": "v1.0.20180518 GCC4.8.5",
    "DerivedVendorReportedEchoSpacing": 0.000616166,
    "DwellTime": 4e-06,
    "EchoTime": 0.03,
    "EchoTrainLength": 29,
    "EffectiveEchoSpacing": 0.000308083,
    "FlipAngle": 87,
    "ImageOrientationPatientDICOM": [
      1,
      0,
      0,
      0,
      0.930418,
      -0.366501
    ],
    "ImageType": [
      "ORIGINAL",
      "PRIMARY",
      "M",
      "ND",
      "NORM",
      "MOSAIC"
    ],
    "InPlanePhaseEncodingDirectionDICOM": "COL",
    "MRAcquisitionType": "2D",
    "MagneticFieldStrength": 3,
    "Manufacturer": "Siemens",
    "ManufacturersModelName": "Skyra",
    "Modality": "MR",
    "ParallelReductionFactorInPlane": 2,
    "PartialFourier": 1,
    "PatientPosition": "HFS",
    "PercentPhaseFOV": 100,
    "PhaseEncodingDirection": "j-",
    "PhaseEncodingSteps": 59,
    "PhaseResolution": 0.9,
    "PixelBandwidth": 1895,
    "PulseSequenceDetails": "%SiemensSeq%_ep2d_pace",
    "ReceiveCoilActiveElements": "HE1-4",
    "ReceiveCoilName": "HeadNeck_20",
    "ReconMatrixPE": 66,
    "RepetitionTime": 3,
    "SAR": 0.125089,
    "ScanOptions": "FS",
    "ScanningSequence": "EP",
    "SequenceName": "_epfid2d1_59",
    "SequenceVariant": "SK_OSP",
    "ShimSetting": [
      3383,
      8698,
      9417,
      480,
      106,
      174,
      267,
      189
    ],
    "SliceThickness": 3,
    "SliceTiming": [
      1.49,
      0,
      1.545,
      0.055,
      1.6,
      0.11,
      1.655,
      0.165,
      1.71,
      0.22,
      1.765,
      0.275,
      1.82,
      0.33,
      1.875,
      0.385,
      1.93,
      0.44,
      1.985,
      0.495,
      2.04,
      0.55,
      2.095,
      0.605,
      2.15,
      0.66,
      2.205,
      0.7175,
      2.2625,
      0.7725,
      2.3175,
      0.8275,
      2.3725,
      0.8825,
      2.4275,
      0.9375,
      2.4825,
      0.9925,
      2.5375,
      1.0475,
      2.5925,
      1.1025,
      2.6475,
      1.1575,
      2.7025,
      1.2125,
      2.7575,
      1.2675,
      2.8125,
      1.3225,
      2.8675,
      1.3775,
      2.9225,
      1.4325
    ],
    "SoftwareVersions": "syngo_MR_D13",
    "SpacingBetweenSlices": 3,
    "TaskName": "Foraging task",
    "TotalReadoutTime": 0.0200254,
    "TxRefAmp": 326.379,
    "dataset": "ds001762",
    "modality": "bold",
    "run_id": 1,
    "subject_id": "03",
    "task_id": "forage"
  },
  "dummy_trs": 0,
  "dvars_nstd": 23.91612368455696,
  "dvars_std": 1.1549536383291148,
  "dvars_vstd": 0.9664866777848103,
  "efc": 0.5114493701225638,
  "fber": 2237.43701171875,
  "fd_mean": 0.05192837791519097,
  "fd_num": 8,
  "fd_perc": 1.011378002528445,
  "fwhm_avg": 1.6565682772211971,
  "fwhm_x": 1.5719785561310657,
  "fwhm_y": 1.7453329421991919,
  "fwhm_z": 1.6523933333333334,
  "gcor": 0.266094,
  "gsr_x": 0.011337817646563053,
  "gsr_y": 0.018662823364138603,
  "provenance": {
    "md5sum": "a43e14f2e9aa25bad03d976d4d1732b9",
    "settings": {
      "fd_thres": 0.2,
      "testing": false
    },
    "software": "mriqc",
    "version": "22.0.6",
    "webapi_port": null,
    "webapi_url": "https://mriqc.nimh.nih.gov/api/v1"
  },
  "size_t": 791,
  "size_x": 66,
  "size_y": 66,
  "size_z": 54,
  "snr": 6.0705745301499565,
  "spacing_tr": 3.0,
  "spacing_x": 2.9696969985961914,
  "spacing_y": 2.9696969985961914,
  "spacing_z": 3.0,
  "summary_bg_k": 19.838770607934876,
  "summary_bg_mad": 14.029429747607015,
  "summary_bg_mean": 44.2556266784668,
  "summary_bg_median": 19.46649932861328,
  "summary_bg_n": 148102.0,
  "summary_bg_p05": 7.345132827758789,
  "summary_bg_p95": 175.73350372314374,
  "summary_bg_stdv": 74.74695587158203,
  "summary_fg_k": 1.9938608112060763,
  "summary_fg_mad": 152.10825509883486,
  "summary_fg_mean": 938.0584716796875,
  "summary_fg_median": 923.3375854492188,
  "summary_fg_n": 43287.0,
  "summary_fg_p05": 732.2327575683594,
  "summary_fg_p95": 1182.308264160156,
  "summary_fg_stdv": 152.09877014160156,
  "tsnr": 56.01052098441869
}