{
  "aor": 0.0001489172932330827,
  "aqi": 0.00702137992481203,
  "bids_meta": {
    "AcquisitionMatrixPE": 59,
    "BandwidthPerPixelPhaseEncode": 49.18,
    "BaseResolution": 66,
    "BodyPartExamined": "HEAD",
    "ConsistencyInfo": "N4_VD13A_LATEST_20120616",
    "ConversionSoftware": "dcm2niix",
    "ConversionSoftwareVersion": "v1.0.20180518 GCC4.8.5",
    "DerivedVendorReportedEchoSpacing": 0.000616166,
    "DwellTime": 4e-06,
    "EchoTime": 0.03,
    "EchoTrainLength": 29,
    "EffectiveEchoSpacing": 0.000308083,
    "FlipAngle": 87,
    "ImageOrientationPatientDICOM": [
      1,
      0,
      0,
      0,
      0.930418,
      -0.366501
    ],
    "ImageType": [
      "ORIGINAL",
      "PRIMARY",
      "M",
      "ND",
      "NORM",
      "MOSAIC"
    ],
    "InPlanePhaseEncodingDirectionDICOM": "COL",
    "MRAcquisitionType": "2D",
    "MagneticFieldStrength": 3,
    "Manufacturer": "Siemens",
    "ManufacturersModelName": "Skyra",
    "Modality": "MR",
    "ParallelReductionFactorInPlane": 2,
    "PartialFourier": 1,
    "PatientPosition": "HFS",
    "PercentPhaseFOV": 100,
    "PhaseEncodingDirection": "j-",
    "PhaseEncodingSteps": 59,
    "PhaseResolution": 0.9,
    "PixelBandwidth": 1895,
    "PulseSequenceDetails": "%SiemensSeq%_ep2d_pace",
    "ReceiveCoilActiveElements": "HE1-4",
    "ReceiveCoilName": "HeadNeck_20",
    "ReconMatrixPE": 66,
    "RepetitionTime": 3,
    "SAR": 0.125089,
    "ScanOptions": "FS",
    "ScanningSequence": "EP",
    "SequenceName": "_epfid2d1_59",
    "SequenceVariant": "SK_OSP",
    "ShimSetting": [
      3383,
      8698,
      9417,
      480,
      106,
      174,
      267,
      189
    ],
    "SliceThickness": 3,
    "SliceTiming": [
      1.49,
      0,
      1.545,
      0.055,
      1.6,
      0.11,
      1.655,
      0.165,
      1.71,
      0.22,
      1.765,
      0.275,
      1.82,
      0.33,
      1.875,
      0.385,
      1.93,
      0.44,
      1.985,
      0.495,
      2.04,
      0.55,
      2.095,
      0.605,
      2.15,
      0.66,
      2.205,
      0.7175,
      2.2625,
      0.7725,
      2.3175,
      0.8275,
      2.3725,
      0.8825,
      2.4275,
      0.9375,
      2.4825,
      0.9925,
      2.5375,
      1.0475,
      2.5925,
      1.1025,
      2.6475,
      1.1575,
      2.7025,
      1.2125,
      2.7575,
      1.2675,
      2.8125,
      1.3225,
      2.8675,
      1.3775,
      2.9225,
      1.4325
    ],
    "SoftwareVersions": "syngo_MR_D13",
    "SpacingBetweenSlices": 3,
    "TaskName": "Foraging task",
    "TotalReadoutTime": 0.0200254,
    "TxRefAmp": 326.379,
    "dataset": "ds001762",
    "modality": "bold",
    "run_id": 3,
    "subject_id": "03",
    "task_id": "forage"
  },
  "dummy_trs": 0,
  "dvars_nstd": 29.816954325542174,
  "dvars_std": 1.2383322275753026,
  "dvars_vstd": 0.9984957123042176,
  "efc": 0.5226878956659344,
  "fber": 1542.4202880859375,
  "fd_mean": 0.05630124070778002,
  "fd_num": 11,
  "fd_perc": 1.6541353383458646,
  "fwhm_avg": 1.6648067918987002,
  "fwhm_x": 1.5698402908457514,
  "fwhm_y": 1.7665000848503494,
  "fwhm_z": 1.65808,
  "gcor": 0.0081466,
  "gsr_x": 0.011128665879368782,
  "gsr_y": 0.027332216501235962,
  "provenance": {
    "md5sum": "38474ef4063074dac8a5c711fe0f6cc3",
    "settings": {
      "fd_thres": 0.2,
      "testing": false
    },
    "software": "mriqc",
    "version": "22.0.6",
    "webapi_port": null,
    "webapi_url": "https://mriqc.nimh.nih.gov/api/v1"
  },
  "size_t": 665,
  "size_x": 66,
  "size_y": 66,
  "size_z": 54,
  "snr": 5.973388770868114,
  "spacing_tr": 3.0,
  "spacing_x": 2.9696969985961914,
  "spacing_y": 2.9696969985961914,
  "spacing_z": 3.0,
  "summary_bg_k": 18.35101949975207,
  "summary_bg_mad": 19.367464255953603,
  "summary_bg_mean": 53.22175979614258,
  "summary_bg_median": 23.819549560546875,
  "summary_bg_n": 148153.0,
  "summary_bg_p05": 7.533834457397461,
  "summary_bg_p95": 213.12391357421853,
  "summary_bg_stdv": 87.10400390625,
  "summary_fg_k": 1.7378252807634285,
  "summary_fg_mad": 153.96548946972163,
  "summary_fg_mean": 960.9547729492188,
  "summary_fg_median": 944.6466064453125,
  "summary_fg_n": 43335.0,
  "summary_fg_p05": 746.6923400878907,
  "summary_fg_p95": 1229.4077026367186,
  "summary_fg_stdv": 158.1406707763672,
  "tsnr": 62.89129274105653
}