{
  "aor": 0.00014134877384196185,
  "aqi": 0.006565889400544959,
  "bids_meta": {
    "AcquisitionMatrixPE": 59,
    "BandwidthPerPixelPhaseEncode": 49.18,
    "BaseResolution": 66,
    "BodyPartExamined": "HEAD",
    "ConsistencyInfo": "N4_VD13A_LATEST_20120616",
    "ConversionSoftware": "dcm2niix",
    "ConversionSoftwareVersion": "v1.0.20180518 GCC4.8.5",
    "DerivedVendorReportedEchoSpacing": 0.000616166,
    "DwellTime": 4e-06,
    "EchoTime": 0.03,
    "EchoTrainLength": 29,
    "EffectiveEchoSpacing": 0.000308083,
    "FlipAngle": 87,
    "ImageOrientationPatientDICOM": [
      1,
      0,
      0,
      0,
      0.930418,
      -0.366501
    ],
    "ImageType": [
      "ORIGINAL",
      "PRIMARY",
      "M",
      "ND",
      "NORM",
      "MOSAIC"
    ],
    "InPlanePhaseEncodingDirectionDICOM": "COL",
    "MRAcquisitionType": "2D",
    "MagneticFieldStrength": 3,
    "Manufacturer": "Siemens",
    "ManufacturersModelName": "Skyra",
    "Modality": "MR",
    "ParallelReductionFactorInPlane": 2,
    "PartialFourier": 1,
    "PatientPosition": "HFS",
    "PercentPhaseFOV": 100,
    "PhaseEncodingDirection": "j-",
    "PhaseEncodingSteps": 59,
    "PhaseResolution": 0.9,
    "PixelBandwidth": 1895,
    "PulseSequenceDetails": "%SiemensSeq%_ep2d_pace",
    "ReceiveCoilActiveElements": "HE1-4",
    "ReceiveCoilName": "HeadNeck_20",
    "ReconMatrixPE": 66,
    "RepetitionTime": 3,
    "SAR": 0.125089,
    "ScanOptions": "FS",
    "ScanningSequence": "EP",
    "SequenceName": "_epfid2d1_59",
    "SequenceVariant": "SK_OSP",
    "ShimSetting": [
      3383,
      8698,
      9417,
      480,
      106,
      174,
      267,
      189
    ],
    "SliceThickness": 3,
    "SliceTiming": [
      1.49,
      0,
      1.545,
      0.055,
      1.6,
      0.11,
      1.655,
      0.165,
      1.71,
      0.22,
      1.765,
      0.275,
      1.82,
      0.33,
      1.875,
      0.385,
      1.93,
      0.44,
      1.985,
      0.495,
      2.04,
      0.55,
      2.095,
      0.605,
      2.15,
      0.66,
      2.205,
      0.7175,
      2.2625,
      0.7725,
      2.3175,
      0.8275,
      2.3725,
      0.8825,
      2.4275,
      0.9375,
      2.4825,
      0.9925,
      2.5375,
      1.0475,
      2.5925,
      1.1025,
      2.6475,
      1.1575,
      2.7025,
      1.2125,
      2.7575,
      1.2675,
      2.8125,
      1.3225,
      2.8675,
      1.3775,
      2.9225,
      1.4325
    ],
    "SoftwareVersions": "syngo_MR_D13",
    "SpacingBetweenSlices": 3,
    "TaskName": "Foraging task",
    "TotalReadoutTime": 0.0200254,
    "TxRefAmp": 326.379,
    "dataset": "ds001762",
    "modality": "bold",
    "run_id": 1,
    "subject_id": "31",
    "task_id": "forage"
  },
  "dummy_trs": 0,
  "dvars_nstd": 24.226508935457012,
  "dvars_std": 1.1466679066439285,
  "dvars_vstd": 0.9420226064938605,
  "efc": 0.5388306338413064,
  "fber": 2162.961181640625,
  "fd_mean": 0.055529943931868414,
  "fd_num": 21,
  "fd_perc": 2.861035422343324,
  "fwhm_avg": 1.6966189570708927,
  "fwhm_x": 1.5779286581139793,
  "fwhm_y": 1.8696048797653657,
  "fwhm_z": 1.6423233333333334,
  "gcor": 0.377527,
  "gsr_x": -0.010606842115521431,
  "gsr_y": 0.046216078102588654,
  "provenance": {
    "md5sum": "ebe2cf84dd8e7986b198d2d882de9649",
    "settings": {
      "fd_thres": 0.2,
      "testing": false
    },
    "software": "mriqc",
    "version": "22.0.6",
    "webapi_port": null,
    "webapi_url": "https://mriqc.nimh.nih.gov/api/v1"
  },
  "size_t": 734,
  "size_x": 66,
  "size_y": 66,
  "size_z": 54,
  "snr": 5.9930983081332085,
  "spacing_tr": 3.0,
  "spacing_x": 2.9696969985961914,
  "spacing_y": 2.9696969985961914,
  "spacing_z": 3.0,
  "summary_bg_k": 29.360899131169695,
  "summary_bg_mad": 12.818247788263355,
  "summary_bg_mean": 49.950077056884766,
  "summary_bg_median": 18.456403732299805,
  "summary_bg_n": 142645.0,
  "summary_bg_p05": 7.780926418304444,
  "summary_bg_p95": 225.22151794433591,
  "summary_bg_stdv": 90.4981689453125,
  "summary_fg_k": 2.4579955160910885,
  "summary_fg_mad": 143.79323113313401,
  "summary_fg_mean": 890.3594970703125,
  "summary_fg_median": 876.918212890625,
  "summary_fg_n": 47122.0,
  "summary_fg_p05": 695.8255828857422,
  "summary_fg_p95": 1124.1793151855468,
  "summary_fg_stdv": 146.31979370117188,
  "tsnr": 47.622009846847504
}