{
  "aor": 0.00030393939393939394,
  "aqi": 0.007973486724386724,
  "bids_meta": {
    "AcquisitionMatrixPE": 59,
    "BandwidthPerPixelPhaseEncode": 49.18,
    "BaseResolution": 66,
    "BodyPartExamined": "HEAD",
    "ConsistencyInfo": "N4_VD13A_LATEST_20120616",
    "ConversionSoftware": "dcm2niix",
    "ConversionSoftwareVersion": "v1.0.20180518 GCC4.8.5",
    "DerivedVendorReportedEchoSpacing": 0.000616166,
    "DwellTime": 4e-06,
    "EchoTime": 0.03,
    "EchoTrainLength": 29,
    "EffectiveEchoSpacing": 0.000308083,
    "FlipAngle": 87,
    "ImageOrientationPatientDICOM": [
      1,
      0,
      0,
      0,
      0.930418,
      -0.366501
    ],
    "ImageType": [
      "ORIGINAL",
      "PRIMARY",
      "M",
      "ND",
      "NORM",
      "MOSAIC"
    ],
    "InPlanePhaseEncodingDirectionDICOM": "COL",
    "MRAcquisitionType": "2D",
    "MagneticFieldStrength": 3,
    "Manufacturer": "Siemens",
    "ManufacturersModelName": "Skyra",
    "Modality": "MR",
    "ParallelReductionFactorInPlane": 2,
    "PartialFourier": 1,
    "PatientPosition": "HFS",
    "PercentPhaseFOV": 100,
    "PhaseEncodingDirection": "j-",
    "PhaseEncodingSteps": 59,
    "PhaseResolution": 0.9,
    "PixelBandwidth": 1895,
    "PulseSequenceDetails": "%SiemensSeq%_ep2d_pace",
    "ReceiveCoilActiveElements": "HE1-4",
    "ReceiveCoilName": "HeadNeck_20",
    "ReconMatrixPE": 66,
    "RepetitionTime": 3,
    "SAR": 0.125089,
    "ScanOptions": "FS",
    "ScanningSequence": "EP",
    "SequenceName": "_epfid2d1_59",
    "SequenceVariant": "SK_OSP",
    "ShimSetting": [
      3383,
      8698,
      9417,
      480,
      106,
      174,
      267,
      189
    ],
    "SliceThickness": 3,
    "SliceTiming": [
      1.49,
      0,
      1.545,
      0.055,
      1.6,
      0.11,
      1.655,
      0.165,
      1.71,
      0.22,
      1.765,
      0.275,
      1.82,
      0.33,
      1.875,
      0.385,
      1.93,
      0.44,
      1.985,
      0.495,
      2.04,
      0.55,
      2.095,
      0.605,
      2.15,
      0.66,
      2.205,
      0.7175,
      2.2625,
      0.7725,
      2.3175,
      0.8275,
      2.3725,
      0.8825,
      2.4275,
      0.9375,
      2.4825,
      0.9925,
      2.5375,
      1.0475,
      2.5925,
      1.1025,
      2.6475,
      1.1575,
      2.7025,
      1.2125,
      2.7575,
      1.2675,
      2.8125,
      1.3225,
      2.8675,
      1.3775,
      2.9225,
      1.4325
    ],
    "SoftwareVersions": "syngo_MR_D13",
    "SpacingBetweenSlices": 3,
    "TaskName": "Foraging task",
    "TotalReadoutTime": 0.0200254,
    "TxRefAmp": 326.379,
    "dataset": "ds001762",
    "modality": "bold",
    "run_id": 2,
    "subject_id": "31",
    "task_id": "forage"
  },
  "dummy_trs": 0,
  "dvars_nstd": 30.346567473670518,
  "dvars_std": 1.1907194709248552,
  "dvars_vstd": 0.9958926057658967,
  "efc": 0.5493481264132706,
  "fber": 1393.9495849609375,
  "fd_mean": 0.056138935963779606,
  "fd_num": 14,
  "fd_perc": 2.0202020202020203,
  "fwhm_avg": 1.7445133444257008,
  "fwhm_x": 1.634917637151235,
  "fwhm_y": 1.9360190627925342,
  "fwhm_z": 1.6626033333333332,
  "gcor": 0.10119,
  "gsr_x": -0.0134317921474576,
  "gsr_y": 0.062071897089481354,
  "provenance": {
    "md5sum": "e21c01afb0a394b1f4806b6e8a8576a7",
    "settings": {
      "fd_thres": 0.2,
      "testing": false
    },
    "software": "mriqc",
    "version": "22.0.6",
    "webapi_port": null,
    "webapi_url": "https://mriqc.nimh.nih.gov/api/v1"
  },
  "size_t": 693,
  "size_x": 66,
  "size_y": 66,
  "size_z": 54,
  "snr": 5.692280309766517,
  "spacing_tr": 3.0,
  "spacing_x": 2.9696969985961914,
  "spacing_y": 2.9696969985961914,
  "spacing_z": 3.0,
  "summary_bg_k": 33.614339530348396,
  "summary_bg_mad": 19.113374410030403,
  "summary_bg_mean": 57.722129821777344,
  "summary_bg_median": 23.057720184326172,
  "summary_bg_n": 143050.0,
  "summary_bg_p05": 8.051153993606569,
  "summary_bg_p95": 243.05541000366196,
  "summary_bg_stdv": 98.06339263916016,
  "summary_fg_k": 1.505457305559725,
  "summary_fg_mad": 145.37211562461874,
  "summary_fg_mean": 902.9395751953125,
  "summary_fg_median": 884.8931884765625,
  "summary_fg_n": 47151.0,
  "summary_fg_p05": 687.1478881835938,
  "summary_fg_p95": 1172.1176147460938,
  "summary_fg_stdv": 155.45330810546875,
  "tsnr": 51.66264717816375
}