{
  "aor": 0.0003214573643410853,
  "aqi": 0.009512581581395348,
  "bids_meta": {
    "AcquisitionMatrixPE": 59,
    "BandwidthPerPixelPhaseEncode": 49.18,
    "BaseResolution": 66,
    "BodyPartExamined": "HEAD",
    "ConsistencyInfo": "N4_VD13A_LATEST_20120616",
    "ConversionSoftware": "dcm2niix",
    "ConversionSoftwareVersion": "v1.0.20180518 GCC4.8.5",
    "DerivedVendorReportedEchoSpacing": 0.000616166,
    "DwellTime": 4e-06,
    "EchoTime": 0.03,
    "EchoTrainLength": 29,
    "EffectiveEchoSpacing": 0.000308083,
    "FlipAngle": 87,
    "ImageOrientationPatientDICOM": [
      1,
      0,
      0,
      0,
      0.930418,
      -0.366501
    ],
    "ImageType": [
      "ORIGINAL",
      "PRIMARY",
      "M",
      "ND",
      "NORM",
      "MOSAIC"
    ],
    "InPlanePhaseEncodingDirectionDICOM": "COL",
    "MRAcquisitionType": "2D",
    "MagneticFieldStrength": 3,
    "Manufacturer": "Siemens",
    "ManufacturersModelName": "Skyra",
    "Modality": "MR",
    "ParallelReductionFactorInPlane": 2,
    "PartialFourier": 1,
    "PatientPosition": "HFS",
    "PercentPhaseFOV": 100,
    "PhaseEncodingDirection": "j-",
    "PhaseEncodingSteps": 59,
    "PhaseResolution": 0.9,
    "PixelBandwidth": 1895,
    "PulseSequenceDetails": "%SiemensSeq%_ep2d_pace",
    "ReceiveCoilActiveElements": "HE1-4",
    "ReceiveCoilName": "HeadNeck_20",
    "ReconMatrixPE": 66,
    "RepetitionTime": 3,
    "SAR": 0.125089,
    "ScanOptions": "FS",
    "ScanningSequence": "EP",
    "SequenceName": "_epfid2d1_59",
    "SequenceVariant": "SK_OSP",
    "ShimSetting": [
      3383,
      8698,
      9417,
      480,
      106,
      174,
      267,
      189
    ],
    "SliceThickness": 3,
    "SliceTiming": [
      1.49,
      0,
      1.545,
      0.055,
      1.6,
      0.11,
      1.655,
      0.165,
      1.71,
      0.22,
      1.765,
      0.275,
      1.82,
      0.33,
      1.875,
      0.385,
      1.93,
      0.44,
      1.985,
      0.495,
      2.04,
      0.55,
      2.095,
      0.605,
      2.15,
      0.66,
      2.205,
      0.7175,
      2.2625,
      0.7725,
      2.3175,
      0.8275,
      2.3725,
      0.8825,
      2.4275,
      0.9375,
      2.4825,
      0.9925,
      2.5375,
      1.0475,
      2.5925,
      1.1025,
      2.6475,
      1.1575,
      2.7025,
      1.2125,
      2.7575,
      1.2675,
      2.8125,
      1.3225,
      2.8675,
      1.3775,
      2.9225,
      1.4325
    ],
    "SoftwareVersions": "syngo_MR_D13",
    "SpacingBetweenSlices": 3,
    "TaskName": "Foraging task",
    "TotalReadoutTime": 0.0200254,
    "TxRefAmp": 326.379,
    "dataset": "ds001762",
    "modality": "bold",
    "run_id": 1,
    "subject_id": "24",
    "task_id": "forage"
  },
  "dummy_trs": 0,
  "dvars_nstd": 28.98167066383542,
  "dvars_std": 1.116575891956521,
  "dvars_vstd": 0.9882134859472052,
  "efc": 0.5628703842941644,
  "fber": 1115.84765625,
  "fd_mean": 0.16380834555976206,
  "fd_num": 152,
  "fd_perc": 23.565891472868216,
  "fwhm_avg": 1.656965465369366,
  "fwhm_x": 1.5109386587658837,
  "fwhm_y": 1.8250077373422142,
  "fwhm_z": 1.63495,
  "gcor": 0.201507,
  "gsr_x": 0.009125002659857273,
  "gsr_y": 0.029810350388288498,
  "provenance": {
    "md5sum": "6cd2ef4d7758aecc520cd43651aeb7bf",
    "settings": {
      "fd_thres": 0.2,
      "testing": false
    },
    "software": "mriqc",
    "version": "22.0.6",
    "webapi_port": null,
    "webapi_url": "https://mriqc.nimh.nih.gov/api/v1"
  },
  "size_t": 645,
  "size_x": 66,
  "size_y": 66,
  "size_z": 54,
  "snr": 5.837874961882854,
  "spacing_tr": 3.0,
  "spacing_x": 2.9696969985961914,
  "spacing_y": 2.9696969985961914,
  "spacing_z": 3.0,
  "summary_bg_k": 14.925576702622863,
  "summary_bg_mad": 19.419790594628584,
  "summary_bg_mean": 78.40098571777344,
  "summary_bg_median": 23.00232696533203,
  "summary_bg_n": 149306.0,
  "summary_bg_p05": 7.520930290222168,
  "summary_bg_p95": 378.92015838623047,
  "summary_bg_stdv": 126.4443588256836,
  "summary_fg_k": 2.533373192055987,
  "summary_fg_mad": 132.83433576740399,
  "summary_fg_mean": 796.8875732421875,
  "summary_fg_median": 784.8743896484375,
  "summary_fg_n": 41955.0,
  "summary_fg_p05": 618.1131591796875,
  "summary_fg_p95": 1010.935968017578,
  "summary_fg_stdv": 134.44361877441406,
  "tsnr": 44.104297671234235
}